RESTRICTION: == monoandroid9.0
NUGET
  remote: https://api.nuget.org/v3/index.json
    Fabulous (0.54.2)
    Fabulous.LiveUpdate (0.54.2)
      Fabulous (>= 0.54.2)
      Newtonsoft.Json (>= 12.0.1)
    Fabulous.XamarinForms (0.54.2)
      Fabulous (>= 0.54.2)
      Xamarin.Forms (>= 4.6.0.726)
    Fabulous.XamarinForms.LiveUpdate (0.54.2)
      Fabulous.LiveUpdate (>= 0.54.2)
      Xamarin.Forms (>= 4.6.0.726)
    FSharp.Core (4.7.1)
    Newtonsoft.Json (12.0.3)
    NuGet.CommandLine (5.6)
    Xamarin.Android.Arch.Core.Common (1.1.1.3)
      Xamarin.Android.Support.Annotations (28.0.0.3)
    Xamarin.Android.Arch.Core.Runtime (1.1.1.3)
      Xamarin.Android.Arch.Core.Common (1.1.1.3)
      Xamarin.Android.Support.Annotations (28.0.0.3)
    Xamarin.Android.Arch.Lifecycle.Common (1.1.1.3)
      Xamarin.Android.Support.Annotations (28.0.0.3)
    Xamarin.Android.Arch.Lifecycle.LiveData (1.1.1.3)
      Xamarin.Android.Arch.Core.Common (1.1.1.3)
      Xamarin.Android.Arch.Core.Runtime (1.1.1.3)
      Xamarin.Android.Arch.Lifecycle.LiveData.Core (1.1.1.3)
    Xamarin.Android.Arch.Lifecycle.LiveData.Core (1.1.1.3)
      Xamarin.Android.Arch.Core.Common (1.1.1.3)
      Xamarin.Android.Arch.Core.Runtime (1.1.1.3)
      Xamarin.Android.Arch.Lifecycle.Common (1.1.1.3)
    Xamarin.Android.Arch.Lifecycle.Runtime (1.1.1.3)
      Xamarin.Android.Arch.Core.Common (1.1.1.3)
      Xamarin.Android.Arch.Lifecycle.Common (1.1.1.3)
      Xamarin.Android.Support.Annotations (28.0.0.3)
    Xamarin.Android.Arch.Lifecycle.ViewModel (1.1.1.3)
      Xamarin.Android.Support.Annotations (28.0.0.3)
    Xamarin.Android.FSharp.ResourceProvider (1.0.0.28)
    Xamarin.Android.Support.Animated.Vector.Drawable (28.0.0.3)
      Xamarin.Android.Support.Core.UI (28.0.0.3)
      Xamarin.Android.Support.Vector.Drawable (28.0.0.3)
    Xamarin.Android.Support.Annotations (28.0.0.3)
    Xamarin.Android.Support.AsyncLayoutInflater (28.0.0.3)
      Xamarin.Android.Support.Annotations (28.0.0.3)
      Xamarin.Android.Support.Compat (28.0.0.3)
    Xamarin.Android.Support.Collections (28.0.0.3)
      Xamarin.Android.Support.Annotations (28.0.0.3)
    Xamarin.Android.Support.Compat (28.0.0.3)
      Xamarin.Android.Arch.Lifecycle.Runtime (1.1.1.3)
      Xamarin.Android.Support.Annotations (28.0.0.3)
      Xamarin.Android.Support.Collections (28.0.0.3)
      Xamarin.Android.Support.VersionedParcelable (28.0.0.3)
    Xamarin.Android.Support.CoordinaterLayout (28.0.0.3)
      Xamarin.Android.Support.Annotations (28.0.0.3)
      Xamarin.Android.Support.Compat (28.0.0.3)
      Xamarin.Android.Support.CustomView (28.0.0.3)
    Xamarin.Android.Support.Core.UI (28.0.0.3)
      Xamarin.Android.Support.Annotations (28.0.0.3)
      Xamarin.Android.Support.AsyncLayoutInflater (28.0.0.3)
      Xamarin.Android.Support.Compat (28.0.0.3)
      Xamarin.Android.Support.CoordinaterLayout (28.0.0.3)
      Xamarin.Android.Support.Core.Utils (28.0.0.3)
      Xamarin.Android.Support.CursorAdapter (28.0.0.3)
      Xamarin.Android.Support.CustomView (28.0.0.3)
      Xamarin.Android.Support.DrawerLayout (28.0.0.3)
      Xamarin.Android.Support.Interpolator (28.0.0.3)
      Xamarin.Android.Support.SlidingPaneLayout (28.0.0.3)
      Xamarin.Android.Support.SwipeRefreshLayout (28.0.0.3)
      Xamarin.Android.Support.ViewPager (28.0.0.3)
    Xamarin.Android.Support.Core.Utils (28.0.0.3)
      Xamarin.Android.Support.Annotations (28.0.0.3)
      Xamarin.Android.Support.Compat (28.0.0.3)
      Xamarin.Android.Support.DocumentFile (28.0.0.3)
      Xamarin.Android.Support.Loader (28.0.0.3)
      Xamarin.Android.Support.LocalBroadcastManager (28.0.0.3)
      Xamarin.Android.Support.Print (28.0.0.3)
    Xamarin.Android.Support.CursorAdapter (28.0.0.3)
      Xamarin.Android.Support.Annotations (28.0.0.3)
    Xamarin.Android.Support.CustomTabs (28.0.0.3)
      Xamarin.Android.Support.Annotations (28.0.0.3)
      Xamarin.Android.Support.Collections (28.0.0.3)
      Xamarin.Android.Support.Compat (28.0.0.3)
      Xamarin.Android.Support.Core.UI (28.0.0.3)
      Xamarin.Android.Support.Interpolator (28.0.0.3)
    Xamarin.Android.Support.CustomView (28.0.0.3)
      Xamarin.Android.Support.Annotations (28.0.0.3)
      Xamarin.Android.Support.Compat (28.0.0.3)
    Xamarin.Android.Support.Design (28.0.0.3)
      Xamarin.Android.Support.Annotations (28.0.0.3)
      Xamarin.Android.Support.Compat (28.0.0.3)
      Xamarin.Android.Support.Core.UI (28.0.0.3)
      Xamarin.Android.Support.Core.Utils (28.0.0.3)
      Xamarin.Android.Support.Fragment (28.0.0.3)
      Xamarin.Android.Support.Transition (28.0.0.3)
      Xamarin.Android.Support.v7.AppCompat (28.0.0.3)
      Xamarin.Android.Support.v7.CardView (28.0.0.3)
      Xamarin.Android.Support.v7.RecyclerView (28.0.0.3)
    Xamarin.Android.Support.DocumentFile (28.0.0.3)
      Xamarin.Android.Support.Annotations (28.0.0.3)
    Xamarin.Android.Support.DrawerLayout (28.0.0.3)
      Xamarin.Android.Support.Annotations (28.0.0.3)
      Xamarin.Android.Support.Compat (28.0.0.3)
      Xamarin.Android.Support.CustomView (28.0.0.3)
    Xamarin.Android.Support.Fragment (28.0.0.3)
      Xamarin.Android.Arch.Lifecycle.ViewModel (1.1.1.3)
      Xamarin.Android.Support.Annotations (28.0.0.3)
      Xamarin.Android.Support.Compat (28.0.0.3)
      Xamarin.Android.Support.Core.UI (28.0.0.3)
      Xamarin.Android.Support.Core.Utils (28.0.0.3)
      Xamarin.Android.Support.Loader (28.0.0.3)
    Xamarin.Android.Support.Interpolator (28.0.0.3)
      Xamarin.Android.Support.Annotations (28.0.0.3)
    Xamarin.Android.Support.Loader (28.0.0.3)
      Xamarin.Android.Arch.Lifecycle.LiveData (1.1.1.3)
      Xamarin.Android.Arch.Lifecycle.ViewModel (1.1.1.3)
      Xamarin.Android.Support.Annotations (28.0.0.3)
      Xamarin.Android.Support.Compat (28.0.0.3)
    Xamarin.Android.Support.LocalBroadcastManager (28.0.0.3)
      Xamarin.Android.Support.Annotations (28.0.0.3)
    Xamarin.Android.Support.Media.Compat (28.0.0.3)
      Xamarin.Android.Support.Annotations (28.0.0.3)
      Xamarin.Android.Support.Compat (28.0.0.3)
      Xamarin.Android.Support.VersionedParcelable (28.0.0.3)
    Xamarin.Android.Support.Print (28.0.0.3)
      Xamarin.Android.Support.Annotations (28.0.0.3)
    Xamarin.Android.Support.SlidingPaneLayout (28.0.0.3)
      Xamarin.Android.Support.Annotations (28.0.0.3)
      Xamarin.Android.Support.Compat (28.0.0.3)
      Xamarin.Android.Support.CustomView (28.0.0.3)
    Xamarin.Android.Support.SwipeRefreshLayout (28.0.0.3)
      Xamarin.Android.Support.Annotations (28.0.0.3)
      Xamarin.Android.Support.Compat (28.0.0.3)
      Xamarin.Android.Support.Interpolator (28.0.0.3)
    Xamarin.Android.Support.Transition (28.0.0.3)
      Xamarin.Android.Support.Annotations (28.0.0.3)
      Xamarin.Android.Support.Compat (28.0.0.3)
      Xamarin.Android.Support.Fragment (28.0.0.3)
    Xamarin.Android.Support.v4 (28.0.0.3)
      Xamarin.Android.Support.Compat (28.0.0.3)
      Xamarin.Android.Support.Core.UI (28.0.0.3)
      Xamarin.Android.Support.Core.Utils (28.0.0.3)
      Xamarin.Android.Support.Fragment (28.0.0.3)
      Xamarin.Android.Support.Media.Compat (28.0.0.3)
    Xamarin.Android.Support.v7.AppCompat (28.0.0.3)
      Xamarin.Android.Support.Animated.Vector.Drawable (28.0.0.3)
      Xamarin.Android.Support.Annotations (28.0.0.3)
      Xamarin.Android.Support.Collections (28.0.0.3)
      Xamarin.Android.Support.Compat (28.0.0.3)
      Xamarin.Android.Support.Core.Utils (28.0.0.3)
      Xamarin.Android.Support.CursorAdapter (28.0.0.3)
      Xamarin.Android.Support.Fragment (28.0.0.3)
      Xamarin.Android.Support.Vector.Drawable (28.0.0.3)
    Xamarin.Android.Support.v7.CardView (28.0.0.3)
      Xamarin.Android.Support.Annotations (28.0.0.3)
    Xamarin.Android.Support.v7.MediaRouter (28.0.0.3)
      Xamarin.Android.Support.Media.Compat (28.0.0.3)
      Xamarin.Android.Support.v7.AppCompat (28.0.0.3)
      Xamarin.Android.Support.v7.Palette (28.0.0.3)
      Xamarin.Android.Support.v7.RecyclerView (28.0.0.3)
    Xamarin.Android.Support.v7.Palette (28.0.0.3)
      Xamarin.Android.Support.Compat (28.0.0.3)
      Xamarin.Android.Support.Core.Utils (28.0.0.3)
    Xamarin.Android.Support.v7.RecyclerView (28.0.0.3)
      Xamarin.Android.Support.Annotations (28.0.0.3)
      Xamarin.Android.Support.Compat (28.0.0.3)
      Xamarin.Android.Support.Core.UI (28.0.0.3)
    Xamarin.Android.Support.Vector.Drawable (28.0.0.3)
      Xamarin.Android.Support.Annotations (28.0.0.3)
      Xamarin.Android.Support.Compat (28.0.0.3)
    Xamarin.Android.Support.VersionedParcelable (28.0.0.3)
      Xamarin.Android.Support.Annotations (28.0.0.3)
      Xamarin.Android.Support.Collections (28.0.0.3)
    Xamarin.Android.Support.ViewPager (28.0.0.3)
      Xamarin.Android.Support.Annotations (28.0.0.3)
      Xamarin.Android.Support.Compat (28.0.0.3)
      Xamarin.Android.Support.CustomView (28.0.0.3)
    Xamarin.Essentials (1.5.1)
      Xamarin.Android.Support.Compat (>= 28.0.0.3)
      Xamarin.Android.Support.CustomTabs (>= 28.0.0.3)
    Xamarin.Forms (4.6.0.726)
      Xamarin.Android.Support.CustomTabs (>= 28.0.0.3)
      Xamarin.Android.Support.Design (>= 28.0.0.3)
      Xamarin.Android.Support.v4 (>= 28.0.0.3)
      Xamarin.Android.Support.v7.AppCompat (>= 28.0.0.3)
      Xamarin.Android.Support.v7.CardView (>= 28.0.0.3)

GROUP ns
RESTRICTION: == netstandard2.0
NUGET
  remote: https://api.nuget.org/v3/index.json
    Fabulous (0.54.2)
    Fabulous.LiveUpdate (0.54.2)
      Fabulous (>= 0.54.2)
      Newtonsoft.Json (>= 12.0.1)
    Fabulous.XamarinForms (0.54.2)
      Fabulous (>= 0.54.2)
      Xamarin.Forms (>= 4.6.0.726)
    Fabulous.XamarinForms.LiveUpdate (0.54.2)
      Fabulous.LiveUpdate (>= 0.54.2)
      Xamarin.Forms (>= 4.6.0.726)
    FSharp.Core (4.7.1)
    Newtonsoft.Json (12.0.3)
    System.Numerics.Vectors (4.5)
    Xamarin.Essentials (1.5.1)
      System.Numerics.Vectors (>= 4.5)
    Xamarin.Forms (4.6.0.726)
