NUGET
  remote: https://api.nuget.org/v3/index.json
    Fabulous (0.54.2)
    Fabulous.LiveUpdate (0.54.2)
      Fabulous (>= 0.54.2) - restriction: >= netstandard2.0
      Newtonsoft.Json (>= 12.0.1) - restriction: >= netstandard2.0
    Fabulous.XamarinForms (0.54.2)
      Fabulous (>= 0.54.2) - restriction: >= netstandard2.0
      Xamarin.Forms (>= 4.6.0.726) - restriction: >= netstandard2.0
    Fabulous.XamarinForms.LiveUpdate (0.54.2)
      Fabulous.LiveUpdate (>= 0.54.2) - restriction: >= netstandard2.0
      Xamarin.Forms (>= 4.6.0.726) - restriction: >= netstandard2.0
    FSharp.Core (4.7.1)
    Microsoft.CSharp (4.7) - restriction: || (&& (< net20) (>= netstandard1.0) (< netstandard1.3)) (&& (< net20) (>= netstandard1.3) (< netstandard2.0))
      NETStandard.Library (>= 1.6.1) - restriction: || (&& (< monoandroid) (< monotouch) (< net45) (>= netstandard1.3) (< netstandard2.0) (< win8) (< wpa81) (< xamarintvos) (< xamarinwatchos)) (&& (< monoandroid) (< net45) (>= netstandard1.0) (< netstandard1.3) (< win8) (< wp8) (< wpa81)) (>= netcoreapp5.0)
      System.Dynamic.Runtime (>= 4.3) - restriction: || (&& (< monoandroid) (< monotouch) (< net45) (>= netstandard1.3) (< netstandard2.0) (< win8) (< wpa81) (< xamarintvos) (< xamarinwatchos)) (&& (< monoandroid) (< net45) (>= netstandard1.0) (< netstandard1.3) (< win8) (< wp8) (< wpa81)) (>= netcoreapp5.0)
      System.Reflection.TypeExtensions (>= 4.7) - restriction: || (&& (< monoandroid) (< monotouch) (< net45) (>= netstandard1.3) (< netstandard2.0) (< win8) (< wpa81) (< xamarintvos) (< xamarinwatchos)) (>= netcoreapp5.0)
    Microsoft.Net.Native.Compiler (2.2.8-rel-28605-00) - restriction: >= uap10.1
      runtime.win10-arm.Microsoft.Net.Native.Compiler (>= 2.2.8-rel-28605-00)
      runtime.win10-arm64.Microsoft.Net.Native.Compiler (>= 2.2.8-rel-28605-00)
      runtime.win10-x64.Microsoft.Net.Native.Compiler (>= 2.2.8-rel-28605-00)
      runtime.win10-x86.Microsoft.Net.Native.Compiler (>= 2.2.8-rel-28605-00)
    Microsoft.Net.UWPCoreRuntimeSdk (2.2.10) - restriction: >= uap10.1
      runtime.win10-arm.Microsoft.Net.UWPCoreRuntimeSdk (>= 2.2.10) - restriction: >= uap10.1
      runtime.win10-x64.Microsoft.Net.UWPCoreRuntimeSdk (>= 2.2.10) - restriction: >= uap10.1
      runtime.win10-x86.Microsoft.Net.UWPCoreRuntimeSdk (>= 2.2.10) - restriction: >= uap10.1
    Microsoft.NETCore.Platforms (3.1.1) - restriction: || (&& (< monoandroid) (< monotouch) (< net20) (>= netstandard1.5) (< netstandard2.0) (< win8) (< wpa81) (< xamarintvos) (< xamarinwatchos)) (&& (< monoandroid) (< net20) (< netstandard1.1) (>= netstandard1.2) (< win8)) (&& (< monoandroid) (< net20) (< netstandard1.1) (>= netstandard1.3) (< win8)) (&& (< monoandroid) (< net20) (< netstandard1.1) (>= netstandard1.4) (< win8)) (&& (< monoandroid) (< net20) (< netstandard1.1) (>= netstandard1.5) (< win8)) (&& (< monoandroid) (< net20) (< netstandard1.1) (>= netstandard1.6) (< win8)) (&& (< monoandroid) (< net20) (< netstandard1.2) (>= netstandard1.4) (< win8)) (&& (< monoandroid) (< net20) (< netstandard1.2) (>= netstandard1.5) (< win8)) (&& (< monoandroid) (< net20) (< netstandard1.2) (>= netstandard1.6) (< win8)) (&& (< monoandroid) (< net20) (< netstandard1.4) (>= netstandard1.5) (< win8) (< wpa81)) (&& (< monoandroid) (< net20) (< netstandard1.4) (>= netstandard1.6) (< win8) (< wpa81)) (&& (< monoandroid) (< net20) (< netstandard1.5) (>= netstandard1.6) (< win8) (< wpa81)) (&& (< net20) (>= net45) (< netstandard1.3)) (&& (< net20) (>= net46) (< netstandard1.3)) (&& (< net20) (>= net46) (< netstandard1.4)) (&& (< net20) (>= net461) (< netstandard1.3)) (&& (< net20) (>= net461) (< netstandard2.0)) (&& (< net20) (>= netstandard1.0) (< portable-net45+win8+wpa81)) (&& (< net20) (< netstandard1.0) (>= netstandard1.3) (< portable-net45+win8)) (&& (< net20) (< netstandard1.0) (>= netstandard1.3) (< win8)) (&& (< net20) (>= netstandard1.1) (< netstandard1.2) (< win8)) (&& (< net20) (>= netstandard1.1) (< portable-net45+win8+wpa81)) (&& (< net20) (>= netstandard1.2) (< netstandard1.3) (< win8) (< wpa81)) (&& (< net20) (< netstandard1.2) (>= netstandard1.3) (< win8)) (&& (< net20) (>= netstandard1.3) (< netstandard1.4) (< win8) (< wpa81)) (&& (< net20) (>= netstandard1.3) (< portable-net45+win8+wpa81)) (&& (< net20) (< netstandard1.3) (>= netstandard1.4) (< win8) (< wpa81)) (&& (< net20) (< netstandard1.3) (>= netstandard1.5) (< win8) (< wpa81)) (&& (< net20) (< netstandard1.3) (>= netstandard1.6) (< win8) (< wpa81)) (&& (< net20) (< netstandard1.3) (>= netstandard2.0)) (&& (< net20) (>= netstandard1.4) (< netstandard1.5) (< win8) (< wpa81)) (&& (< net20) (>= netstandard1.5) (< netstandard1.6) (< win8) (< wpa81)) (&& (< net20) (>= netstandard1.6) (< netstandard2.0) (< win8) (< wpa81)) (&& (>= netcoreapp2.0) (< netstandard1.3)) (&& (>= netcoreapp2.0) (< netstandard2.0)) (&& (>= netcoreapp5.0) (< netstandard1.2)) (&& (>= netcoreapp5.0) (< netstandard1.3)) (&& (>= netcoreapp5.0) (< netstandard1.4)) (&& (>= netcoreapp5.0) (< netstandard1.5)) (&& (>= netcoreapp5.0) (< netstandard1.6)) (&& (>= netcoreapp5.0) (< netstandard2.0)) (&& (>= netcoreapp5.0) (< portable-net45+win8+wpa81)) (&& (< netstandard1.0) (>= netstandard1.3) (>= win8)) (&& (< netstandard1.1) (>= uap10.0) (< win8)) (&& (< netstandard1.2) (>= uap10.0) (< win8)) (&& (< netstandard1.3) (>= uap10.0)) (&& (< netstandard1.3) (< win8) (>= wpa81)) (&& (< netstandard1.5) (>= uap10.0)) (>= uap10.1) (>= wp8)
    Microsoft.NETCore.Targets (3.1) - restriction: || (&& (< monoandroid) (< monotouch) (< net20) (>= netstandard1.6) (< netstandard2.0) (< win8) (< wpa81) (< xamarintvos) (< xamarinwatchos)) (&& (< monoandroid) (< net20) (>= netstandard1.1) (< netstandard1.2) (< win8)) (&& (< monoandroid) (< net20) (< netstandard1.1) (>= netstandard1.2) (< win8)) (&& (< monoandroid) (< net20) (< netstandard1.1) (>= netstandard1.3) (< win8)) (&& (< monoandroid) (< net20) (< netstandard1.1) (>= netstandard1.4) (< win8)) (&& (< monoandroid) (< net20) (< netstandard1.1) (>= netstandard1.5) (< win8)) (&& (< monoandroid) (< net20) (< netstandard1.1) (>= netstandard1.6) (< win8)) (&& (< monoandroid) (< net20) (>= netstandard1.2) (< netstandard1.3) (< win8) (< wpa81)) (&& (< monoandroid) (< net20) (< netstandard1.2) (>= netstandard1.3) (< win8)) (&& (< monoandroid) (< net20) (< netstandard1.2) (>= netstandard1.4) (< win8)) (&& (< monoandroid) (< net20) (< netstandard1.2) (>= netstandard1.5) (< win8)) (&& (< monoandroid) (< net20) (< netstandard1.2) (>= netstandard1.6) (< win8)) (&& (< monoandroid) (< net20) (>= netstandard1.3) (< netstandard1.4) (< win8) (< wpa81)) (&& (< monoandroid) (< net20) (< netstandard1.3) (>= netstandard1.4) (< win8) (< wpa81)) (&& (< monoandroid) (< net20) (< netstandard1.3) (>= netstandard1.5) (< win8) (< wpa81)) (&& (< monoandroid) (< net20) (< netstandard1.3) (>= netstandard1.6) (< win8) (< wpa81)) (&& (< monoandroid) (< net20) (>= netstandard1.4) (< netstandard1.5) (< win8) (< wpa81)) (&& (< monoandroid) (< net20) (< netstandard1.4) (>= netstandard1.5) (< win8) (< wpa81)) (&& (< monoandroid) (< net20) (< netstandard1.4) (>= netstandard1.6) (< win8) (< wpa81)) (&& (< monoandroid) (< net20) (>= netstandard1.5) (< netstandard1.6) (< win8) (< wpa81)) (&& (< monoandroid) (< net20) (< netstandard1.5) (>= netstandard1.6) (< win8) (< wpa81)) (&& (< net20) (>= net46) (< netstandard1.3)) (&& (< net20) (>= net46) (< netstandard1.4)) (&& (< net20) (>= netstandard1.0) (< portable-net45+win8+wpa81) (< wp8)) (&& (< net20) (>= netstandard1.1) (< portable-net45+win8+wpa81)) (&& (< net20) (>= netstandard1.3) (< portable-net45+win8+wpa81)) (&& (>= netcoreapp5.0) (< netstandard1.2)) (&& (>= netcoreapp5.0) (< netstandard1.3)) (&& (>= netcoreapp5.0) (< netstandard1.4)) (&& (>= netcoreapp5.0) (< netstandard1.5)) (&& (>= netcoreapp5.0) (< netstandard1.6)) (&& (>= netcoreapp5.0) (< netstandard2.0)) (&& (>= netcoreapp5.0) (< portable-net45+win8+wpa81)) (&& (< netstandard1.1) (>= uap10.0) (< win8)) (&& (< netstandard1.2) (>= uap10.0) (< win8)) (&& (< netstandard1.3) (>= uap10.0)) (&& (< netstandard1.5) (>= netstandard1.6) (>= uap10.0)) (&& (< netstandard1.5) (>= uap10.0) (< uap10.1)) (&& (< netstandard1.5) (>= uap10.0) (< win8) (< wpa81)) (&& (< netstandard1.5) (>= uap10.0) (< win81) (< wpa81))
    Microsoft.NETCore.UniversalWindowsPlatform (6.2.10) - restriction: >= uap10.1
      Microsoft.Net.Native.Compiler (>= 2.2.8-rel-28605-00) - restriction: >= uap10.1
      Microsoft.Net.UWPCoreRuntimeSdk (>= 2.2.10) - restriction: >= uap10.1
      Microsoft.NETCore.Platforms (>= 2.1) - restriction: >= uap10.1
      NETStandard.Library (>= 2.0.3) - restriction: >= uap10.1
    Microsoft.UI.Xaml (2.4.2) - restriction: >= uap10.1
    Microsoft.Win32.Primitives (4.3) - restriction: || (&& (< monoandroid) (< net20) (< netstandard1.2) (>= netstandard1.3) (< win8)) (&& (< net20) (>= net46) (< netstandard1.3)) (&& (< net20) (>= net46) (< netstandard1.4)) (&& (< net20) (>= netstandard1.3) (< netstandard1.4) (< win8) (< wpa81)) (&& (< net20) (< netstandard1.3) (>= netstandard1.4) (< win8) (< wpa81)) (&& (< net20) (< netstandard1.3) (>= netstandard1.5) (< win8) (< wpa81)) (&& (< net20) (< netstandard1.3) (>= netstandard1.6) (< win8) (< wpa81)) (&& (< net20) (>= netstandard1.4) (< netstandard1.5) (< win8) (< wpa81)) (&& (< net20) (>= netstandard1.5) (< netstandard1.6) (< win8) (< wpa81)) (&& (< net20) (>= netstandard1.6) (< netstandard2.0) (< win8) (< wpa81)) (&& (< netstandard1.3) (>= uap10.0)) (&& (< netstandard1.5) (>= uap10.0) (< uap10.1)) (&& (< netstandard1.5) (>= uap10.0) (< win8) (< wpa81))
      Microsoft.NETCore.Platforms (>= 1.1) - restriction: && (< monoandroid) (< monotouch) (< net46) (>= netstandard1.3) (< xamarinios) (< xamarinmac) (< xamarintvos) (< xamarinwatchos)
      Microsoft.NETCore.Targets (>= 1.1) - restriction: && (< monoandroid) (< monotouch) (< net46) (>= netstandard1.3) (< xamarinios) (< xamarinmac) (< xamarintvos) (< xamarinwatchos)
      System.Runtime (>= 4.3) - restriction: && (< monoandroid) (< monotouch) (< net46) (>= netstandard1.3) (< xamarinios) (< xamarinmac) (< xamarintvos) (< xamarinwatchos)
    NETStandard.Library (2.0.3) - restriction: || (&& (< net20) (>= netstandard1.0) (< netstandard1.3)) (&& (< net20) (>= netstandard1.3) (< netstandard2.0)) (&& (>= netstandard1.0) (< netstandard2.0) (< xamarintvos) (< xamarinwatchos)) (>= uap10.1)
      Microsoft.NETCore.Platforms (>= 1.1) - restriction: || (&& (>= net45) (< netstandard1.3)) (&& (< net45) (>= netstandard1.1) (< netstandard1.2) (< win8)) (&& (< net45) (>= netstandard1.2) (< netstandard1.3) (< win8) (< wpa81)) (&& (< net45) (>= netstandard1.3) (< netstandard1.4) (< win8) (< wpa81)) (&& (< net45) (>= netstandard1.4) (< netstandard1.5) (< win8) (< wpa81)) (&& (< net45) (>= netstandard1.5) (< netstandard1.6) (< win8) (< wpa81)) (&& (< net45) (>= netstandard1.6) (< netstandard2.0) (< win8) (< wpa81)) (&& (< net45) (>= netstandard2.0)) (&& (>= net46) (< netstandard1.4)) (>= net461) (>= netcoreapp2.0) (&& (>= netstandard1.0) (< portable-net45+win8+wpa81)) (&& (< netstandard1.0) (>= portable-net45+win8) (< win8)) (&& (< netstandard1.0) (< portable-net45+win8) (>= portable-net45+win8+wpa81)) (&& (< netstandard1.0) (>= portable-net45+win8+wp8+wpa81) (< portable-net45+win8+wpa81)) (&& (< netstandard1.0) (>= win8)) (&& (< netstandard1.3) (< win8) (>= wpa81)) (&& (< netstandard1.5) (>= uap10.0)) (>= uap10.1) (>= wp8)
      Microsoft.Win32.Primitives (>= 4.3) - restriction: || (&& (< net45) (>= netstandard1.3) (< netstandard1.4) (< win8) (< wpa81)) (&& (< net45) (>= netstandard1.4) (< netstandard1.5) (< win8) (< wpa81)) (&& (< net45) (>= netstandard1.5) (< netstandard1.6) (< win8) (< wpa81)) (&& (< net45) (>= netstandard1.6) (< netstandard2.0) (< win8) (< wpa81)) (&& (>= net46) (< netstandard1.4)) (&& (< netstandard1.5) (>= uap10.0) (< uap10.1))
      System.AppContext (>= 4.3) - restriction: || (&& (< net45) (>= netstandard1.3) (< netstandard1.4) (< win8) (< wpa81)) (&& (< net45) (>= netstandard1.4) (< netstandard1.5) (< win8) (< wpa81)) (&& (< net45) (>= netstandard1.5) (< netstandard1.6) (< win8) (< wpa81)) (&& (< net45) (>= netstandard1.6) (< netstandard2.0) (< win8) (< wpa81)) (&& (>= net46) (< netstandard1.4)) (&& (< netstandard1.5) (>= uap10.0) (< uap10.1))
      System.Collections (>= 4.3) - restriction: || (&& (< net45) (>= netstandard1.1) (< netstandard1.2) (< win8)) (&& (< net45) (>= netstandard1.2) (< netstandard1.3) (< win8) (< wpa81)) (&& (< net45) (>= netstandard1.3) (< netstandard1.4) (< win8) (< wpa81)) (&& (< net45) (>= netstandard1.4) (< netstandard1.5) (< win8) (< wpa81)) (&& (< net45) (>= netstandard1.5) (< netstandard1.6) (< win8) (< wpa81)) (&& (< net45) (>= netstandard1.6) (< netstandard2.0) (< win8) (< wpa81)) (&& (>= netstandard1.0) (< portable-net45+win8+wpa81) (< wp8)) (&& (< netstandard1.5) (>= uap10.0) (< uap10.1))
      System.Collections.Concurrent (>= 4.3) - restriction: || (&& (< net45) (>= netstandard1.1) (< netstandard1.2) (< win8)) (&& (< net45) (>= netstandard1.2) (< netstandard1.3) (< win8) (< wpa81)) (&& (< net45) (>= netstandard1.3) (< netstandard1.4) (< win8) (< wpa81)) (&& (< net45) (>= netstandard1.4) (< netstandard1.5) (< win8) (< wpa81)) (&& (< net45) (>= netstandard1.5) (< netstandard1.6) (< win8) (< wpa81)) (&& (< net45) (>= netstandard1.6) (< netstandard2.0) (< win8) (< wpa81)) (&& (< netstandard1.5) (>= uap10.0) (< uap10.1))
      System.Console (>= 4.3) - restriction: || (&& (< net45) (>= netstandard1.3) (< netstandard1.4) (< win8) (< wpa81)) (&& (< net45) (>= netstandard1.4) (< netstandard1.5) (< win8) (< wpa81)) (&& (< net45) (>= netstandard1.5) (< netstandard1.6) (< win8) (< wpa81)) (&& (< net45) (>= netstandard1.6) (< netstandard2.0) (< win8) (< wpa81)) (&& (>= net46) (< netstandard1.4)) (&& (< netstandard1.5) (>= uap10.0) (< uap10.1))
      System.Diagnostics.Debug (>= 4.3) - restriction: || (&& (< net45) (>= netstandard1.1) (< netstandard1.2) (< win8)) (&& (< net45) (>= netstandard1.2) (< netstandard1.3) (< win8) (< wpa81)) (&& (< net45) (>= netstandard1.3) (< netstandard1.4) (< win8) (< wpa81)) (&& (< net45) (>= netstandard1.4) (< netstandard1.5) (< win8) (< wpa81)) (&& (< net45) (>= netstandard1.5) (< netstandard1.6) (< win8) (< wpa81)) (&& (< net45) (>= netstandard1.6) (< netstandard2.0) (< win8) (< wpa81)) (&& (>= netstandard1.0) (< portable-net45+win8+wpa81) (< wp8)) (&& (< netstandard1.5) (>= uap10.0) (< uap10.1))
      System.Diagnostics.Tools (>= 4.3) - restriction: || (&& (< net45) (>= netstandard1.1) (< netstandard1.2) (< win8)) (&& (< net45) (>= netstandard1.2) (< netstandard1.3) (< win8) (< wpa81)) (&& (< net45) (>= netstandard1.3) (< netstandard1.4) (< win8) (< wpa81)) (&& (< net45) (>= netstandard1.4) (< netstandard1.5) (< win8) (< wpa81)) (&& (< net45) (>= netstandard1.5) (< netstandard1.6) (< win8) (< wpa81)) (&& (< net45) (>= netstandard1.6) (< netstandard2.0) (< win8) (< wpa81)) (&& (>= netstandard1.0) (< portable-net45+win8+wpa81) (< wp8)) (&& (< netstandard1.5) (>= uap10.0) (< uap10.1))
      System.Diagnostics.Tracing (>= 4.3) - restriction: || (&& (< net45) (>= netstandard1.1) (< netstandard1.2) (< win8)) (&& (< net45) (>= netstandard1.2) (< netstandard1.3) (< win8) (< wpa81)) (&& (< net45) (>= netstandard1.3) (< netstandard1.4) (< win8) (< wpa81)) (&& (< net45) (>= netstandard1.4) (< netstandard1.5) (< win8) (< wpa81)) (&& (< net45) (>= netstandard1.5) (< netstandard1.6) (< win8) (< wpa81)) (&& (< net45) (>= netstandard1.6) (< netstandard2.0) (< win8) (< wpa81)) (&& (< netstandard1.5) (>= uap10.0) (< uap10.1))
      System.Globalization (>= 4.3) - restriction: || (&& (< net45) (>= netstandard1.1) (< netstandard1.2) (< win8)) (&& (< net45) (>= netstandard1.2) (< netstandard1.3) (< win8) (< wpa81)) (&& (< net45) (>= netstandard1.3) (< netstandard1.4) (< win8) (< wpa81)) (&& (< net45) (>= netstandard1.4) (< netstandard1.5) (< win8) (< wpa81)) (&& (< net45) (>= netstandard1.5) (< netstandard1.6) (< win8) (< wpa81)) (&& (< net45) (>= netstandard1.6) (< netstandard2.0) (< win8) (< wpa81)) (&& (>= netstandard1.0) (< portable-net45+win8+wpa81) (< wp8)) (&& (< netstandard1.5) (>= uap10.0) (< uap10.1))
      System.Globalization.Calendars (>= 4.3) - restriction: || (&& (< net45) (>= netstandard1.3) (< netstandard1.4) (< win8) (< wpa81)) (&& (< net45) (>= netstandard1.4) (< netstandard1.5) (< win8) (< wpa81)) (&& (< net45) (>= netstandard1.5) (< netstandard1.6) (< win8) (< wpa81)) (&& (< net45) (>= netstandard1.6) (< netstandard2.0) (< win8) (< wpa81)) (&& (>= net46) (< netstandard1.4)) (&& (< netstandard1.5) (>= uap10.0) (< uap10.1))
      System.IO (>= 4.3) - restriction: || (&& (< net45) (>= netstandard1.1) (< netstandard1.2) (< win8)) (&& (< net45) (>= netstandard1.2) (< netstandard1.3) (< win8) (< wpa81)) (&& (< net45) (>= netstandard1.3) (< netstandard1.4) (< win8) (< wpa81)) (&& (< net45) (>= netstandard1.4) (< netstandard1.5) (< win8) (< wpa81)) (&& (< net45) (>= netstandard1.5) (< netstandard1.6) (< win8) (< wpa81)) (&& (< net45) (>= netstandard1.6) (< netstandard2.0) (< win8) (< wpa81)) (&& (>= netstandard1.0) (< portable-net45+win8+wpa81) (< wp8)) (&& (< netstandard1.5) (>= uap10.0) (< uap10.1))
      System.IO.Compression (>= 4.3) - restriction: || (&& (< net45) (>= netstandard1.1) (< netstandard1.2) (< win8)) (&& (< net45) (>= netstandard1.2) (< netstandard1.3) (< win8) (< wpa81)) (&& (< net45) (>= netstandard1.3) (< netstandard1.4) (< win8) (< wpa81)) (&& (< net45) (>= netstandard1.4) (< netstandard1.5) (< win8) (< wpa81)) (&& (< net45) (>= netstandard1.5) (< netstandard1.6) (< win8) (< wpa81)) (&& (< net45) (>= netstandard1.6) (< netstandard2.0) (< win8) (< wpa81)) (&& (>= net46) (< netstandard1.4)) (&& (< netstandard1.5) (>= uap10.0) (< uap10.1))
      System.IO.Compression.ZipFile (>= 4.3) - restriction: || (&& (< net45) (>= netstandard1.3) (< netstandard1.4) (< win8) (< wpa81)) (&& (< net45) (>= netstandard1.4) (< netstandard1.5) (< win8) (< wpa81)) (&& (< net45) (>= netstandard1.5) (< netstandard1.6) (< win8) (< wpa81)) (&& (< net45) (>= netstandard1.6) (< netstandard2.0) (< win8) (< wpa81)) (&& (>= net46) (< netstandard1.4)) (&& (< netstandard1.5) (>= uap10.0) (< uap10.1))
      System.IO.FileSystem (>= 4.3) - restriction: || (&& (< net45) (>= netstandard1.3) (< netstandard1.4) (< win8) (< wpa81)) (&& (< net45) (>= netstandard1.4) (< netstandard1.5) (< win8) (< wpa81)) (&& (< net45) (>= netstandard1.5) (< netstandard1.6) (< win8) (< wpa81)) (&& (< net45) (>= netstandard1.6) (< netstandard2.0) (< win8) (< wpa81)) (&& (>= net46) (< netstandard1.4)) (&& (< netstandard1.5) (>= uap10.0) (< uap10.1))
      System.IO.FileSystem.Primitives (>= 4.3) - restriction: || (&& (< net45) (>= netstandard1.3) (< netstandard1.4) (< win8) (< wpa81)) (&& (< net45) (>= netstandard1.4) (< netstandard1.5) (< win8) (< wpa81)) (&& (< net45) (>= netstandard1.5) (< netstandard1.6) (< win8) (< wpa81)) (&& (< net45) (>= netstandard1.6) (< netstandard2.0) (< win8) (< wpa81)) (&& (>= net46) (< netstandard1.4)) (&& (< netstandard1.5) (>= uap10.0) (< uap10.1))
      System.Linq (>= 4.3) - restriction: || (&& (< net45) (>= netstandard1.1) (< netstandard1.2) (< win8)) (&& (< net45) (>= netstandard1.2) (< netstandard1.3) (< win8) (< wpa81)) (&& (< net45) (>= netstandard1.3) (< netstandard1.4) (< win8) (< wpa81)) (&& (< net45) (>= netstandard1.4) (< netstandard1.5) (< win8) (< wpa81)) (&& (< net45) (>= netstandard1.5) (< netstandard1.6) (< win8) (< wpa81)) (&& (< net45) (>= netstandard1.6) (< netstandard2.0) (< win8) (< wpa81)) (&& (>= netstandard1.0) (< portable-net45+win8+wpa81) (< wp8)) (&& (< netstandard1.5) (>= uap10.0) (< uap10.1))
      System.Linq.Expressions (>= 4.3) - restriction: || (&& (< net45) (>= netstandard1.1) (< netstandard1.2) (< win8)) (&& (< net45) (>= netstandard1.2) (< netstandard1.3) (< win8) (< wpa81)) (&& (< net45) (>= netstandard1.3) (< netstandard1.4) (< win8) (< wpa81)) (&& (< net45) (>= netstandard1.4) (< netstandard1.5) (< win8) (< wpa81)) (&& (< net45) (>= netstandard1.5) (< netstandard1.6) (< win8) (< wpa81)) (&& (< net45) (>= netstandard1.6) (< netstandard2.0) (< win8) (< wpa81)) (&& (>= netstandard1.0) (< portable-net45+win8+wpa81) (< wp8)) (&& (< netstandard1.5) (>= uap10.0) (< uap10.1))
      System.Net.Http (>= 4.3.2) - restriction: || (&& (< net45) (>= netstandard1.1) (< netstandard1.2) (< win8)) (&& (< net45) (>= netstandard1.2) (< netstandard1.3) (< win8) (< wpa81)) (&& (< net45) (>= netstandard1.3) (< netstandard1.4) (< win8) (< wpa81)) (&& (< net45) (>= netstandard1.4) (< netstandard1.5) (< win8) (< wpa81)) (&& (< net45) (>= netstandard1.5) (< netstandard1.6) (< win8) (< wpa81)) (&& (< net45) (>= netstandard1.6) (< netstandard2.0) (< win8) (< wpa81)) (&& (>= net46) (< netstandard1.4)) (&& (< netstandard1.5) (>= uap10.0) (< uap10.1))
      System.Net.Primitives (>= 4.3) - restriction: || (&& (< net45) (>= netstandard1.1) (< netstandard1.2) (< win8)) (&& (< net45) (>= netstandard1.2) (< netstandard1.3) (< win8) (< wpa81)) (&& (< net45) (>= netstandard1.3) (< netstandard1.4) (< win8) (< wpa81)) (&& (< net45) (>= netstandard1.4) (< netstandard1.5) (< win8) (< wpa81)) (&& (< net45) (>= netstandard1.5) (< netstandard1.6) (< win8) (< wpa81)) (&& (< net45) (>= netstandard1.6) (< netstandard2.0) (< win8) (< wpa81)) (&& (>= netstandard1.0) (< portable-net45+win8+wpa81) (< wp8)) (&& (< netstandard1.5) (>= uap10.0) (< uap10.1))
      System.Net.Sockets (>= 4.3) - restriction: || (&& (< net45) (>= netstandard1.3) (< netstandard1.4) (< win8) (< wpa81)) (&& (< net45) (>= netstandard1.4) (< netstandard1.5) (< win8) (< wpa81)) (&& (< net45) (>= netstandard1.5) (< netstandard1.6) (< win8) (< wpa81)) (&& (< net45) (>= netstandard1.6) (< netstandard2.0) (< win8) (< wpa81)) (&& (>= net46) (< netstandard1.4)) (&& (< netstandard1.5) (>= uap10.0) (< uap10.1))
      System.ObjectModel (>= 4.3) - restriction: || (&& (< net45) (>= netstandard1.1) (< netstandard1.2) (< win8)) (&& (< net45) (>= netstandard1.2) (< netstandard1.3) (< win8) (< wpa81)) (&& (< net45) (>= netstandard1.3) (< netstandard1.4) (< win8) (< wpa81)) (&& (< net45) (>= netstandard1.4) (< netstandard1.5) (< win8) (< wpa81)) (&& (< net45) (>= netstandard1.5) (< netstandard1.6) (< win8) (< wpa81)) (&& (< net45) (>= netstandard1.6) (< netstandard2.0) (< win8) (< wpa81)) (&& (>= netstandard1.0) (< portable-net45+win8+wpa81) (< wp8)) (&& (< netstandard1.5) (>= uap10.0) (< uap10.1))
      System.Reflection (>= 4.3) - restriction: || (&& (< net45) (>= netstandard1.1) (< netstandard1.2) (< win8)) (&& (< net45) (>= netstandard1.2) (< netstandard1.3) (< win8) (< wpa81)) (&& (< net45) (>= netstandard1.3) (< netstandard1.4) (< win8) (< wpa81)) (&& (< net45) (>= netstandard1.4) (< netstandard1.5) (< win8) (< wpa81)) (&& (< net45) (>= netstandard1.5) (< netstandard1.6) (< win8) (< wpa81)) (&& (< net45) (>= netstandard1.6) (< netstandard2.0) (< win8) (< wpa81)) (&& (>= netstandard1.0) (< portable-net45+win8+wpa81) (< wp8)) (&& (< netstandard1.5) (>= uap10.0) (< uap10.1))
      System.Reflection.Extensions (>= 4.3) - restriction: || (&& (< net45) (>= netstandard1.1) (< netstandard1.2) (< win8)) (&& (< net45) (>= netstandard1.2) (< netstandard1.3) (< win8) (< wpa81)) (&& (< net45) (>= netstandard1.3) (< netstandard1.4) (< win8) (< wpa81)) (&& (< net45) (>= netstandard1.4) (< netstandard1.5) (< win8) (< wpa81)) (&& (< net45) (>= netstandard1.5) (< netstandard1.6) (< win8) (< wpa81)) (&& (< net45) (>= netstandard1.6) (< netstandard2.0) (< win8) (< wpa81)) (&& (>= netstandard1.0) (< portable-net45+win8+wpa81) (< wp8)) (&& (< netstandard1.5) (>= uap10.0) (< uap10.1))
      System.Reflection.Primitives (>= 4.3) - restriction: || (&& (< net45) (>= netstandard1.1) (< netstandard1.2) (< win8)) (&& (< net45) (>= netstandard1.2) (< netstandard1.3) (< win8) (< wpa81)) (&& (< net45) (>= netstandard1.3) (< netstandard1.4) (< win8) (< wpa81)) (&& (< net45) (>= netstandard1.4) (< netstandard1.5) (< win8) (< wpa81)) (&& (< net45) (>= netstandard1.5) (< netstandard1.6) (< win8) (< wpa81)) (&& (< net45) (>= netstandard1.6) (< netstandard2.0) (< win8) (< wpa81)) (&& (>= netstandard1.0) (< portable-net45+win8+wpa81) (< wp8)) (&& (< netstandard1.5) (>= uap10.0) (< uap10.1))
      System.Resources.ResourceManager (>= 4.3) - restriction: || (&& (< net45) (>= netstandard1.1) (< netstandard1.2) (< win8)) (&& (< net45) (>= netstandard1.2) (< netstandard1.3) (< win8) (< wpa81)) (&& (< net45) (>= netstandard1.3) (< netstandard1.4) (< win8) (< wpa81)) (&& (< net45) (>= netstandard1.4) (< netstandard1.5) (< win8) (< wpa81)) (&& (< net45) (>= netstandard1.5) (< netstandard1.6) (< win8) (< wpa81)) (&& (< net45) (>= netstandard1.6) (< netstandard2.0) (< win8) (< wpa81)) (&& (>= netstandard1.0) (< portable-net45+win8+wpa81) (< wp8)) (&& (< netstandard1.5) (>= uap10.0) (< uap10.1))
      System.Runtime (>= 4.3) - restriction: || (&& (< net45) (>= netstandard1.1) (< netstandard1.2) (< win8)) (&& (< net45) (>= netstandard1.2) (< netstandard1.3) (< win8) (< wpa81)) (&& (< net45) (>= netstandard1.3) (< netstandard1.4) (< win8) (< wpa81)) (&& (< net45) (>= netstandard1.4) (< netstandard1.5) (< win8) (< wpa81)) (&& (< net45) (>= netstandard1.5) (< netstandard1.6) (< win8) (< wpa81)) (&& (< net45) (>= netstandard1.6) (< netstandard2.0) (< win8) (< wpa81)) (&& (>= netstandard1.0) (< portable-net45+win8+wpa81) (< wp8)) (&& (< netstandard1.5) (>= uap10.0) (< uap10.1))
      System.Runtime.Extensions (>= 4.3) - restriction: || (&& (< net45) (>= netstandard1.1) (< netstandard1.2) (< win8)) (&& (< net45) (>= netstandard1.2) (< netstandard1.3) (< win8) (< wpa81)) (&& (< net45) (>= netstandard1.3) (< netstandard1.4) (< win8) (< wpa81)) (&& (< net45) (>= netstandard1.4) (< netstandard1.5) (< win8) (< wpa81)) (&& (< net45) (>= netstandard1.5) (< netstandard1.6) (< win8) (< wpa81)) (&& (< net45) (>= netstandard1.6) (< netstandard2.0) (< win8) (< wpa81)) (&& (>= netstandard1.0) (< portable-net45+win8+wpa81) (< wp8)) (&& (< netstandard1.5) (>= uap10.0) (< uap10.1))
      System.Runtime.Handles (>= 4.3) - restriction: || (&& (< net45) (>= netstandard1.3) (< netstandard1.4) (< win8) (< wpa81)) (&& (< net45) (>= netstandard1.4) (< netstandard1.5) (< win8) (< wpa81)) (&& (< net45) (>= netstandard1.5) (< netstandard1.6) (< win8) (< wpa81)) (&& (< net45) (>= netstandard1.6) (< netstandard2.0) (< win8) (< wpa81)) (&& (< netstandard1.5) (>= uap10.0) (< uap10.1))
      System.Runtime.InteropServices (>= 4.3) - restriction: || (&& (< net45) (>= netstandard1.1) (< netstandard1.2) (< win8)) (&& (< net45) (>= netstandard1.2) (< netstandard1.3) (< win8) (< wpa81)) (&& (< net45) (>= netstandard1.3) (< netstandard1.4) (< win8) (< wpa81)) (&& (< net45) (>= netstandard1.4) (< netstandard1.5) (< win8) (< wpa81)) (&& (< net45) (>= netstandard1.5) (< netstandard1.6) (< win8) (< wpa81)) (&& (< net45) (>= netstandard1.6) (< netstandard2.0) (< win8) (< wpa81)) (&& (< netstandard1.5) (>= uap10.0) (< uap10.1))
      System.Runtime.InteropServices.RuntimeInformation (>= 4.3) - restriction: || (&& (>= net45) (< netstandard1.3)) (&& (< net45) (>= netstandard1.1) (< netstandard1.2) (< win8)) (&& (< net45) (>= netstandard1.2) (< netstandard1.3) (< win8) (< wpa81)) (&& (< net45) (>= netstandard1.3) (< netstandard1.4) (< win8) (< wpa81)) (&& (< net45) (>= netstandard1.4) (< netstandard1.5) (< win8) (< wpa81)) (&& (< net45) (>= netstandard1.5) (< netstandard1.6) (< win8) (< wpa81)) (&& (< net45) (>= netstandard1.6) (< netstandard2.0) (< win8) (< wpa81)) (&& (>= net46) (< netstandard1.4)) (&& (< netstandard1.0) (>= portable-net45+win8) (< win8)) (&& (< netstandard1.0) (< portable-net45+win8) (>= portable-net45+win8+wpa81)) (&& (< netstandard1.0) (>= win8)) (&& (< netstandard1.3) (< win8) (>= wpa81)) (&& (< netstandard1.5) (>= uap10.0) (< uap10.1))
      System.Runtime.Numerics (>= 4.3) - restriction: || (&& (< net45) (>= netstandard1.1) (< netstandard1.2) (< win8)) (&& (< net45) (>= netstandard1.2) (< netstandard1.3) (< win8) (< wpa81)) (&& (< net45) (>= netstandard1.3) (< netstandard1.4) (< win8) (< wpa81)) (&& (< net45) (>= netstandard1.4) (< netstandard1.5) (< win8) (< wpa81)) (&& (< net45) (>= netstandard1.5) (< netstandard1.6) (< win8) (< wpa81)) (&& (< net45) (>= netstandard1.6) (< netstandard2.0) (< win8) (< wpa81)) (&& (< netstandard1.5) (>= uap10.0) (< uap10.1))
      System.Security.Cryptography.Algorithms (>= 4.3) - restriction: || (&& (< net45) (>= netstandard1.3) (< netstandard1.4) (< win8) (< wpa81)) (&& (< net45) (>= netstandard1.4) (< netstandard1.5) (< win8) (< wpa81)) (&& (< net45) (>= netstandard1.5) (< netstandard1.6) (< win8) (< wpa81)) (&& (< net45) (>= netstandard1.6) (< netstandard2.0) (< win8) (< wpa81)) (&& (>= net46) (< netstandard1.4)) (&& (< netstandard1.5) (>= uap10.0) (< uap10.1))
      System.Security.Cryptography.Encoding (>= 4.3) - restriction: || (&& (< net45) (>= netstandard1.3) (< netstandard1.4) (< win8) (< wpa81)) (&& (< net45) (>= netstandard1.4) (< netstandard1.5) (< win8) (< wpa81)) (&& (< net45) (>= netstandard1.5) (< netstandard1.6) (< win8) (< wpa81)) (&& (< net45) (>= netstandard1.6) (< netstandard2.0) (< win8) (< wpa81)) (&& (>= net46) (< netstandard1.4)) (&& (< netstandard1.5) (>= uap10.0) (< uap10.1))
      System.Security.Cryptography.Primitives (>= 4.3) - restriction: || (&& (< net45) (>= netstandard1.3) (< netstandard1.4) (< win8) (< wpa81)) (&& (< net45) (>= netstandard1.4) (< netstandard1.5) (< win8) (< wpa81)) (&& (< net45) (>= netstandard1.5) (< netstandard1.6) (< win8) (< wpa81)) (&& (< net45) (>= netstandard1.6) (< netstandard2.0) (< win8) (< wpa81)) (&& (>= net46) (< netstandard1.4)) (&& (< netstandard1.5) (>= uap10.0) (< uap10.1))
      System.Security.Cryptography.X509Certificates (>= 4.3) - restriction: || (&& (< net45) (>= netstandard1.3) (< netstandard1.4) (< win8) (< wpa81)) (&& (< net45) (>= netstandard1.4) (< netstandard1.5) (< win8) (< wpa81)) (&& (< net45) (>= netstandard1.5) (< netstandard1.6) (< win8) (< wpa81)) (&& (< net45) (>= netstandard1.6) (< netstandard2.0) (< win8) (< wpa81)) (&& (>= net46) (< netstandard1.4)) (&& (< netstandard1.5) (>= uap10.0) (< uap10.1))
      System.Text.Encoding (>= 4.3) - restriction: || (&& (< net45) (>= netstandard1.1) (< netstandard1.2) (< win8)) (&& (< net45) (>= netstandard1.2) (< netstandard1.3) (< win8) (< wpa81)) (&& (< net45) (>= netstandard1.3) (< netstandard1.4) (< win8) (< wpa81)) (&& (< net45) (>= netstandard1.4) (< netstandard1.5) (< win8) (< wpa81)) (&& (< net45) (>= netstandard1.5) (< netstandard1.6) (< win8) (< wpa81)) (&& (< net45) (>= netstandard1.6) (< netstandard2.0) (< win8) (< wpa81)) (&& (>= netstandard1.0) (< portable-net45+win8+wpa81) (< wp8)) (&& (< netstandard1.5) (>= uap10.0) (< uap10.1))
      System.Text.Encoding.Extensions (>= 4.3) - restriction: || (&& (< net45) (>= netstandard1.1) (< netstandard1.2) (< win8)) (&& (< net45) (>= netstandard1.2) (< netstandard1.3) (< win8) (< wpa81)) (&& (< net45) (>= netstandard1.3) (< netstandard1.4) (< win8) (< wpa81)) (&& (< net45) (>= netstandard1.4) (< netstandard1.5) (< win8) (< wpa81)) (&& (< net45) (>= netstandard1.5) (< netstandard1.6) (< win8) (< wpa81)) (&& (< net45) (>= netstandard1.6) (< netstandard2.0) (< win8) (< wpa81)) (&& (>= netstandard1.0) (< portable-net45+win8+wpa81) (< wp8)) (&& (< netstandard1.5) (>= uap10.0) (< uap10.1))
      System.Text.RegularExpressions (>= 4.3) - restriction: || (&& (< net45) (>= netstandard1.1) (< netstandard1.2) (< win8)) (&& (< net45) (>= netstandard1.2) (< netstandard1.3) (< win8) (< wpa81)) (&& (< net45) (>= netstandard1.3) (< netstandard1.4) (< win8) (< wpa81)) (&& (< net45) (>= netstandard1.4) (< netstandard1.5) (< win8) (< wpa81)) (&& (< net45) (>= netstandard1.5) (< netstandard1.6) (< win8) (< wpa81)) (&& (< net45) (>= netstandard1.6) (< netstandard2.0) (< win8) (< wpa81)) (&& (>= netstandard1.0) (< portable-net45+win8+wpa81) (< wp8)) (&& (< netstandard1.5) (>= uap10.0) (< uap10.1))
      System.Threading (>= 4.3) - restriction: || (&& (< net45) (>= netstandard1.1) (< netstandard1.2) (< win8)) (&& (< net45) (>= netstandard1.2) (< netstandard1.3) (< win8) (< wpa81)) (&& (< net45) (>= netstandard1.3) (< netstandard1.4) (< win8) (< wpa81)) (&& (< net45) (>= netstandard1.4) (< netstandard1.5) (< win8) (< wpa81)) (&& (< net45) (>= netstandard1.5) (< netstandard1.6) (< win8) (< wpa81)) (&& (< net45) (>= netstandard1.6) (< netstandard2.0) (< win8) (< wpa81)) (&& (>= netstandard1.0) (< portable-net45+win8+wpa81) (< wp8)) (&& (< netstandard1.5) (>= uap10.0) (< uap10.1))
      System.Threading.Tasks (>= 4.3) - restriction: || (&& (< net45) (>= netstandard1.1) (< netstandard1.2) (< win8)) (&& (< net45) (>= netstandard1.2) (< netstandard1.3) (< win8) (< wpa81)) (&& (< net45) (>= netstandard1.3) (< netstandard1.4) (< win8) (< wpa81)) (&& (< net45) (>= netstandard1.4) (< netstandard1.5) (< win8) (< wpa81)) (&& (< net45) (>= netstandard1.5) (< netstandard1.6) (< win8) (< wpa81)) (&& (< net45) (>= netstandard1.6) (< netstandard2.0) (< win8) (< wpa81)) (&& (>= netstandard1.0) (< portable-net45+win8+wpa81) (< wp8)) (&& (< netstandard1.5) (>= uap10.0) (< uap10.1))
      System.Threading.Timer (>= 4.3) - restriction: || (&& (< net45) (>= netstandard1.2) (< netstandard1.3) (< win8) (< wpa81)) (&& (< net45) (>= netstandard1.3) (< netstandard1.4) (< win8) (< wpa81)) (&& (< net45) (>= netstandard1.4) (< netstandard1.5) (< win8) (< wpa81)) (&& (< net45) (>= netstandard1.5) (< netstandard1.6) (< win8) (< wpa81)) (&& (< net45) (>= netstandard1.6) (< netstandard2.0) (< win8) (< wpa81)) (&& (< netstandard1.5) (>= uap10.0) (< uap10.1))
      System.Xml.ReaderWriter (>= 4.3) - restriction: || (&& (< net45) (>= netstandard1.1) (< netstandard1.2) (< win8)) (&& (< net45) (>= netstandard1.2) (< netstandard1.3) (< win8) (< wpa81)) (&& (< net45) (>= netstandard1.3) (< netstandard1.4) (< win8) (< wpa81)) (&& (< net45) (>= netstandard1.4) (< netstandard1.5) (< win8) (< wpa81)) (&& (< net45) (>= netstandard1.5) (< netstandard1.6) (< win8) (< wpa81)) (&& (< net45) (>= netstandard1.6) (< netstandard2.0) (< win8) (< wpa81)) (&& (>= net46) (< netstandard1.4)) (&& (>= netstandard1.0) (< portable-net45+win8+wpa81) (< wp8)) (&& (< netstandard1.5) (>= uap10.0) (< uap10.1))
      System.Xml.XDocument (>= 4.3) - restriction: || (&& (< net45) (>= netstandard1.1) (< netstandard1.2) (< win8)) (&& (< net45) (>= netstandard1.2) (< netstandard1.3) (< win8) (< wpa81)) (&& (< net45) (>= netstandard1.3) (< netstandard1.4) (< win8) (< wpa81)) (&& (< net45) (>= netstandard1.4) (< netstandard1.5) (< win8) (< wpa81)) (&& (< net45) (>= netstandard1.5) (< netstandard1.6) (< win8) (< wpa81)) (&& (< net45) (>= netstandard1.6) (< netstandard2.0) (< win8) (< wpa81)) (&& (>= netstandard1.0) (< portable-net45+win8+wpa81) (< wp8)) (&& (< netstandard1.5) (>= uap10.0) (< uap10.1))
    Newtonsoft.Json (12.0.3)
      Microsoft.CSharp (>= 4.3) - restriction: || (&& (< net20) (>= netstandard1.0) (< netstandard1.3)) (&& (< net20) (>= netstandard1.3) (< netstandard2.0))
      NETStandard.Library (>= 1.6.1) - restriction: || (&& (< net20) (>= netstandard1.0) (< netstandard1.3)) (&& (< net20) (>= netstandard1.3) (< netstandard2.0))
      System.ComponentModel.TypeConverter (>= 4.3) - restriction: || (&& (< net20) (>= netstandard1.0) (< netstandard1.3)) (&& (< net20) (>= netstandard1.3) (< netstandard2.0))
      System.Runtime.Serialization.Formatters (>= 4.3) - restriction: && (< net20) (>= netstandard1.3) (< netstandard2.0)
      System.Runtime.Serialization.Primitives (>= 4.3) - restriction: || (&& (< net20) (>= netstandard1.0) (< netstandard1.3)) (&& (< net20) (>= netstandard1.3) (< netstandard2.0))
      System.Xml.XmlDocument (>= 4.3) - restriction: && (< net20) (>= netstandard1.3) (< netstandard2.0)
    NuGet.CommandLine (5.6)
    runtime.debian.8-x64.runtime.native.System.Security.Cryptography.OpenSsl (4.3.3) - restriction: || (&& (< monoandroid) (< monotouch) (< net20) (>= netstandard1.6) (< netstandard2.0) (< win8) (< wpa81) (< xamarintvos) (< xamarinwatchos)) (&& (< monoandroid) (< net20) (< netstandard1.2) (>= netstandard1.6) (< win8)) (&& (< monoandroid) (< net20) (< netstandard1.3) (>= netstandard1.6) (< win8) (< wpa81)) (&& (< monoandroid) (< net20) (< netstandard1.4) (>= netstandard1.6) (< win8) (< wpa81)) (&& (< monoandroid) (< net20) (< netstandard1.5) (>= netstandard1.6) (< win8) (< wpa81)) (&& (< net20) (>= net46) (< netstandard1.3) (>= netstandard1.6)) (&& (< net20) (>= net46) (< netstandard1.4) (>= netstandard1.6)) (&& (< netstandard1.3) (>= netstandard1.6) (>= uap10.0)) (&& (< netstandard1.5) (>= netstandard1.6) (>= uap10.0))
    runtime.debian.9-x64.runtime.native.System.Security.Cryptography.OpenSsl (4.3.3) - restriction: || (&& (< monoandroid) (< monotouch) (< net20) (>= netstandard1.6) (< netstandard2.0) (< win8) (< wpa81) (< xamarintvos) (< xamarinwatchos)) (&& (< monoandroid) (< net20) (< netstandard1.2) (>= netstandard1.6) (< win8)) (&& (< monoandroid) (< net20) (< netstandard1.3) (>= netstandard1.6) (< win8) (< wpa81)) (&& (< monoandroid) (< net20) (< netstandard1.4) (>= netstandard1.6) (< win8) (< wpa81)) (&& (< monoandroid) (< net20) (< netstandard1.5) (>= netstandard1.6) (< win8) (< wpa81)) (&& (< net20) (>= net46) (< netstandard1.3) (>= netstandard1.6)) (&& (< net20) (>= net46) (< netstandard1.4) (>= netstandard1.6)) (&& (< netstandard1.3) (>= netstandard1.6) (>= uap10.0)) (&& (< netstandard1.5) (>= netstandard1.6) (>= uap10.0))
    runtime.fedora.23-x64.runtime.native.System.Security.Cryptography.OpenSsl (4.3.3) - restriction: || (&& (< monoandroid) (< monotouch) (< net20) (>= netstandard1.6) (< netstandard2.0) (< win8) (< wpa81) (< xamarintvos) (< xamarinwatchos)) (&& (< monoandroid) (< net20) (< netstandard1.2) (>= netstandard1.6) (< win8)) (&& (< monoandroid) (< net20) (< netstandard1.3) (>= netstandard1.6) (< win8) (< wpa81)) (&& (< monoandroid) (< net20) (< netstandard1.4) (>= netstandard1.6) (< win8) (< wpa81)) (&& (< monoandroid) (< net20) (< netstandard1.5) (>= netstandard1.6) (< win8) (< wpa81)) (&& (< net20) (>= net46) (< netstandard1.3) (>= netstandard1.6)) (&& (< net20) (>= net46) (< netstandard1.4) (>= netstandard1.6)) (&& (< netstandard1.3) (>= netstandard1.6) (>= uap10.0)) (&& (< netstandard1.5) (>= netstandard1.6) (>= uap10.0))
    runtime.fedora.24-x64.runtime.native.System.Security.Cryptography.OpenSsl (4.3.3) - restriction: || (&& (< monoandroid) (< monotouch) (< net20) (>= netstandard1.6) (< netstandard2.0) (< win8) (< wpa81) (< xamarintvos) (< xamarinwatchos)) (&& (< monoandroid) (< net20) (< netstandard1.2) (>= netstandard1.6) (< win8)) (&& (< monoandroid) (< net20) (< netstandard1.3) (>= netstandard1.6) (< win8) (< wpa81)) (&& (< monoandroid) (< net20) (< netstandard1.4) (>= netstandard1.6) (< win8) (< wpa81)) (&& (< monoandroid) (< net20) (< netstandard1.5) (>= netstandard1.6) (< win8) (< wpa81)) (&& (< net20) (>= net46) (< netstandard1.3) (>= netstandard1.6)) (&& (< net20) (>= net46) (< netstandard1.4) (>= netstandard1.6)) (&& (< netstandard1.3) (>= netstandard1.6) (>= uap10.0)) (&& (< netstandard1.5) (>= netstandard1.6) (>= uap10.0))
    runtime.fedora.27-x64.runtime.native.System.Security.Cryptography.OpenSsl (4.3.3) - restriction: || (&& (< monoandroid) (< monotouch) (< net20) (>= netstandard1.6) (< netstandard2.0) (< win8) (< wpa81) (< xamarintvos) (< xamarinwatchos)) (&& (< monoandroid) (< net20) (< netstandard1.2) (>= netstandard1.6) (< win8)) (&& (< monoandroid) (< net20) (< netstandard1.3) (>= netstandard1.6) (< win8) (< wpa81)) (&& (< monoandroid) (< net20) (< netstandard1.4) (>= netstandard1.6) (< win8) (< wpa81)) (&& (< monoandroid) (< net20) (< netstandard1.5) (>= netstandard1.6) (< win8) (< wpa81)) (&& (< net20) (>= net46) (< netstandard1.3) (>= netstandard1.6)) (&& (< net20) (>= net46) (< netstandard1.4) (>= netstandard1.6)) (&& (< netstandard1.3) (>= netstandard1.6) (>= uap10.0)) (&& (< netstandard1.5) (>= netstandard1.6) (>= uap10.0))
    runtime.fedora.28-x64.runtime.native.System.Security.Cryptography.OpenSsl (4.3.3) - restriction: || (&& (< monoandroid) (< monotouch) (< net20) (>= netstandard1.6) (< netstandard2.0) (< win8) (< wpa81) (< xamarintvos) (< xamarinwatchos)) (&& (< monoandroid) (< net20) (< netstandard1.2) (>= netstandard1.6) (< win8)) (&& (< monoandroid) (< net20) (< netstandard1.3) (>= netstandard1.6) (< win8) (< wpa81)) (&& (< monoandroid) (< net20) (< netstandard1.4) (>= netstandard1.6) (< win8) (< wpa81)) (&& (< monoandroid) (< net20) (< netstandard1.5) (>= netstandard1.6) (< win8) (< wpa81)) (&& (< net20) (>= net46) (< netstandard1.3) (>= netstandard1.6)) (&& (< net20) (>= net46) (< netstandard1.4) (>= netstandard1.6)) (&& (< netstandard1.3) (>= netstandard1.6) (>= uap10.0)) (&& (< netstandard1.5) (>= netstandard1.6) (>= uap10.0))
    runtime.native.System (4.3.1) - restriction: || (&& (< monoandroid) (< monotouch) (< net20) (>= netstandard1.6) (< netstandard2.0) (< win8) (< wpa81) (< xamarintvos) (< xamarinwatchos)) (&& (< monoandroid) (< net20) (< netstandard1.0) (>= netstandard1.3) (< win8)) (&& (< monoandroid) (< net20) (>= netstandard1.1) (< netstandard1.2) (< win8)) (&& (< monoandroid) (< net20) (>= netstandard1.2) (< netstandard1.3) (< win8) (< wpa81)) (&& (< monoandroid) (< net20) (< netstandard1.2) (>= netstandard1.3) (< win8)) (&& (< monoandroid) (< net20) (< netstandard1.2) (>= netstandard1.6) (< win8)) (&& (< monoandroid) (< net20) (>= netstandard1.3) (< netstandard1.4) (< win8) (< wpa81)) (&& (< monoandroid) (< net20) (< netstandard1.3) (>= netstandard1.4) (< win8) (< wpa81)) (&& (< monoandroid) (< net20) (< netstandard1.3) (>= netstandard1.5) (< win8) (< wpa81)) (&& (< monoandroid) (< net20) (< netstandard1.3) (>= netstandard1.6) (< win8) (< wpa81)) (&& (< monoandroid) (< net20) (>= netstandard1.4) (< netstandard1.5) (< win8) (< wpa81)) (&& (< monoandroid) (< net20) (< netstandard1.4) (>= netstandard1.6) (< win8) (< wpa81)) (&& (< monoandroid) (< net20) (>= netstandard1.5) (< netstandard1.6) (< win8) (< wpa81)) (&& (< monoandroid) (< net20) (< netstandard1.5) (>= netstandard1.6) (< win8) (< wpa81)) (&& (< net20) (>= net45) (< netstandard1.3)) (&& (< net20) (>= net46) (< netstandard1.3)) (&& (< net20) (>= net46) (< netstandard1.4)) (&& (< net20) (< netstandard1.0) (>= netstandard1.3) (< portable-net45+win8)) (&& (< netstandard1.3) (>= netstandard1.6) (>= uap10.0)) (&& (< netstandard1.3) (>= uap10.0) (< win8) (< wpa81)) (&& (< netstandard1.5) (>= netstandard1.6) (>= uap10.0)) (&& (< netstandard1.5) (>= uap10.0) (< win8) (< wpa81))
      Microsoft.NETCore.Platforms (>= 1.1.1)
      Microsoft.NETCore.Targets (>= 1.1.3)
    runtime.native.System.IO.Compression (4.3.2) - restriction: || (&& (< monoandroid) (< monotouch) (< net20) (>= netstandard1.6) (< netstandard2.0) (< win8) (< wpa81) (< xamarintvos) (< xamarinwatchos)) (&& (< monoandroid) (< net20) (< netstandard1.2) (>= netstandard1.3) (< win8)) (&& (< monoandroid) (< net20) (>= netstandard1.3) (< netstandard1.4) (< win8) (< wpa81)) (&& (< monoandroid) (< net20) (< netstandard1.3) (>= netstandard1.4) (< win8) (< wpa81)) (&& (< monoandroid) (< net20) (< netstandard1.3) (>= netstandard1.5) (< win8) (< wpa81)) (&& (< monoandroid) (< net20) (< netstandard1.3) (>= netstandard1.6) (< win8) (< wpa81)) (&& (< monoandroid) (< net20) (>= netstandard1.4) (< netstandard1.5) (< win8) (< wpa81)) (&& (< monoandroid) (< net20) (>= netstandard1.5) (< netstandard1.6) (< win8) (< wpa81)) (&& (< net20) (>= net46) (< netstandard1.3)) (&& (< net20) (>= net46) (< netstandard1.4)) (&& (>= netcoreapp5.0) (< netstandard1.2)) (&& (>= netcoreapp5.0) (< netstandard1.3)) (&& (>= netcoreapp5.0) (< netstandard1.4)) (&& (>= netcoreapp5.0) (< netstandard1.5)) (&& (>= netcoreapp5.0) (< netstandard1.6)) (&& (>= netcoreapp5.0) (< netstandard2.0)) (&& (< netstandard1.3) (>= uap10.0) (< win8) (< wpa81)) (&& (< netstandard1.5) (>= uap10.0) (< win8) (< wpa81))
      Microsoft.NETCore.Platforms (>= 1.1.1)
      Microsoft.NETCore.Targets (>= 1.1.3)
    runtime.native.System.Net.Http (4.3.1) - restriction: || (&& (< monoandroid) (< monotouch) (< net20) (>= netstandard1.6) (< netstandard2.0) (< win8) (< wpa81) (< xamarintvos) (< xamarinwatchos)) (&& (< monoandroid) (< net20) (< netstandard1.2) (>= netstandard1.6) (< win8)) (&& (< monoandroid) (< net20) (< netstandard1.3) (>= netstandard1.6) (< win8) (< wpa81)) (&& (< monoandroid) (< net20) (< netstandard1.4) (>= netstandard1.6) (< win8) (< wpa81)) (&& (< monoandroid) (< net20) (< netstandard1.5) (>= netstandard1.6) (< win8) (< wpa81)) (&& (< net20) (>= net46) (< netstandard1.3) (>= netstandard1.6)) (&& (< net20) (>= net46) (< netstandard1.4) (>= netstandard1.6)) (&& (< netstandard1.3) (>= netstandard1.6) (>= uap10.0)) (&& (< netstandard1.5) (>= netstandard1.6) (>= uap10.0))
      Microsoft.NETCore.Platforms (>= 1.1.1)
      Microsoft.NETCore.Targets (>= 1.1.3)
    runtime.native.System.Security.Cryptography.Apple (4.3.1) - restriction: || (&& (< monoandroid) (< monotouch) (< net20) (>= netstandard1.6) (< netstandard2.0) (< win8) (< wpa81) (< xamarintvos) (< xamarinwatchos)) (&& (< monoandroid) (< net20) (< netstandard1.3) (>= netstandard1.6) (< win8) (< wpa81)) (&& (< monoandroid) (< net20) (< netstandard1.4) (>= netstandard1.6) (< win8) (< wpa81)) (&& (< monoandroid) (< net20) (< netstandard1.5) (>= netstandard1.6) (< win8) (< wpa81)) (&& (< net20) (>= net46) (< netstandard1.3) (>= netstandard1.6)) (&& (< net20) (>= net46) (< netstandard1.4) (>= netstandard1.6)) (&& (< netstandard1.3) (>= netstandard1.6) (>= uap10.0)) (&& (< netstandard1.5) (>= netstandard1.6) (>= uap10.0))
      runtime.osx.10.10-x64.runtime.native.System.Security.Cryptography.Apple (>= 4.3.1)
    runtime.native.System.Security.Cryptography.OpenSsl (4.3.3) - restriction: || (&& (< monoandroid) (< monotouch) (< net20) (>= netstandard1.6) (< netstandard2.0) (< win8) (< wpa81) (< xamarintvos) (< xamarinwatchos)) (&& (< monoandroid) (< net20) (< netstandard1.2) (>= netstandard1.6) (< win8)) (&& (< monoandroid) (< net20) (>= netstandard1.3) (< netstandard1.4) (< win8) (< wpa81)) (&& (< monoandroid) (< net20) (< netstandard1.3) (>= netstandard1.4) (< win8) (< wpa81)) (&& (< monoandroid) (< net20) (< netstandard1.3) (>= netstandard1.5) (< win8) (< wpa81)) (&& (< monoandroid) (< net20) (< netstandard1.3) (>= netstandard1.6) (< win8) (< wpa81)) (&& (< monoandroid) (< net20) (>= netstandard1.4) (< netstandard1.5) (< win8) (< wpa81)) (&& (< monoandroid) (< net20) (< netstandard1.4) (>= netstandard1.6) (< win8) (< wpa81)) (&& (< monoandroid) (< net20) (>= netstandard1.5) (< netstandard1.6) (< win8) (< wpa81)) (&& (< monoandroid) (< net20) (< netstandard1.5) (>= netstandard1.6) (< win8) (< wpa81)) (&& (< net20) (>= net46) (< netstandard1.3)) (&& (< net20) (>= net46) (< netstandard1.4)) (&& (< netstandard1.3) (>= uap10.0)) (&& (< netstandard1.5) (>= netstandard1.6) (>= uap10.0)) (&& (< netstandard1.5) (>= uap10.0) (< uap10.1))
      runtime.debian.8-x64.runtime.native.System.Security.Cryptography.OpenSsl (>= 4.3.3)
      runtime.debian.9-x64.runtime.native.System.Security.Cryptography.OpenSsl (>= 4.3.3)
      runtime.fedora.23-x64.runtime.native.System.Security.Cryptography.OpenSsl (>= 4.3.3)
      runtime.fedora.24-x64.runtime.native.System.Security.Cryptography.OpenSsl (>= 4.3.3)
      runtime.fedora.27-x64.runtime.native.System.Security.Cryptography.OpenSsl (>= 4.3.3)
      runtime.fedora.28-x64.runtime.native.System.Security.Cryptography.OpenSsl (>= 4.3.3)
      runtime.opensuse.13.2-x64.runtime.native.System.Security.Cryptography.OpenSsl (>= 4.3.3)
      runtime.opensuse.42.1-x64.runtime.native.System.Security.Cryptography.OpenSsl (>= 4.3.3)
      runtime.opensuse.42.3-x64.runtime.native.System.Security.Cryptography.OpenSsl (>= 4.3.3)
      runtime.osx.10.10-x64.runtime.native.System.Security.Cryptography.OpenSsl (>= 4.3.3)
      runtime.rhel.7-x64.runtime.native.System.Security.Cryptography.OpenSsl (>= 4.3.3)
      runtime.ubuntu.14.04-x64.runtime.native.System.Security.Cryptography.OpenSsl (>= 4.3.3)
      runtime.ubuntu.16.04-x64.runtime.native.System.Security.Cryptography.OpenSsl (>= 4.3.3)
      runtime.ubuntu.16.10-x64.runtime.native.System.Security.Cryptography.OpenSsl (>= 4.3.3)
      runtime.ubuntu.18.04-x64.runtime.native.System.Security.Cryptography.OpenSsl (>= 4.3.3)
    runtime.opensuse.13.2-x64.runtime.native.System.Security.Cryptography.OpenSsl (4.3.3) - restriction: || (&& (< monoandroid) (< monotouch) (< net20) (>= netstandard1.6) (< netstandard2.0) (< win8) (< wpa81) (< xamarintvos) (< xamarinwatchos)) (&& (< monoandroid) (< net20) (< netstandard1.2) (>= netstandard1.6) (< win8)) (&& (< monoandroid) (< net20) (< netstandard1.3) (>= netstandard1.6) (< win8) (< wpa81)) (&& (< monoandroid) (< net20) (< netstandard1.4) (>= netstandard1.6) (< win8) (< wpa81)) (&& (< monoandroid) (< net20) (< netstandard1.5) (>= netstandard1.6) (< win8) (< wpa81)) (&& (< net20) (>= net46) (< netstandard1.3) (>= netstandard1.6)) (&& (< net20) (>= net46) (< netstandard1.4) (>= netstandard1.6)) (&& (< netstandard1.3) (>= netstandard1.6) (>= uap10.0)) (&& (< netstandard1.5) (>= netstandard1.6) (>= uap10.0))
    runtime.opensuse.42.1-x64.runtime.native.System.Security.Cryptography.OpenSsl (4.3.3) - restriction: || (&& (< monoandroid) (< monotouch) (< net20) (>= netstandard1.6) (< netstandard2.0) (< win8) (< wpa81) (< xamarintvos) (< xamarinwatchos)) (&& (< monoandroid) (< net20) (< netstandard1.2) (>= netstandard1.6) (< win8)) (&& (< monoandroid) (< net20) (< netstandard1.3) (>= netstandard1.6) (< win8) (< wpa81)) (&& (< monoandroid) (< net20) (< netstandard1.4) (>= netstandard1.6) (< win8) (< wpa81)) (&& (< monoandroid) (< net20) (< netstandard1.5) (>= netstandard1.6) (< win8) (< wpa81)) (&& (< net20) (>= net46) (< netstandard1.3) (>= netstandard1.6)) (&& (< net20) (>= net46) (< netstandard1.4) (>= netstandard1.6)) (&& (< netstandard1.3) (>= netstandard1.6) (>= uap10.0)) (&& (< netstandard1.5) (>= netstandard1.6) (>= uap10.0))
    runtime.opensuse.42.3-x64.runtime.native.System.Security.Cryptography.OpenSsl (4.3.3) - restriction: || (&& (< monoandroid) (< monotouch) (< net20) (>= netstandard1.6) (< netstandard2.0) (< win8) (< wpa81) (< xamarintvos) (< xamarinwatchos)) (&& (< monoandroid) (< net20) (< netstandard1.2) (>= netstandard1.6) (< win8)) (&& (< monoandroid) (< net20) (< netstandard1.3) (>= netstandard1.6) (< win8) (< wpa81)) (&& (< monoandroid) (< net20) (< netstandard1.4) (>= netstandard1.6) (< win8) (< wpa81)) (&& (< monoandroid) (< net20) (< netstandard1.5) (>= netstandard1.6) (< win8) (< wpa81)) (&& (< net20) (>= net46) (< netstandard1.3) (>= netstandard1.6)) (&& (< net20) (>= net46) (< netstandard1.4) (>= netstandard1.6)) (&& (< netstandard1.3) (>= netstandard1.6) (>= uap10.0)) (&& (< netstandard1.5) (>= netstandard1.6) (>= uap10.0))
    runtime.osx.10.10-x64.runtime.native.System.Security.Cryptography.Apple (4.3.1) - restriction: || (&& (< monoandroid) (< monotouch) (< net20) (>= netstandard1.6) (< netstandard2.0) (< win8) (< wpa81) (< xamarintvos) (< xamarinwatchos)) (&& (< monoandroid) (< net20) (< netstandard1.3) (>= netstandard1.6) (< win8) (< wpa81)) (&& (< monoandroid) (< net20) (< netstandard1.4) (>= netstandard1.6) (< win8) (< wpa81)) (&& (< monoandroid) (< net20) (< netstandard1.5) (>= netstandard1.6) (< win8) (< wpa81)) (&& (< net20) (>= net46) (< netstandard1.3) (>= netstandard1.6)) (&& (< net20) (>= net46) (< netstandard1.4) (>= netstandard1.6)) (&& (< netstandard1.3) (>= netstandard1.6) (>= uap10.0)) (&& (< netstandard1.5) (>= netstandard1.6) (>= uap10.0))
    runtime.osx.10.10-x64.runtime.native.System.Security.Cryptography.OpenSsl (4.3.3) - restriction: || (&& (< monoandroid) (< monotouch) (< net20) (>= netstandard1.6) (< netstandard2.0) (< win8) (< wpa81) (< xamarintvos) (< xamarinwatchos)) (&& (< monoandroid) (< net20) (< netstandard1.2) (>= netstandard1.6) (< win8)) (&& (< monoandroid) (< net20) (< netstandard1.3) (>= netstandard1.6) (< win8) (< wpa81)) (&& (< monoandroid) (< net20) (< netstandard1.4) (>= netstandard1.6) (< win8) (< wpa81)) (&& (< monoandroid) (< net20) (< netstandard1.5) (>= netstandard1.6) (< win8) (< wpa81)) (&& (< net20) (>= net46) (< netstandard1.3) (>= netstandard1.6)) (&& (< net20) (>= net46) (< netstandard1.4) (>= netstandard1.6)) (&& (< netstandard1.3) (>= netstandard1.6) (>= uap10.0)) (&& (< netstandard1.5) (>= netstandard1.6) (>= uap10.0))
    runtime.rhel.7-x64.runtime.native.System.Security.Cryptography.OpenSsl (4.3.3) - restriction: || (&& (< monoandroid) (< monotouch) (< net20) (>= netstandard1.6) (< netstandard2.0) (< win8) (< wpa81) (< xamarintvos) (< xamarinwatchos)) (&& (< monoandroid) (< net20) (< netstandard1.2) (>= netstandard1.6) (< win8)) (&& (< monoandroid) (< net20) (< netstandard1.3) (>= netstandard1.6) (< win8) (< wpa81)) (&& (< monoandroid) (< net20) (< netstandard1.4) (>= netstandard1.6) (< win8) (< wpa81)) (&& (< monoandroid) (< net20) (< netstandard1.5) (>= netstandard1.6) (< win8) (< wpa81)) (&& (< net20) (>= net46) (< netstandard1.3) (>= netstandard1.6)) (&& (< net20) (>= net46) (< netstandard1.4) (>= netstandard1.6)) (&& (< netstandard1.3) (>= netstandard1.6) (>= uap10.0)) (&& (< netstandard1.5) (>= netstandard1.6) (>= uap10.0))
    runtime.ubuntu.14.04-x64.runtime.native.System.Security.Cryptography.OpenSsl (4.3.3) - restriction: || (&& (< monoandroid) (< monotouch) (< net20) (>= netstandard1.6) (< netstandard2.0) (< win8) (< wpa81) (< xamarintvos) (< xamarinwatchos)) (&& (< monoandroid) (< net20) (< netstandard1.2) (>= netstandard1.6) (< win8)) (&& (< monoandroid) (< net20) (< netstandard1.3) (>= netstandard1.6) (< win8) (< wpa81)) (&& (< monoandroid) (< net20) (< netstandard1.4) (>= netstandard1.6) (< win8) (< wpa81)) (&& (< monoandroid) (< net20) (< netstandard1.5) (>= netstandard1.6) (< win8) (< wpa81)) (&& (< net20) (>= net46) (< netstandard1.3) (>= netstandard1.6)) (&& (< net20) (>= net46) (< netstandard1.4) (>= netstandard1.6)) (&& (< netstandard1.3) (>= netstandard1.6) (>= uap10.0)) (&& (< netstandard1.5) (>= netstandard1.6) (>= uap10.0))
    runtime.ubuntu.16.04-x64.runtime.native.System.Security.Cryptography.OpenSsl (4.3.3) - restriction: || (&& (< monoandroid) (< monotouch) (< net20) (>= netstandard1.6) (< netstandard2.0) (< win8) (< wpa81) (< xamarintvos) (< xamarinwatchos)) (&& (< monoandroid) (< net20) (< netstandard1.2) (>= netstandard1.6) (< win8)) (&& (< monoandroid) (< net20) (< netstandard1.3) (>= netstandard1.6) (< win8) (< wpa81)) (&& (< monoandroid) (< net20) (< netstandard1.4) (>= netstandard1.6) (< win8) (< wpa81)) (&& (< monoandroid) (< net20) (< netstandard1.5) (>= netstandard1.6) (< win8) (< wpa81)) (&& (< net20) (>= net46) (< netstandard1.3) (>= netstandard1.6)) (&& (< net20) (>= net46) (< netstandard1.4) (>= netstandard1.6)) (&& (< netstandard1.3) (>= netstandard1.6) (>= uap10.0)) (&& (< netstandard1.5) (>= netstandard1.6) (>= uap10.0))
    runtime.ubuntu.16.10-x64.runtime.native.System.Security.Cryptography.OpenSsl (4.3.3) - restriction: || (&& (< monoandroid) (< monotouch) (< net20) (>= netstandard1.6) (< netstandard2.0) (< win8) (< wpa81) (< xamarintvos) (< xamarinwatchos)) (&& (< monoandroid) (< net20) (< netstandard1.2) (>= netstandard1.6) (< win8)) (&& (< monoandroid) (< net20) (< netstandard1.3) (>= netstandard1.6) (< win8) (< wpa81)) (&& (< monoandroid) (< net20) (< netstandard1.4) (>= netstandard1.6) (< win8) (< wpa81)) (&& (< monoandroid) (< net20) (< netstandard1.5) (>= netstandard1.6) (< win8) (< wpa81)) (&& (< net20) (>= net46) (< netstandard1.3) (>= netstandard1.6)) (&& (< net20) (>= net46) (< netstandard1.4) (>= netstandard1.6)) (&& (< netstandard1.3) (>= netstandard1.6) (>= uap10.0)) (&& (< netstandard1.5) (>= netstandard1.6) (>= uap10.0))
    runtime.ubuntu.18.04-x64.runtime.native.System.Security.Cryptography.OpenSsl (4.3.3) - restriction: || (&& (< monoandroid) (< monotouch) (< net20) (>= netstandard1.6) (< netstandard2.0) (< win8) (< wpa81) (< xamarintvos) (< xamarinwatchos)) (&& (< monoandroid) (< net20) (< netstandard1.2) (>= netstandard1.6) (< win8)) (&& (< monoandroid) (< net20) (< netstandard1.3) (>= netstandard1.6) (< win8) (< wpa81)) (&& (< monoandroid) (< net20) (< netstandard1.4) (>= netstandard1.6) (< win8) (< wpa81)) (&& (< monoandroid) (< net20) (< netstandard1.5) (>= netstandard1.6) (< win8) (< wpa81)) (&& (< net20) (>= net46) (< netstandard1.3) (>= netstandard1.6)) (&& (< net20) (>= net46) (< netstandard1.4) (>= netstandard1.6)) (&& (< netstandard1.3) (>= netstandard1.6) (>= uap10.0)) (&& (< netstandard1.5) (>= netstandard1.6) (>= uap10.0))
    runtime.win10-arm.Microsoft.Net.Native.Compiler (2.2.8-rel-28605-00) - restriction: >= uap10.1
      runtime.win10-arm.Microsoft.Net.Native.SharedLibrary (>= 2.2.7-rel-28605-00)
    runtime.win10-arm.Microsoft.Net.Native.SharedLibrary (2.2.7-rel-28605-00) - restriction: >= uap10.1
    runtime.win10-arm.Microsoft.Net.UWPCoreRuntimeSdk (2.2.10) - restriction: >= uap10.1
    runtime.win10-arm64.Microsoft.Net.Native.Compiler (2.2.8-rel-28605-00) - restriction: >= uap10.1
      runtime.win10-arm64.Microsoft.Net.Native.SharedLibrary (>= 2.2.7-rel-28605-00)
    runtime.win10-arm64.Microsoft.Net.Native.SharedLibrary (2.2.7-rel-28605-00) - restriction: >= uap10.1
    runtime.win10-x64.Microsoft.Net.Native.Compiler (2.2.8-rel-28605-00) - restriction: >= uap10.1
      runtime.win10-x64.Microsoft.Net.Native.SharedLibrary (>= 2.2.7-rel-28605-00)
    runtime.win10-x64.Microsoft.Net.Native.SharedLibrary (2.2.7-rel-28605-00) - restriction: >= uap10.1
    runtime.win10-x64.Microsoft.Net.UWPCoreRuntimeSdk (2.2.10) - restriction: >= uap10.1
    runtime.win10-x86.Microsoft.Net.Native.Compiler (2.2.8-rel-28605-00) - restriction: >= uap10.1
      runtime.win10-x86.Microsoft.Net.Native.SharedLibrary (>= 2.2.7-rel-28605-00)
    runtime.win10-x86.Microsoft.Net.Native.SharedLibrary (2.2.7-rel-28605-00) - restriction: >= uap10.1
    runtime.win10-x86.Microsoft.Net.UWPCoreRuntimeSdk (2.2.10) - restriction: >= uap10.1
    System.AppContext (4.3) - restriction: || (&& (< net20) (>= net46) (< netstandard1.3)) (&& (< net20) (>= net46) (< netstandard1.4)) (&& (< net20) (>= netstandard1.3) (< netstandard1.4) (< win8) (< wpa81)) (&& (< net20) (< netstandard1.3) (>= netstandard1.4) (< win8) (< wpa81)) (&& (< net20) (< netstandard1.3) (>= netstandard1.5) (< win8) (< wpa81)) (&& (< net20) (< netstandard1.3) (>= netstandard1.6) (< win8) (< wpa81)) (&& (< net20) (>= netstandard1.4) (< netstandard1.5) (< win8) (< wpa81)) (&& (< net20) (>= netstandard1.5) (< netstandard1.6) (< win8) (< wpa81)) (&& (< net20) (>= netstandard1.6) (< netstandard2.0) (< win8) (< wpa81)) (&& (< netstandard1.3) (>= uap10.0)) (&& (< netstandard1.5) (>= uap10.0) (< uap10.1))
      System.Runtime (>= 4.3) - restriction: || (&& (< monoandroid) (< monotouch) (< net46) (>= netstandard1.6) (< xamarinios) (< xamarinmac) (< xamarintvos) (< xamarinwatchos)) (&& (< monoandroid) (< net46) (>= netstandard1.3) (< netstandard1.6)) (>= netcoreapp5.0)
    System.Buffers (4.5.1) - restriction: || (&& (>= monoandroid) (>= net45) (< netstandard1.2) (>= netstandard1.3)) (&& (>= monoandroid) (>= net45) (< netstandard1.2) (>= netstandard1.6)) (&& (>= monoandroid) (>= net45) (< netstandard1.3) (>= netstandard1.4)) (&& (>= monoandroid) (>= net45) (< netstandard1.3) (>= netstandard1.5)) (&& (>= monoandroid) (>= net45) (< netstandard1.3) (>= netstandard1.6)) (&& (>= monoandroid) (>= net46) (< netstandard1.2)) (&& (>= monoandroid) (>= net46) (< netstandard1.3)) (&& (>= monoandroid) (>= net46) (>= netstandard1.4) (< netstandard1.5)) (&& (>= monoandroid) (>= net46) (< netstandard1.4)) (&& (>= monoandroid) (>= net46) (>= netstandard1.5) (< netstandard1.6)) (&& (>= monoandroid) (>= net46) (< netstandard1.5) (>= netstandard1.6)) (&& (>= monoandroid) (>= net46) (>= netstandard1.6) (< netstandard2.0)) (&& (>= monoandroid) (< netstandard1.5) (>= uap10.0)) (&& (>= monoandroid) (>= uap10.1)) (&& (< monoandroid) (< monotouch) (< net20) (>= netstandard1.6) (< netstandard2.0) (< win8) (< wpa81) (< xamarintvos) (< xamarinwatchos)) (&& (< monoandroid) (< net20) (< netstandard1.1) (>= netstandard1.3) (< win8)) (&& (< monoandroid) (< net20) (< netstandard1.1) (>= netstandard1.4) (< win8)) (&& (< monoandroid) (< net20) (< netstandard1.1) (>= netstandard1.5) (< win8)) (&& (< monoandroid) (< net20) (< netstandard1.1) (>= netstandard1.6) (< win8)) (&& (< monoandroid) (< net20) (< netstandard1.1) (>= netstandard2.0) (< win8)) (&& (< monoandroid) (< net20) (< netstandard1.2) (>= netstandard1.3) (< win8)) (&& (< monoandroid) (< net20) (< netstandard1.2) (>= netstandard1.6) (< win8)) (&& (< monoandroid) (< net20) (< netstandard1.2) (>= netstandard2.0) (< win8)) (&& (< monoandroid) (< net20) (>= netstandard1.3) (< netstandard1.4) (< win8) (< wpa81)) (&& (< monoandroid) (< net20) (< netstandard1.3) (>= netstandard1.4) (< win8) (< wpa81)) (&& (< monoandroid) (< net20) (< netstandard1.3) (>= netstandard1.5) (< win8) (< wpa81)) (&& (< monoandroid) (< net20) (< netstandard1.3) (>= netstandard1.6) (< win8) (< wpa81)) (&& (< monoandroid) (< net20) (< netstandard1.3) (>= netstandard2.0) (< win8) (< wpa81)) (&& (< monoandroid) (< net20) (>= netstandard1.4) (< netstandard1.5) (< win8) (< wpa81)) (&& (< monoandroid) (< net20) (< netstandard1.4) (>= netstandard1.6) (< win8) (< wpa81)) (&& (< monoandroid) (< net20) (< netstandard1.4) (>= netstandard2.0) (< win8) (< wpa81)) (&& (< monoandroid) (< net20) (>= netstandard1.5) (< netstandard1.6) (< win8) (< wpa81)) (&& (< monoandroid) (< net20) (< netstandard1.5) (>= netstandard1.6) (< win8) (< wpa81)) (&& (< monoandroid) (< net20) (< netstandard1.5) (>= netstandard2.0) (< win8) (< wpa81)) (&& (< monoandroid) (< net20) (< netstandard1.6) (>= netstandard2.0) (< win8) (< wpa81)) (&& (>= monotouch) (>= net46)) (&& (>= monotouch) (>= netcoreapp5.0)) (&& (>= monotouch) (< netstandard1.2)) (&& (>= monotouch) (< netstandard1.3)) (&& (>= monotouch) (< netstandard1.4)) (&& (>= monotouch) (< netstandard1.5)) (&& (>= monotouch) (< netstandard1.6)) (&& (>= monotouch) (>= uap10.1)) (&& (< net20) (>= net45) (< netstandard1.1) (>= netstandard1.3)) (&& (< net20) (>= net45) (< netstandard1.1) (>= netstandard1.4)) (&& (< net20) (>= net45) (< netstandard1.1) (>= netstandard1.5)) (&& (< net20) (>= net45) (< netstandard1.1) (>= netstandard1.6)) (&& (< net20) (>= net45) (< netstandard1.2) (>= netstandard1.3)) (&& (< net20) (>= net45) (< netstandard1.2) (>= netstandard1.6)) (&& (< net20) (>= net45) (< netstandard1.2) (>= netstandard2.0)) (&& (< net20) (>= net45) (>= netstandard1.3) (< netstandard1.4)) (&& (< net20) (>= net45) (< netstandard1.3) (>= netstandard1.4)) (&& (< net20) (>= net45) (< netstandard1.3) (>= netstandard1.5)) (&& (< net20) (>= net45) (< netstandard1.3) (>= netstandard1.6)) (&& (< net20) (>= net45) (< netstandard1.3) (>= netstandard2.0)) (&& (< net20) (>= net45) (>= netstandard1.4) (< netstandard1.5)) (&& (< net20) (>= net45) (< netstandard1.4) (>= netstandard1.6)) (&& (< net20) (>= net45) (< netstandard1.4) (>= netstandard2.0)) (&& (< net20) (>= net45) (>= netstandard1.5) (< netstandard1.6)) (&& (< net20) (>= net45) (< netstandard1.5) (>= netstandard1.6)) (&& (< net20) (>= net45) (< netstandard1.5) (>= netstandard2.0)) (&& (< net20) (>= net45) (>= netstandard1.6) (< netstandard2.0)) (&& (< net20) (>= net45) (< netstandard1.6) (>= netstandard2.0)) (&& (< net20) (>= net46) (< netstandard1.1)) (&& (< net20) (>= net46) (< netstandard1.2)) (&& (< net20) (>= net46) (< netstandard1.3)) (&& (< net20) (>= net46) (>= netstandard1.4) (< netstandard1.5)) (&& (< net20) (>= net46) (< netstandard1.4)) (&& (< net20) (>= net46) (>= netstandard1.5) (< netstandard1.6)) (&& (< net20) (>= net46) (< netstandard1.5) (>= netstandard1.6)) (&& (< net20) (>= net46) (< netstandard1.5) (>= netstandard2.0)) (&& (< net20) (>= net46) (>= netstandard1.6) (< netstandard2.0)) (&& (< net20) (>= net46) (< netstandard1.6) (>= netstandard2.0)) (&& (< net20) (>= net461) (< netstandard1.2)) (&& (< net20) (>= net461) (< netstandard1.3)) (&& (< net20) (>= net461) (< netstandard1.4)) (&& (< net20) (>= net461) (>= netstandard1.5) (< netstandard1.6)) (&& (< net20) (>= net461) (< netstandard1.5)) (&& (< net20) (>= net461) (>= netstandard1.6) (< netstandard2.0)) (&& (< net20) (>= net461) (< netstandard1.6) (>= netstandard2.0)) (&& (>= net45) (< netstandard1.1) (>= netstandard1.3) (>= win8)) (&& (>= net45) (< netstandard1.1) (>= netstandard1.4) (>= win8)) (&& (>= net45) (< netstandard1.1) (>= netstandard1.5) (>= win8)) (&& (>= net45) (< netstandard1.1) (>= netstandard1.6) (>= win8)) (&& (>= net45) (< netstandard1.1) (>= uap10.0)) (&& (>= net45) (< netstandard1.2) (>= netstandard1.3) (>= wpa81)) (&& (>= net45) (< netstandard1.2) (>= netstandard1.6) (>= wpa81)) (&& (>= net45) (< netstandard1.3) (>= netstandard1.4) (>= wpa81)) (&& (>= net45) (< netstandard1.3) (>= netstandard1.5) (>= wpa81)) (&& (>= net45) (< netstandard1.3) (>= netstandard1.6) (>= wpa81)) (&& (>= net45) (< netstandard1.5) (>= uap10.0)) (&& (>= net45) (>= uap10.1)) (&& (>= net46) (< netstandard1.1) (>= uap10.0)) (&& (>= net46) (< netstandard1.1) (>= uap10.1)) (&& (>= net46) (< netstandard1.1) (>= win8)) (&& (>= net46) (< netstandard1.2) (>= wpa81)) (&& (>= net46) (< netstandard1.3) (>= uap10.1)) (&& (>= net46) (< netstandard1.3) (>= wpa81)) (&& (>= net46) (>= netstandard1.4) (< netstandard1.5) (>= wpa81)) (&& (>= net46) (< netstandard1.4) (>= uap10.1)) (&& (>= net46) (< netstandard1.4) (>= wpa81)) (&& (>= net46) (>= netstandard1.5) (< netstandard1.6) (>= wpa81)) (&& (>= net46) (< netstandard1.5) (>= netstandard1.6) (>= wpa81)) (&& (>= net46) (< netstandard1.5) (>= uap10.0)) (&& (>= net46) (>= netstandard1.6) (< netstandard2.0) (>= wpa81)) (&& (>= net46) (>= xamarintvos)) (&& (>= net46) (>= xamarinwatchos)) (&& (>= net461) (< netstandard1.5) (>= uap10.0)) (&& (>= net461) (>= uap10.1)) (&& (>= netcoreapp5.0) (< netstandard1.1)) (&& (>= netcoreapp5.0) (< netstandard1.2)) (&& (>= netcoreapp5.0) (< netstandard1.3)) (&& (>= netcoreapp5.0) (< netstandard1.4)) (&& (>= netcoreapp5.0) (< netstandard1.5)) (&& (>= netcoreapp5.0) (< netstandard1.6)) (&& (>= netcoreapp5.0) (< netstandard2.0)) (&& (>= netcoreapp5.0) (>= uap10.1)) (&& (>= netcoreapp5.0) (>= xamarintvos)) (&& (>= netcoreapp5.0) (>= xamarinwatchos)) (&& (< netstandard1.1) (>= netstandard2.0) (>= uap10.0)) (&& (< netstandard1.1) (>= uap10.0) (< win8)) (&& (< netstandard1.1) (>= uap10.1) (< win8)) (&& (< netstandard1.2) (>= netstandard1.3) (< win8) (>= wpa81)) (&& (< netstandard1.2) (>= netstandard1.6) (< win8) (>= wpa81)) (&& (< netstandard1.2) (>= netstandard2.0) (< win8) (>= wpa81)) (&& (< netstandard1.2) (>= uap10.1) (< win8)) (&& (< netstandard1.2) (>= xamarinios)) (&& (< netstandard1.2) (>= xamarinmac)) (&& (< netstandard1.2) (>= xamarintvos)) (&& (< netstandard1.2) (>= xamarinwatchos)) (&& (< netstandard1.3) (>= uap10.0)) (&& (< netstandard1.3) (>= xamarinios)) (&& (< netstandard1.3) (>= xamarinmac)) (&& (< netstandard1.3) (>= xamarintvos)) (&& (< netstandard1.3) (>= xamarinwatchos)) (&& (< netstandard1.4) (>= xamarinios)) (&& (< netstandard1.4) (>= xamarinmac)) (&& (< netstandard1.4) (>= xamarintvos)) (&& (< netstandard1.4) (>= xamarinwatchos)) (&& (< netstandard1.5) (>= netstandard2.0) (>= uap10.0)) (&& (< netstandard1.5) (>= uap10.0) (< uap10.1)) (&& (< netstandard1.5) (>= uap10.0) (< win8) (< wpa81)) (&& (< netstandard1.5) (>= xamarinios)) (&& (< netstandard1.5) (>= xamarinmac)) (&& (< netstandard1.5) (>= xamarintvos)) (&& (< netstandard1.5) (>= xamarinwatchos)) (&& (>= netstandard1.6) (>= uap10.1)) (&& (< netstandard1.6) (>= xamarinios)) (&& (< netstandard1.6) (>= xamarinmac)) (&& (< netstandard1.6) (>= xamarintvos)) (&& (< netstandard1.6) (>= xamarinwatchos)) (&& (>= netstandard2.0) (>= uap10.1)) (&& (< netstandard2.0) (>= xamarinios)) (&& (< netstandard2.0) (>= xamarinmac)) (&& (>= uap10.1) (< win8) (< wpa81)) (&& (>= uap10.1) (>= xamarinios)) (&& (>= uap10.1) (>= xamarinmac)) (&& (>= uap10.1) (>= xamarintvos)) (&& (>= uap10.1) (>= xamarinwatchos))
      System.Diagnostics.Debug (>= 4.3) - restriction: && (< net45) (>= netstandard1.1) (< netstandard2.0) (< win8) (< wpa81)
      System.Diagnostics.Tracing (>= 4.3) - restriction: && (< net45) (>= netstandard1.1) (< netstandard2.0) (< win8) (< wpa81)
      System.Resources.ResourceManager (>= 4.3) - restriction: && (< net45) (>= netstandard1.1) (< netstandard2.0) (< win8) (< wpa81)
      System.Runtime (>= 4.3) - restriction: && (< net45) (>= netstandard1.1) (< netstandard2.0) (< win8) (< wpa81)
      System.Threading (>= 4.3) - restriction: && (< net45) (>= netstandard1.1) (< netstandard2.0) (< win8) (< wpa81)
    System.Collections (4.3) - restriction: || (&& (< monoandroid) (< monotouch) (< net20) (>= netstandard1.3) (< netstandard2.0) (< xamarintvos) (< xamarinwatchos)) (&& (< monoandroid) (< monotouch) (< net20) (>= netstandard1.4) (< netstandard2.0) (< xamarintvos) (< xamarinwatchos)) (&& (< monoandroid) (< monotouch) (< net20) (>= netstandard1.5) (< netstandard2.0) (< win8) (< wpa81) (< xamarintvos) (< xamarinwatchos)) (&& (< monoandroid) (< net20) (>= netstandard1.0) (< netstandard1.3) (< win8) (< wp8) (< wpa81)) (&& (< monoandroid) (< net20) (< netstandard1.2) (>= netstandard1.6) (< win8)) (&& (< monoandroid) (< net20) (>= netstandard1.3) (< netstandard1.5) (< win8) (< wpa81)) (&& (< monoandroid) (< net20) (< netstandard1.4) (>= netstandard1.6) (< win8) (< wpa81)) (&& (< monoandroid) (< net20) (< netstandard1.5) (>= netstandard1.6) (< win8) (< wpa81)) (&& (< net20) (>= net46) (< netstandard1.3)) (&& (< net20) (>= net46) (< netstandard1.4)) (&& (< net20) (>= netstandard1.0) (< portable-net45+win8+wpa81) (< wp8)) (&& (< net20) (>= netstandard1.1) (< netstandard1.2) (< win8)) (&& (< net20) (>= netstandard1.2) (< netstandard1.3) (< win8) (< wpa81)) (&& (< net20) (< netstandard1.2) (>= netstandard1.3) (< win8)) (&& (< net20) (>= netstandard1.3) (< netstandard1.4) (< win8) (< wpa81)) (&& (< net20) (>= netstandard1.3) (< portable-net45+win8+wpa81)) (&& (< net20) (< netstandard1.3) (>= netstandard1.4) (< win8) (< wpa81)) (&& (< net20) (< netstandard1.3) (>= netstandard1.5) (< win8) (< wpa81)) (&& (< net20) (< netstandard1.3) (>= netstandard1.6) (< win8) (< wpa81)) (&& (< net20) (>= netstandard1.4) (< netstandard1.5) (< win8) (< wpa81)) (&& (< net20) (>= netstandard1.5) (< netstandard1.6) (< win8) (< wpa81)) (&& (< net20) (>= netstandard1.6) (< netstandard2.0) (< win8) (< wpa81)) (&& (< net20) (>= netstandard1.6) (< portable-net45+win8+wpa81)) (&& (>= netcoreapp5.0) (< netstandard1.2)) (&& (>= netcoreapp5.0) (< netstandard1.3)) (&& (>= netcoreapp5.0) (< netstandard1.4)) (&& (>= netcoreapp5.0) (< netstandard1.5)) (&& (>= netcoreapp5.0) (< netstandard1.6)) (&& (>= netcoreapp5.0) (< netstandard2.0)) (&& (>= netcoreapp5.0) (< portable-net45+win8+wpa81)) (&& (< netstandard1.3) (>= uap10.0)) (&& (< netstandard1.5) (>= netstandard1.6) (>= uap10.0)) (&& (< netstandard1.5) (>= uap10.0) (< uap10.1)) (&& (< netstandard1.5) (>= uap10.0) (< win8) (< wpa81))
      Microsoft.NETCore.Platforms (>= 1.1) - restriction: || (&& (< monoandroid) (< monotouch) (< net45) (>= netstandard1.3) (< win8) (< wpa81) (< xamarinios) (< xamarinmac) (< xamarintvos) (< xamarinwatchos)) (&& (< monoandroid) (< net45) (>= netstandard1.0) (< netstandard1.3) (< win8) (< wp8) (< wpa81)) (>= netcoreapp5.0)
      Microsoft.NETCore.Targets (>= 1.1) - restriction: || (&& (< monoandroid) (< monotouch) (< net45) (>= netstandard1.3) (< win8) (< wpa81) (< xamarinios) (< xamarinmac) (< xamarintvos) (< xamarinwatchos)) (&& (< monoandroid) (< net45) (>= netstandard1.0) (< netstandard1.3) (< win8) (< wp8) (< wpa81)) (>= netcoreapp5.0)
      System.Runtime (>= 4.3) - restriction: || (&& (< monoandroid) (< monotouch) (< net45) (>= netstandard1.3) (< win8) (< wpa81) (< xamarinios) (< xamarinmac) (< xamarintvos) (< xamarinwatchos)) (&& (< monoandroid) (< net45) (>= netstandard1.0) (< netstandard1.3) (< win8) (< wp8) (< wpa81)) (>= netcoreapp5.0)
    System.Collections.Concurrent (4.3) - restriction: || (&& (< monoandroid) (< net20) (< netstandard1.2) (>= netstandard1.6) (< win8)) (&& (< monoandroid) (< net20) (< netstandard1.4) (>= netstandard1.6) (< win8) (< wpa81)) (&& (< monoandroid) (< net20) (< netstandard1.5) (>= netstandard1.6) (< win8) (< wpa81)) (&& (< net20) (>= net46) (< netstandard1.3)) (&& (< net20) (>= net46) (< netstandard1.4)) (&& (< net20) (>= netstandard1.1) (< netstandard1.2) (< win8)) (&& (< net20) (>= netstandard1.2) (< netstandard1.3) (< win8) (< wpa81)) (&& (< net20) (< netstandard1.2) (>= netstandard1.3) (< win8)) (&& (< net20) (>= netstandard1.3) (< netstandard1.4) (< win8) (< wpa81)) (&& (< net20) (< netstandard1.3) (>= netstandard1.4) (< win8) (< wpa81)) (&& (< net20) (< netstandard1.3) (>= netstandard1.5) (< win8) (< wpa81)) (&& (< net20) (< netstandard1.3) (>= netstandard1.6) (< win8) (< wpa81)) (&& (< net20) (>= netstandard1.4) (< netstandard1.5) (< win8) (< wpa81)) (&& (< net20) (>= netstandard1.5) (< netstandard1.6) (< win8) (< wpa81)) (&& (< net20) (>= netstandard1.6) (< netstandard2.0) (< win8) (< wpa81)) (&& (>= netcoreapp5.0) (< netstandard1.2)) (&& (>= netcoreapp5.0) (< netstandard1.3)) (&& (>= netcoreapp5.0) (< netstandard1.4)) (&& (>= netcoreapp5.0) (< netstandard1.5)) (&& (>= netcoreapp5.0) (< netstandard1.6)) (&& (>= netcoreapp5.0) (< netstandard2.0)) (&& (< netstandard1.3) (>= uap10.0)) (&& (< netstandard1.5) (>= uap10.0) (< uap10.1)) (&& (< netstandard1.5) (>= uap10.0) (< win8) (< wpa81))
      System.Collections (>= 4.3) - restriction: || (&& (< monoandroid) (< monotouch) (< net45) (>= netstandard1.3) (< win8) (< wpa81) (< xamarinios) (< xamarinmac) (< xamarintvos) (< xamarinwatchos)) (>= netcoreapp5.0)
      System.Diagnostics.Debug (>= 4.3) - restriction: || (&& (< monoandroid) (< monotouch) (< net45) (>= netstandard1.3) (< win8) (< wpa81) (< xamarinios) (< xamarinmac) (< xamarintvos) (< xamarinwatchos)) (>= netcoreapp5.0)
      System.Diagnostics.Tracing (>= 4.3) - restriction: || (&& (< monoandroid) (< monotouch) (< net45) (>= netstandard1.3) (< win8) (< wpa81) (< xamarinios) (< xamarinmac) (< xamarintvos) (< xamarinwatchos)) (>= netcoreapp5.0)
      System.Globalization (>= 4.3) - restriction: || (&& (< monoandroid) (< monotouch) (< net45) (>= netstandard1.3) (< win8) (< wpa81) (< xamarinios) (< xamarinmac) (< xamarintvos) (< xamarinwatchos)) (>= netcoreapp5.0)
      System.Reflection (>= 4.3) - restriction: && (< monoandroid) (< monotouch) (< net45) (< netcoreapp5.0) (>= netstandard1.3) (< win8) (< wpa81) (< xamarinios) (< xamarinmac) (< xamarintvos) (< xamarinwatchos)
      System.Resources.ResourceManager (>= 4.3) - restriction: || (&& (< monoandroid) (< monotouch) (< net45) (>= netstandard1.3) (< win8) (< wpa81) (< xamarinios) (< xamarinmac) (< xamarintvos) (< xamarinwatchos)) (>= netcoreapp5.0)
      System.Runtime (>= 4.3) - restriction: || (&& (< monoandroid) (< monotouch) (< net45) (>= netstandard1.3) (< win8) (< wpa81) (< xamarinios) (< xamarinmac) (< xamarintvos) (< xamarinwatchos)) (&& (< monoandroid) (< net45) (>= netstandard1.1) (< netstandard1.3) (< win8) (< wpa81)) (>= netcoreapp5.0)
      System.Runtime.Extensions (>= 4.3) - restriction: || (&& (< monoandroid) (< monotouch) (< net45) (>= netstandard1.3) (< win8) (< wpa81) (< xamarinios) (< xamarinmac) (< xamarintvos) (< xamarinwatchos)) (>= netcoreapp5.0)
      System.Threading (>= 4.3) - restriction: || (&& (< monoandroid) (< monotouch) (< net45) (>= netstandard1.3) (< win8) (< wpa81) (< xamarinios) (< xamarinmac) (< xamarintvos) (< xamarinwatchos)) (>= netcoreapp5.0)
      System.Threading.Tasks (>= 4.3) - restriction: || (&& (< monoandroid) (< monotouch) (< net45) (>= netstandard1.3) (< win8) (< wpa81) (< xamarinios) (< xamarinmac) (< xamarintvos) (< xamarinwatchos)) (&& (< monoandroid) (< net45) (>= netstandard1.1) (< netstandard1.3) (< win8) (< wpa81)) (>= netcoreapp5.0)
    System.Collections.NonGeneric (4.3) - restriction: || (&& (< monoandroid) (< monotouch) (< net20) (>= netstandard1.5) (< netstandard2.0) (< win8) (< wpa81) (< xamarintvos) (< xamarinwatchos)) (&& (< monoandroid) (< net20) (< netstandard1.3) (>= netstandard1.5) (< win8) (< wpa81)) (&& (< net20) (>= net462) (< netstandard1.3)) (&& (< net20) (>= net462) (< netstandard2.0))
      System.Diagnostics.Debug (>= 4.3) - restriction: && (< monoandroid) (< monotouch) (< net46) (>= netstandard1.3) (< xamarinios) (< xamarinmac) (< xamarintvos) (< xamarinwatchos)
      System.Globalization (>= 4.3) - restriction: && (< monoandroid) (< monotouch) (< net46) (>= netstandard1.3) (< xamarinios) (< xamarinmac) (< xamarintvos) (< xamarinwatchos)
      System.Resources.ResourceManager (>= 4.3) - restriction: && (< monoandroid) (< monotouch) (< net46) (>= netstandard1.3) (< xamarinios) (< xamarinmac) (< xamarintvos) (< xamarinwatchos)
      System.Runtime (>= 4.3) - restriction: && (< monoandroid) (< monotouch) (< net46) (>= netstandard1.3) (< xamarinios) (< xamarinmac) (< xamarintvos) (< xamarinwatchos)
      System.Runtime.Extensions (>= 4.3) - restriction: && (< monoandroid) (< monotouch) (< net46) (>= netstandard1.3) (< xamarinios) (< xamarinmac) (< xamarintvos) (< xamarinwatchos)
      System.Threading (>= 4.3) - restriction: && (< monoandroid) (< monotouch) (< net46) (>= netstandard1.3) (< xamarinios) (< xamarinmac) (< xamarintvos) (< xamarinwatchos)
    System.Collections.Specialized (4.3) - restriction: || (&& (< monoandroid) (< monotouch) (< net20) (>= netstandard1.5) (< netstandard2.0) (< win8) (< wpa81) (< xamarintvos) (< xamarinwatchos)) (&& (< monoandroid) (< net20) (< netstandard1.3) (>= netstandard1.5) (< win8) (< wpa81))
      System.Collections.NonGeneric (>= 4.3) - restriction: && (< monoandroid) (< monotouch) (< net46) (>= netstandard1.3) (< xamarinios) (< xamarinmac) (< xamarintvos) (< xamarinwatchos)
      System.Globalization (>= 4.3) - restriction: && (< monoandroid) (< monotouch) (< net46) (>= netstandard1.3) (< xamarinios) (< xamarinmac) (< xamarintvos) (< xamarinwatchos)
      System.Globalization.Extensions (>= 4.3) - restriction: && (< monoandroid) (< monotouch) (< net46) (>= netstandard1.3) (< xamarinios) (< xamarinmac) (< xamarintvos) (< xamarinwatchos)
      System.Resources.ResourceManager (>= 4.3) - restriction: && (< monoandroid) (< monotouch) (< net46) (>= netstandard1.3) (< xamarinios) (< xamarinmac) (< xamarintvos) (< xamarinwatchos)
      System.Runtime (>= 4.3) - restriction: && (< monoandroid) (< monotouch) (< net46) (>= netstandard1.3) (< xamarinios) (< xamarinmac) (< xamarintvos) (< xamarinwatchos)
      System.Runtime.Extensions (>= 4.3) - restriction: && (< monoandroid) (< monotouch) (< net46) (>= netstandard1.3) (< xamarinios) (< xamarinmac) (< xamarintvos) (< xamarinwatchos)
      System.Threading (>= 4.3) - restriction: && (< monoandroid) (< monotouch) (< net46) (>= netstandard1.3) (< xamarinios) (< xamarinmac) (< xamarintvos) (< xamarinwatchos)
    System.ComponentModel (4.3) - restriction: || (&& (< monoandroid) (< monotouch) (< net20) (>= netstandard1.5) (< netstandard2.0) (< win8) (< wpa81) (< xamarintvos) (< xamarinwatchos)) (&& (< monoandroid) (< net20) (>= netstandard1.0) (< netstandard1.3) (< win8) (< wp8) (< wpa81)) (&& (< monoandroid) (< net20) (>= netstandard1.3) (< netstandard1.5) (< win8) (< wpa81)) (&& (< monoandroid) (< net20) (< netstandard1.3) (>= netstandard1.5) (< win8) (< wpa81))
      System.Runtime (>= 4.3) - restriction: || (&& (< monoandroid) (< monotouch) (< net45) (>= netstandard1.3) (< win8) (< wpa81) (< xamarinios) (< xamarinmac) (< xamarintvos) (< xamarinwatchos)) (&& (< monoandroid) (< net45) (>= netstandard1.0) (< netstandard1.3) (< win8) (< wp8) (< wpa81)) (>= netcoreapp5.0)
    System.ComponentModel.Primitives (4.3) - restriction: || (&& (< monoandroid) (< monotouch) (< net20) (>= netstandard1.5) (< netstandard2.0) (< win8) (< xamarintvos) (< xamarinwatchos)) (&& (< monoandroid) (< net20) (>= netstandard1.0) (< netstandard1.3) (< win8)) (&& (< monoandroid) (< net20) (>= netstandard1.3) (< netstandard1.5) (< win8)) (&& (< monoandroid) (< net20) (< netstandard1.3) (>= netstandard1.5) (< win8)) (&& (< net20) (>= net45) (>= netstandard1.3) (< netstandard1.5)) (&& (< net20) (>= net45) (< netstandard1.3)) (&& (< net20) (>= net462) (< netstandard1.3)) (&& (< net20) (>= net462) (< netstandard2.0)) (&& (< netstandard1.0) (>= netstandard1.3) (>= win8)) (&& (>= netstandard1.3) (< netstandard2.0) (>= wpa81)) (&& (< netstandard1.3) (>= wpa81)) (>= wp8)
      System.ComponentModel (>= 4.3) - restriction: && (< monoandroid) (< monotouch) (< net45) (>= netstandard1.0) (< win8) (< wp8) (< wpa81) (< xamarinios) (< xamarinmac) (< xamarintvos) (< xamarinwatchos)
      System.Resources.ResourceManager (>= 4.3) - restriction: && (< monoandroid) (< monotouch) (< net45) (>= netstandard1.0) (< win8) (< wp8) (< wpa81) (< xamarinios) (< xamarinmac) (< xamarintvos) (< xamarinwatchos)
      System.Runtime (>= 4.3) - restriction: && (< monoandroid) (< monotouch) (< net45) (>= netstandard1.0) (< win8) (< wp8) (< wpa81) (< xamarinios) (< xamarinmac) (< xamarintvos) (< xamarinwatchos)
    System.ComponentModel.TypeConverter (4.3) - restriction: || (&& (< net20) (>= netstandard1.0) (< netstandard1.3)) (&& (< net20) (>= netstandard1.3) (< netstandard2.0))
      System.Collections (>= 4.3) - restriction: || (&& (< monoandroid) (< monotouch) (< net45) (>= netstandard1.5) (< win8) (< wpa81) (< xamarinios) (< xamarinmac) (< xamarintvos) (< xamarinwatchos)) (&& (< monoandroid) (< net45) (>= netstandard1.0) (< netstandard1.5) (< win8) (< wp8) (< wpa81))
      System.Collections.NonGeneric (>= 4.3) - restriction: || (&& (< monoandroid) (< monotouch) (< net45) (>= netstandard1.5) (< win8) (< wpa81) (< xamarinios) (< xamarinmac) (< xamarintvos) (< xamarinwatchos)) (>= net462)
      System.Collections.Specialized (>= 4.3) - restriction: && (< monoandroid) (< monotouch) (< net45) (>= netstandard1.5) (< win8) (< wpa81) (< xamarinios) (< xamarinmac) (< xamarintvos) (< xamarinwatchos)
      System.ComponentModel (>= 4.3) - restriction: || (&& (< monoandroid) (< monotouch) (< net45) (>= netstandard1.5) (< win8) (< wpa81) (< xamarinios) (< xamarinmac) (< xamarintvos) (< xamarinwatchos)) (&& (< monoandroid) (< net45) (>= netstandard1.0) (< netstandard1.5) (< win8) (< wp8) (< wpa81))
      System.ComponentModel.Primitives (>= 4.3) - restriction: || (&& (< monoandroid) (< monotouch) (< net45) (>= netstandard1.5) (< win8) (< xamarinios) (< xamarinmac) (< xamarintvos) (< xamarinwatchos)) (&& (< monoandroid) (< net45) (>= netstandard1.0) (< netstandard1.5) (< win8)) (&& (>= net45) (< netstandard1.5)) (>= net462) (&& (< netstandard1.0) (>= win8)) (>= wp8) (>= wpa81)
      System.Globalization (>= 4.3) - restriction: || (&& (< monoandroid) (< monotouch) (< net45) (>= netstandard1.5) (< win8) (< wpa81) (< xamarinios) (< xamarinmac) (< xamarintvos) (< xamarinwatchos)) (&& (< monoandroid) (< net45) (>= netstandard1.0) (< netstandard1.5) (< win8) (< wp8) (< wpa81))
      System.Linq (>= 4.3) - restriction: && (< monoandroid) (< monotouch) (< net45) (>= netstandard1.5) (< win8) (< wpa81) (< xamarinios) (< xamarinmac) (< xamarintvos) (< xamarinwatchos)
      System.Reflection (>= 4.3) - restriction: || (&& (< monoandroid) (< monotouch) (< net45) (>= netstandard1.5) (< win8) (< wpa81) (< xamarinios) (< xamarinmac) (< xamarintvos) (< xamarinwatchos)) (&& (< monoandroid) (< net45) (>= netstandard1.0) (< netstandard1.5) (< win8) (< wp8) (< wpa81))
      System.Reflection.Extensions (>= 4.3) - restriction: || (&& (< monoandroid) (< monotouch) (< net45) (>= netstandard1.5) (< win8) (< wpa81) (< xamarinios) (< xamarinmac) (< xamarintvos) (< xamarinwatchos)) (&& (< monoandroid) (< net45) (>= netstandard1.0) (< netstandard1.5) (< win8) (< wp8) (< wpa81))
      System.Reflection.Primitives (>= 4.3) - restriction: || (&& (< monoandroid) (< monotouch) (< net45) (>= netstandard1.5) (< win8) (< wpa81) (< xamarinios) (< xamarinmac) (< xamarintvos) (< xamarinwatchos)) (&& (< monoandroid) (< net45) (>= netstandard1.0) (< netstandard1.5) (< win8) (< wp8) (< wpa81))
      System.Reflection.TypeExtensions (>= 4.3) - restriction: && (< monoandroid) (< monotouch) (< net45) (>= netstandard1.5) (< win8) (< wpa81) (< xamarinios) (< xamarinmac) (< xamarintvos) (< xamarinwatchos)
      System.Resources.ResourceManager (>= 4.3) - restriction: || (&& (< monoandroid) (< monotouch) (< net45) (>= netstandard1.5) (< win8) (< wpa81) (< xamarinios) (< xamarinmac) (< xamarintvos) (< xamarinwatchos)) (&& (< monoandroid) (< net45) (>= netstandard1.0) (< netstandard1.5) (< win8) (< wp8) (< wpa81))
      System.Runtime (>= 4.3) - restriction: || (&& (< monoandroid) (< monotouch) (< net45) (>= netstandard1.5) (< win8) (< wpa81) (< xamarinios) (< xamarinmac) (< xamarintvos) (< xamarinwatchos)) (&& (< monoandroid) (< net45) (>= netstandard1.0) (< netstandard1.5) (< win8) (< wp8) (< wpa81))
      System.Runtime.Extensions (>= 4.3) - restriction: || (&& (< monoandroid) (< monotouch) (< net45) (>= netstandard1.5) (< win8) (< wpa81) (< xamarinios) (< xamarinmac) (< xamarintvos) (< xamarinwatchos)) (&& (< monoandroid) (< net45) (>= netstandard1.0) (< netstandard1.5) (< win8) (< wp8) (< wpa81))
      System.Threading (>= 4.3) - restriction: || (&& (< monoandroid) (< monotouch) (< net45) (>= netstandard1.5) (< win8) (< wpa81) (< xamarinios) (< xamarinmac) (< xamarintvos) (< xamarinwatchos)) (&& (< monoandroid) (< net45) (>= netstandard1.0) (< netstandard1.5) (< win8) (< wp8) (< wpa81))
    System.Console (4.3.1) - restriction: || (&& (< net20) (>= net46) (< netstandard1.3)) (&& (< net20) (>= net46) (< netstandard1.4)) (&& (< net20) (>= netstandard1.3) (< netstandard1.4) (< win8) (< wpa81)) (&& (< net20) (< netstandard1.3) (>= netstandard1.4) (< win8) (< wpa81)) (&& (< net20) (< netstandard1.3) (>= netstandard1.5) (< win8) (< wpa81)) (&& (< net20) (< netstandard1.3) (>= netstandard1.6) (< win8) (< wpa81)) (&& (< net20) (>= netstandard1.4) (< netstandard1.5) (< win8) (< wpa81)) (&& (< net20) (>= netstandard1.5) (< netstandard1.6) (< win8) (< wpa81)) (&& (< net20) (>= netstandard1.6) (< netstandard2.0) (< win8) (< wpa81)) (&& (< netstandard1.3) (>= uap10.0)) (&& (< netstandard1.5) (>= uap10.0) (< uap10.1))
      Microsoft.NETCore.Platforms (>= 1.1) - restriction: && (< monoandroid) (< monotouch) (< net46) (>= netstandard1.3) (< xamarinios) (< xamarinmac) (< xamarintvos) (< xamarinwatchos)
      Microsoft.NETCore.Targets (>= 1.1.2) - restriction: && (< monoandroid) (< monotouch) (< net46) (>= netstandard1.3) (< xamarinios) (< xamarinmac) (< xamarintvos) (< xamarinwatchos)
      System.IO (>= 4.3) - restriction: && (< monoandroid) (< monotouch) (< net46) (>= netstandard1.3) (< xamarinios) (< xamarinmac) (< xamarintvos) (< xamarinwatchos)
      System.Runtime (>= 4.3) - restriction: && (< monoandroid) (< monotouch) (< net46) (>= netstandard1.3) (< xamarinios) (< xamarinmac) (< xamarintvos) (< xamarinwatchos)
      System.Text.Encoding (>= 4.3) - restriction: && (< monoandroid) (< monotouch) (< net46) (>= netstandard1.3) (< xamarinios) (< xamarinmac) (< xamarintvos) (< xamarinwatchos)
    System.Diagnostics.Debug (4.3) - restriction: || (&& (< monoandroid) (< monotouch) (< net20) (>= netstandard1.3) (< netstandard2.0) (< xamarintvos) (< xamarinwatchos)) (&& (< monoandroid) (< monotouch) (< net20) (>= netstandard1.5) (< netstandard2.0) (< win8) (< wpa81) (< xamarintvos) (< xamarinwatchos)) (&& (< monoandroid) (< net20) (< netstandard1.2) (>= netstandard1.6) (< win8)) (&& (< monoandroid) (< net20) (< netstandard1.4) (>= netstandard1.6) (< win8) (< wpa81)) (&& (< monoandroid) (< net20) (< netstandard1.5) (>= netstandard1.6) (< win8) (< wpa81)) (&& (< net20) (>= net46) (< netstandard1.3)) (&& (< net20) (>= net46) (< netstandard1.4)) (&& (< net20) (>= net462) (< netstandard1.3)) (&& (< net20) (>= net462) (< netstandard2.0)) (&& (< net20) (>= netstandard1.0) (< portable-net45+win8+wpa81) (< wp8)) (&& (< net20) (>= netstandard1.1) (< netstandard1.2) (< win8)) (&& (< net20) (>= netstandard1.2) (< netstandard1.3) (< win8) (< wpa81)) (&& (< net20) (< netstandard1.2) (>= netstandard1.3) (< win8)) (&& (< net20) (>= netstandard1.3) (< netstandard1.4) (< win8) (< wpa81)) (&& (< net20) (>= netstandard1.3) (< portable-net45+win8+wpa81)) (&& (< net20) (< netstandard1.3) (>= netstandard1.4) (< win8) (< wpa81)) (&& (< net20) (< netstandard1.3) (>= netstandard1.5) (< win8) (< wpa81)) (&& (< net20) (< netstandard1.3) (>= netstandard1.6) (< win8) (< wpa81)) (&& (< net20) (>= netstandard1.4) (< netstandard1.5) (< win8) (< wpa81)) (&& (< net20) (>= netstandard1.5) (< netstandard1.6) (< win8) (< wpa81)) (&& (< net20) (>= netstandard1.6) (< netstandard2.0) (< win8) (< wpa81)) (&& (< net20) (>= netstandard1.6) (< portable-net45+win8+wpa81)) (&& (>= netcoreapp5.0) (< netstandard1.2)) (&& (>= netcoreapp5.0) (< netstandard1.3)) (&& (>= netcoreapp5.0) (< netstandard1.4)) (&& (>= netcoreapp5.0) (< netstandard1.5)) (&& (>= netcoreapp5.0) (< netstandard1.6)) (&& (>= netcoreapp5.0) (< netstandard2.0)) (&& (>= netcoreapp5.0) (< portable-net45+win8+wpa81)) (&& (< netstandard1.3) (>= uap10.0)) (&& (< netstandard1.5) (>= netstandard1.6) (>= uap10.0)) (&& (< netstandard1.5) (>= uap10.0) (< uap10.1)) (&& (< netstandard1.5) (>= uap10.0) (< win8) (< wpa81))
      Microsoft.NETCore.Platforms (>= 1.1) - restriction: || (&& (< monoandroid) (< monotouch) (< net45) (>= netstandard1.3) (< win8) (< wpa81) (< xamarinios) (< xamarinmac) (< xamarintvos) (< xamarinwatchos)) (&& (< monoandroid) (< net45) (>= netstandard1.0) (< netstandard1.3) (< win8) (< wp8) (< wpa81)) (>= netcoreapp5.0)
      Microsoft.NETCore.Targets (>= 1.1) - restriction: || (&& (< monoandroid) (< monotouch) (< net45) (>= netstandard1.3) (< win8) (< wpa81) (< xamarinios) (< xamarinmac) (< xamarintvos) (< xamarinwatchos)) (&& (< monoandroid) (< net45) (>= netstandard1.0) (< netstandard1.3) (< win8) (< wp8) (< wpa81)) (>= netcoreapp5.0)
      System.Runtime (>= 4.3) - restriction: || (&& (< monoandroid) (< monotouch) (< net45) (>= netstandard1.3) (< win8) (< wpa81) (< xamarinios) (< xamarinmac) (< xamarintvos) (< xamarinwatchos)) (&& (< monoandroid) (< net45) (>= netstandard1.0) (< netstandard1.3) (< win8) (< wp8) (< wpa81)) (>= netcoreapp5.0)
    System.Diagnostics.DiagnosticSource (4.7.1) - restriction: || (&& (< monoandroid) (< monotouch) (< net20) (>= netstandard1.6) (< netstandard2.0) (< win8) (< wpa81) (< xamarintvos) (< xamarinwatchos)) (&& (< monoandroid) (< net20) (< netstandard1.2) (>= netstandard1.3) (< win8)) (&& (< monoandroid) (< net20) (< netstandard1.2) (>= netstandard1.6) (< win8)) (&& (< monoandroid) (< net20) (>= netstandard1.3) (< netstandard1.4) (< win8) (< wpa81)) (&& (< monoandroid) (< net20) (< netstandard1.3) (>= netstandard1.4) (< win8) (< wpa81)) (&& (< monoandroid) (< net20) (< netstandard1.3) (>= netstandard1.5) (< win8) (< wpa81)) (&& (< monoandroid) (< net20) (< netstandard1.3) (>= netstandard1.6) (< win8) (< wpa81)) (&& (< monoandroid) (< net20) (>= netstandard1.4) (< netstandard1.5) (< win8) (< wpa81)) (&& (< monoandroid) (< net20) (< netstandard1.4) (>= netstandard1.6) (< win8) (< wpa81)) (&& (< monoandroid) (< net20) (>= netstandard1.5) (< netstandard1.6) (< win8) (< wpa81)) (&& (< monoandroid) (< net20) (< netstandard1.5) (>= netstandard1.6) (< win8) (< wpa81)) (&& (< net20) (>= net46) (< netstandard1.3)) (&& (< net20) (>= net46) (< netstandard1.4)) (&& (>= netcoreapp5.0) (< netstandard1.2)) (&& (>= netcoreapp5.0) (< netstandard1.3)) (&& (>= netcoreapp5.0) (< netstandard1.4)) (&& (>= netcoreapp5.0) (< netstandard1.5)) (&& (>= netcoreapp5.0) (< netstandard1.6)) (&& (>= netcoreapp5.0) (< netstandard2.0)) (&& (< netstandard1.3) (>= netstandard1.6) (>= uap10.0)) (&& (< netstandard1.3) (>= uap10.0) (< win8) (< wpa81)) (&& (< netstandard1.5) (>= netstandard1.6) (>= uap10.0)) (&& (< netstandard1.5) (>= uap10.0) (< win8) (< wpa81))
      System.Collections (>= 4.3) - restriction: || (&& (< monoandroid) (< monotouch) (< net45) (>= netstandard1.3) (< netstandard2.0) (< win8) (< wpa81) (< xamarintvos) (< xamarinwatchos)) (&& (< monoandroid) (< net45) (>= netstandard1.1) (< netstandard1.3) (< win8) (< wpa81))
      System.Collections.Concurrent (>= 4.3) - restriction: || (&& (< monoandroid) (< monotouch) (< net45) (>= netstandard1.3) (< netstandard2.0) (< win8) (< wpa81) (< xamarintvos) (< xamarinwatchos)) (&& (< monoandroid) (< net45) (>= netstandard1.1) (< netstandard1.3) (< win8) (< wpa81))
      System.Diagnostics.Debug (>= 4.3) - restriction: && (< monoandroid) (< monotouch) (< net45) (>= netstandard1.3) (< netstandard2.0) (< win8) (< wpa81) (< xamarintvos) (< xamarinwatchos)
      System.Diagnostics.Tracing (>= 4.3) - restriction: || (&& (< monoandroid) (< monotouch) (< net45) (>= netstandard1.3) (< netstandard2.0) (< win8) (< wpa81) (< xamarintvos) (< xamarinwatchos)) (&& (< monoandroid) (< net45) (>= netstandard1.1) (< netstandard1.3) (< win8) (< wpa81))
      System.Memory (>= 4.5.4) - restriction: || (&& (< monoandroid) (< monotouch) (< net45) (>= netstandard1.3) (< netstandard2.0) (< win8) (< wpa81) (< xamarintvos) (< xamarinwatchos)) (&& (< monoandroid) (< net45) (< netcoreapp2.1) (>= netstandard2.0) (< xamarinios) (< xamarinmac)) (&& (>= net45) (< netstandard1.3)) (>= net46) (>= uap10.1)
      System.Reflection (>= 4.3) - restriction: || (&& (< monoandroid) (< monotouch) (< net45) (>= netstandard1.3) (< netstandard2.0) (< win8) (< wpa81) (< xamarintvos) (< xamarinwatchos)) (&& (< monoandroid) (< net45) (>= netstandard1.1) (< netstandard1.3) (< win8) (< wpa81))
      System.Resources.ResourceManager (>= 4.3) - restriction: || (&& (< monoandroid) (< monotouch) (< net45) (>= netstandard1.3) (< netstandard2.0) (< win8) (< wpa81) (< xamarintvos) (< xamarinwatchos)) (&& (< monoandroid) (< net45) (>= netstandard1.1) (< netstandard1.3) (< win8) (< wpa81))
      System.Runtime (>= 4.3) - restriction: || (&& (< monoandroid) (< monotouch) (< net45) (>= netstandard1.3) (< netstandard2.0) (< win8) (< wpa81) (< xamarintvos) (< xamarinwatchos)) (&& (< monoandroid) (< net45) (>= netstandard1.1) (< netstandard1.3) (< win8) (< wpa81))
      System.Runtime.Extensions (>= 4.3) - restriction: && (< monoandroid) (< monotouch) (< net45) (>= netstandard1.3) (< netstandard2.0) (< win8) (< wpa81) (< xamarintvos) (< xamarinwatchos)
      System.Runtime.InteropServices (>= 4.3) - restriction: || (&& (< monoandroid) (< monotouch) (< net45) (>= netstandard1.3) (< netstandard2.0) (< win8) (< wpa81) (< xamarintvos) (< xamarinwatchos)) (&& (< monoandroid) (< net45) (>= netstandard1.1) (< netstandard1.3) (< win8) (< wpa81))
      System.Threading (>= 4.3) - restriction: || (&& (< monoandroid) (< monotouch) (< net45) (>= netstandard1.3) (< netstandard2.0) (< win8) (< wpa81) (< xamarintvos) (< xamarinwatchos)) (&& (< monoandroid) (< net45) (>= netstandard1.1) (< netstandard1.3) (< win8) (< wpa81))
    System.Diagnostics.Tools (4.3) - restriction: || (&& (< net20) (>= netstandard1.0) (< portable-net45+win8+wpa81) (< wp8)) (&& (< net20) (>= netstandard1.1) (< netstandard1.2) (< win8)) (&& (< net20) (>= netstandard1.2) (< netstandard1.3) (< win8) (< wpa81)) (&& (< net20) (< netstandard1.2) (>= netstandard1.3) (< win8)) (&& (< net20) (>= netstandard1.3) (< netstandard1.4) (< win8) (< wpa81)) (&& (< net20) (>= netstandard1.3) (< portable-net45+win8+wpa81)) (&& (< net20) (< netstandard1.3) (>= netstandard1.4) (< win8) (< wpa81)) (&& (< net20) (< netstandard1.3) (>= netstandard1.5) (< win8) (< wpa81)) (&& (< net20) (< netstandard1.3) (>= netstandard1.6) (< win8) (< wpa81)) (&& (< net20) (>= netstandard1.4) (< netstandard1.5) (< win8) (< wpa81)) (&& (< net20) (>= netstandard1.5) (< netstandard1.6) (< win8) (< wpa81)) (&& (< net20) (>= netstandard1.6) (< netstandard2.0) (< win8) (< wpa81)) (&& (>= netcoreapp5.0) (< netstandard1.2)) (&& (>= netcoreapp5.0) (< netstandard1.3)) (&& (>= netcoreapp5.0) (< netstandard1.4)) (&& (>= netcoreapp5.0) (< netstandard1.5)) (&& (>= netcoreapp5.0) (< netstandard1.6)) (&& (>= netcoreapp5.0) (< netstandard2.0)) (&& (>= netcoreapp5.0) (< portable-net45+win8+wpa81)) (&& (< netstandard1.3) (>= uap10.0)) (&& (< netstandard1.5) (>= uap10.0) (< uap10.1)) (&& (< netstandard1.5) (>= uap10.0) (< win8) (< wpa81))
      Microsoft.NETCore.Platforms (>= 1.1) - restriction: || (&& (< monoandroid) (< monotouch) (< net45) (>= netstandard1.0) (< win8) (< wp8) (< wpa81) (< xamarinios) (< xamarinmac) (< xamarintvos) (< xamarinwatchos)) (>= netcoreapp5.0)
      Microsoft.NETCore.Targets (>= 1.1) - restriction: || (&& (< monoandroid) (< monotouch) (< net45) (>= netstandard1.0) (< win8) (< wp8) (< wpa81) (< xamarinios) (< xamarinmac) (< xamarintvos) (< xamarinwatchos)) (>= netcoreapp5.0)
      System.Runtime (>= 4.3) - restriction: || (&& (< monoandroid) (< monotouch) (< net45) (>= netstandard1.0) (< win8) (< wp8) (< wpa81) (< xamarinios) (< xamarinmac) (< xamarintvos) (< xamarinwatchos)) (>= netcoreapp5.0)
    System.Diagnostics.Tracing (4.3) - restriction: || (&& (< monoandroid) (< net20) (< netstandard1.2) (>= netstandard1.6) (< win8)) (&& (< monoandroid) (< net20) (< netstandard1.4) (>= netstandard1.6) (< win8) (< wpa81)) (&& (< monoandroid) (< net20) (< netstandard1.5) (>= netstandard1.6) (< win8) (< wpa81)) (&& (< net20) (>= net46) (< netstandard1.3)) (&& (< net20) (>= net46) (< netstandard1.4)) (&& (< net20) (>= netstandard1.1) (< netstandard1.2) (< win8)) (&& (< net20) (>= netstandard1.2) (< netstandard1.3) (< win8) (< wpa81)) (&& (< net20) (< netstandard1.2) (>= netstandard1.3) (< win8)) (&& (< net20) (>= netstandard1.3) (< netstandard1.4) (< win8) (< wpa81)) (&& (< net20) (< netstandard1.3) (>= netstandard1.4) (< win8) (< wpa81)) (&& (< net20) (< netstandard1.3) (>= netstandard1.5) (< win8) (< wpa81)) (&& (< net20) (< netstandard1.3) (>= netstandard1.6) (< win8) (< wpa81)) (&& (< net20) (>= netstandard1.4) (< netstandard1.5) (< win8) (< wpa81)) (&& (< net20) (>= netstandard1.5) (< netstandard1.6) (< win8) (< wpa81)) (&& (< net20) (>= netstandard1.6) (< netstandard2.0) (< win8) (< wpa81)) (&& (>= netcoreapp5.0) (< netstandard1.2)) (&& (>= netcoreapp5.0) (< netstandard1.3)) (&& (>= netcoreapp5.0) (< netstandard1.4)) (&& (>= netcoreapp5.0) (< netstandard1.5)) (&& (>= netcoreapp5.0) (< netstandard1.6)) (&& (>= netcoreapp5.0) (< netstandard2.0)) (&& (< netstandard1.3) (>= uap10.0)) (&& (< netstandard1.5) (>= netstandard1.6) (>= uap10.0)) (&& (< netstandard1.5) (>= uap10.0) (< uap10.1)) (&& (< netstandard1.5) (>= uap10.0) (< win8) (< wpa81))
      Microsoft.NETCore.Platforms (>= 1.1) - restriction: || (&& (< monoandroid) (< monotouch) (< net45) (>= netstandard1.5) (< win8) (< wpa81) (< xamarinios) (< xamarinmac) (< xamarintvos) (< xamarinwatchos)) (&& (< monoandroid) (< net45) (>= netstandard1.1) (< netstandard1.2) (< win8)) (&& (< monoandroid) (< net45) (>= netstandard1.2) (< netstandard1.3) (< win8) (< wpa81)) (&& (< monoandroid) (< net45) (>= netstandard1.3) (< netstandard1.5) (< win8) (< wpa81)) (>= netcoreapp5.0)
      Microsoft.NETCore.Targets (>= 1.1) - restriction: || (&& (< monoandroid) (< monotouch) (< net45) (>= netstandard1.5) (< win8) (< wpa81) (< xamarinios) (< xamarinmac) (< xamarintvos) (< xamarinwatchos)) (&& (< monoandroid) (< net45) (>= netstandard1.1) (< netstandard1.2) (< win8)) (&& (< monoandroid) (< net45) (>= netstandard1.2) (< netstandard1.3) (< win8) (< wpa81)) (&& (< monoandroid) (< net45) (>= netstandard1.3) (< netstandard1.5) (< win8) (< wpa81)) (>= netcoreapp5.0)
      System.Runtime (>= 4.3) - restriction: || (&& (< monoandroid) (< monotouch) (< net45) (>= netstandard1.5) (< win8) (< wpa81) (< xamarinios) (< xamarinmac) (< xamarintvos) (< xamarinwatchos)) (&& (< monoandroid) (< net45) (>= netstandard1.1) (< netstandard1.2) (< win8)) (&& (< monoandroid) (< net45) (>= netstandard1.2) (< netstandard1.3) (< win8) (< wpa81)) (&& (< monoandroid) (< net45) (>= netstandard1.3) (< netstandard1.5) (< win8) (< wpa81)) (>= netcoreapp5.0)
    System.Dynamic.Runtime (4.3) - restriction: || (&& (< monoandroid) (< monotouch) (< net20) (>= netstandard1.3) (< netstandard2.0) (< win8) (< wpa81) (< xamarintvos) (< xamarinwatchos)) (&& (< monoandroid) (< net20) (>= netstandard1.0) (< netstandard1.3) (< win8) (< wp8) (< wpa81)) (&& (>= netcoreapp5.0) (< netstandard1.3)) (&& (>= netcoreapp5.0) (< netstandard2.0))
      System.Collections (>= 4.3) - restriction: || (&& (< monoandroid) (< monotouch) (< net45) (>= netstandard1.3) (< win8) (< wpa81) (< xamarinios) (< xamarinmac) (< xamarintvos) (< xamarinwatchos)) (>= netcoreapp5.0)
      System.Diagnostics.Debug (>= 4.3) - restriction: || (&& (< monoandroid) (< monotouch) (< net45) (>= netstandard1.3) (< win8) (< wpa81) (< xamarinios) (< xamarinmac) (< xamarintvos) (< xamarinwatchos)) (>= netcoreapp5.0)
      System.Linq (>= 4.3) - restriction: || (&& (< monoandroid) (< monotouch) (< net45) (>= netstandard1.3) (< win8) (< wpa81) (< xamarinios) (< xamarinmac) (< xamarintvos) (< xamarinwatchos)) (>= netcoreapp5.0)
      System.Linq.Expressions (>= 4.3) - restriction: || (&& (< monoandroid) (< monotouch) (< net45) (>= netstandard1.3) (< win8) (< wpa81) (< xamarinios) (< xamarinmac) (< xamarintvos) (< xamarinwatchos)) (&& (< monoandroid) (< net45) (>= netstandard1.0) (< netstandard1.3) (< win8) (< wp8) (< wpa81)) (>= netcoreapp5.0)
      System.ObjectModel (>= 4.3) - restriction: || (&& (< monoandroid) (< monotouch) (< net45) (>= netstandard1.3) (< win8) (< wpa81) (< xamarinios) (< xamarinmac) (< xamarintvos) (< xamarinwatchos)) (&& (< monoandroid) (< net45) (>= netstandard1.0) (< netstandard1.3) (< win8) (< wp8) (< wpa81)) (>= netcoreapp5.0)
      System.Reflection (>= 4.3) - restriction: || (&& (< monoandroid) (< monotouch) (< net45) (>= netstandard1.3) (< win8) (< wpa81) (< xamarinios) (< xamarinmac) (< xamarintvos) (< xamarinwatchos)) (&& (< monoandroid) (< net45) (>= netstandard1.0) (< netstandard1.3) (< win8) (< wp8) (< wpa81)) (>= netcoreapp5.0)
      System.Reflection.Emit (>= 4.3) - restriction: && (< monoandroid) (< monotouch) (< net45) (< netcoreapp5.0) (>= netstandard1.3) (< win8) (< wpa81) (< xamarinios) (< xamarinmac) (< xamarintvos) (< xamarinwatchos)
      System.Reflection.Emit.ILGeneration (>= 4.3) - restriction: && (< monoandroid) (< monotouch) (< net45) (< netcoreapp5.0) (>= netstandard1.3) (< win8) (< wpa81) (< xamarinios) (< xamarinmac) (< xamarintvos) (< xamarinwatchos)
      System.Reflection.Primitives (>= 4.3) - restriction: && (< monoandroid) (< monotouch) (< net45) (< netcoreapp5.0) (>= netstandard1.3) (< win8) (< wpa81) (< xamarinios) (< xamarinmac) (< xamarintvos) (< xamarinwatchos)
      System.Reflection.TypeExtensions (>= 4.3) - restriction: || (&& (< monoandroid) (< monotouch) (< net45) (>= netstandard1.3) (< win8) (< wpa81) (< xamarinios) (< xamarinmac) (< xamarintvos) (< xamarinwatchos)) (>= netcoreapp5.0)
      System.Resources.ResourceManager (>= 4.3) - restriction: || (&& (< monoandroid) (< monotouch) (< net45) (>= netstandard1.3) (< win8) (< wpa81) (< xamarinios) (< xamarinmac) (< xamarintvos) (< xamarinwatchos)) (>= netcoreapp5.0)
      System.Runtime (>= 4.3) - restriction: || (&& (< monoandroid) (< monotouch) (< net45) (>= netstandard1.3) (< win8) (< wpa81) (< xamarinios) (< xamarinmac) (< xamarintvos) (< xamarinwatchos)) (&& (< monoandroid) (< net45) (>= netstandard1.0) (< netstandard1.3) (< win8) (< wp8) (< wpa81)) (>= netcoreapp5.0)
      System.Runtime.Extensions (>= 4.3) - restriction: || (&& (< monoandroid) (< monotouch) (< net45) (>= netstandard1.3) (< win8) (< wpa81) (< xamarinios) (< xamarinmac) (< xamarintvos) (< xamarinwatchos)) (>= netcoreapp5.0)
      System.Threading (>= 4.3) - restriction: || (&& (< monoandroid) (< monotouch) (< net45) (>= netstandard1.3) (< win8) (< wpa81) (< xamarinios) (< xamarinmac) (< xamarintvos) (< xamarinwatchos)) (>= netcoreapp5.0)
    System.Globalization (4.3) - restriction: || (&& (< monoandroid) (< monotouch) (< net20) (>= netstandard1.3) (< netstandard2.0) (< xamarintvos) (< xamarinwatchos)) (&& (< monoandroid) (< monotouch) (< net20) (>= netstandard1.5) (< netstandard2.0) (< win8) (< wpa81) (< xamarintvos) (< xamarinwatchos)) (&& (< monoandroid) (< net20) (>= netstandard1.0) (< netstandard1.3) (< win8) (< wp8) (< wpa81)) (&& (< monoandroid) (< net20) (< netstandard1.2) (>= netstandard1.6) (< win8)) (&& (< monoandroid) (< net20) (>= netstandard1.3) (< netstandard1.5) (< win8) (< wpa81)) (&& (< monoandroid) (< net20) (< netstandard1.4) (>= netstandard1.6) (< win8) (< wpa81)) (&& (< monoandroid) (< net20) (< netstandard1.5) (>= netstandard1.6) (< win8) (< wpa81)) (&& (< net20) (>= net46) (< netstandard1.3)) (&& (< net20) (>= net46) (< netstandard1.4)) (&& (< net20) (>= net462) (< netstandard1.3)) (&& (< net20) (>= net462) (< netstandard2.0)) (&& (< net20) (>= netstandard1.0) (< portable-net45+win8+wpa81) (< wp8)) (&& (< net20) (>= netstandard1.1) (< netstandard1.2) (< win8)) (&& (< net20) (>= netstandard1.2) (< netstandard1.3) (< win8) (< wpa81)) (&& (< net20) (< netstandard1.2) (>= netstandard1.3) (< win8)) (&& (< net20) (>= netstandard1.3) (< netstandard1.4) (< win8) (< wpa81)) (&& (< net20) (>= netstandard1.3) (< portable-net45+win8+wpa81)) (&& (< net20) (< netstandard1.3) (>= netstandard1.4) (< win8) (< wpa81)) (&& (< net20) (< netstandard1.3) (>= netstandard1.5) (< win8) (< wpa81)) (&& (< net20) (< netstandard1.3) (>= netstandard1.6) (< win8) (< wpa81)) (&& (< net20) (>= netstandard1.4) (< netstandard1.5) (< win8) (< wpa81)) (&& (< net20) (>= netstandard1.5) (< netstandard1.6) (< win8) (< wpa81)) (&& (< net20) (>= netstandard1.6) (< netstandard2.0) (< win8) (< wpa81)) (&& (< net20) (>= netstandard1.6) (< portable-net45+win8+wpa81)) (&& (>= netcoreapp5.0) (< netstandard1.2)) (&& (>= netcoreapp5.0) (< netstandard1.3)) (&& (>= netcoreapp5.0) (< netstandard1.4)) (&& (>= netcoreapp5.0) (< netstandard1.5)) (&& (>= netcoreapp5.0) (< netstandard1.6)) (&& (>= netcoreapp5.0) (< netstandard2.0)) (&& (>= netcoreapp5.0) (< portable-net45+win8+wpa81)) (&& (< netstandard1.3) (>= uap10.0)) (&& (< netstandard1.5) (>= netstandard1.6) (>= uap10.0)) (&& (< netstandard1.5) (>= uap10.0) (< uap10.1)) (&& (< netstandard1.5) (>= uap10.0) (< win8) (< wpa81))
      Microsoft.NETCore.Platforms (>= 1.1) - restriction: || (&& (< monoandroid) (< monotouch) (< net45) (>= netstandard1.3) (< win8) (< wpa81) (< xamarinios) (< xamarinmac) (< xamarintvos) (< xamarinwatchos)) (&& (< monoandroid) (< net45) (>= netstandard1.0) (< netstandard1.3) (< win8) (< wp8) (< wpa81)) (>= netcoreapp5.0)
      Microsoft.NETCore.Targets (>= 1.1) - restriction: || (&& (< monoandroid) (< monotouch) (< net45) (>= netstandard1.3) (< win8) (< wpa81) (< xamarinios) (< xamarinmac) (< xamarintvos) (< xamarinwatchos)) (&& (< monoandroid) (< net45) (>= netstandard1.0) (< netstandard1.3) (< win8) (< wp8) (< wpa81)) (>= netcoreapp5.0)
      System.Runtime (>= 4.3) - restriction: || (&& (< monoandroid) (< monotouch) (< net45) (>= netstandard1.3) (< win8) (< wpa81) (< xamarinios) (< xamarinmac) (< xamarintvos) (< xamarinwatchos)) (&& (< monoandroid) (< net45) (>= netstandard1.0) (< netstandard1.3) (< win8) (< wp8) (< wpa81)) (>= netcoreapp5.0)
    System.Globalization.Calendars (4.3) - restriction: || (&& (< monoandroid) (< net20) (< netstandard1.4) (>= netstandard1.6) (< win8) (< wpa81)) (&& (< monoandroid) (< net20) (< netstandard1.5) (>= netstandard1.6) (< win8) (< wpa81)) (&& (< net20) (>= net46) (< netstandard1.3)) (&& (< net20) (>= net46) (< netstandard1.4)) (&& (< net20) (>= netstandard1.3) (< netstandard1.4) (< win8) (< wpa81)) (&& (< net20) (< netstandard1.3) (>= netstandard1.4) (< win8) (< wpa81)) (&& (< net20) (< netstandard1.3) (>= netstandard1.5) (< win8) (< wpa81)) (&& (< net20) (< netstandard1.3) (>= netstandard1.6) (< win8) (< wpa81)) (&& (< net20) (>= netstandard1.4) (< netstandard1.5) (< win8) (< wpa81)) (&& (< net20) (>= netstandard1.5) (< netstandard1.6) (< win8) (< wpa81)) (&& (< net20) (>= netstandard1.6) (< netstandard2.0) (< win8) (< wpa81)) (&& (>= netcoreapp5.0) (< netstandard1.3)) (&& (>= netcoreapp5.0) (< netstandard1.4)) (&& (>= netcoreapp5.0) (< netstandard1.5)) (&& (>= netcoreapp5.0) (< netstandard1.6)) (&& (>= netcoreapp5.0) (< netstandard2.0)) (&& (< netstandard1.3) (>= uap10.0)) (&& (< netstandard1.5) (>= netstandard1.6) (>= uap10.0)) (&& (< netstandard1.5) (>= uap10.0) (< uap10.1))
      Microsoft.NETCore.Platforms (>= 1.1) - restriction: && (< monoandroid) (< monotouch) (< net46) (>= netstandard1.3) (< xamarinios) (< xamarinmac) (< xamarintvos) (< xamarinwatchos)
      Microsoft.NETCore.Targets (>= 1.1) - restriction: && (< monoandroid) (< monotouch) (< net46) (>= netstandard1.3) (< xamarinios) (< xamarinmac) (< xamarintvos) (< xamarinwatchos)
      System.Globalization (>= 4.3) - restriction: && (< monoandroid) (< monotouch) (< net46) (>= netstandard1.3) (< xamarinios) (< xamarinmac) (< xamarintvos) (< xamarinwatchos)
      System.Runtime (>= 4.3) - restriction: && (< monoandroid) (< monotouch) (< net46) (>= netstandard1.3) (< xamarinios) (< xamarinmac) (< xamarintvos) (< xamarinwatchos)
    System.Globalization.Extensions (4.3) - restriction: || (&& (< monoandroid) (< monotouch) (< net20) (>= netstandard1.5) (< netstandard2.0) (< win8) (< wpa81) (< xamarintvos) (< xamarinwatchos)) (&& (< monoandroid) (< monotouch) (< net20) (>= netstandard1.6) (< netstandard2.0) (< win8) (< wpa81) (< xamarintvos) (< xamarinwatchos)) (&& (< monoandroid) (< net20) (< netstandard1.2) (>= netstandard1.6) (< win8)) (&& (< monoandroid) (< net20) (< netstandard1.3) (>= netstandard1.5) (< win8) (< wpa81)) (&& (< monoandroid) (< net20) (< netstandard1.3) (>= netstandard1.6) (< win8) (< wpa81)) (&& (< monoandroid) (< net20) (< netstandard1.4) (>= netstandard1.6) (< win8) (< wpa81)) (&& (< monoandroid) (< net20) (< netstandard1.5) (>= netstandard1.6) (< win8) (< wpa81)) (&& (< net20) (>= net46) (< netstandard1.3) (>= netstandard1.6)) (&& (< net20) (>= net46) (< netstandard1.4) (>= netstandard1.6)) (&& (< netstandard1.3) (>= netstandard1.6) (>= uap10.0)) (&& (< netstandard1.5) (>= netstandard1.6) (>= uap10.0))
      Microsoft.NETCore.Platforms (>= 1.1) - restriction: && (< monoandroid) (< monotouch) (< net46) (>= netstandard1.3) (< xamarinios) (< xamarinmac) (< xamarintvos) (< xamarinwatchos)
      System.Globalization (>= 4.3) - restriction: && (< monoandroid) (< monotouch) (< net46) (>= netstandard1.3) (< xamarinios) (< xamarinmac) (< xamarintvos) (< xamarinwatchos)
      System.Resources.ResourceManager (>= 4.3) - restriction: && (< monoandroid) (< monotouch) (< net46) (>= netstandard1.3) (< xamarinios) (< xamarinmac) (< xamarintvos) (< xamarinwatchos)
      System.Runtime (>= 4.3) - restriction: && (< monoandroid) (< monotouch) (< net46) (>= netstandard1.3) (< xamarinios) (< xamarinmac) (< xamarintvos) (< xamarinwatchos)
      System.Runtime.Extensions (>= 4.3) - restriction: && (< monoandroid) (< monotouch) (< net46) (>= netstandard1.3) (< xamarinios) (< xamarinmac) (< xamarintvos) (< xamarinwatchos)
      System.Runtime.InteropServices (>= 4.3) - restriction: && (< monoandroid) (< monotouch) (< net46) (>= netstandard1.3) (< xamarinios) (< xamarinmac) (< xamarintvos) (< xamarinwatchos)
    System.IO (4.3) - restriction: || (&& (< monoandroid) (< monotouch) (< net20) (>= netstandard1.3) (< netstandard2.0) (< xamarintvos) (< xamarinwatchos)) (&& (< monoandroid) (< net20) (< netstandard1.2) (>= netstandard1.5) (< win8)) (&& (< monoandroid) (< net20) (< netstandard1.2) (>= netstandard1.6) (< win8)) (&& (< monoandroid) (< net20) (< netstandard1.4) (>= netstandard1.5) (< win8) (< wpa81)) (&& (< monoandroid) (< net20) (< netstandard1.4) (>= netstandard1.6) (< win8) (< wpa81)) (&& (< monoandroid) (< net20) (< netstandard1.5) (>= netstandard1.6) (< win8) (< wpa81)) (&& (< net20) (>= net46) (< netstandard1.3)) (&& (< net20) (>= net46) (< netstandard1.4)) (&& (< net20) (>= netstandard1.0) (< portable-net45+win8+wpa81) (< wp8)) (&& (< net20) (>= netstandard1.1) (< netstandard1.2) (< win8)) (&& (< net20) (>= netstandard1.2) (< netstandard1.3) (< win8) (< wpa81)) (&& (< net20) (< netstandard1.2) (>= netstandard1.3) (< win8)) (&& (< net20) (>= netstandard1.3) (< netstandard1.4) (< win8) (< wpa81)) (&& (< net20) (>= netstandard1.3) (< portable-net45+win8+wpa81)) (&& (< net20) (< netstandard1.3) (>= netstandard1.4) (< win8) (< wpa81)) (&& (< net20) (< netstandard1.3) (>= netstandard1.5) (< win8) (< wpa81)) (&& (< net20) (< netstandard1.3) (>= netstandard1.6) (< win8) (< wpa81)) (&& (< net20) (>= netstandard1.4) (< netstandard1.5) (< win8) (< wpa81)) (&& (< net20) (>= netstandard1.5) (< netstandard1.6) (< win8) (< wpa81)) (&& (< net20) (>= netstandard1.5) (< portable-net45+win8+wpa81)) (&& (< net20) (>= netstandard1.6) (< netstandard2.0) (< win8) (< wpa81)) (&& (< net20) (>= netstandard1.6) (< portable-net45+win8+wpa81)) (&& (>= netcoreapp5.0) (< netstandard1.2)) (&& (>= netcoreapp5.0) (< netstandard1.3)) (&& (>= netcoreapp5.0) (< netstandard1.4)) (&& (>= netcoreapp5.0) (< netstandard1.5)) (&& (>= netcoreapp5.0) (< netstandard1.6)) (&& (>= netcoreapp5.0) (< netstandard2.0)) (&& (>= netcoreapp5.0) (< portable-net45+win8+wpa81)) (&& (< netstandard1.3) (>= uap10.0)) (&& (< netstandard1.5) (>= netstandard1.6) (>= uap10.0)) (&& (< netstandard1.5) (>= uap10.0) (< uap10.1)) (&& (< netstandard1.5) (>= uap10.0) (< win8) (< wpa81))
      Microsoft.NETCore.Platforms (>= 1.1) - restriction: || (&& (< monoandroid) (< monotouch) (< net45) (>= netstandard1.5) (< win8) (< wpa81) (< xamarinios) (< xamarinmac) (< xamarintvos) (< xamarinwatchos)) (&& (< monoandroid) (< net45) (>= netstandard1.0) (< netstandard1.3) (< win8) (< wp8) (< wpa81)) (&& (< monoandroid) (< net45) (>= netstandard1.3) (< netstandard1.5) (< win8) (< wpa81)) (>= netcoreapp5.0)
      Microsoft.NETCore.Targets (>= 1.1) - restriction: || (&& (< monoandroid) (< monotouch) (< net45) (>= netstandard1.5) (< win8) (< wpa81) (< xamarinios) (< xamarinmac) (< xamarintvos) (< xamarinwatchos)) (&& (< monoandroid) (< net45) (>= netstandard1.0) (< netstandard1.3) (< win8) (< wp8) (< wpa81)) (&& (< monoandroid) (< net45) (>= netstandard1.3) (< netstandard1.5) (< win8) (< wpa81)) (>= netcoreapp5.0)
      System.Runtime (>= 4.3) - restriction: || (&& (< monoandroid) (< monotouch) (< net45) (>= netstandard1.5) (< win8) (< wpa81) (< xamarinios) (< xamarinmac) (< xamarintvos) (< xamarinwatchos)) (&& (< monoandroid) (< net45) (>= netstandard1.0) (< netstandard1.3) (< win8) (< wp8) (< wpa81)) (&& (< monoandroid) (< net45) (>= netstandard1.3) (< netstandard1.5) (< win8) (< wpa81)) (>= netcoreapp5.0)
      System.Text.Encoding (>= 4.3) - restriction: || (&& (< monoandroid) (< monotouch) (< net45) (>= netstandard1.5) (< win8) (< wpa81) (< xamarinios) (< xamarinmac) (< xamarintvos) (< xamarinwatchos)) (&& (< monoandroid) (< net45) (>= netstandard1.0) (< netstandard1.3) (< win8) (< wp8) (< wpa81)) (&& (< monoandroid) (< net45) (>= netstandard1.3) (< netstandard1.5) (< win8) (< wpa81)) (>= netcoreapp5.0)
      System.Threading.Tasks (>= 4.3) - restriction: || (&& (< monoandroid) (< monotouch) (< net45) (>= netstandard1.5) (< win8) (< wpa81) (< xamarinios) (< xamarinmac) (< xamarintvos) (< xamarinwatchos)) (&& (< monoandroid) (< net45) (>= netstandard1.0) (< netstandard1.3) (< win8) (< wp8) (< wpa81)) (&& (< monoandroid) (< net45) (>= netstandard1.3) (< netstandard1.5) (< win8) (< wpa81)) (>= netcoreapp5.0)
    System.IO.Compression (4.3) - restriction: || (&& (< net20) (>= net46) (< netstandard1.3)) (&& (< net20) (>= net46) (< netstandard1.4)) (&& (< net20) (>= netstandard1.1) (< netstandard1.2) (< win8)) (&& (< net20) (>= netstandard1.2) (< netstandard1.3) (< win8) (< wpa81)) (&& (< net20) (< netstandard1.2) (>= netstandard1.3) (< win8)) (&& (< net20) (>= netstandard1.3) (< netstandard1.4) (< win8) (< wpa81)) (&& (< net20) (< netstandard1.3) (>= netstandard1.4) (< win8) (< wpa81)) (&& (< net20) (< netstandard1.3) (>= netstandard1.5) (< win8) (< wpa81)) (&& (< net20) (< netstandard1.3) (>= netstandard1.6) (< win8) (< wpa81)) (&& (< net20) (>= netstandard1.4) (< netstandard1.5) (< win8) (< wpa81)) (&& (< net20) (>= netstandard1.5) (< netstandard1.6) (< win8) (< wpa81)) (&& (< net20) (>= netstandard1.6) (< netstandard2.0) (< win8) (< wpa81)) (&& (< netstandard1.3) (>= uap10.0)) (&& (< netstandard1.5) (>= uap10.0) (< uap10.1)) (&& (< netstandard1.5) (>= uap10.0) (< win8) (< wpa81))
      Microsoft.NETCore.Platforms (>= 1.1) - restriction: && (< monoandroid) (< monotouch) (< net45) (< netcoreapp5.0) (>= netstandard1.3) (< win8) (< wpa81) (< xamarinios) (< xamarinmac) (< xamarintvos) (< xamarinwatchos)
      runtime.native.System (>= 4.3) - restriction: && (< monoandroid) (< monotouch) (< net45) (< netcoreapp5.0) (>= netstandard1.3) (< win8) (< wpa81) (< xamarinios) (< xamarinmac) (< xamarintvos) (< xamarinwatchos)
      runtime.native.System.IO.Compression (>= 4.3) - restriction: || (&& (< monoandroid) (< monotouch) (< net45) (>= netstandard1.3) (< win8) (< wpa81) (< xamarinios) (< xamarinmac) (< xamarintvos) (< xamarinwatchos)) (>= netcoreapp5.0)
      System.Buffers (>= 4.3) - restriction: || (&& (< monoandroid) (< monotouch) (< net45) (>= netstandard1.3) (< win8) (< wpa81) (< xamarinios) (< xamarinmac) (< xamarintvos) (< xamarinwatchos)) (>= netcoreapp5.0)
      System.Collections (>= 4.3) - restriction: || (&& (< monoandroid) (< monotouch) (< net45) (>= netstandard1.3) (< win8) (< wpa81) (< xamarinios) (< xamarinmac) (< xamarintvos) (< xamarinwatchos)) (>= netcoreapp5.0)
      System.Diagnostics.Debug (>= 4.3) - restriction: || (&& (< monoandroid) (< monotouch) (< net45) (>= netstandard1.3) (< win8) (< wpa81) (< xamarinios) (< xamarinmac) (< xamarintvos) (< xamarinwatchos)) (>= netcoreapp5.0)
      System.IO (>= 4.3) - restriction: || (&& (< monoandroid) (< monotouch) (< net45) (>= netstandard1.3) (< win8) (< wpa81) (< xamarinios) (< xamarinmac) (< xamarintvos) (< xamarinwatchos)) (&& (< monoandroid) (< net45) (>= netstandard1.1) (< netstandard1.3) (< win8) (< wpa81)) (>= netcoreapp5.0)
      System.Resources.ResourceManager (>= 4.3) - restriction: || (&& (< monoandroid) (< monotouch) (< net45) (>= netstandard1.3) (< win8) (< wpa81) (< xamarinios) (< xamarinmac) (< xamarintvos) (< xamarinwatchos)) (>= netcoreapp5.0)
      System.Runtime (>= 4.3) - restriction: || (&& (< monoandroid) (< monotouch) (< net45) (>= netstandard1.3) (< win8) (< wpa81) (< xamarinios) (< xamarinmac) (< xamarintvos) (< xamarinwatchos)) (&& (< monoandroid) (< net45) (>= netstandard1.1) (< netstandard1.3) (< win8) (< wpa81)) (>= netcoreapp5.0)
      System.Runtime.Extensions (>= 4.3) - restriction: || (&& (< monoandroid) (< monotouch) (< net45) (>= netstandard1.3) (< win8) (< wpa81) (< xamarinios) (< xamarinmac) (< xamarintvos) (< xamarinwatchos)) (>= netcoreapp5.0)
      System.Runtime.Handles (>= 4.3) - restriction: || (&& (< monoandroid) (< monotouch) (< net45) (>= netstandard1.3) (< win8) (< wpa81) (< xamarinios) (< xamarinmac) (< xamarintvos) (< xamarinwatchos)) (>= netcoreapp5.0)
      System.Runtime.InteropServices (>= 4.3) - restriction: || (&& (< monoandroid) (< monotouch) (< net45) (>= netstandard1.3) (< win8) (< wpa81) (< xamarinios) (< xamarinmac) (< xamarintvos) (< xamarinwatchos)) (>= netcoreapp5.0)
      System.Text.Encoding (>= 4.3) - restriction: || (&& (< monoandroid) (< monotouch) (< net45) (>= netstandard1.3) (< win8) (< wpa81) (< xamarinios) (< xamarinmac) (< xamarintvos) (< xamarinwatchos)) (&& (< monoandroid) (< net45) (>= netstandard1.1) (< netstandard1.3) (< win8) (< wpa81)) (>= netcoreapp5.0)
      System.Threading (>= 4.3) - restriction: || (&& (< monoandroid) (< monotouch) (< net45) (>= netstandard1.3) (< win8) (< wpa81) (< xamarinios) (< xamarinmac) (< xamarintvos) (< xamarinwatchos)) (>= netcoreapp5.0)
      System.Threading.Tasks (>= 4.3) - restriction: || (&& (< monoandroid) (< monotouch) (< net45) (>= netstandard1.3) (< win8) (< wpa81) (< xamarinios) (< xamarinmac) (< xamarintvos) (< xamarinwatchos)) (>= netcoreapp5.0)
    System.IO.Compression.ZipFile (4.3) - restriction: || (&& (< net20) (>= net46) (< netstandard1.3)) (&& (< net20) (>= net46) (< netstandard1.4)) (&& (< net20) (>= netstandard1.3) (< netstandard1.4) (< win8) (< wpa81)) (&& (< net20) (< netstandard1.3) (>= netstandard1.4) (< win8) (< wpa81)) (&& (< net20) (< netstandard1.3) (>= netstandard1.5) (< win8) (< wpa81)) (&& (< net20) (< netstandard1.3) (>= netstandard1.6) (< win8) (< wpa81)) (&& (< net20) (>= netstandard1.4) (< netstandard1.5) (< win8) (< wpa81)) (&& (< net20) (>= netstandard1.5) (< netstandard1.6) (< win8) (< wpa81)) (&& (< net20) (>= netstandard1.6) (< netstandard2.0) (< win8) (< wpa81)) (&& (< netstandard1.3) (>= uap10.0)) (&& (< netstandard1.5) (>= uap10.0) (< uap10.1))
      System.Buffers (>= 4.3) - restriction: && (< monoandroid) (< monotouch) (< net46) (>= netstandard1.3) (< xamarinios) (< xamarinmac) (< xamarintvos) (< xamarinwatchos)
      System.IO (>= 4.3) - restriction: && (< monoandroid) (< monotouch) (< net46) (>= netstandard1.3) (< xamarinios) (< xamarinmac) (< xamarintvos) (< xamarinwatchos)
      System.IO.Compression (>= 4.3) - restriction: && (< monoandroid) (< monotouch) (< net46) (>= netstandard1.3) (< xamarinios) (< xamarinmac) (< xamarintvos) (< xamarinwatchos)
      System.IO.FileSystem (>= 4.3) - restriction: && (< monoandroid) (< monotouch) (< net46) (>= netstandard1.3) (< xamarinios) (< xamarinmac) (< xamarintvos) (< xamarinwatchos)
      System.IO.FileSystem.Primitives (>= 4.3) - restriction: && (< monoandroid) (< monotouch) (< net46) (>= netstandard1.3) (< xamarinios) (< xamarinmac) (< xamarintvos) (< xamarinwatchos)
      System.Resources.ResourceManager (>= 4.3) - restriction: && (< monoandroid) (< monotouch) (< net46) (>= netstandard1.3) (< xamarinios) (< xamarinmac) (< xamarintvos) (< xamarinwatchos)
      System.Runtime (>= 4.3) - restriction: && (< monoandroid) (< monotouch) (< net46) (>= netstandard1.3) (< xamarinios) (< xamarinmac) (< xamarintvos) (< xamarinwatchos)
      System.Runtime.Extensions (>= 4.3) - restriction: && (< monoandroid) (< monotouch) (< net46) (>= netstandard1.3) (< xamarinios) (< xamarinmac) (< xamarintvos) (< xamarinwatchos)
      System.Text.Encoding (>= 4.3) - restriction: && (< monoandroid) (< monotouch) (< net46) (>= netstandard1.3) (< xamarinios) (< xamarinmac) (< xamarintvos) (< xamarinwatchos)
    System.IO.FileSystem (4.3) - restriction: || (&& (< monoandroid) (< net20) (< netstandard1.2) (>= netstandard1.3) (< win8)) (&& (< monoandroid) (< net20) (< netstandard1.2) (>= netstandard1.6) (< win8)) (&& (< monoandroid) (< net20) (< netstandard1.4) (>= netstandard1.6) (< win8) (< wpa81)) (&& (< monoandroid) (< net20) (< netstandard1.5) (>= netstandard1.6) (< win8) (< wpa81)) (&& (< net20) (>= net46) (< netstandard1.3)) (&& (< net20) (>= net46) (< netstandard1.4)) (&& (< net20) (>= netstandard1.3) (< netstandard1.4) (< win8) (< wpa81)) (&& (< net20) (>= netstandard1.3) (< portable-net45+win8+wpa81)) (&& (< net20) (< netstandard1.3) (>= netstandard1.4) (< win8) (< wpa81)) (&& (< net20) (< netstandard1.3) (>= netstandard1.5) (< win8) (< wpa81)) (&& (< net20) (< netstandard1.3) (>= netstandard1.6) (< win8) (< wpa81)) (&& (< net20) (>= netstandard1.4) (< netstandard1.5) (< win8) (< wpa81)) (&& (< net20) (>= netstandard1.5) (< netstandard1.6) (< win8) (< wpa81)) (&& (< net20) (>= netstandard1.6) (< netstandard2.0) (< win8) (< wpa81)) (&& (>= netcoreapp5.0) (< netstandard1.2)) (&& (>= netcoreapp5.0) (< netstandard1.3)) (&& (>= netcoreapp5.0) (< netstandard1.4)) (&& (>= netcoreapp5.0) (< netstandard1.5)) (&& (>= netcoreapp5.0) (< netstandard1.6)) (&& (>= netcoreapp5.0) (< netstandard2.0)) (&& (>= netcoreapp5.0) (< portable-net45+win8+wpa81)) (&& (< netstandard1.3) (>= uap10.0)) (&& (< netstandard1.5) (>= netstandard1.6) (>= uap10.0)) (&& (< netstandard1.5) (>= uap10.0) (< uap10.1)) (&& (< netstandard1.5) (>= uap10.0) (< win8) (< wpa81))
      Microsoft.NETCore.Platforms (>= 1.1) - restriction: && (< monoandroid) (< monotouch) (< net46) (>= netstandard1.3) (< xamarinios) (< xamarinmac) (< xamarintvos) (< xamarinwatchos)
      Microsoft.NETCore.Targets (>= 1.1) - restriction: && (< monoandroid) (< monotouch) (< net46) (>= netstandard1.3) (< xamarinios) (< xamarinmac) (< xamarintvos) (< xamarinwatchos)
      System.IO (>= 4.3) - restriction: && (< monoandroid) (< monotouch) (< net46) (>= netstandard1.3) (< xamarinios) (< xamarinmac) (< xamarintvos) (< xamarinwatchos)
      System.IO.FileSystem.Primitives (>= 4.3) - restriction: || (&& (< monoandroid) (< monotouch) (>= netstandard1.3) (< xamarinios) (< xamarinmac) (< xamarintvos) (< xamarinwatchos)) (>= net46)
      System.Runtime (>= 4.3) - restriction: && (< monoandroid) (< monotouch) (< net46) (>= netstandard1.3) (< xamarinios) (< xamarinmac) (< xamarintvos) (< xamarinwatchos)
      System.Runtime.Handles (>= 4.3) - restriction: && (< monoandroid) (< monotouch) (< net46) (>= netstandard1.3) (< xamarinios) (< xamarinmac) (< xamarintvos) (< xamarinwatchos)
      System.Text.Encoding (>= 4.3) - restriction: && (< monoandroid) (< monotouch) (< net46) (>= netstandard1.3) (< xamarinios) (< xamarinmac) (< xamarintvos) (< xamarinwatchos)
      System.Threading.Tasks (>= 4.3) - restriction: && (< monoandroid) (< monotouch) (< net46) (>= netstandard1.3) (< xamarinios) (< xamarinmac) (< xamarintvos) (< xamarinwatchos)
    System.IO.FileSystem.Primitives (4.3) - restriction: || (&& (< monoandroid) (< net20) (< netstandard1.2) (>= netstandard1.3) (< win8)) (&& (< monoandroid) (< net20) (< netstandard1.4) (>= netstandard1.6) (< win8) (< wpa81)) (&& (< monoandroid) (< net20) (< netstandard1.5) (>= netstandard1.6) (< win8) (< wpa81)) (&& (< net20) (>= net46) (< netstandard1.3)) (&& (< net20) (>= net46) (< netstandard1.4)) (&& (< net20) (>= netstandard1.3) (< netstandard1.4) (< win8) (< wpa81)) (&& (< net20) (>= netstandard1.3) (< portable-net45+win8+wpa81)) (&& (< net20) (< netstandard1.3) (>= netstandard1.4) (< win8) (< wpa81)) (&& (< net20) (< netstandard1.3) (>= netstandard1.5) (< win8) (< wpa81)) (&& (< net20) (< netstandard1.3) (>= netstandard1.6) (< win8) (< wpa81)) (&& (< net20) (>= netstandard1.4) (< netstandard1.5) (< win8) (< wpa81)) (&& (< net20) (>= netstandard1.5) (< netstandard1.6) (< win8) (< wpa81)) (&& (< net20) (>= netstandard1.6) (< netstandard2.0) (< win8) (< wpa81)) (&& (>= netcoreapp5.0) (< netstandard1.2)) (&& (>= netcoreapp5.0) (< netstandard1.3)) (&& (>= netcoreapp5.0) (< netstandard1.4)) (&& (>= netcoreapp5.0) (< netstandard1.5)) (&& (>= netcoreapp5.0) (< netstandard1.6)) (&& (>= netcoreapp5.0) (< netstandard2.0)) (&& (>= netcoreapp5.0) (< portable-net45+win8+wpa81)) (&& (< netstandard1.3) (>= uap10.0)) (&& (< netstandard1.5) (>= netstandard1.6) (>= uap10.0)) (&& (< netstandard1.5) (>= uap10.0) (< uap10.1)) (&& (< netstandard1.5) (>= uap10.0) (< win8) (< wpa81))
      System.Runtime (>= 4.3) - restriction: && (< monoandroid) (< monotouch) (< net46) (>= netstandard1.3) (< xamarinios) (< xamarinmac) (< xamarintvos) (< xamarinwatchos)
    System.Linq (4.3) - restriction: || (&& (< monoandroid) (< monotouch) (< net20) (>= netstandard1.3) (< netstandard2.0) (< win8) (< wpa81) (< xamarintvos) (< xamarinwatchos)) (&& (< monoandroid) (< monotouch) (< net20) (>= netstandard1.5) (< netstandard2.0) (< win8) (< wpa81) (< xamarintvos) (< xamarinwatchos)) (&& (< monoandroid) (< net20) (< netstandard1.2) (>= netstandard1.6) (< win8)) (&& (< monoandroid) (< net20) (< netstandard1.4) (>= netstandard1.6) (< win8) (< wpa81)) (&& (< monoandroid) (< net20) (< netstandard1.5) (>= netstandard1.6) (< win8) (< wpa81)) (&& (< net20) (>= net46) (< netstandard1.3)) (&& (< net20) (>= net46) (< netstandard1.4)) (&& (< net20) (>= netstandard1.0) (< portable-net45+win8+wpa81) (< wp8)) (&& (< net20) (>= netstandard1.1) (< netstandard1.2) (< win8)) (&& (< net20) (>= netstandard1.2) (< netstandard1.3) (< win8) (< wpa81)) (&& (< net20) (< netstandard1.2) (>= netstandard1.3) (< win8)) (&& (< net20) (>= netstandard1.3) (< netstandard1.4) (< win8) (< wpa81)) (&& (< net20) (>= netstandard1.3) (< portable-net45+win8+wpa81)) (&& (< net20) (< netstandard1.3) (>= netstandard1.4) (< win8) (< wpa81)) (&& (< net20) (< netstandard1.3) (>= netstandard1.5) (< win8) (< wpa81)) (&& (< net20) (< netstandard1.3) (>= netstandard1.6) (< win8) (< wpa81)) (&& (< net20) (>= netstandard1.4) (< netstandard1.5) (< win8) (< wpa81)) (&& (< net20) (>= netstandard1.5) (< netstandard1.6) (< win8) (< wpa81)) (&& (< net20) (>= netstandard1.6) (< netstandard2.0) (< win8) (< wpa81)) (&& (< net20) (>= netstandard1.6) (< portable-net45+win8+wpa81)) (&& (>= netcoreapp5.0) (< netstandard1.2)) (&& (>= netcoreapp5.0) (< netstandard1.3)) (&& (>= netcoreapp5.0) (< netstandard1.4)) (&& (>= netcoreapp5.0) (< netstandard1.5)) (&& (>= netcoreapp5.0) (< netstandard1.6)) (&& (>= netcoreapp5.0) (< netstandard2.0)) (&& (>= netcoreapp5.0) (< portable-net45+win8+wpa81)) (&& (< netstandard1.3) (>= uap10.0)) (&& (< netstandard1.5) (>= netstandard1.6) (>= uap10.0)) (&& (< netstandard1.5) (>= uap10.0) (< uap10.1))
      System.Collections (>= 4.3) - restriction: || (&& (< monoandroid) (< monotouch) (< net45) (>= netstandard1.6) (< xamarinios) (< xamarinmac) (< xamarintvos) (< xamarinwatchos)) (&& (< monoandroid) (< net45) (>= netstandard1.0) (< netstandard1.6) (< win8) (< wp8) (< wpa81)) (>= netcoreapp5.0)
      System.Diagnostics.Debug (>= 4.3) - restriction: || (&& (< monoandroid) (< monotouch) (< net45) (>= netstandard1.6) (< xamarinios) (< xamarinmac) (< xamarintvos) (< xamarinwatchos)) (>= netcoreapp5.0)
      System.Resources.ResourceManager (>= 4.3) - restriction: || (&& (< monoandroid) (< monotouch) (< net45) (>= netstandard1.6) (< xamarinios) (< xamarinmac) (< xamarintvos) (< xamarinwatchos)) (>= netcoreapp5.0)
      System.Runtime (>= 4.3) - restriction: || (&& (< monoandroid) (< monotouch) (< net45) (>= netstandard1.6) (< xamarinios) (< xamarinmac) (< xamarintvos) (< xamarinwatchos)) (&& (< monoandroid) (< net45) (>= netstandard1.0) (< netstandard1.6) (< win8) (< wp8) (< wpa81)) (>= netcoreapp5.0)
      System.Runtime.Extensions (>= 4.3) - restriction: || (&& (< monoandroid) (< monotouch) (< net45) (>= netstandard1.6) (< xamarinios) (< xamarinmac) (< xamarintvos) (< xamarinwatchos)) (>= netcoreapp5.0)
    System.Linq.Expressions (4.3) - restriction: || (&& (< monoandroid) (< monotouch) (< net20) (>= netstandard1.3) (< netstandard2.0) (< win8) (< wpa81) (< xamarintvos) (< xamarinwatchos)) (&& (< monoandroid) (< net20) (>= netstandard1.0) (< netstandard1.3) (< win8) (< wp8) (< wpa81)) (&& (< net20) (>= netstandard1.0) (< portable-net45+win8+wpa81) (< wp8)) (&& (< net20) (>= netstandard1.1) (< netstandard1.2) (< win8)) (&& (< net20) (>= netstandard1.2) (< netstandard1.3) (< win8) (< wpa81)) (&& (< net20) (< netstandard1.2) (>= netstandard1.3) (< win8)) (&& (< net20) (>= netstandard1.3) (< netstandard1.4) (< win8) (< wpa81)) (&& (< net20) (>= netstandard1.3) (< portable-net45+win8+wpa81)) (&& (< net20) (< netstandard1.3) (>= netstandard1.4) (< win8) (< wpa81)) (&& (< net20) (< netstandard1.3) (>= netstandard1.5) (< win8) (< wpa81)) (&& (< net20) (< netstandard1.3) (>= netstandard1.6) (< win8) (< wpa81)) (&& (< net20) (>= netstandard1.4) (< netstandard1.5) (< win8) (< wpa81)) (&& (< net20) (>= netstandard1.5) (< netstandard1.6) (< win8) (< wpa81)) (&& (< net20) (>= netstandard1.6) (< netstandard2.0) (< win8) (< wpa81)) (&& (>= netcoreapp5.0) (< netstandard1.3)) (&& (>= netcoreapp5.0) (< netstandard2.0)) (&& (< netstandard1.3) (>= uap10.0)) (&& (< netstandard1.5) (>= uap10.0) (< uap10.1))
      System.Collections (>= 4.3) - restriction: || (&& (< monoandroid) (< monotouch) (< net45) (>= netstandard1.6) (< xamarinios) (< xamarinmac) (< xamarintvos) (< xamarinwatchos)) (>= netcoreapp5.0)
      System.Diagnostics.Debug (>= 4.3) - restriction: || (&& (< monoandroid) (< monotouch) (< net45) (>= netstandard1.6) (< xamarinios) (< xamarinmac) (< xamarintvos) (< xamarinwatchos)) (>= netcoreapp5.0)
      System.Globalization (>= 4.3) - restriction: || (&& (< monoandroid) (< monotouch) (< net45) (>= netstandard1.6) (< xamarinios) (< xamarinmac) (< xamarintvos) (< xamarinwatchos)) (>= netcoreapp5.0)
      System.IO (>= 4.3) - restriction: || (&& (< monoandroid) (< monotouch) (< net45) (>= netstandard1.6) (< xamarinios) (< xamarinmac) (< xamarintvos) (< xamarinwatchos)) (>= netcoreapp5.0)
      System.Linq (>= 4.3) - restriction: || (&& (< monoandroid) (< monotouch) (< net45) (>= netstandard1.6) (< xamarinios) (< xamarinmac) (< xamarintvos) (< xamarinwatchos)) (>= netcoreapp5.0)
      System.ObjectModel (>= 4.3) - restriction: && (< monoandroid) (< monotouch) (< net45) (< netcoreapp5.0) (>= netstandard1.6) (< xamarinios) (< xamarinmac) (< xamarintvos) (< xamarinwatchos)
      System.Reflection (>= 4.3) - restriction: || (&& (< monoandroid) (< monotouch) (< net45) (>= netstandard1.6) (< xamarinios) (< xamarinmac) (< xamarintvos) (< xamarinwatchos)) (&& (< monoandroid) (< net45) (>= netstandard1.0) (< netstandard1.3) (< win8) (< wp8) (< wpa81)) (&& (< monoandroid) (< net45) (>= netstandard1.3) (< netstandard1.6) (< win8) (< wpa81)) (>= netcoreapp5.0)
      System.Reflection.Emit (>= 4.3) - restriction: && (< monoandroid) (< monotouch) (< net45) (< netcoreapp5.0) (>= netstandard1.6) (< xamarinios) (< xamarinmac) (< xamarintvos) (< xamarinwatchos)
      System.Reflection.Emit.ILGeneration (>= 4.3) - restriction: || (&& (< monoandroid) (< monotouch) (< net45) (>= netstandard1.6) (< xamarinios) (< xamarinmac) (< xamarintvos) (< xamarinwatchos)) (>= netcoreapp5.0)
      System.Reflection.Emit.Lightweight (>= 4.3) - restriction: || (&& (< monoandroid) (< monotouch) (< net45) (>= netstandard1.6) (< xamarinios) (< xamarinmac) (< xamarintvos) (< xamarinwatchos)) (>= netcoreapp5.0)
      System.Reflection.Extensions (>= 4.3) - restriction: || (&& (< monoandroid) (< monotouch) (< net45) (>= netstandard1.6) (< xamarinios) (< xamarinmac) (< xamarintvos) (< xamarinwatchos)) (>= netcoreapp5.0)
      System.Reflection.Primitives (>= 4.3) - restriction: || (&& (< monoandroid) (< monotouch) (< net45) (>= netstandard1.6) (< xamarinios) (< xamarinmac) (< xamarintvos) (< xamarinwatchos)) (>= netcoreapp5.0)
      System.Reflection.TypeExtensions (>= 4.3) - restriction: || (&& (< monoandroid) (< monotouch) (< net45) (>= netstandard1.6) (< xamarinios) (< xamarinmac) (< xamarintvos) (< xamarinwatchos)) (>= netcoreapp5.0)
      System.Resources.ResourceManager (>= 4.3) - restriction: || (&& (< monoandroid) (< monotouch) (< net45) (>= netstandard1.6) (< xamarinios) (< xamarinmac) (< xamarintvos) (< xamarinwatchos)) (>= netcoreapp5.0)
      System.Runtime (>= 4.3) - restriction: || (&& (< monoandroid) (< monotouch) (< net45) (>= netstandard1.6) (< xamarinios) (< xamarinmac) (< xamarintvos) (< xamarinwatchos)) (&& (< monoandroid) (< net45) (>= netstandard1.0) (< netstandard1.3) (< win8) (< wp8) (< wpa81)) (&& (< monoandroid) (< net45) (>= netstandard1.3) (< netstandard1.6) (< win8) (< wpa81)) (>= netcoreapp5.0)
      System.Runtime.Extensions (>= 4.3) - restriction: || (&& (< monoandroid) (< monotouch) (< net45) (>= netstandard1.6) (< xamarinios) (< xamarinmac) (< xamarintvos) (< xamarinwatchos)) (>= netcoreapp5.0)
      System.Threading (>= 4.3) - restriction: || (&& (< monoandroid) (< monotouch) (< net45) (>= netstandard1.6) (< xamarinios) (< xamarinmac) (< xamarintvos) (< xamarinwatchos)) (>= netcoreapp5.0)
    System.Memory (4.5.4) - restriction: || (&& (< monoandroid) (< monotouch) (< net20) (>= netstandard1.6) (< netstandard2.0) (< win8) (< wpa81) (< xamarintvos) (< xamarinwatchos)) (&& (< monoandroid) (< net20) (< netstandard1.2) (>= netstandard1.3) (< win8)) (&& (< monoandroid) (< net20) (< netstandard1.2) (>= netstandard1.6) (< win8)) (&& (< monoandroid) (< net20) (< netstandard1.2) (>= netstandard2.0) (< win8)) (&& (< monoandroid) (< net20) (>= netstandard1.3) (< netstandard1.4) (< win8) (< wpa81)) (&& (< monoandroid) (< net20) (< netstandard1.3) (>= netstandard1.4) (< win8) (< wpa81)) (&& (< monoandroid) (< net20) (< netstandard1.3) (>= netstandard1.5) (< win8) (< wpa81)) (&& (< monoandroid) (< net20) (< netstandard1.3) (>= netstandard1.6) (< win8) (< wpa81)) (&& (< monoandroid) (< net20) (< netstandard1.3) (>= netstandard2.0) (< win8) (< wpa81)) (&& (< monoandroid) (< net20) (>= netstandard1.4) (< netstandard1.5) (< win8) (< wpa81)) (&& (< monoandroid) (< net20) (< netstandard1.4) (>= netstandard1.6) (< win8) (< wpa81)) (&& (< monoandroid) (< net20) (< netstandard1.4) (>= netstandard2.0) (< win8) (< wpa81)) (&& (< monoandroid) (< net20) (>= netstandard1.5) (< netstandard1.6) (< win8) (< wpa81)) (&& (< monoandroid) (< net20) (< netstandard1.5) (>= netstandard1.6) (< win8) (< wpa81)) (&& (< monoandroid) (< net20) (< netstandard1.5) (>= netstandard2.0) (< win8) (< wpa81)) (&& (< monoandroid) (< net20) (< netstandard1.6) (>= netstandard2.0) (< win8) (< wpa81)) (&& (< net20) (>= net45) (< netstandard1.2) (>= netstandard1.3)) (&& (< net20) (>= net45) (< netstandard1.2) (>= netstandard1.6)) (&& (< net20) (>= net45) (< netstandard1.3) (>= netstandard1.4)) (&& (< net20) (>= net45) (< netstandard1.3) (>= netstandard1.5)) (&& (< net20) (>= net45) (< netstandard1.3) (>= netstandard1.6)) (&& (< net20) (>= net46) (< netstandard1.2)) (&& (< net20) (>= net46) (< netstandard1.3)) (&& (< net20) (>= net46) (>= netstandard1.4) (< netstandard1.5)) (&& (< net20) (>= net46) (< netstandard1.4)) (&& (< net20) (>= net46) (>= netstandard1.5) (< netstandard1.6)) (&& (< net20) (>= net46) (< netstandard1.5) (>= netstandard1.6)) (&& (< net20) (>= net46) (>= netstandard1.6) (< netstandard2.0)) (&& (>= net45) (< netstandard1.3) (>= uap10.0)) (&& (>= net46) (< netstandard1.3) (>= uap10.0)) (&& (>= net46) (< netstandard1.3) (>= uap10.1)) (&& (>= net46) (< netstandard1.4) (>= uap10.1)) (&& (>= net46) (< netstandard1.5) (>= uap10.0)) (&& (>= netcoreapp5.0) (< netstandard1.2)) (&& (>= netcoreapp5.0) (< netstandard1.3)) (&& (>= netcoreapp5.0) (< netstandard1.4)) (&& (>= netcoreapp5.0) (< netstandard1.5)) (&& (>= netcoreapp5.0) (< netstandard1.6)) (&& (>= netcoreapp5.0) (< netstandard2.0)) (&& (>= netcoreapp5.0) (>= uap10.1)) (&& (< netstandard1.2) (>= uap10.1) (< win8)) (&& (< netstandard1.3) (>= netstandard2.0) (>= uap10.0)) (&& (< netstandard1.3) (>= uap10.0) (< win8) (< wpa81)) (&& (< netstandard1.5) (>= netstandard2.0) (>= uap10.0)) (&& (< netstandard1.5) (>= uap10.0) (< win8) (< wpa81)) (&& (>= netstandard1.6) (>= uap10.1)) (&& (>= uap10.1) (< win8) (< wpa81))
      System.Buffers (>= 4.5.1) - restriction: || (>= monoandroid) (>= monotouch) (&& (>= net45) (< netstandard2.0)) (&& (< net45) (< netcoreapp2.0) (>= netstandard2.0)) (&& (< net45) (>= netstandard1.1) (< netstandard2.0) (< win8) (< wpa81)) (>= net461) (&& (< netstandard1.1) (>= portable-net45+win8+wpa81) (< win8)) (&& (< netstandard1.1) (>= win8)) (&& (< netstandard2.0) (< uap10.1) (>= wpa81)) (>= xamarinios) (>= xamarinmac) (>= xamarintvos) (>= xamarinwatchos)
      System.Diagnostics.Debug (>= 4.3) - restriction: && (< monoandroid) (< monotouch) (< net45) (>= netstandard1.1) (< netstandard2.0) (< win8) (< wpa81) (< xamarintvos) (< xamarinwatchos)
      System.Globalization (>= 4.3) - restriction: && (< monoandroid) (< monotouch) (< net45) (>= netstandard1.1) (< netstandard2.0) (< win8) (< wpa81) (< xamarintvos) (< xamarinwatchos)
      System.Reflection (>= 4.3) - restriction: && (< monoandroid) (< monotouch) (< net45) (>= netstandard1.1) (< netstandard2.0) (< win8) (< wpa81) (< xamarintvos) (< xamarinwatchos)
      System.Resources.ResourceManager (>= 4.3) - restriction: && (< monoandroid) (< monotouch) (< net45) (>= netstandard1.1) (< netstandard2.0) (< win8) (< wpa81) (< xamarintvos) (< xamarinwatchos)
      System.Runtime (>= 4.3) - restriction: && (< monoandroid) (< monotouch) (< net45) (>= netstandard1.1) (< netstandard2.0) (< win8) (< wpa81) (< xamarintvos) (< xamarinwatchos)
      System.Runtime.CompilerServices.Unsafe (>= 4.5.3) - restriction: || (>= monoandroid) (>= monotouch) (&& (>= net45) (< netstandard2.0)) (&& (< net45) (< netcoreapp2.0) (>= netstandard2.0)) (&& (< net45) (>= netstandard1.1) (< netstandard2.0) (< win8) (< wpa81)) (>= net461) (&& (>= netcoreapp2.0) (< netcoreapp2.1)) (&& (< netstandard1.1) (>= portable-net45+win8+wpa81) (< win8)) (&& (< netstandard1.1) (>= win8)) (&& (< netstandard2.0) (>= wpa81)) (>= uap10.1) (>= xamarinios) (>= xamarinmac) (>= xamarintvos) (>= xamarinwatchos)
      System.Runtime.Extensions (>= 4.3) - restriction: && (< monoandroid) (< monotouch) (< net45) (>= netstandard1.1) (< netstandard2.0) (< win8) (< wpa81) (< xamarintvos) (< xamarinwatchos)
      System.Runtime.InteropServices (>= 4.3) - restriction: && (< monoandroid) (< monotouch) (< net45) (>= netstandard1.1) (< netstandard2.0) (< win8) (< wpa81) (< xamarintvos) (< xamarinwatchos)
    System.Net.Http (4.3.4) - restriction: || (&& (< net20) (>= net46) (< netstandard1.3)) (&& (< net20) (>= net46) (< netstandard1.4)) (&& (< net20) (>= netstandard1.1) (< netstandard1.2) (< win8)) (&& (< net20) (>= netstandard1.2) (< netstandard1.3) (< win8) (< wpa81)) (&& (< net20) (< netstandard1.2) (>= netstandard1.3) (< win8)) (&& (< net20) (>= netstandard1.3) (< netstandard1.4) (< win8) (< wpa81)) (&& (< net20) (< netstandard1.3) (>= netstandard1.4) (< win8) (< wpa81)) (&& (< net20) (< netstandard1.3) (>= netstandard1.5) (< win8) (< wpa81)) (&& (< net20) (< netstandard1.3) (>= netstandard1.6) (< win8) (< wpa81)) (&& (< net20) (>= netstandard1.4) (< netstandard1.5) (< win8) (< wpa81)) (&& (< net20) (>= netstandard1.5) (< netstandard1.6) (< win8) (< wpa81)) (&& (< net20) (>= netstandard1.6) (< netstandard2.0) (< win8) (< wpa81)) (&& (< netstandard1.3) (>= uap10.0)) (&& (< netstandard1.5) (>= uap10.0) (< uap10.1))
      Microsoft.NETCore.Platforms (>= 1.1.1) - restriction: || (&& (< monoandroid) (< monotouch) (< net45) (>= netstandard1.6) (< xamarinios) (< xamarinmac) (< xamarintvos) (< xamarinwatchos)) (&& (< monoandroid) (< net45) (>= netstandard1.3) (< netstandard1.6) (< win8) (< wpa81)) (>= netcoreapp5.0)
      Microsoft.Win32.Primitives (>= 4.3) - restriction: && (< monoandroid) (< net45) (>= netstandard1.3) (< netstandard1.6) (< win8) (< wpa81)
      runtime.native.System (>= 4.3) - restriction: && (< monoandroid) (< monotouch) (< net45) (< netcoreapp5.0) (>= netstandard1.6) (< xamarinios) (< xamarinmac) (< xamarintvos) (< xamarinwatchos)
      runtime.native.System.Net.Http (>= 4.3) - restriction: && (< monoandroid) (< monotouch) (< net45) (< netcoreapp5.0) (>= netstandard1.6) (< xamarinios) (< xamarinmac) (< xamarintvos) (< xamarinwatchos)
      runtime.native.System.Security.Cryptography.OpenSsl (>= 4.3.2) - restriction: && (< monoandroid) (< monotouch) (< net45) (< netcoreapp5.0) (>= netstandard1.6) (< xamarinios) (< xamarinmac) (< xamarintvos) (< xamarinwatchos)
      System.Collections (>= 4.3) - restriction: || (&& (< monoandroid) (< monotouch) (< net45) (>= netstandard1.6) (< xamarinios) (< xamarinmac) (< xamarintvos) (< xamarinwatchos)) (&& (< monoandroid) (< net45) (>= netstandard1.3) (< netstandard1.6) (< win8) (< wpa81)) (>= netcoreapp5.0)
      System.Diagnostics.Debug (>= 4.3) - restriction: || (&& (< monoandroid) (< monotouch) (< net45) (>= netstandard1.6) (< xamarinios) (< xamarinmac) (< xamarintvos) (< xamarinwatchos)) (&& (< monoandroid) (< net45) (>= netstandard1.3) (< netstandard1.6) (< win8) (< wpa81)) (>= netcoreapp5.0)
      System.Diagnostics.DiagnosticSource (>= 4.3) - restriction: || (&& (< monoandroid) (< monotouch) (< net45) (>= netstandard1.6) (< xamarinios) (< xamarinmac) (< xamarintvos) (< xamarinwatchos)) (&& (< monoandroid) (< net45) (>= netstandard1.3) (< netstandard1.6) (< win8) (< wpa81)) (>= netcoreapp5.0)
      System.Diagnostics.Tracing (>= 4.3) - restriction: || (&& (< monoandroid) (< monotouch) (< net45) (>= netstandard1.6) (< xamarinios) (< xamarinmac) (< xamarintvos) (< xamarinwatchos)) (&& (< monoandroid) (< net45) (>= netstandard1.3) (< netstandard1.6) (< win8) (< wpa81)) (>= netcoreapp5.0)
      System.Globalization (>= 4.3) - restriction: || (&& (< monoandroid) (< monotouch) (< net45) (>= netstandard1.6) (< xamarinios) (< xamarinmac) (< xamarintvos) (< xamarinwatchos)) (&& (< monoandroid) (< net45) (>= netstandard1.3) (< netstandard1.6) (< win8) (< wpa81)) (>= netcoreapp5.0)
      System.Globalization.Extensions (>= 4.3) - restriction: && (< monoandroid) (< monotouch) (< net45) (< netcoreapp5.0) (>= netstandard1.6) (< xamarinios) (< xamarinmac) (< xamarintvos) (< xamarinwatchos)
      System.IO (>= 4.3) - restriction: || (&& (< monoandroid) (< monotouch) (< net45) (>= netstandard1.6) (< xamarinios) (< xamarinmac) (< xamarintvos) (< xamarinwatchos)) (&& (< monoandroid) (< net45) (>= netstandard1.1) (< netstandard1.3) (< win8) (< wpa81)) (&& (< monoandroid) (< net45) (>= netstandard1.3) (< netstandard1.6) (< win8) (< wpa81)) (>= netcoreapp5.0)
      System.IO.Compression (>= 4.3) - restriction: && (< monoandroid) (< net45) (>= netstandard1.3) (< netstandard1.6) (< win8) (< wpa81)
      System.IO.FileSystem (>= 4.3) - restriction: && (< monoandroid) (< monotouch) (< net45) (< netcoreapp5.0) (>= netstandard1.6) (< xamarinios) (< xamarinmac) (< xamarintvos) (< xamarinwatchos)
      System.Net.Primitives (>= 4.3) - restriction: || (&& (< monoandroid) (< monotouch) (< net45) (>= netstandard1.6) (< xamarinios) (< xamarinmac) (< xamarintvos) (< xamarinwatchos)) (&& (< monoandroid) (< net45) (>= netstandard1.1) (< netstandard1.3) (< win8) (< wpa81)) (&& (< monoandroid) (< net45) (>= netstandard1.3) (< netstandard1.6) (< win8) (< wpa81)) (>= netcoreapp5.0)
      System.Resources.ResourceManager (>= 4.3) - restriction: || (&& (< monoandroid) (< monotouch) (< net45) (>= netstandard1.6) (< xamarinios) (< xamarinmac) (< xamarintvos) (< xamarinwatchos)) (&& (< monoandroid) (< net45) (>= netstandard1.3) (< netstandard1.6) (< win8) (< wpa81)) (>= netcoreapp5.0)
      System.Runtime (>= 4.3) - restriction: || (&& (< monoandroid) (< monotouch) (< net45) (>= netstandard1.6) (< xamarinios) (< xamarinmac) (< xamarintvos) (< xamarinwatchos)) (&& (< monoandroid) (< net45) (>= netstandard1.1) (< netstandard1.3) (< win8) (< wpa81)) (&& (< monoandroid) (< net45) (>= netstandard1.3) (< netstandard1.6) (< win8) (< wpa81)) (>= netcoreapp5.0)
      System.Runtime.Extensions (>= 4.3) - restriction: || (&& (< monoandroid) (< monotouch) (< net45) (>= netstandard1.6) (< xamarinios) (< xamarinmac) (< xamarintvos) (< xamarinwatchos)) (&& (< monoandroid) (< net45) (>= netstandard1.3) (< netstandard1.6) (< win8) (< wpa81)) (>= netcoreapp5.0)
      System.Runtime.Handles (>= 4.3) - restriction: || (&& (< monoandroid) (< monotouch) (< net45) (< netcoreapp5.0) (>= netstandard1.6) (< xamarinios) (< xamarinmac) (< xamarintvos) (< xamarinwatchos)) (&& (< monoandroid) (< net45) (>= netstandard1.3) (< netstandard1.6) (< win8) (< wpa81))
      System.Runtime.InteropServices (>= 4.3) - restriction: || (&& (< monoandroid) (< monotouch) (< net45) (>= netstandard1.6) (< xamarinios) (< xamarinmac) (< xamarintvos) (< xamarinwatchos)) (&& (< monoandroid) (< net45) (>= netstandard1.3) (< netstandard1.6) (< win8) (< wpa81)) (>= netcoreapp5.0)
      System.Security.Cryptography.Algorithms (>= 4.3) - restriction: && (< monoandroid) (< monotouch) (< net45) (< netcoreapp5.0) (>= netstandard1.6) (< xamarinios) (< xamarinmac) (< xamarintvos) (< xamarinwatchos)
      System.Security.Cryptography.Encoding (>= 4.3) - restriction: || (&& (< monoandroid) (< monotouch) (< net45) (< netcoreapp5.0) (>= netstandard1.6) (< xamarinios) (< xamarinmac) (< xamarintvos) (< xamarinwatchos)) (&& (< monoandroid) (< net45) (>= netstandard1.3) (< netstandard1.6) (< win8) (< wpa81))
      System.Security.Cryptography.OpenSsl (>= 4.3) - restriction: && (< monoandroid) (< monotouch) (< net45) (< netcoreapp5.0) (>= netstandard1.6) (< xamarinios) (< xamarinmac) (< xamarintvos) (< xamarinwatchos)
      System.Security.Cryptography.Primitives (>= 4.3) - restriction: && (< monoandroid) (< monotouch) (< net45) (< netcoreapp5.0) (>= netstandard1.6) (< xamarinios) (< xamarinmac) (< xamarintvos) (< xamarinwatchos)
      System.Security.Cryptography.X509Certificates (>= 4.3) - restriction: || (&& (< monoandroid) (< monotouch) (< net45) (>= netstandard1.6) (< xamarinios) (< xamarinmac) (< xamarintvos) (< xamarinwatchos)) (&& (< monoandroid) (< net45) (>= netstandard1.3) (< netstandard1.6) (< win8) (< wpa81)) (>= net46) (>= netcoreapp5.0)
      System.Text.Encoding (>= 4.3) - restriction: || (&& (< monoandroid) (< monotouch) (< net45) (>= netstandard1.6) (< xamarinios) (< xamarinmac) (< xamarintvos) (< xamarinwatchos)) (&& (< monoandroid) (< net45) (>= netstandard1.1) (< netstandard1.3) (< win8) (< wpa81)) (&& (< monoandroid) (< net45) (>= netstandard1.3) (< netstandard1.6) (< win8) (< wpa81)) (>= netcoreapp5.0)
      System.Threading (>= 4.3) - restriction: || (&& (< monoandroid) (< monotouch) (< net45) (>= netstandard1.6) (< xamarinios) (< xamarinmac) (< xamarintvos) (< xamarinwatchos)) (&& (< monoandroid) (< net45) (>= netstandard1.3) (< netstandard1.6) (< win8) (< wpa81)) (>= netcoreapp5.0)
      System.Threading.Tasks (>= 4.3) - restriction: || (&& (< monoandroid) (< monotouch) (< net45) (>= netstandard1.6) (< xamarinios) (< xamarinmac) (< xamarintvos) (< xamarinwatchos)) (&& (< monoandroid) (< net45) (>= netstandard1.1) (< netstandard1.3) (< win8) (< wpa81)) (&& (< monoandroid) (< net45) (>= netstandard1.3) (< netstandard1.6) (< win8) (< wpa81)) (>= netcoreapp5.0)
    System.Net.Primitives (4.3.1) - restriction: || (&& (< monoandroid) (< net20) (< netstandard1.2) (>= netstandard1.6) (< win8)) (&& (< monoandroid) (< net20) (< netstandard1.4) (>= netstandard1.6) (< win8) (< wpa81)) (&& (< monoandroid) (< net20) (< netstandard1.5) (>= netstandard1.6) (< win8) (< wpa81)) (&& (< net20) (>= net46) (< netstandard1.3)) (&& (< net20) (>= net46) (< netstandard1.4)) (&& (< net20) (>= netstandard1.0) (< portable-net45+win8+wpa81) (< wp8)) (&& (< net20) (>= netstandard1.1) (< netstandard1.2) (< win8)) (&& (< net20) (>= netstandard1.2) (< netstandard1.3) (< win8) (< wpa81)) (&& (< net20) (< netstandard1.2) (>= netstandard1.3) (< win8)) (&& (< net20) (>= netstandard1.3) (< netstandard1.4) (< win8) (< wpa81)) (&& (< net20) (>= netstandard1.3) (< portable-net45+win8+wpa81)) (&& (< net20) (< netstandard1.3) (>= netstandard1.4) (< win8) (< wpa81)) (&& (< net20) (< netstandard1.3) (>= netstandard1.5) (< win8) (< wpa81)) (&& (< net20) (< netstandard1.3) (>= netstandard1.6) (< win8) (< wpa81)) (&& (< net20) (>= netstandard1.4) (< netstandard1.5) (< win8) (< wpa81)) (&& (< net20) (>= netstandard1.5) (< netstandard1.6) (< win8) (< wpa81)) (&& (< net20) (>= netstandard1.6) (< netstandard2.0) (< win8) (< wpa81)) (&& (>= netcoreapp5.0) (< netstandard1.2)) (&& (>= netcoreapp5.0) (< netstandard1.3)) (&& (>= netcoreapp5.0) (< netstandard1.4)) (&& (>= netcoreapp5.0) (< netstandard1.5)) (&& (>= netcoreapp5.0) (< netstandard1.6)) (&& (>= netcoreapp5.0) (< netstandard2.0)) (&& (< netstandard1.3) (>= uap10.0)) (&& (< netstandard1.5) (>= netstandard1.6) (>= uap10.0)) (&& (< netstandard1.5) (>= uap10.0) (< uap10.1)) (&& (< netstandard1.5) (>= uap10.0) (< win8) (< wpa81))
      Microsoft.NETCore.Platforms (>= 1.1.1) - restriction: || (&& (< monoandroid) (< monotouch) (< net45) (>= netstandard1.3) (< win8) (< wpa81) (< xamarinios) (< xamarinmac) (< xamarintvos) (< xamarinwatchos)) (&& (< monoandroid) (< net45) (>= netstandard1.1) (< netstandard1.3) (< win8) (< wpa81)) (&& (< monoandroid) (>= netstandard1.0) (< netstandard1.1) (< win8) (< wp8)) (>= netcoreapp5.0)
      Microsoft.NETCore.Targets (>= 1.1.3) - restriction: || (&& (< monoandroid) (< monotouch) (< net45) (>= netstandard1.3) (< win8) (< wpa81) (< xamarinios) (< xamarinmac) (< xamarintvos) (< xamarinwatchos)) (&& (< monoandroid) (< net45) (>= netstandard1.1) (< netstandard1.3) (< win8) (< wpa81)) (&& (< monoandroid) (>= netstandard1.0) (< netstandard1.1) (< win8) (< wp8)) (>= netcoreapp5.0)
      System.Runtime (>= 4.3.1) - restriction: || (&& (< monoandroid) (< monotouch) (< net45) (>= netstandard1.3) (< win8) (< wpa81) (< xamarinios) (< xamarinmac) (< xamarintvos) (< xamarinwatchos)) (&& (< monoandroid) (< net45) (>= netstandard1.1) (< netstandard1.3) (< win8) (< wpa81)) (&& (< monoandroid) (>= netstandard1.0) (< netstandard1.1) (< win8) (< wp8)) (>= netcoreapp5.0)
      System.Runtime.Handles (>= 4.3) - restriction: || (&& (< monoandroid) (< monotouch) (< net45) (>= netstandard1.3) (< win8) (< wpa81) (< xamarinios) (< xamarinmac) (< xamarintvos) (< xamarinwatchos)) (>= netcoreapp5.0)
    System.Net.Sockets (4.3) - restriction: || (&& (< net20) (>= net46) (< netstandard1.3)) (&& (< net20) (>= net46) (< netstandard1.4)) (&& (< net20) (>= netstandard1.3) (< netstandard1.4) (< win8) (< wpa81)) (&& (< net20) (< netstandard1.3) (>= netstandard1.4) (< win8) (< wpa81)) (&& (< net20) (< netstandard1.3) (>= netstandard1.5) (< win8) (< wpa81)) (&& (< net20) (< netstandard1.3) (>= netstandard1.6) (< win8) (< wpa81)) (&& (< net20) (>= netstandard1.4) (< netstandard1.5) (< win8) (< wpa81)) (&& (< net20) (>= netstandard1.5) (< netstandard1.6) (< win8) (< wpa81)) (&& (< net20) (>= netstandard1.6) (< netstandard2.0) (< win8) (< wpa81)) (&& (< netstandard1.3) (>= uap10.0)) (&& (< netstandard1.5) (>= uap10.0) (< uap10.1))
      Microsoft.NETCore.Platforms (>= 1.1) - restriction: && (< monoandroid) (< monotouch) (< net46) (>= netstandard1.3) (< xamarinios) (< xamarinmac) (< xamarintvos) (< xamarinwatchos)
      Microsoft.NETCore.Targets (>= 1.1) - restriction: && (< monoandroid) (< monotouch) (< net46) (>= netstandard1.3) (< xamarinios) (< xamarinmac) (< xamarintvos) (< xamarinwatchos)
      System.IO (>= 4.3) - restriction: && (< monoandroid) (< monotouch) (< net46) (>= netstandard1.3) (< xamarinios) (< xamarinmac) (< xamarintvos) (< xamarinwatchos)
      System.Net.Primitives (>= 4.3) - restriction: && (< monoandroid) (< monotouch) (< net46) (>= netstandard1.3) (< xamarinios) (< xamarinmac) (< xamarintvos) (< xamarinwatchos)
      System.Runtime (>= 4.3) - restriction: && (< monoandroid) (< monotouch) (< net46) (>= netstandard1.3) (< xamarinios) (< xamarinmac) (< xamarintvos) (< xamarinwatchos)
      System.Threading.Tasks (>= 4.3) - restriction: && (< monoandroid) (< monotouch) (< net46) (>= netstandard1.3) (< xamarinios) (< xamarinmac) (< xamarintvos) (< xamarinwatchos)
    System.Numerics.Vectors (4.5) - restriction: || (&& (< monoandroid8.0) (>= netstandard2.0) (< xamarinios)) (&& (>= netstandard1.0) (< netstandard2.0) (< uap10.1) (< xamarintvos) (< xamarinwatchos))
      NETStandard.Library (>= 1.6.1) - restriction: && (< monoandroid) (< monotouch) (< net45) (>= netstandard1.0) (< netstandard2.0) (< win8) (< wp8) (< wpa81) (< xamarintvos) (< xamarinwatchos)
    System.ObjectModel (4.3) - restriction: || (&& (< monoandroid) (< monotouch) (< net20) (>= netstandard1.3) (< netstandard2.0) (< win8) (< wpa81) (< xamarintvos) (< xamarinwatchos)) (&& (< monoandroid) (< net20) (>= netstandard1.0) (< netstandard1.3) (< win8) (< wp8) (< wpa81)) (&& (< monoandroid) (< net20) (< netstandard1.2) (>= netstandard1.6) (< win8)) (&& (< monoandroid) (< net20) (< netstandard1.4) (>= netstandard1.6) (< win8) (< wpa81)) (&& (< monoandroid) (< net20) (< netstandard1.5) (>= netstandard1.6) (< win8) (< wpa81)) (&& (< net20) (>= netstandard1.0) (< portable-net45+win8+wpa81) (< wp8)) (&& (< net20) (>= netstandard1.1) (< netstandard1.2) (< win8)) (&& (< net20) (>= netstandard1.2) (< netstandard1.3) (< win8) (< wpa81)) (&& (< net20) (< netstandard1.2) (>= netstandard1.3) (< win8)) (&& (< net20) (>= netstandard1.3) (< netstandard1.4) (< win8) (< wpa81)) (&& (< net20) (>= netstandard1.3) (< portable-net45+win8+wpa81)) (&& (< net20) (< netstandard1.3) (>= netstandard1.4) (< win8) (< wpa81)) (&& (< net20) (< netstandard1.3) (>= netstandard1.5) (< win8) (< wpa81)) (&& (< net20) (< netstandard1.3) (>= netstandard1.6) (< win8) (< wpa81)) (&& (< net20) (>= netstandard1.4) (< netstandard1.5) (< win8) (< wpa81)) (&& (< net20) (>= netstandard1.5) (< netstandard1.6) (< win8) (< wpa81)) (&& (< net20) (>= netstandard1.6) (< netstandard2.0) (< win8) (< wpa81)) (&& (< net20) (>= netstandard1.6) (< portable-net45+win8+wpa81)) (&& (>= netcoreapp5.0) (< netstandard1.3)) (&& (>= netcoreapp5.0) (< netstandard2.0)) (&& (< netstandard1.3) (>= uap10.0)) (&& (< netstandard1.5) (>= netstandard1.6) (>= uap10.0)) (&& (< netstandard1.5) (>= uap10.0) (< uap10.1))
      System.Collections (>= 4.3) - restriction: || (&& (< monoandroid) (< monotouch) (< net45) (>= netstandard1.3) (< win8) (< wpa81) (< xamarinios) (< xamarinmac) (< xamarintvos) (< xamarinwatchos)) (>= netcoreapp5.0)
      System.Diagnostics.Debug (>= 4.3) - restriction: || (&& (< monoandroid) (< monotouch) (< net45) (>= netstandard1.3) (< win8) (< wpa81) (< xamarinios) (< xamarinmac) (< xamarintvos) (< xamarinwatchos)) (>= netcoreapp5.0)
      System.Resources.ResourceManager (>= 4.3) - restriction: || (&& (< monoandroid) (< monotouch) (< net45) (>= netstandard1.3) (< win8) (< wpa81) (< xamarinios) (< xamarinmac) (< xamarintvos) (< xamarinwatchos)) (>= netcoreapp5.0)
      System.Runtime (>= 4.3) - restriction: || (&& (< monoandroid) (< monotouch) (< net45) (>= netstandard1.3) (< win8) (< wpa81) (< xamarinios) (< xamarinmac) (< xamarintvos) (< xamarinwatchos)) (&& (< monoandroid) (< net45) (>= netstandard1.0) (< netstandard1.3) (< win8) (< wp8) (< wpa81)) (>= netcoreapp5.0)
      System.Threading (>= 4.3) - restriction: || (&& (< monoandroid) (< monotouch) (< net45) (>= netstandard1.3) (< win8) (< wpa81) (< xamarinios) (< xamarinmac) (< xamarintvos) (< xamarinwatchos)) (>= netcoreapp5.0)
    System.Reflection (4.3) - restriction: || (&& (< monoandroid) (< monotouch) (< net20) (>= netstandard1.4) (< netstandard2.0) (< xamarintvos) (< xamarinwatchos)) (&& (< monoandroid) (< monotouch) (< net20) (>= netstandard1.5) (< netstandard2.0) (< win8) (< wpa81) (< xamarintvos) (< xamarinwatchos)) (&& (< monoandroid) (< net20) (>= netstandard1.0) (< netstandard1.3) (< win8) (< wp8) (< wpa81)) (&& (< monoandroid) (< net20) (< netstandard1.2) (>= netstandard1.4) (< win8)) (&& (< monoandroid) (< net20) (< netstandard1.2) (>= netstandard1.5) (< win8)) (&& (< monoandroid) (< net20) (< netstandard1.2) (>= netstandard1.6) (< win8)) (&& (< monoandroid) (< net20) (>= netstandard1.3) (< netstandard1.5) (< win8) (< wpa81)) (&& (< monoandroid) (< net20) (< netstandard1.4) (>= netstandard1.5) (< win8) (< wpa81)) (&& (< monoandroid) (< net20) (< netstandard1.4) (>= netstandard1.6) (< win8) (< wpa81)) (&& (< monoandroid) (< net20) (< netstandard1.5) (>= netstandard1.6) (< win8) (< wpa81)) (&& (< net20) (>= netstandard1.0) (< portable-net45+win8+wpa81) (< wp8)) (&& (< net20) (>= netstandard1.1) (< netstandard1.2) (< win8)) (&& (< net20) (>= netstandard1.2) (< netstandard1.3) (< win8) (< wpa81)) (&& (< net20) (< netstandard1.2) (>= netstandard1.3) (< win8)) (&& (< net20) (>= netstandard1.3) (< netstandard1.4) (< win8) (< wpa81)) (&& (< net20) (>= netstandard1.3) (< portable-net45+win8+wpa81)) (&& (< net20) (< netstandard1.3) (>= netstandard1.4) (< win8) (< wpa81)) (&& (< net20) (< netstandard1.3) (>= netstandard1.5) (< win8) (< wpa81)) (&& (< net20) (< netstandard1.3) (>= netstandard1.6) (< win8) (< wpa81)) (&& (< net20) (>= netstandard1.4) (< netstandard1.5) (< win8) (< wpa81)) (&& (< net20) (>= netstandard1.5) (< netstandard1.6) (< win8) (< wpa81)) (&& (< net20) (>= netstandard1.6) (< netstandard2.0) (< win8) (< wpa81)) (&& (< net20) (>= netstandard1.6) (< portable-net45+win8+wpa81)) (&& (>= netcoreapp1.1) (< netstandard1.2)) (&& (>= netcoreapp1.1) (< netstandard1.3)) (&& (>= netcoreapp1.1) (< netstandard1.4)) (&& (>= netcoreapp1.1) (< netstandard1.5)) (&& (>= netcoreapp1.1) (< netstandard1.6)) (&& (>= netcoreapp1.1) (< netstandard2.0)) (&& (>= netcoreapp5.0) (< netstandard1.2)) (&& (>= netcoreapp5.0) (< netstandard1.3)) (&& (>= netcoreapp5.0) (< netstandard1.4)) (&& (>= netcoreapp5.0) (< netstandard1.5)) (&& (>= netcoreapp5.0) (< netstandard1.6)) (&& (>= netcoreapp5.0) (< netstandard2.0)) (&& (>= netcoreapp5.0) (< portable-net45+win8+wpa81)) (&& (< netstandard1.2) (>= uap10.0) (< win8)) (&& (< netstandard1.3) (>= uap10.0)) (&& (< netstandard1.5) (>= uap10.0) (< uap10.1)) (&& (< netstandard1.5) (>= uap10.0) (< win8) (< wpa81))
      Microsoft.NETCore.Platforms (>= 1.1) - restriction: || (&& (< monoandroid) (< monotouch) (< net45) (>= netstandard1.5) (< win8) (< wpa81) (< xamarinios) (< xamarinmac) (< xamarintvos) (< xamarinwatchos)) (&& (< monoandroid) (< net45) (>= netstandard1.0) (< netstandard1.3) (< win8) (< wp8) (< wpa81)) (&& (< monoandroid) (< net45) (>= netstandard1.3) (< netstandard1.5) (< win8) (< wpa81)) (>= netcoreapp5.0)
      Microsoft.NETCore.Targets (>= 1.1) - restriction: || (&& (< monoandroid) (< monotouch) (< net45) (>= netstandard1.5) (< win8) (< wpa81) (< xamarinios) (< xamarinmac) (< xamarintvos) (< xamarinwatchos)) (&& (< monoandroid) (< net45) (>= netstandard1.0) (< netstandard1.3) (< win8) (< wp8) (< wpa81)) (&& (< monoandroid) (< net45) (>= netstandard1.3) (< netstandard1.5) (< win8) (< wpa81)) (>= netcoreapp5.0)
      System.IO (>= 4.3) - restriction: || (&& (< monoandroid) (< monotouch) (< net45) (>= netstandard1.5) (< win8) (< wpa81) (< xamarinios) (< xamarinmac) (< xamarintvos) (< xamarinwatchos)) (&& (< monoandroid) (< net45) (>= netstandard1.0) (< netstandard1.3) (< win8) (< wp8) (< wpa81)) (&& (< monoandroid) (< net45) (>= netstandard1.3) (< netstandard1.5) (< win8) (< wpa81)) (>= netcoreapp5.0)
      System.Reflection.Primitives (>= 4.3) - restriction: || (&& (< monoandroid) (< monotouch) (< net45) (>= netstandard1.5) (< win8) (< wpa81) (< xamarinios) (< xamarinmac) (< xamarintvos) (< xamarinwatchos)) (&& (< monoandroid) (< net45) (>= netstandard1.0) (< netstandard1.3) (< win8) (< wp8) (< wpa81)) (&& (< monoandroid) (< net45) (>= netstandard1.3) (< netstandard1.5) (< win8) (< wpa81)) (>= netcoreapp5.0)
      System.Runtime (>= 4.3) - restriction: || (&& (< monoandroid) (< monotouch) (< net45) (>= netstandard1.5) (< win8) (< wpa81) (< xamarinios) (< xamarinmac) (< xamarintvos) (< xamarinwatchos)) (&& (< monoandroid) (< net45) (>= netstandard1.0) (< netstandard1.3) (< win8) (< wp8) (< wpa81)) (&& (< monoandroid) (< net45) (>= netstandard1.3) (< netstandard1.5) (< win8) (< wpa81)) (>= netcoreapp5.0)
    System.Reflection.Emit (4.7) - restriction: || (&& (< monoandroid) (< monotouch) (< net20) (>= netstandard1.3) (< netstandard2.0) (< win8) (< wpa81) (< xamarintvos) (< xamarinwatchos)) (&& (< monoandroid) (< monotouch) (< net20) (>= netstandard1.6) (< netstandard2.0) (< win8) (< wpa81) (< xamarintvos) (< xamarinwatchos)) (&& (< monoandroid) (< net20) (< netstandard1.2) (>= netstandard1.6) (< win8)) (&& (< monoandroid) (< net20) (< netstandard1.3) (>= netstandard1.6) (< win8) (< wpa81)) (&& (< monoandroid) (< net20) (< netstandard1.4) (>= netstandard1.6) (< win8) (< wpa81)) (&& (< monoandroid) (< net20) (< netstandard1.5) (>= netstandard1.6) (< win8) (< wpa81)) (&& (< net20) (>= netstandard1.6) (< portable-net45+win8+wpa81)) (&& (>= netcoreapp5.0) (< netstandard1.3)) (&& (>= netcoreapp5.0) (< netstandard2.0)) (&& (< netstandard1.3) (>= netstandard1.6) (>= uap10.0)) (&& (< netstandard1.5) (>= netstandard1.6) (>= uap10.0))
      System.IO (>= 4.3) - restriction: || (&& (< monoandroid) (< monotouch) (< net45) (>= netstandard1.1) (< netstandard2.0) (< win8) (< wpa81) (< xamarintvos) (< xamarinwatchos)) (>= netcoreapp5.0)
      System.Reflection (>= 4.3) - restriction: || (&& (< monoandroid) (< monotouch) (< net45) (>= netstandard1.1) (< netstandard2.0) (< win8) (< wpa81) (< xamarintvos) (< xamarinwatchos)) (>= netcoreapp5.0)
      System.Reflection.Emit.ILGeneration (>= 4.7) - restriction: || (&& (< monoandroid) (< monotouch) (< net45) (>= netstandard1.1) (< netstandard2.0) (< win8) (< wpa81) (< xamarintvos) (< xamarinwatchos)) (&& (< monoandroid) (< net45) (< netcoreapp2.0) (>= netstandard2.0) (< netstandard2.1) (< xamarinios) (< xamarinmac)) (&& (< monoandroid) (< netstandard1.1) (>= portable-net45+win8+wpa81) (< win8)) (>= netcoreapp5.0) (&& (< netstandard1.1) (>= win8)) (&& (< netstandard2.0) (>= wpa81)) (>= uap10.1)
      System.Reflection.Primitives (>= 4.3) - restriction: || (&& (< monoandroid) (< monotouch) (< net45) (>= netstandard1.1) (< netstandard2.0) (< win8) (< wpa81) (< xamarintvos) (< xamarinwatchos)) (>= netcoreapp5.0)
      System.Resources.ResourceManager (>= 4.3) - restriction: || (&& (< monoandroid) (< monotouch) (< net45) (>= netstandard1.1) (< netstandard2.0) (< win8) (< wpa81) (< xamarintvos) (< xamarinwatchos)) (>= netcoreapp5.0)
      System.Runtime (>= 4.3) - restriction: || (&& (< monoandroid) (< monotouch) (< net45) (>= netstandard1.1) (< netstandard2.0) (< win8) (< wpa81) (< xamarintvos) (< xamarinwatchos)) (>= netcoreapp5.0)
      System.Runtime.InteropServices (>= 4.3) - restriction: || (&& (< monoandroid) (< monotouch) (< net45) (>= netstandard1.1) (< netstandard2.0) (< win8) (< wpa81) (< xamarintvos) (< xamarinwatchos)) (>= netcoreapp5.0)
    System.Reflection.Emit.ILGeneration (4.7) - restriction: || (&& (< monoandroid) (< monotouch) (< net20) (>= netstandard1.3) (< netstandard2.0) (< win8) (< wpa81) (< xamarintvos) (< xamarinwatchos)) (&& (< monoandroid) (< monotouch) (< net20) (>= netstandard1.6) (< netstandard2.0) (< win8) (< wpa81) (< xamarintvos) (< xamarinwatchos)) (&& (< monoandroid) (< net20) (< netstandard1.1) (>= netstandard1.3) (< win8)) (&& (< monoandroid) (< net20) (< netstandard1.2) (>= netstandard1.6) (< win8)) (&& (< monoandroid) (< net20) (< netstandard1.2) (>= netstandard2.0) (< win8)) (&& (< monoandroid) (< net20) (< netstandard1.3) (>= netstandard1.6) (< win8) (< wpa81)) (&& (< monoandroid) (< net20) (< netstandard1.3) (>= netstandard2.0) (< win8) (< wpa81)) (&& (< monoandroid) (< net20) (< netstandard1.4) (>= netstandard1.6) (< win8) (< wpa81)) (&& (< monoandroid) (< net20) (< netstandard1.4) (>= netstandard2.0) (< win8) (< wpa81)) (&& (< monoandroid) (< net20) (< netstandard1.5) (>= netstandard1.6) (< win8) (< wpa81)) (&& (< monoandroid) (< net20) (< netstandard1.5) (>= netstandard2.0) (< win8) (< wpa81)) (&& (< net20) (>= netstandard1.6) (< portable-net45+win8+wpa81)) (&& (< net20) (>= netstandard1.6) (< portable-net45+wp8) (< win8)) (&& (< net20) (>= netstandard2.0) (< portable-net45+win8+wpa81)) (&& (>= netcoreapp5.0) (< netstandard1.1)) (&& (>= netcoreapp5.0) (< netstandard1.2)) (&& (>= netcoreapp5.0) (< netstandard1.3)) (&& (>= netcoreapp5.0) (< netstandard1.4)) (&& (>= netcoreapp5.0) (< netstandard1.5)) (&& (>= netcoreapp5.0) (< netstandard1.6)) (&& (>= netcoreapp5.0) (< netstandard2.0)) (&& (>= netcoreapp5.0) (< portable-net45+win8+wpa81)) (&& (>= netcoreapp5.0) (< portable-net45+wp8)) (&& (>= netcoreapp5.0) (>= uap10.1)) (&& (< netstandard1.2) (>= netstandard1.6) (< win8) (>= wpa81)) (&& (< netstandard1.3) (>= netstandard1.6) (>= uap10.0)) (&& (< netstandard1.3) (>= netstandard2.0) (>= uap10.0)) (&& (< netstandard1.5) (>= netstandard1.6) (>= uap10.0)) (&& (< netstandard1.5) (>= netstandard2.0) (>= uap10.0)) (&& (>= netstandard1.6) (< portable-net45+win8+wpa81) (< portable-net45+wp8) (>= win8)) (&& (>= netstandard1.6) (< portable-net45+win8+wpa81) (>= wpa81)) (&& (>= netstandard1.6) (< portable-net45+wp8) (>= uap10.0)) (&& (>= netstandard1.6) (>= uap10.1)) (&& (>= uap10.1) (< win8) (< wpa81))
      System.Reflection (>= 4.3) - restriction: || (&& (< monoandroid) (< monotouch) (< net45) (>= netstandard1.0) (< netstandard2.0) (< win8) (< wp8) (< wpa81) (< xamarintvos) (< xamarinwatchos)) (>= netcoreapp5.0)
      System.Reflection.Primitives (>= 4.3) - restriction: || (&& (< monoandroid) (< monotouch) (< net45) (>= netstandard1.0) (< netstandard2.0) (< win8) (< wp8) (< wpa81) (< xamarintvos) (< xamarinwatchos)) (>= netcoreapp5.0)
      System.Resources.ResourceManager (>= 4.3) - restriction: || (&& (< monoandroid) (< monotouch) (< net45) (>= netstandard1.0) (< netstandard2.0) (< win8) (< wp8) (< wpa81) (< xamarintvos) (< xamarinwatchos)) (>= netcoreapp5.0)
      System.Runtime (>= 4.3) - restriction: || (&& (< monoandroid) (< monotouch) (< net45) (>= netstandard1.0) (< netstandard2.0) (< win8) (< wp8) (< wpa81) (< xamarintvos) (< xamarinwatchos)) (>= netcoreapp5.0)
    System.Reflection.Emit.Lightweight (4.7) - restriction: || (&& (< monoandroid) (< monotouch) (< net20) (>= netstandard1.6) (< netstandard2.0) (< win8) (< wpa81) (< xamarintvos) (< xamarinwatchos)) (&& (< monoandroid) (< net20) (< netstandard1.2) (>= netstandard1.6) (< win8)) (&& (< monoandroid) (< net20) (< netstandard1.3) (>= netstandard1.6) (< win8) (< wpa81)) (&& (< monoandroid) (< net20) (< netstandard1.4) (>= netstandard1.6) (< win8) (< wpa81)) (&& (< monoandroid) (< net20) (< netstandard1.5) (>= netstandard1.6) (< win8) (< wpa81)) (&& (< net20) (>= netstandard1.6) (< portable-net45+win8+wpa81)) (&& (>= netcoreapp5.0) (< netstandard1.2)) (&& (>= netcoreapp5.0) (< netstandard1.3)) (&& (>= netcoreapp5.0) (< netstandard1.4)) (&& (>= netcoreapp5.0) (< netstandard1.5)) (&& (>= netcoreapp5.0) (< netstandard1.6)) (&& (>= netcoreapp5.0) (< netstandard2.0)) (&& (>= netcoreapp5.0) (< portable-net45+win8+wpa81)) (&& (< netstandard1.3) (>= netstandard1.6) (>= uap10.0)) (&& (< netstandard1.5) (>= netstandard1.6) (>= uap10.0))
      System.Reflection (>= 4.3) - restriction: || (&& (< monoandroid) (< monotouch) (< net45) (>= netstandard1.0) (< netstandard2.0) (< win8) (< wp8) (< wpa81) (< xamarintvos) (< xamarinwatchos)) (>= netcoreapp5.0)
      System.Reflection.Emit.ILGeneration (>= 4.7) - restriction: || (&& (< monoandroid) (< monotouch) (< net45) (>= netstandard1.0) (< netstandard2.0) (< win8) (< wp8) (< wpa81) (< xamarintvos) (< xamarinwatchos)) (&& (< monoandroid) (< net45) (< netcoreapp2.0) (>= netstandard2.0) (< netstandard2.1) (< xamarinios) (< xamarinmac)) (>= netcoreapp5.0) (&& (< netstandard2.0) (>= wpa81)) (&& (>= portable-net45+win8+wp8+wpa81) (< portable-net45+wp8) (< win8)) (&& (< portable-net45+wp8) (>= win8)) (>= uap10.1)
      System.Reflection.Primitives (>= 4.3) - restriction: || (&& (< monoandroid) (< monotouch) (< net45) (>= netstandard1.0) (< netstandard2.0) (< win8) (< wp8) (< wpa81) (< xamarintvos) (< xamarinwatchos)) (>= netcoreapp5.0)
      System.Resources.ResourceManager (>= 4.3) - restriction: || (&& (< monoandroid) (< monotouch) (< net45) (>= netstandard1.0) (< netstandard2.0) (< win8) (< wp8) (< wpa81) (< xamarintvos) (< xamarinwatchos)) (>= netcoreapp5.0)
      System.Runtime (>= 4.3) - restriction: || (&& (< monoandroid) (< monotouch) (< net45) (>= netstandard1.0) (< netstandard2.0) (< win8) (< wp8) (< wpa81) (< xamarintvos) (< xamarinwatchos)) (>= netcoreapp5.0)
    System.Reflection.Extensions (4.3) - restriction: || (&& (< monoandroid) (< monotouch) (< net20) (>= netstandard1.5) (< netstandard2.0) (< win8) (< wpa81) (< xamarintvos) (< xamarinwatchos)) (&& (< monoandroid) (< net20) (>= netstandard1.0) (< netstandard1.3) (< win8) (< wp8) (< wpa81)) (&& (< monoandroid) (< net20) (< netstandard1.0) (>= netstandard1.3) (< win8)) (&& (< monoandroid) (< net20) (< netstandard1.2) (>= netstandard1.6) (< win8)) (&& (< monoandroid) (< net20) (>= netstandard1.3) (< netstandard1.5) (< win8) (< wpa81)) (&& (< monoandroid) (< net20) (< netstandard1.4) (>= netstandard1.6) (< win8) (< wpa81)) (&& (< monoandroid) (< net20) (< netstandard1.5) (>= netstandard1.6) (< win8) (< wpa81)) (&& (< net20) (>= net45) (< netstandard1.3)) (&& (< net20) (>= net46) (< netstandard1.3)) (&& (< net20) (>= net46) (< netstandard1.4)) (&& (< net20) (>= netstandard1.0) (< portable-net45+win8+wpa81) (< wp8)) (&& (< net20) (< netstandard1.0) (>= netstandard1.3) (< portable-net45+win8)) (&& (< net20) (>= netstandard1.1) (< netstandard1.2) (< win8)) (&& (< net20) (>= netstandard1.2) (< netstandard1.3) (< win8) (< wpa81)) (&& (< net20) (< netstandard1.2) (>= netstandard1.3) (< win8)) (&& (< net20) (>= netstandard1.3) (< netstandard1.4) (< win8) (< wpa81)) (&& (< net20) (>= netstandard1.3) (< portable-net45+win8+wpa81)) (&& (< net20) (< netstandard1.3) (>= netstandard1.4) (< win8) (< wpa81)) (&& (< net20) (< netstandard1.3) (>= netstandard1.5) (< win8) (< wpa81)) (&& (< net20) (< netstandard1.3) (>= netstandard1.6) (< win8) (< wpa81)) (&& (< net20) (>= netstandard1.4) (< netstandard1.5) (< win8) (< wpa81)) (&& (< net20) (>= netstandard1.5) (< netstandard1.6) (< win8) (< wpa81)) (&& (< net20) (>= netstandard1.6) (< netstandard2.0) (< win8) (< wpa81)) (&& (< net20) (>= netstandard1.6) (< portable-net45+win8+wpa81)) (&& (>= netcoreapp5.0) (< netstandard1.0)) (&& (>= netcoreapp5.0) (< netstandard1.2)) (&& (>= netcoreapp5.0) (< netstandard1.3)) (&& (>= netcoreapp5.0) (< netstandard1.4)) (&& (>= netcoreapp5.0) (< netstandard1.5)) (&& (>= netcoreapp5.0) (< netstandard1.6)) (&& (>= netcoreapp5.0) (< netstandard2.0)) (&& (>= netcoreapp5.0) (< portable-net45+win8+wpa81)) (&& (< netstandard1.3) (>= uap10.0)) (&& (< netstandard1.5) (>= netstandard1.6) (>= uap10.0)) (&& (< netstandard1.5) (>= uap10.0) (< uap10.1)) (&& (< netstandard1.5) (>= uap10.0) (< win8) (< wpa81))
      Microsoft.NETCore.Platforms (>= 1.1) - restriction: || (&& (< monoandroid) (< monotouch) (< net45) (>= netstandard1.0) (< win8) (< wp8) (< wpa81) (< xamarinios) (< xamarinmac) (< xamarintvos) (< xamarinwatchos)) (>= netcoreapp5.0)
      Microsoft.NETCore.Targets (>= 1.1) - restriction: || (&& (< monoandroid) (< monotouch) (< net45) (>= netstandard1.0) (< win8) (< wp8) (< wpa81) (< xamarinios) (< xamarinmac) (< xamarintvos) (< xamarinwatchos)) (>= netcoreapp5.0)
      System.Reflection (>= 4.3) - restriction: || (&& (< monoandroid) (< monotouch) (< net45) (>= netstandard1.0) (< win8) (< wp8) (< wpa81) (< xamarinios) (< xamarinmac) (< xamarintvos) (< xamarinwatchos)) (>= netcoreapp5.0)
      System.Runtime (>= 4.3) - restriction: || (&& (< monoandroid) (< monotouch) (< net45) (>= netstandard1.0) (< win8) (< wp8) (< wpa81) (< xamarinios) (< xamarinmac) (< xamarintvos) (< xamarinwatchos)) (>= netcoreapp5.0)
    System.Reflection.Primitives (4.3) - restriction: || (&& (< monoandroid) (< monotouch) (< net20) (>= netstandard1.3) (< netstandard2.0) (< win8) (< wpa81) (< xamarintvos) (< xamarinwatchos)) (&& (< monoandroid) (< monotouch) (< net20) (>= netstandard1.5) (< netstandard2.0) (< win8) (< wpa81) (< xamarintvos) (< xamarinwatchos)) (&& (< monoandroid) (< net20) (>= netstandard1.0) (< netstandard1.3) (< win8) (< wp8) (< wpa81)) (&& (< monoandroid) (< net20) (< netstandard1.2) (>= netstandard1.4) (< win8)) (&& (< monoandroid) (< net20) (< netstandard1.2) (>= netstandard1.5) (< win8)) (&& (< monoandroid) (< net20) (< netstandard1.2) (>= netstandard1.6) (< win8)) (&& (< monoandroid) (< net20) (>= netstandard1.3) (< netstandard1.5) (< win8) (< wpa81)) (&& (< monoandroid) (< net20) (< netstandard1.4) (>= netstandard1.5) (< win8) (< wpa81)) (&& (< monoandroid) (< net20) (< netstandard1.4) (>= netstandard1.6) (< win8) (< wpa81)) (&& (< monoandroid) (< net20) (< netstandard1.5) (>= netstandard1.6) (< win8) (< wpa81)) (&& (< net20) (>= netstandard1.0) (< portable-net45+win8+wpa81) (< wp8)) (&& (< net20) (>= netstandard1.1) (< netstandard1.2) (< win8)) (&& (< net20) (>= netstandard1.2) (< netstandard1.3) (< win8) (< wpa81)) (&& (< net20) (< netstandard1.2) (>= netstandard1.3) (< win8)) (&& (< net20) (>= netstandard1.3) (< netstandard1.4) (< win8) (< wpa81)) (&& (< net20) (>= netstandard1.3) (< portable-net45+win8+wpa81)) (&& (< net20) (< netstandard1.3) (>= netstandard1.4) (< win8) (< wpa81)) (&& (< net20) (< netstandard1.3) (>= netstandard1.5) (< win8) (< wpa81)) (&& (< net20) (< netstandard1.3) (>= netstandard1.6) (< win8) (< wpa81)) (&& (< net20) (>= netstandard1.4) (< netstandard1.5) (< win8) (< wpa81)) (&& (< net20) (>= netstandard1.5) (< netstandard1.6) (< win8) (< wpa81)) (&& (< net20) (>= netstandard1.6) (< netstandard2.0) (< win8) (< wpa81)) (&& (< net20) (>= netstandard1.6) (< portable-net45+win8+wpa81)) (&& (>= netcoreapp1.1) (< netstandard1.2)) (&& (>= netcoreapp1.1) (< netstandard1.3)) (&& (>= netcoreapp1.1) (< netstandard1.4)) (&& (>= netcoreapp1.1) (< netstandard1.5)) (&& (>= netcoreapp1.1) (< netstandard1.6)) (&& (>= netcoreapp1.1) (< netstandard2.0)) (&& (>= netcoreapp5.0) (< netstandard1.2)) (&& (>= netcoreapp5.0) (< netstandard1.3)) (&& (>= netcoreapp5.0) (< netstandard1.4)) (&& (>= netcoreapp5.0) (< netstandard1.5)) (&& (>= netcoreapp5.0) (< netstandard1.6)) (&& (>= netcoreapp5.0) (< netstandard2.0)) (&& (>= netcoreapp5.0) (< portable-net45+win8+wpa81)) (&& (< netstandard1.2) (>= uap10.0) (< win8)) (&& (< netstandard1.3) (>= uap10.0)) (&& (< netstandard1.5) (>= netstandard1.6) (>= uap10.0)) (&& (< netstandard1.5) (>= uap10.0) (< uap10.1)) (&& (< netstandard1.5) (>= uap10.0) (< win8) (< wpa81))
      Microsoft.NETCore.Platforms (>= 1.1) - restriction: || (&& (< monoandroid) (< monotouch) (< net45) (>= netstandard1.0) (< win8) (< wp8) (< wpa81) (< xamarinios) (< xamarinmac) (< xamarintvos) (< xamarinwatchos)) (>= netcoreapp5.0)
      Microsoft.NETCore.Targets (>= 1.1) - restriction: || (&& (< monoandroid) (< monotouch) (< net45) (>= netstandard1.0) (< win8) (< wp8) (< wpa81) (< xamarinios) (< xamarinmac) (< xamarintvos) (< xamarinwatchos)) (>= netcoreapp5.0)
      System.Runtime (>= 4.3) - restriction: || (&& (< monoandroid) (< monotouch) (< net45) (>= netstandard1.0) (< win8) (< wp8) (< wpa81) (< xamarinios) (< xamarinmac) (< xamarintvos) (< xamarinwatchos)) (>= netcoreapp5.0)
    System.Reflection.TypeExtensions (4.7) - restriction: || (&& (< monoandroid) (< monotouch) (< net20) (>= netstandard1.3) (< netstandard2.0) (< win8) (< wpa81) (< xamarintvos) (< xamarinwatchos)) (&& (< monoandroid) (< monotouch) (< net20) (>= netstandard1.5) (< netstandard2.0) (< win8) (< wpa81) (< xamarintvos) (< xamarinwatchos)) (&& (< monoandroid) (< monotouch) (< net20) (>= netstandard1.6) (< netstandard2.0) (< win8) (< wpa81) (< xamarintvos) (< xamarinwatchos)) (&& (< monoandroid) (< net20) (< netstandard1.2) (>= netstandard1.6) (< win8)) (&& (< monoandroid) (< net20) (< netstandard1.3) (>= netstandard1.5) (< win8) (< wpa81)) (&& (< monoandroid) (< net20) (< netstandard1.3) (>= netstandard1.6) (< win8) (< wpa81)) (&& (< monoandroid) (< net20) (< netstandard1.4) (>= netstandard1.6) (< win8) (< wpa81)) (&& (< monoandroid) (< net20) (< netstandard1.5) (>= netstandard1.6) (< win8) (< wpa81)) (&& (< net20) (>= netstandard1.6) (< portable-net45+win8+wpa81)) (&& (>= netcoreapp5.0) (< netstandard1.2)) (&& (>= netcoreapp5.0) (< netstandard1.3)) (&& (>= netcoreapp5.0) (< netstandard1.4)) (&& (>= netcoreapp5.0) (< netstandard1.5)) (&& (>= netcoreapp5.0) (< netstandard1.6)) (&& (>= netcoreapp5.0) (< netstandard2.0)) (&& (>= netcoreapp5.0) (< portable-net45+win8+wpa81)) (&& (< netstandard1.3) (>= netstandard1.6) (>= uap10.0)) (&& (< netstandard1.5) (>= netstandard1.6) (>= uap10.0))
      System.Reflection (>= 4.3) - restriction: || (&& (< monoandroid) (< monotouch) (< net46) (>= netstandard1.5) (< netstandard2.0) (< xamarintvos) (< xamarinwatchos)) (&& (< monoandroid) (< net46) (>= netstandard1.3) (< netstandard1.5) (< uap10.1)) (>= netcoreapp5.0)
      System.Resources.ResourceManager (>= 4.3) - restriction: || (&& (< monoandroid) (< monotouch) (< net46) (>= netstandard1.5) (< netstandard2.0) (< xamarintvos) (< xamarinwatchos)) (&& (< monoandroid) (< net46) (>= netstandard1.3) (< netstandard1.5) (< uap10.1)) (>= netcoreapp5.0)
      System.Runtime (>= 4.3) - restriction: || (&& (< monoandroid) (< monotouch) (< net46) (>= netstandard1.5) (< netstandard2.0) (< xamarintvos) (< xamarinwatchos)) (&& (< monoandroid) (< net46) (>= netstandard1.3) (< netstandard1.5) (< uap10.1)) (>= netcoreapp5.0)
    System.Resources.ResourceManager (4.3) - restriction: || (&& (< monoandroid) (< monotouch) (< net20) (>= netstandard1.3) (< netstandard2.0) (< xamarintvos) (< xamarinwatchos)) (&& (< monoandroid) (< monotouch) (< net20) (>= netstandard1.4) (< netstandard2.0) (< xamarintvos) (< xamarinwatchos)) (&& (< monoandroid) (< monotouch) (< net20) (>= netstandard1.5) (< netstandard2.0) (< win8) (< wpa81) (< xamarintvos) (< xamarinwatchos)) (&& (< monoandroid) (< net20) (>= netstandard1.0) (< netstandard1.3) (< win8) (< wp8) (< wpa81)) (&& (< monoandroid) (< net20) (< netstandard1.0) (>= netstandard1.3) (< win8)) (&& (< monoandroid) (< net20) (< netstandard1.2) (>= netstandard1.6) (< win8)) (&& (< monoandroid) (< net20) (>= netstandard1.3) (< netstandard1.5) (< win8) (< wpa81)) (&& (< monoandroid) (< net20) (< netstandard1.4) (>= netstandard1.6) (< win8) (< wpa81)) (&& (< monoandroid) (< net20) (< netstandard1.5) (>= netstandard1.6) (< win8) (< wpa81)) (&& (< net20) (>= net45) (< netstandard1.3)) (&& (< net20) (>= net46) (< netstandard1.3)) (&& (< net20) (>= net46) (< netstandard1.4)) (&& (< net20) (>= net462) (< netstandard1.3)) (&& (< net20) (>= net462) (< netstandard2.0)) (&& (< net20) (>= netstandard1.0) (< portable-net45+win8+wpa81) (< wp8)) (&& (< net20) (< netstandard1.0) (>= netstandard1.3) (< portable-net45+win8)) (&& (< net20) (>= netstandard1.1) (< netstandard1.2) (< win8)) (&& (< net20) (>= netstandard1.2) (< netstandard1.3) (< win8) (< wpa81)) (&& (< net20) (< netstandard1.2) (>= netstandard1.3) (< win8)) (&& (< net20) (>= netstandard1.3) (< netstandard1.4) (< win8) (< wpa81)) (&& (< net20) (>= netstandard1.3) (< portable-net45+win8+wpa81)) (&& (< net20) (< netstandard1.3) (>= netstandard1.4) (< win8) (< wpa81)) (&& (< net20) (< netstandard1.3) (>= netstandard1.5) (< win8) (< wpa81)) (&& (< net20) (< netstandard1.3) (>= netstandard1.6) (< win8) (< wpa81)) (&& (< net20) (>= netstandard1.4) (< netstandard1.5) (< win8) (< wpa81)) (&& (< net20) (>= netstandard1.5) (< netstandard1.6) (< win8) (< wpa81)) (&& (< net20) (>= netstandard1.6) (< netstandard2.0) (< win8) (< wpa81)) (&& (< net20) (>= netstandard1.6) (< portable-net45+win8+wpa81)) (&& (>= netcoreapp5.0) (< netstandard1.0)) (&& (>= netcoreapp5.0) (< netstandard1.2)) (&& (>= netcoreapp5.0) (< netstandard1.3)) (&& (>= netcoreapp5.0) (< netstandard1.4)) (&& (>= netcoreapp5.0) (< netstandard1.5)) (&& (>= netcoreapp5.0) (< netstandard1.6)) (&& (>= netcoreapp5.0) (< netstandard2.0)) (&& (>= netcoreapp5.0) (< portable-net45+win8+wpa81)) (&& (< netstandard1.3) (>= uap10.0)) (&& (< netstandard1.5) (>= netstandard1.6) (>= uap10.0)) (&& (< netstandard1.5) (>= uap10.0) (< uap10.1)) (&& (< netstandard1.5) (>= uap10.0) (< win8) (< wpa81))
      Microsoft.NETCore.Platforms (>= 1.1) - restriction: || (&& (< monoandroid) (< monotouch) (< net45) (>= netstandard1.0) (< win8) (< wp8) (< wpa81) (< xamarinios) (< xamarinmac) (< xamarintvos) (< xamarinwatchos)) (>= netcoreapp5.0)
      Microsoft.NETCore.Targets (>= 1.1) - restriction: || (&& (< monoandroid) (< monotouch) (< net45) (>= netstandard1.0) (< win8) (< wp8) (< wpa81) (< xamarinios) (< xamarinmac) (< xamarintvos) (< xamarinwatchos)) (>= netcoreapp5.0)
      System.Globalization (>= 4.3) - restriction: || (&& (< monoandroid) (< monotouch) (< net45) (>= netstandard1.0) (< win8) (< wp8) (< wpa81) (< xamarinios) (< xamarinmac) (< xamarintvos) (< xamarinwatchos)) (>= netcoreapp5.0)
      System.Reflection (>= 4.3) - restriction: || (&& (< monoandroid) (< monotouch) (< net45) (>= netstandard1.0) (< win8) (< wp8) (< wpa81) (< xamarinios) (< xamarinmac) (< xamarintvos) (< xamarinwatchos)) (>= netcoreapp5.0)
      System.Runtime (>= 4.3) - restriction: || (&& (< monoandroid) (< monotouch) (< net45) (>= netstandard1.0) (< win8) (< wp8) (< wpa81) (< xamarinios) (< xamarinmac) (< xamarintvos) (< xamarinwatchos)) (>= netcoreapp5.0)
    System.Runtime (4.3.1) - restriction: || (&& (< monoandroid) (< monotouch) (< net20) (>= netstandard1.4) (< netstandard2.0) (< xamarintvos) (< xamarinwatchos)) (&& (< monoandroid) (< monotouch) (< net20) (>= netstandard1.5) (< netstandard2.0) (< win8) (< wpa81) (< xamarintvos) (< xamarinwatchos)) (&& (< monoandroid) (< net20) (< netstandard1.1) (>= netstandard1.2) (< win8)) (&& (< monoandroid) (< net20) (< netstandard1.1) (>= netstandard1.3) (< win8)) (&& (< monoandroid) (< net20) (< netstandard1.1) (>= netstandard1.4) (< win8)) (&& (< monoandroid) (< net20) (< netstandard1.1) (>= netstandard1.5) (< win8)) (&& (< monoandroid) (< net20) (< netstandard1.1) (>= netstandard1.6) (< win8)) (&& (< monoandroid) (< net20) (< netstandard1.2) (>= netstandard1.6) (< win8)) (&& (< monoandroid) (< net20) (>= netstandard1.3) (< netstandard1.4)) (&& (< monoandroid) (< net20) (>= netstandard1.3) (< netstandard1.5) (< win8) (< wpa81)) (&& (< monoandroid) (< net20) (< netstandard1.4) (>= netstandard1.6) (< win8) (< wpa81)) (&& (< monoandroid) (< net20) (< netstandard1.5) (>= netstandard1.6) (< win8) (< wpa81)) (&& (< net20) (>= net46) (< netstandard1.3)) (&& (< net20) (>= net46) (< netstandard1.4)) (&& (< net20) (>= net462) (< netstandard1.3)) (&& (< net20) (>= net462) (< netstandard2.0)) (&& (< net20) (>= netstandard1.0) (< portable-net45+win8+wpa81) (< wp8)) (&& (< net20) (>= netstandard1.1) (< netstandard1.2) (< win8)) (&& (< net20) (>= netstandard1.1) (< portable-net45+win8+wpa81)) (&& (< net20) (>= netstandard1.2) (< netstandard1.3) (< win8) (< wpa81)) (&& (< net20) (< netstandard1.2) (>= netstandard1.3) (< win8)) (&& (< net20) (>= netstandard1.3) (< netstandard1.4) (< win8) (< wpa81)) (&& (< net20) (>= netstandard1.3) (< portable-net45+win8+wpa81)) (&& (< net20) (< netstandard1.3) (>= netstandard1.4) (< win8) (< wpa81)) (&& (< net20) (< netstandard1.3) (>= netstandard1.5) (< win8) (< wpa81)) (&& (< net20) (< netstandard1.3) (>= netstandard1.6) (< win8) (< wpa81)) (&& (< net20) (>= netstandard1.4) (< netstandard1.5) (< win8) (< wpa81)) (&& (< net20) (>= netstandard1.5) (< netstandard1.6) (< win8) (< wpa81)) (&& (< net20) (>= netstandard1.6) (< netstandard2.0) (< win8) (< wpa81)) (&& (< net20) (>= netstandard1.6) (< portable-net45+win8+wpa81)) (&& (>= netcoreapp5.0) (< netstandard1.2)) (&& (>= netcoreapp5.0) (< netstandard1.3)) (&& (>= netcoreapp5.0) (< netstandard1.4)) (&& (>= netcoreapp5.0) (< netstandard1.5)) (&& (>= netcoreapp5.0) (< netstandard1.6)) (&& (>= netcoreapp5.0) (< netstandard2.0)) (&& (>= netcoreapp5.0) (< portable-net45+win8+wpa81)) (&& (< netstandard1.1) (>= uap10.0) (< win8)) (&& (< netstandard1.3) (>= uap10.0)) (&& (< netstandard1.5) (>= netstandard1.6) (>= uap10.0)) (&& (< netstandard1.5) (>= uap10.0) (< uap10.1)) (&& (< netstandard1.5) (>= uap10.0) (< win8) (< wpa81)) (&& (< netstandard1.5) (>= uap10.0) (< win81) (< wpa81))
      Microsoft.NETCore.Platforms (>= 1.1.1) - restriction: || (&& (< monoandroid) (< monotouch) (< net45) (>= netstandard1.5) (< win8) (< wpa81) (< xamarinios) (< xamarinmac) (< xamarintvos) (< xamarinwatchos)) (&& (< monoandroid) (< net45) (>= netstandard1.0) (< netstandard1.2) (< win8) (< wp8)) (&& (< monoandroid) (< net45) (>= netstandard1.2) (< netstandard1.3) (< win8) (< wpa81)) (&& (< monoandroid) (< net45) (>= netstandard1.3) (< netstandard1.5) (< win8) (< wpa81)) (>= netcoreapp5.0)
      Microsoft.NETCore.Targets (>= 1.1.3) - restriction: || (&& (< monoandroid) (< monotouch) (< net45) (>= netstandard1.5) (< win8) (< wpa81) (< xamarinios) (< xamarinmac) (< xamarintvos) (< xamarinwatchos)) (&& (< monoandroid) (< net45) (>= netstandard1.0) (< netstandard1.2) (< win8) (< wp8)) (&& (< monoandroid) (< net45) (>= netstandard1.2) (< netstandard1.3) (< win8) (< wpa81)) (&& (< monoandroid) (< net45) (>= netstandard1.3) (< netstandard1.5) (< win8) (< wpa81)) (>= netcoreapp5.0)
    System.Runtime.CompilerServices.Unsafe (4.7.1) - restriction: || (&& (< monoandroid) (< monotouch) (< net20) (>= netstandard1.6) (< netstandard2.0) (< win8) (< wpa81) (< xamarintvos) (< xamarinwatchos)) (&& (< monoandroid) (< net20) (< netstandard1.0) (>= netstandard1.3) (< win8)) (&& (< monoandroid) (< net20) (< netstandard1.0) (>= netstandard1.4) (< win8)) (&& (< monoandroid) (< net20) (< netstandard1.0) (>= netstandard1.5) (< win8)) (&& (< monoandroid) (< net20) (< netstandard1.0) (>= netstandard1.6) (< win8)) (&& (< monoandroid) (< net20) (< netstandard1.2) (>= netstandard1.3) (< win8)) (&& (< monoandroid) (< net20) (< netstandard1.2) (>= netstandard2.0) (< win8)) (&& (< monoandroid) (< net20) (>= netstandard1.3) (< netstandard1.4) (< win8) (< wpa81)) (&& (< monoandroid) (< net20) (< netstandard1.3) (>= netstandard1.4) (< win8) (< wpa81)) (&& (< monoandroid) (< net20) (< netstandard1.3) (>= netstandard1.5) (< win8) (< wpa81)) (&& (< monoandroid) (< net20) (< netstandard1.3) (>= netstandard1.6) (< win8) (< wpa81)) (&& (< monoandroid) (< net20) (< netstandard1.3) (>= netstandard2.0) (< win8) (< wpa81)) (&& (< monoandroid) (< net20) (>= netstandard1.4) (< netstandard1.5) (< win8) (< wpa81)) (&& (< monoandroid) (< net20) (< netstandard1.4) (>= netstandard2.0) (< win8) (< wpa81)) (&& (< monoandroid) (< net20) (>= netstandard1.5) (< netstandard1.6) (< win8) (< wpa81)) (&& (< monoandroid) (< net20) (< netstandard1.5) (>= netstandard2.0) (< win8) (< wpa81)) (&& (< monoandroid) (< net20) (< netstandard1.6) (>= netstandard2.0) (< win8) (< wpa81)) (&& (< net20) (>= net45) (< netstandard1.2) (>= netstandard1.3)) (&& (< net20) (>= net45) (>= netstandard1.3) (< netstandard1.4)) (&& (< net20) (>= net45) (< netstandard1.3) (>= netstandard1.4)) (&& (< net20) (>= net45) (< netstandard1.3) (>= netstandard1.5)) (&& (< net20) (>= net45) (< netstandard1.3) (>= netstandard1.6)) (&& (< net20) (>= net45) (>= netstandard1.4) (< netstandard1.5)) (&& (< net20) (>= net45) (>= netstandard1.5) (< netstandard1.6)) (&& (< net20) (>= net45) (>= netstandard1.6) (< netstandard2.0)) (&& (< net20) (>= net46) (< netstandard1.0)) (&& (< net20) (>= net46) (< netstandard1.3)) (&& (< net20) (>= net46) (< netstandard1.4)) (&& (< net20) (>= net461) (< netstandard1.2)) (&& (< net20) (>= net461) (< netstandard1.3)) (&& (< net20) (>= net461) (< netstandard1.4)) (&& (< net20) (>= net461) (>= netstandard1.5) (< netstandard1.6)) (&& (< net20) (>= net461) (< netstandard1.5)) (&& (< net20) (>= net461) (>= netstandard1.6) (< netstandard2.0)) (&& (< net20) (>= net461) (< portable-net45+win8+wpa81)) (&& (< net20) (>= netstandard1.3) (< portable-net45+win8+wpa81)) (&& (< net20) (>= netstandard2.0) (< portable-net45+win8+wpa81)) (&& (>= net45) (< netstandard1.3) (>= uap10.0)) (&& (>= net45) (< netstandard1.5) (>= uap10.0)) (&& (>= net46) (< netstandard1.0) (>= win8)) (&& (>= net46) (< netstandard1.3) (>= wpa81)) (&& (>= net46) (< netstandard1.4) (>= wpa81)) (&& (>= net46) (>= wp8)) (&& (>= net461) (< netstandard1.3) (>= uap10.0)) (&& (>= net461) (< netstandard1.5) (>= uap10.0)) (&& (>= netcoreapp5.0) (< netstandard1.0)) (&& (>= netcoreapp5.0) (< netstandard1.2)) (&& (>= netcoreapp5.0) (< netstandard1.3)) (&& (>= netcoreapp5.0) (< netstandard1.4)) (&& (>= netcoreapp5.0) (< netstandard1.5)) (&& (>= netcoreapp5.0) (< netstandard1.6)) (&& (>= netcoreapp5.0) (< netstandard2.0)) (&& (>= netcoreapp5.0) (< portable-net45+win8+wpa81)) (&& (>= netcoreapp5.0) (>= wp8)) (&& (< netstandard1.0) (>= netstandard1.3) (< portable-net45+win8+wpa81) (>= win8)) (&& (< netstandard1.0) (>= uap10.0) (< win8)) (&& (< netstandard1.2) (>= netstandard1.3) (< win8) (>= wpa81)) (&& (>= netstandard1.3) (< portable-net45+win8+wpa81) (>= wpa81)) (&& (>= netstandard1.3) (>= wp8)) (&& (< netstandard1.3) (>= uap10.0) (< win8) (< wpa81)) (&& (>= netstandard1.4) (>= wp8)) (&& (>= netstandard1.5) (>= wp8)) (&& (< netstandard1.5) (>= uap10.0) (< win8) (< wpa81)) (&& (>= netstandard1.6) (>= wp8)) (&& (>= uap10.0) (>= wp8))
      System.Runtime (>= 4.3) - restriction: && (< net45) (>= netstandard1.0) (< netstandard2.0) (< win8) (< wp8) (< wpa81)
    System.Runtime.Extensions (4.3.1) - restriction: || (&& (< monoandroid) (< monotouch) (< net20) (>= netstandard1.3) (< netstandard2.0) (< xamarintvos) (< xamarinwatchos)) (&& (< monoandroid) (< monotouch) (< net20) (>= netstandard1.5) (< netstandard2.0) (< win8) (< wpa81) (< xamarintvos) (< xamarinwatchos)) (&& (< monoandroid) (< net20) (>= netstandard1.0) (< netstandard1.3) (< win8) (< wp8) (< wpa81)) (&& (< monoandroid) (< net20) (< netstandard1.2) (>= netstandard1.6) (< win8)) (&& (< monoandroid) (< net20) (>= netstandard1.3) (< netstandard1.5) (< win8) (< wpa81)) (&& (< monoandroid) (< net20) (< netstandard1.4) (>= netstandard1.6) (< win8) (< wpa81)) (&& (< monoandroid) (< net20) (< netstandard1.5) (>= netstandard1.6) (< win8) (< wpa81)) (&& (< net20) (>= net46) (< netstandard1.3)) (&& (< net20) (>= net46) (< netstandard1.4)) (&& (< net20) (>= net462) (< netstandard1.3)) (&& (< net20) (>= net462) (< netstandard2.0)) (&& (< net20) (>= netstandard1.0) (< portable-net45+win8+wpa81) (< wp8)) (&& (< net20) (>= netstandard1.1) (< netstandard1.2) (< win8)) (&& (< net20) (>= netstandard1.2) (< netstandard1.3) (< win8) (< wpa81)) (&& (< net20) (< netstandard1.2) (>= netstandard1.3) (< win8)) (&& (< net20) (>= netstandard1.3) (< netstandard1.4) (< win8) (< wpa81)) (&& (< net20) (>= netstandard1.3) (< portable-net45+win8+wpa81)) (&& (< net20) (< netstandard1.3) (>= netstandard1.4) (< win8) (< wpa81)) (&& (< net20) (< netstandard1.3) (>= netstandard1.5) (< win8) (< wpa81)) (&& (< net20) (< netstandard1.3) (>= netstandard1.6) (< win8) (< wpa81)) (&& (< net20) (>= netstandard1.4) (< netstandard1.5) (< win8) (< wpa81)) (&& (< net20) (>= netstandard1.5) (< netstandard1.6) (< win8) (< wpa81)) (&& (< net20) (>= netstandard1.6) (< netstandard2.0) (< win8) (< wpa81)) (&& (< net20) (>= netstandard1.6) (< portable-net45+win8+wpa81)) (&& (>= netcoreapp5.0) (< netstandard1.2)) (&& (>= netcoreapp5.0) (< netstandard1.3)) (&& (>= netcoreapp5.0) (< netstandard1.4)) (&& (>= netcoreapp5.0) (< netstandard1.5)) (&& (>= netcoreapp5.0) (< netstandard1.6)) (&& (>= netcoreapp5.0) (< netstandard2.0)) (&& (>= netcoreapp5.0) (< portable-net45+win8+wpa81)) (&& (< netstandard1.3) (>= uap10.0)) (&& (< netstandard1.5) (>= netstandard1.6) (>= uap10.0)) (&& (< netstandard1.5) (>= uap10.0) (< uap10.1)) (&& (< netstandard1.5) (>= uap10.0) (< win8) (< wpa81))
      Microsoft.NETCore.Platforms (>= 1.1.1) - restriction: || (&& (< monoandroid) (< monotouch) (< net45) (>= netstandard1.5) (< win8) (< wpa81) (< xamarinios) (< xamarinmac) (< xamarintvos) (< xamarinwatchos)) (&& (< monoandroid) (< net45) (>= netstandard1.0) (< netstandard1.3) (< win8) (< wp8) (< wpa81)) (&& (< monoandroid) (< net45) (>= netstandard1.3) (< netstandard1.5) (< win8) (< wpa81)) (>= netcoreapp5.0)
      Microsoft.NETCore.Targets (>= 1.1.3) - restriction: || (&& (< monoandroid) (< monotouch) (< net45) (>= netstandard1.5) (< win8) (< wpa81) (< xamarinios) (< xamarinmac) (< xamarintvos) (< xamarinwatchos)) (&& (< monoandroid) (< net45) (>= netstandard1.0) (< netstandard1.3) (< win8) (< wp8) (< wpa81)) (&& (< monoandroid) (< net45) (>= netstandard1.3) (< netstandard1.5) (< win8) (< wpa81)) (>= netcoreapp5.0)
      System.Runtime (>= 4.3.1) - restriction: || (&& (< monoandroid) (< monotouch) (< net45) (>= netstandard1.5) (< win8) (< wpa81) (< xamarinios) (< xamarinmac) (< xamarintvos) (< xamarinwatchos)) (&& (< monoandroid) (< net45) (>= netstandard1.0) (< netstandard1.3) (< win8) (< wp8) (< wpa81)) (&& (< monoandroid) (< net45) (>= netstandard1.3) (< netstandard1.5) (< win8) (< wpa81)) (>= netcoreapp5.0)
    System.Runtime.Handles (4.3) - restriction: || (&& (< monoandroid) (< net20) (< netstandard1.2) (>= netstandard1.3) (< win8)) (&& (< monoandroid) (< net20) (< netstandard1.2) (>= netstandard1.6) (< win8)) (&& (< monoandroid) (< net20) (< netstandard1.4) (>= netstandard1.6) (< win8) (< wpa81)) (&& (< monoandroid) (< net20) (< netstandard1.5) (>= netstandard1.6) (< win8) (< wpa81)) (&& (< net20) (>= net46) (< netstandard1.3)) (&& (< net20) (>= net46) (< netstandard1.4)) (&& (< net20) (>= netstandard1.3) (< netstandard1.4) (< win8) (< wpa81)) (&& (< net20) (< netstandard1.3) (>= netstandard1.4) (< win8) (< wpa81)) (&& (< net20) (< netstandard1.3) (>= netstandard1.5) (< win8) (< wpa81)) (&& (< net20) (< netstandard1.3) (>= netstandard1.6) (< win8) (< wpa81)) (&& (< net20) (>= netstandard1.4) (< netstandard1.5) (< win8) (< wpa81)) (&& (< net20) (>= netstandard1.5) (< netstandard1.6) (< win8) (< wpa81)) (&& (< net20) (>= netstandard1.6) (< netstandard2.0) (< win8) (< wpa81)) (&& (>= netcoreapp5.0) (< netstandard1.3)) (&& (>= netcoreapp5.0) (< netstandard1.4)) (&& (>= netcoreapp5.0) (< netstandard1.5)) (&& (>= netcoreapp5.0) (< netstandard1.6)) (&& (>= netcoreapp5.0) (< netstandard2.0)) (&& (< netstandard1.3) (>= uap10.0)) (&& (< netstandard1.5) (>= netstandard1.6) (>= uap10.0)) (&& (< netstandard1.5) (>= uap10.0) (< uap10.1)) (&& (< netstandard1.5) (>= uap10.0) (< win8) (< wpa81))
      Microsoft.NETCore.Platforms (>= 1.1) - restriction: && (< monoandroid) (< monotouch) (< net46) (>= netstandard1.3) (< xamarinios) (< xamarinmac) (< xamarintvos) (< xamarinwatchos)
      Microsoft.NETCore.Targets (>= 1.1) - restriction: && (< monoandroid) (< monotouch) (< net46) (>= netstandard1.3) (< xamarinios) (< xamarinmac) (< xamarintvos) (< xamarinwatchos)
      System.Runtime (>= 4.3) - restriction: && (< monoandroid) (< monotouch) (< net46) (>= netstandard1.3) (< xamarinios) (< xamarinmac) (< xamarintvos) (< xamarinwatchos)
    System.Runtime.InteropServices (4.3) - restriction: || (&& (< monoandroid) (< monotouch) (< net20) (>= netstandard1.5) (< netstandard2.0) (< win8) (< wpa81) (< xamarintvos) (< xamarinwatchos)) (&& (< monoandroid) (< net20) (< netstandard1.0) (>= netstandard1.3) (< win8)) (&& (< monoandroid) (< net20) (< netstandard1.2) (>= netstandard1.6) (< win8)) (&& (< monoandroid) (< net20) (< netstandard1.4) (>= netstandard1.6) (< win8) (< wpa81)) (&& (< monoandroid) (< net20) (< netstandard1.5) (>= netstandard1.6) (< win8) (< wpa81)) (&& (< net20) (>= net45) (< netstandard1.3)) (&& (< net20) (>= net46) (< netstandard1.3)) (&& (< net20) (>= net46) (< netstandard1.4)) (&& (< net20) (< netstandard1.0) (>= netstandard1.3) (< portable-net45+win8)) (&& (< net20) (>= netstandard1.1) (< netstandard1.2) (< win8)) (&& (< net20) (>= netstandard1.2) (< netstandard1.3) (< win8) (< wpa81)) (&& (< net20) (< netstandard1.2) (>= netstandard1.3) (< win8)) (&& (< net20) (>= netstandard1.3) (< netstandard1.4) (< win8) (< wpa81)) (&& (< net20) (< netstandard1.3) (>= netstandard1.4) (< win8) (< wpa81)) (&& (< net20) (< netstandard1.3) (>= netstandard1.5) (< win8) (< wpa81)) (&& (< net20) (< netstandard1.3) (>= netstandard1.6) (< win8) (< wpa81)) (&& (< net20) (>= netstandard1.4) (< netstandard1.5) (< win8) (< wpa81)) (&& (< net20) (>= netstandard1.5) (< netstandard1.6) (< win8) (< wpa81)) (&& (< net20) (>= netstandard1.6) (< netstandard2.0) (< win8) (< wpa81)) (&& (>= netcoreapp5.0) (< netstandard1.2)) (&& (>= netcoreapp5.0) (< netstandard1.3)) (&& (>= netcoreapp5.0) (< netstandard1.4)) (&& (>= netcoreapp5.0) (< netstandard1.5)) (&& (>= netcoreapp5.0) (< netstandard1.6)) (&& (>= netcoreapp5.0) (< netstandard2.0)) (&& (< netstandard1.3) (>= uap10.0)) (&& (< netstandard1.5) (>= netstandard1.6) (>= uap10.0)) (&& (< netstandard1.5) (>= uap10.0) (< uap10.1)) (&& (< netstandard1.5) (>= uap10.0) (< win8) (< wpa81))
      Microsoft.NETCore.Platforms (>= 1.1) - restriction: || (&& (< monoandroid) (< monotouch) (< net45) (>= netstandard1.5) (< win8) (< wpa81) (< xamarinios) (< xamarinmac) (< xamarintvos) (< xamarinwatchos)) (&& (< monoandroid) (< net45) (>= netstandard1.1) (< netstandard1.2) (< win8)) (&& (< monoandroid) (< net45) (>= netstandard1.2) (< netstandard1.3) (< win8) (< wpa81)) (&& (< monoandroid) (< net45) (>= netstandard1.3) (< netstandard1.5) (< win8) (< wpa81)) (>= netcoreapp1.1)
      Microsoft.NETCore.Targets (>= 1.1) - restriction: || (&& (< monoandroid) (< monotouch) (< net45) (>= netstandard1.5) (< win8) (< wpa81) (< xamarinios) (< xamarinmac) (< xamarintvos) (< xamarinwatchos)) (&& (< monoandroid) (< net45) (>= netstandard1.1) (< netstandard1.2) (< win8)) (&& (< monoandroid) (< net45) (>= netstandard1.2) (< netstandard1.3) (< win8) (< wpa81)) (&& (< monoandroid) (< net45) (>= netstandard1.3) (< netstandard1.5) (< win8) (< wpa81)) (>= netcoreapp1.1)
      System.Reflection (>= 4.3) - restriction: || (&& (< monoandroid) (< monotouch) (< net45) (>= netstandard1.5) (< win8) (< wpa81) (< xamarinios) (< xamarinmac) (< xamarintvos) (< xamarinwatchos)) (&& (< monoandroid) (< net45) (>= netstandard1.1) (< netstandard1.2) (< win8)) (&& (< monoandroid) (< net45) (>= netstandard1.2) (< netstandard1.3) (< win8) (< wpa81)) (&& (< monoandroid) (< net45) (>= netstandard1.3) (< netstandard1.5) (< win8) (< wpa81)) (>= netcoreapp1.1)
      System.Reflection.Primitives (>= 4.3) - restriction: || (&& (< monoandroid) (< monotouch) (< net45) (>= netstandard1.5) (< win8) (< wpa81) (< xamarinios) (< xamarinmac) (< xamarintvos) (< xamarinwatchos)) (&& (< monoandroid) (< net45) (>= netstandard1.1) (< netstandard1.2) (< win8)) (&& (< monoandroid) (< net45) (>= netstandard1.2) (< netstandard1.3) (< win8) (< wpa81)) (&& (< monoandroid) (< net45) (>= netstandard1.3) (< netstandard1.5) (< win8) (< wpa81)) (>= netcoreapp1.1)
      System.Runtime (>= 4.3) - restriction: || (&& (< monoandroid) (< monotouch) (< net45) (>= netstandard1.5) (< win8) (< wpa81) (< xamarinios) (< xamarinmac) (< xamarintvos) (< xamarinwatchos)) (&& (< monoandroid) (< net45) (>= netstandard1.1) (< netstandard1.2) (< win8)) (&& (< monoandroid) (< net45) (>= netstandard1.2) (< netstandard1.3) (< win8) (< wpa81)) (&& (< monoandroid) (< net45) (>= netstandard1.3) (< netstandard1.5) (< win8) (< wpa81)) (>= net462) (>= netcoreapp1.1)
      System.Runtime.Handles (>= 4.3) - restriction: || (&& (< monoandroid) (< monotouch) (< net45) (>= netstandard1.5) (< win8) (< wpa81) (< xamarinios) (< xamarinmac) (< xamarintvos) (< xamarinwatchos)) (&& (< monoandroid) (< net45) (>= netstandard1.3) (< netstandard1.5) (< win8) (< wpa81)) (>= netcoreapp1.1)
    System.Runtime.InteropServices.RuntimeInformation (4.3) - restriction: || (&& (< net20) (>= net45) (< netstandard1.3)) (&& (< net20) (>= net46) (< netstandard1.3)) (&& (< net20) (>= net46) (< netstandard1.4)) (&& (< net20) (< netstandard1.0) (>= netstandard1.3) (< portable-net45+win8)) (&& (< net20) (< netstandard1.0) (>= netstandard1.3) (< win8)) (&& (< net20) (>= netstandard1.1) (< netstandard1.2) (< win8)) (&& (< net20) (>= netstandard1.2) (< netstandard1.3) (< win8) (< wpa81)) (&& (< net20) (< netstandard1.2) (>= netstandard1.3) (< win8)) (&& (< net20) (>= netstandard1.3) (< netstandard1.4) (< win8) (< wpa81)) (&& (< net20) (< netstandard1.3) (>= netstandard1.4) (< win8) (< wpa81)) (&& (< net20) (< netstandard1.3) (>= netstandard1.5) (< win8) (< wpa81)) (&& (< net20) (< netstandard1.3) (>= netstandard1.6) (< win8) (< wpa81)) (&& (< net20) (>= netstandard1.4) (< netstandard1.5) (< win8) (< wpa81)) (&& (< net20) (>= netstandard1.5) (< netstandard1.6) (< win8) (< wpa81)) (&& (< net20) (>= netstandard1.6) (< netstandard2.0) (< win8) (< wpa81)) (&& (< netstandard1.0) (>= netstandard1.3) (>= win8)) (&& (< netstandard1.3) (>= uap10.0)) (&& (< netstandard1.3) (< win8) (>= wpa81)) (&& (< netstandard1.5) (>= uap10.0) (< uap10.1))
      runtime.native.System (>= 4.3) - restriction: && (< monoandroid) (< monotouch) (< net45) (< netcoreapp5.0) (>= netstandard1.1) (< win8) (< wpa81) (< xamarinios) (< xamarinmac) (< xamarintvos) (< xamarinwatchos)
      System.Reflection (>= 4.3) - restriction: || (&& (< monoandroid) (< monotouch) (< net45) (>= netstandard1.1) (< win8) (< wpa81) (< xamarinios) (< xamarinmac) (< xamarintvos) (< xamarinwatchos)) (>= netcoreapp5.0)
      System.Reflection.Extensions (>= 4.3) - restriction: || (&& (< monoandroid) (< monotouch) (< net45) (>= netstandard1.1) (< win8) (< wpa81) (< xamarinios) (< xamarinmac) (< xamarintvos) (< xamarinwatchos)) (>= netcoreapp5.0)
      System.Resources.ResourceManager (>= 4.3) - restriction: || (&& (< monoandroid) (< monotouch) (< net45) (>= netstandard1.1) (< win8) (< wpa81) (< xamarinios) (< xamarinmac) (< xamarintvos) (< xamarinwatchos)) (>= netcoreapp5.0)
      System.Runtime (>= 4.3) - restriction: || (&& (< monoandroid) (< monotouch) (< net45) (>= netstandard1.1) (< win8) (< wpa81) (< xamarinios) (< xamarinmac) (< xamarintvos) (< xamarinwatchos)) (>= netcoreapp5.0)
      System.Runtime.InteropServices (>= 4.3) - restriction: && (< monoandroid) (< monotouch) (< net45) (< netcoreapp5.0) (>= netstandard1.1) (< win8) (< wpa81) (< xamarinios) (< xamarinmac) (< xamarintvos) (< xamarinwatchos)
      System.Threading (>= 4.3) - restriction: || (&& (< monoandroid) (< monotouch) (< net45) (>= netstandard1.1) (< win8) (< wpa81) (< xamarinios) (< xamarinmac) (< xamarintvos) (< xamarinwatchos)) (>= netcoreapp5.0)
    System.Runtime.Numerics (4.3) - restriction: || (&& (< monoandroid) (< net20) (< netstandard1.4) (>= netstandard1.6) (< win8) (< wpa81)) (&& (< monoandroid) (< net20) (< netstandard1.5) (>= netstandard1.6) (< win8) (< wpa81)) (&& (< net20) (>= net46) (< netstandard1.3) (>= netstandard1.6)) (&& (< net20) (>= net46) (< netstandard1.4) (>= netstandard1.6)) (&& (< net20) (>= netstandard1.1) (< netstandard1.2) (< win8)) (&& (< net20) (>= netstandard1.2) (< netstandard1.3) (< win8) (< wpa81)) (&& (< net20) (< netstandard1.2) (>= netstandard1.3) (< win8)) (&& (< net20) (>= netstandard1.3) (< netstandard1.4) (< win8) (< wpa81)) (&& (< net20) (< netstandard1.3) (>= netstandard1.4) (< win8) (< wpa81)) (&& (< net20) (< netstandard1.3) (>= netstandard1.5) (< win8) (< wpa81)) (&& (< net20) (< netstandard1.3) (>= netstandard1.6) (< win8) (< wpa81)) (&& (< net20) (>= netstandard1.4) (< netstandard1.5) (< win8) (< wpa81)) (&& (< net20) (>= netstandard1.5) (< netstandard1.6) (< win8) (< wpa81)) (&& (< net20) (>= netstandard1.6) (< netstandard2.0) (< win8) (< wpa81)) (&& (< netstandard1.3) (>= uap10.0)) (&& (< netstandard1.5) (>= netstandard1.6) (>= uap10.0)) (&& (< netstandard1.5) (>= uap10.0) (< uap10.1))
      System.Globalization (>= 4.3) - restriction: || (&& (< monoandroid) (< monotouch) (< net45) (>= netstandard1.3) (< win8) (< wpa81) (< xamarinios) (< xamarinmac) (< xamarintvos) (< xamarinwatchos)) (>= netcoreapp5.0)
      System.Resources.ResourceManager (>= 4.3) - restriction: || (&& (< monoandroid) (< monotouch) (< net45) (>= netstandard1.3) (< win8) (< wpa81) (< xamarinios) (< xamarinmac) (< xamarintvos) (< xamarinwatchos)) (>= netcoreapp5.0)
      System.Runtime (>= 4.3) - restriction: || (&& (< monoandroid) (< monotouch) (< net45) (>= netstandard1.3) (< win8) (< wpa81) (< xamarinios) (< xamarinmac) (< xamarintvos) (< xamarinwatchos)) (&& (< monoandroid) (< net45) (>= netstandard1.1) (< netstandard1.3) (< win8) (< wpa81)) (>= netcoreapp5.0)
      System.Runtime.Extensions (>= 4.3) - restriction: || (&& (< monoandroid) (< monotouch) (< net45) (>= netstandard1.3) (< win8) (< wpa81) (< xamarinios) (< xamarinmac) (< xamarintvos) (< xamarinwatchos)) (>= netcoreapp5.0)
    System.Runtime.Serialization.Formatters (4.3) - restriction: && (< net20) (>= netstandard1.3) (< netstandard2.0)
      System.Collections (>= 4.3) - restriction: && (< monoandroid) (< monotouch) (< net46) (>= netstandard1.4) (< xamarinios) (< xamarinmac) (< xamarintvos) (< xamarinwatchos)
      System.Reflection (>= 4.3) - restriction: && (< monoandroid) (< monotouch) (< net46) (>= netstandard1.4) (< xamarinios) (< xamarinmac) (< xamarintvos) (< xamarinwatchos)
      System.Resources.ResourceManager (>= 4.3) - restriction: && (< monoandroid) (< monotouch) (< net46) (>= netstandard1.4) (< xamarinios) (< xamarinmac) (< xamarintvos) (< xamarinwatchos)
      System.Runtime (>= 4.3) - restriction: || (&& (< monoandroid) (< monotouch) (< net46) (>= netstandard1.4) (< xamarinios) (< xamarinmac) (< xamarintvos) (< xamarinwatchos)) (&& (< monoandroid) (< net46) (>= netstandard1.3) (< netstandard1.4))
      System.Runtime.Serialization.Primitives (>= 4.3) - restriction: || (&& (< monoandroid) (< monotouch) (>= netstandard1.4) (< xamarinios) (< xamarinmac) (< xamarintvos) (< xamarinwatchos)) (&& (< monoandroid) (>= netstandard1.3) (< netstandard1.4)) (>= net46)
    System.Runtime.Serialization.Primitives (4.3) - restriction: || (&& (< monoandroid) (< monotouch) (< net20) (>= netstandard1.4) (< netstandard2.0) (< xamarintvos) (< xamarinwatchos)) (&& (< monoandroid) (< net20) (>= netstandard1.3) (< netstandard1.4)) (&& (< net20) (>= net46) (< netstandard2.0)) (&& (< net20) (>= netstandard1.0) (< netstandard1.3)) (&& (< net20) (>= netstandard1.3) (< netstandard2.0))
      System.Resources.ResourceManager (>= 4.3) - restriction: || (&& (< monoandroid) (< monotouch) (< net45) (>= netstandard1.3) (< win8) (< wpa81) (< xamarinios) (< xamarinmac) (< xamarintvos) (< xamarinwatchos)) (>= netcoreapp5.0)
      System.Runtime (>= 4.3) - restriction: || (&& (< monoandroid) (< monotouch) (< net45) (>= netstandard1.3) (< win8) (< wpa81) (< xamarinios) (< xamarinmac) (< xamarintvos) (< xamarinwatchos)) (&& (< monoandroid) (< net45) (>= netstandard1.0) (< netstandard1.3) (< win8) (< wp8) (< wpa81)) (>= netcoreapp5.0)
    System.Security.Cryptography.Algorithms (4.3.1) - restriction: || (&& (< monoandroid) (< net20) (< netstandard1.2) (>= netstandard1.6) (< win8)) (&& (< monoandroid) (< net20) (< netstandard1.4) (>= netstandard1.5) (< win8) (< wpa81)) (&& (< monoandroid) (< net20) (< netstandard1.4) (>= netstandard1.6) (< win8) (< wpa81)) (&& (< monoandroid) (< net20) (< netstandard1.5) (>= netstandard1.6) (< win8) (< wpa81)) (&& (< net20) (>= net46) (< netstandard1.3)) (&& (< net20) (>= net46) (< netstandard1.4)) (&& (< net20) (>= net461) (< netstandard1.3)) (&& (< net20) (>= net461) (< netstandard1.4)) (&& (< net20) (>= net461) (>= netstandard1.5) (< netstandard1.6)) (&& (< net20) (>= net461) (< netstandard1.5)) (&& (< net20) (>= net461) (>= netstandard1.6) (< netstandard2.0)) (&& (< net20) (>= netstandard1.3) (< netstandard1.4) (< win8) (< wpa81)) (&& (< net20) (< netstandard1.3) (>= netstandard1.4) (< win8) (< wpa81)) (&& (< net20) (< netstandard1.3) (>= netstandard1.5) (< win8) (< wpa81)) (&& (< net20) (< netstandard1.3) (>= netstandard1.6) (< win8) (< wpa81)) (&& (< net20) (>= netstandard1.4) (< netstandard1.5) (< win8) (< wpa81)) (&& (< net20) (>= netstandard1.5) (< netstandard1.6) (< win8) (< wpa81)) (&& (< net20) (>= netstandard1.6) (< netstandard2.0) (< win8) (< wpa81)) (&& (>= net461) (< netstandard1.5) (>= uap10.0)) (&& (>= netcoreapp5.0) (< netstandard1.3)) (&& (>= netcoreapp5.0) (< netstandard1.4)) (&& (>= netcoreapp5.0) (< netstandard1.5)) (&& (>= netcoreapp5.0) (< netstandard1.6)) (&& (>= netcoreapp5.0) (< netstandard2.0)) (&& (< netstandard1.3) (>= uap10.0)) (&& (< netstandard1.4) (>= uap10.0)) (&& (< netstandard1.5) (>= netstandard1.6) (>= uap10.0)) (&& (< netstandard1.5) (>= uap10.0) (< uap10.1))
      Microsoft.NETCore.Platforms (>= 1.1) - restriction: || (&& (< monoandroid) (< monotouch) (< net46) (>= netstandard1.6) (< xamarinios) (< xamarinmac) (< xamarintvos) (< xamarinwatchos)) (>= netcoreapp5.0)
      runtime.native.System.Security.Cryptography.Apple (>= 4.3.1) - restriction: && (< monoandroid) (< monotouch) (< net46) (< netcoreapp5.0) (>= netstandard1.6) (< xamarinios) (< xamarinmac) (< xamarintvos) (< xamarinwatchos)
      runtime.native.System.Security.Cryptography.OpenSsl (>= 4.3.2) - restriction: && (< monoandroid) (< monotouch) (< net46) (< netcoreapp5.0) (>= netstandard1.6) (< xamarinios) (< xamarinmac) (< xamarintvos) (< xamarinwatchos)
      System.Collections (>= 4.3) - restriction: && (< monoandroid) (< monotouch) (< net46) (< netcoreapp5.0) (>= netstandard1.6) (< xamarinios) (< xamarinmac) (< xamarintvos) (< xamarinwatchos)
      System.IO (>= 4.3) - restriction: || (&& (< monoandroid) (< monotouch) (< net46) (>= netstandard1.6) (< xamarinios) (< xamarinmac) (< xamarintvos) (< xamarinwatchos)) (&& (< monoandroid) (< net46) (>= netstandard1.3) (< netstandard1.4)) (&& (< monoandroid) (< net46) (>= netstandard1.4) (< netstandard1.6)) (>= net463) (>= netcoreapp5.0)
      System.Resources.ResourceManager (>= 4.3) - restriction: || (&& (< monoandroid) (< monotouch) (< net46) (>= netstandard1.6) (< xamarinios) (< xamarinmac) (< xamarintvos) (< xamarinwatchos)) (>= netcoreapp5.0)
      System.Runtime (>= 4.3) - restriction: || (&& (< monoandroid) (< monotouch) (< net46) (>= netstandard1.6) (< xamarinios) (< xamarinmac) (< xamarintvos) (< xamarinwatchos)) (&& (< monoandroid) (< net46) (>= netstandard1.3) (< netstandard1.4)) (&& (< monoandroid) (< net46) (>= netstandard1.4) (< netstandard1.6)) (>= net463) (>= netcoreapp5.0)
      System.Runtime.Extensions (>= 4.3) - restriction: || (&& (< monoandroid) (< monotouch) (< net46) (>= netstandard1.6) (< xamarinios) (< xamarinmac) (< xamarintvos) (< xamarinwatchos)) (>= netcoreapp5.0)
      System.Runtime.Handles (>= 4.3) - restriction: || (&& (< monoandroid) (< monotouch) (< net46) (>= netstandard1.6) (< xamarinios) (< xamarinmac) (< xamarintvos) (< xamarinwatchos)) (>= netcoreapp5.0)
      System.Runtime.InteropServices (>= 4.3) - restriction: || (&& (< monoandroid) (< monotouch) (< net46) (>= netstandard1.6) (< xamarinios) (< xamarinmac) (< xamarintvos) (< xamarinwatchos)) (>= netcoreapp5.0)
      System.Runtime.Numerics (>= 4.3) - restriction: && (< monoandroid) (< monotouch) (< net46) (< netcoreapp5.0) (>= netstandard1.6) (< xamarinios) (< xamarinmac) (< xamarintvos) (< xamarinwatchos)
      System.Security.Cryptography.Encoding (>= 4.3) - restriction: || (&& (< monoandroid) (< monotouch) (< net46) (>= netstandard1.6) (< xamarinios) (< xamarinmac) (< xamarintvos) (< xamarinwatchos)) (>= net463) (>= netcoreapp5.0)
      System.Security.Cryptography.Primitives (>= 4.3) - restriction: || (&& (< monoandroid) (< monotouch) (< net46) (>= netstandard1.6) (< xamarinios) (< xamarinmac) (< xamarintvos) (< xamarinwatchos)) (&& (< monoandroid) (< net46) (>= netstandard1.3) (< netstandard1.4)) (&& (< monoandroid) (< net46) (>= netstandard1.4) (< netstandard1.6)) (&& (>= net46) (< netstandard1.4)) (&& (>= net461) (< netstandard1.6)) (>= net463) (>= netcoreapp5.0)
      System.Text.Encoding (>= 4.3) - restriction: || (&& (< monoandroid) (< monotouch) (< net46) (>= netstandard1.6) (< xamarinios) (< xamarinmac) (< xamarintvos) (< xamarinwatchos)) (>= netcoreapp5.0)
    System.Security.Cryptography.Cng (4.7) - restriction: || (&& (< monoandroid) (< monotouch) (< net20) (>= netstandard1.6) (< netstandard2.0) (< win8) (< wpa81) (< xamarintvos) (< xamarinwatchos)) (&& (< monoandroid) (< net20) (< netstandard1.3) (>= netstandard1.6) (< win8) (< wpa81)) (&& (< monoandroid) (< net20) (< netstandard1.4) (>= netstandard1.6) (< win8) (< wpa81)) (&& (< monoandroid) (< net20) (< netstandard1.5) (>= netstandard1.6) (< win8) (< wpa81)) (&& (< net20) (>= net46) (< netstandard1.3) (>= netstandard1.6)) (&& (< net20) (>= net46) (< netstandard1.4) (>= netstandard1.6)) (&& (>= netcoreapp5.0) (< netstandard1.3)) (&& (>= netcoreapp5.0) (< netstandard1.4)) (&& (>= netcoreapp5.0) (< netstandard1.5)) (&& (>= netcoreapp5.0) (< netstandard1.6)) (&& (>= netcoreapp5.0) (< netstandard2.0)) (&& (< netstandard1.3) (>= netstandard1.6) (>= uap10.0)) (&& (< netstandard1.5) (>= netstandard1.6) (>= uap10.0))
      System.IO (>= 4.3) - restriction: || (&& (< monoandroid) (< monotouch) (< net46) (>= netstandard1.6) (< netstandard2.0) (< xamarintvos) (< xamarinwatchos)) (&& (< monoandroid) (< net46) (>= netstandard1.3) (< netstandard1.4)) (&& (< monoandroid) (< net46) (>= netstandard1.4) (< netstandard1.6) (< uap10.1))
      System.Resources.ResourceManager (>= 4.3) - restriction: || (&& (< monoandroid) (< monotouch) (< net46) (>= netstandard1.6) (< netstandard2.0) (< xamarintvos) (< xamarinwatchos)) (&& (< monoandroid) (< net46) (>= netstandard1.3) (< netstandard1.4)) (&& (< monoandroid) (< net46) (>= netstandard1.4) (< netstandard1.6) (< uap10.1))
      System.Runtime (>= 4.3) - restriction: || (&& (< monoandroid) (< monotouch) (< net46) (>= netstandard1.6) (< netstandard2.0) (< xamarintvos) (< xamarinwatchos)) (&& (< monoandroid) (< net46) (>= netstandard1.3) (< netstandard1.4)) (&& (< monoandroid) (< net46) (>= netstandard1.4) (< netstandard1.6) (< uap10.1))
      System.Runtime.Extensions (>= 4.3) - restriction: || (&& (< monoandroid) (< monotouch) (< net46) (>= netstandard1.6) (< netstandard2.0) (< xamarintvos) (< xamarinwatchos)) (&& (< monoandroid) (< net46) (>= netstandard1.4) (< netstandard1.6) (< uap10.1))
      System.Runtime.Handles (>= 4.3) - restriction: || (&& (< monoandroid) (< monotouch) (< net46) (>= netstandard1.6) (< netstandard2.0) (< xamarintvos) (< xamarinwatchos)) (&& (< monoandroid) (< net46) (>= netstandard1.3) (< netstandard1.4)) (&& (< monoandroid) (< net46) (>= netstandard1.4) (< netstandard1.6) (< uap10.1))
      System.Runtime.InteropServices (>= 4.3) - restriction: || (&& (< monoandroid) (< monotouch) (< net46) (>= netstandard1.6) (< netstandard2.0) (< xamarintvos) (< xamarinwatchos)) (&& (< monoandroid) (< net46) (>= netstandard1.3) (< netstandard1.4)) (&& (< monoandroid) (< net46) (>= netstandard1.4) (< netstandard1.6) (< uap10.1))
      System.Security.Cryptography.Algorithms (>= 4.3) - restriction: || (&& (< monoandroid) (< monotouch) (< net46) (>= netstandard1.6) (< netstandard2.0) (< xamarintvos) (< xamarinwatchos)) (&& (< monoandroid) (< net46) (>= netstandard1.3) (< netstandard1.4)) (&& (< monoandroid) (< net46) (>= netstandard1.4) (< netstandard1.6) (< uap10.1)) (&& (>= net46) (< netstandard1.4))
      System.Security.Cryptography.Encoding (>= 4.3) - restriction: || (&& (< monoandroid) (< monotouch) (< net46) (>= netstandard1.6) (< netstandard2.0) (< xamarintvos) (< xamarinwatchos)) (&& (< monoandroid) (< net46) (>= netstandard1.4) (< netstandard1.6) (< uap10.1))
      System.Security.Cryptography.Primitives (>= 4.3) - restriction: || (&& (< monoandroid) (< monotouch) (< net46) (>= netstandard1.6) (< netstandard2.0) (< xamarintvos) (< xamarinwatchos)) (&& (< monoandroid) (< net46) (>= netstandard1.3) (< netstandard1.4)) (&& (< monoandroid) (< net46) (>= netstandard1.4) (< netstandard1.6) (< uap10.1)) (&& (>= net46) (< netstandard1.4))
      System.Text.Encoding (>= 4.3) - restriction: || (&& (< monoandroid) (< monotouch) (< net46) (>= netstandard1.6) (< netstandard2.0) (< xamarintvos) (< xamarinwatchos)) (&& (< monoandroid) (< net46) (>= netstandard1.4) (< netstandard1.6) (< uap10.1))
    System.Security.Cryptography.Csp (4.3) - restriction: || (&& (< monoandroid) (< monotouch) (< net20) (>= netstandard1.6) (< netstandard2.0) (< win8) (< wpa81) (< xamarintvos) (< xamarinwatchos)) (&& (< monoandroid) (< net20) (< netstandard1.3) (>= netstandard1.6) (< win8) (< wpa81)) (&& (< monoandroid) (< net20) (< netstandard1.4) (>= netstandard1.6) (< win8) (< wpa81)) (&& (< monoandroid) (< net20) (< netstandard1.5) (>= netstandard1.6) (< win8) (< wpa81)) (&& (< net20) (>= net46) (< netstandard1.3) (>= netstandard1.6)) (&& (< net20) (>= net46) (< netstandard1.4) (>= netstandard1.6)) (&& (< netstandard1.3) (>= netstandard1.6) (>= uap10.0)) (&& (< netstandard1.5) (>= netstandard1.6) (>= uap10.0))
      Microsoft.NETCore.Platforms (>= 1.1) - restriction: && (< monoandroid) (< monotouch) (< net46) (< netcoreapp5.0) (>= netstandard1.3) (< xamarinios) (< xamarinmac) (< xamarintvos) (< xamarinwatchos)
      System.IO (>= 4.3) - restriction: && (< monoandroid) (< monotouch) (< net46) (< netcoreapp5.0) (>= netstandard1.3) (< xamarinios) (< xamarinmac) (< xamarintvos) (< xamarinwatchos)
      System.Reflection (>= 4.3) - restriction: && (< monoandroid) (< monotouch) (< net46) (< netcoreapp5.0) (>= netstandard1.3) (< xamarinios) (< xamarinmac) (< xamarintvos) (< xamarinwatchos)
      System.Resources.ResourceManager (>= 4.3) - restriction: && (< monoandroid) (< monotouch) (< net46) (< netcoreapp5.0) (>= netstandard1.3) (< xamarinios) (< xamarinmac) (< xamarintvos) (< xamarinwatchos)
      System.Runtime (>= 4.3) - restriction: && (< monoandroid) (< monotouch) (< net46) (< netcoreapp5.0) (>= netstandard1.3) (< xamarinios) (< xamarinmac) (< xamarintvos) (< xamarinwatchos)
      System.Runtime.Extensions (>= 4.3) - restriction: && (< monoandroid) (< monotouch) (< net46) (< netcoreapp5.0) (>= netstandard1.3) (< xamarinios) (< xamarinmac) (< xamarintvos) (< xamarinwatchos)
      System.Runtime.Handles (>= 4.3) - restriction: && (< monoandroid) (< monotouch) (< net46) (< netcoreapp5.0) (>= netstandard1.3) (< xamarinios) (< xamarinmac) (< xamarintvos) (< xamarinwatchos)
      System.Runtime.InteropServices (>= 4.3) - restriction: && (< monoandroid) (< monotouch) (< net46) (< netcoreapp5.0) (>= netstandard1.3) (< xamarinios) (< xamarinmac) (< xamarintvos) (< xamarinwatchos)
      System.Security.Cryptography.Algorithms (>= 4.3) - restriction: || (&& (< monoandroid) (< monotouch) (< netcoreapp5.0) (>= netstandard1.3) (< xamarinios) (< xamarinmac) (< xamarintvos) (< xamarinwatchos)) (>= net46)
      System.Security.Cryptography.Encoding (>= 4.3) - restriction: && (< monoandroid) (< monotouch) (< net46) (< netcoreapp5.0) (>= netstandard1.3) (< xamarinios) (< xamarinmac) (< xamarintvos) (< xamarinwatchos)
      System.Security.Cryptography.Primitives (>= 4.3) - restriction: || (&& (< monoandroid) (< monotouch) (< netcoreapp5.0) (>= netstandard1.3) (< xamarinios) (< xamarinmac) (< xamarintvos) (< xamarinwatchos)) (>= net46)
      System.Text.Encoding (>= 4.3) - restriction: && (< monoandroid) (< monotouch) (< net46) (< netcoreapp5.0) (>= netstandard1.3) (< xamarinios) (< xamarinmac) (< xamarintvos) (< xamarinwatchos)
      System.Threading (>= 4.3) - restriction: && (< monoandroid) (< monotouch) (< net46) (< netcoreapp5.0) (>= netstandard1.3) (< xamarinios) (< xamarinmac) (< xamarintvos) (< xamarinwatchos)
    System.Security.Cryptography.Encoding (4.3) - restriction: || (&& (< monoandroid) (< net20) (< netstandard1.2) (>= netstandard1.3) (< win8)) (&& (< monoandroid) (< net20) (< netstandard1.2) (>= netstandard1.6) (< win8)) (&& (< monoandroid) (< net20) (< netstandard1.4) (>= netstandard1.5) (< win8) (< wpa81)) (&& (< monoandroid) (< net20) (< netstandard1.4) (>= netstandard1.6) (< win8) (< wpa81)) (&& (< monoandroid) (< net20) (< netstandard1.5) (>= netstandard1.6) (< win8) (< wpa81)) (&& (< net20) (>= net46) (< netstandard1.3)) (&& (< net20) (>= net46) (< netstandard1.4)) (&& (< net20) (>= net461) (< netstandard1.3)) (&& (< net20) (>= net461) (< netstandard1.4)) (&& (< net20) (>= net461) (>= netstandard1.5) (< netstandard1.6)) (&& (< net20) (>= net461) (< netstandard1.5)) (&& (< net20) (>= net461) (>= netstandard1.6) (< netstandard2.0)) (&& (< net20) (>= net463) (< netstandard1.3)) (&& (< net20) (>= net463) (< netstandard1.4)) (&& (< net20) (>= net463) (< netstandard1.5)) (&& (< net20) (>= net463) (>= netstandard1.6) (< netstandard2.0)) (&& (< net20) (>= net463) (< netstandard1.6)) (&& (< net20) (>= netstandard1.3) (< netstandard1.4) (< win8) (< wpa81)) (&& (< net20) (< netstandard1.3) (>= netstandard1.4) (< win8) (< wpa81)) (&& (< net20) (< netstandard1.3) (>= netstandard1.5) (< win8) (< wpa81)) (&& (< net20) (< netstandard1.3) (>= netstandard1.6) (< win8) (< wpa81)) (&& (< net20) (>= netstandard1.4) (< netstandard1.5) (< win8) (< wpa81)) (&& (< net20) (>= netstandard1.5) (< netstandard1.6) (< win8) (< wpa81)) (&& (< net20) (>= netstandard1.6) (< netstandard2.0) (< win8) (< wpa81)) (&& (>= net461) (< netstandard1.5) (>= uap10.0)) (&& (>= net463) (< netstandard1.5) (>= uap10.0)) (&& (>= netcoreapp5.0) (< netstandard1.3)) (&& (>= netcoreapp5.0) (< netstandard1.4)) (&& (>= netcoreapp5.0) (< netstandard1.5)) (&& (>= netcoreapp5.0) (< netstandard1.6)) (&& (>= netcoreapp5.0) (< netstandard2.0)) (&& (< netstandard1.3) (>= uap10.0)) (&& (< netstandard1.4) (>= uap10.0)) (&& (< netstandard1.5) (>= netstandard1.6) (>= uap10.0)) (&& (< netstandard1.5) (>= uap10.0) (< uap10.1)) (&& (< netstandard1.5) (>= uap10.0) (< win8) (< wpa81))
      Microsoft.NETCore.Platforms (>= 1.1) - restriction: && (< monoandroid) (< monotouch) (< net46) (>= netstandard1.3) (< xamarinios) (< xamarinmac) (< xamarintvos) (< xamarinwatchos)
      runtime.native.System.Security.Cryptography.OpenSsl (>= 4.3) - restriction: && (< monoandroid) (< monotouch) (< net46) (>= netstandard1.3) (< xamarinios) (< xamarinmac) (< xamarintvos) (< xamarinwatchos)
      System.Collections (>= 4.3) - restriction: && (< monoandroid) (< monotouch) (< net46) (>= netstandard1.3) (< xamarinios) (< xamarinmac) (< xamarintvos) (< xamarinwatchos)
      System.Collections.Concurrent (>= 4.3) - restriction: && (< monoandroid) (< monotouch) (< net46) (>= netstandard1.3) (< xamarinios) (< xamarinmac) (< xamarintvos) (< xamarinwatchos)
      System.Linq (>= 4.3) - restriction: && (< monoandroid) (< monotouch) (< net46) (>= netstandard1.3) (< xamarinios) (< xamarinmac) (< xamarintvos) (< xamarinwatchos)
      System.Resources.ResourceManager (>= 4.3) - restriction: && (< monoandroid) (< monotouch) (< net46) (>= netstandard1.3) (< xamarinios) (< xamarinmac) (< xamarintvos) (< xamarinwatchos)
      System.Runtime (>= 4.3) - restriction: && (< monoandroid) (< monotouch) (< net46) (>= netstandard1.3) (< xamarinios) (< xamarinmac) (< xamarintvos) (< xamarinwatchos)
      System.Runtime.Extensions (>= 4.3) - restriction: && (< monoandroid) (< monotouch) (< net46) (>= netstandard1.3) (< xamarinios) (< xamarinmac) (< xamarintvos) (< xamarinwatchos)
      System.Runtime.Handles (>= 4.3) - restriction: && (< monoandroid) (< monotouch) (< net46) (>= netstandard1.3) (< xamarinios) (< xamarinmac) (< xamarintvos) (< xamarinwatchos)
      System.Runtime.InteropServices (>= 4.3) - restriction: && (< monoandroid) (< monotouch) (< net46) (>= netstandard1.3) (< xamarinios) (< xamarinmac) (< xamarintvos) (< xamarinwatchos)
      System.Security.Cryptography.Primitives (>= 4.3) - restriction: && (< monoandroid) (< monotouch) (< net46) (>= netstandard1.3) (< xamarinios) (< xamarinmac) (< xamarintvos) (< xamarinwatchos)
      System.Text.Encoding (>= 4.3) - restriction: && (< monoandroid) (< monotouch) (< net46) (>= netstandard1.3) (< xamarinios) (< xamarinmac) (< xamarintvos) (< xamarinwatchos)
    System.Security.Cryptography.OpenSsl (4.7) - restriction: || (&& (< monoandroid) (< monotouch) (< net20) (>= netstandard1.6) (< netstandard2.0) (< win8) (< wpa81) (< xamarintvos) (< xamarinwatchos)) (&& (< monoandroid) (< net20) (< netstandard1.2) (>= netstandard1.6) (< win8)) (&& (< monoandroid) (< net20) (< netstandard1.3) (>= netstandard1.6) (< win8) (< wpa81)) (&& (< monoandroid) (< net20) (< netstandard1.4) (>= netstandard1.6) (< win8) (< wpa81)) (&& (< monoandroid) (< net20) (< netstandard1.5) (>= netstandard1.6) (< win8) (< wpa81)) (&& (< net20) (>= net46) (< netstandard1.3) (>= netstandard1.6)) (&& (< net20) (>= net46) (< netstandard1.4) (>= netstandard1.6)) (&& (< netstandard1.3) (>= netstandard1.6) (>= uap10.0)) (&& (< netstandard1.5) (>= netstandard1.6) (>= uap10.0))
      System.Collections (>= 4.3) - restriction: && (>= netstandard1.6) (< netstandard2.0)
      System.IO (>= 4.3) - restriction: && (>= netstandard1.6) (< netstandard2.0)
      System.Resources.ResourceManager (>= 4.3) - restriction: && (>= netstandard1.6) (< netstandard2.0)
      System.Runtime (>= 4.3) - restriction: && (>= netstandard1.6) (< netstandard2.0)
      System.Runtime.Extensions (>= 4.3) - restriction: && (>= netstandard1.6) (< netstandard2.0)
      System.Runtime.Handles (>= 4.3) - restriction: && (>= netstandard1.6) (< netstandard2.0)
      System.Runtime.InteropServices (>= 4.3) - restriction: && (>= netstandard1.6) (< netstandard2.0)
      System.Runtime.Numerics (>= 4.3) - restriction: && (>= netstandard1.6) (< netstandard2.0)
      System.Security.Cryptography.Algorithms (>= 4.3) - restriction: && (>= netstandard1.6) (< netstandard2.0)
      System.Security.Cryptography.Encoding (>= 4.3) - restriction: && (>= netstandard1.6) (< netstandard2.0)
      System.Security.Cryptography.Primitives (>= 4.3) - restriction: && (>= netstandard1.6) (< netstandard2.0)
      System.Text.Encoding (>= 4.3) - restriction: && (>= netstandard1.6) (< netstandard2.0)
    System.Security.Cryptography.Primitives (4.3) - restriction: || (&& (< monoandroid) (< net20) (< netstandard1.2) (>= netstandard1.6) (< win8)) (&& (< monoandroid) (< net20) (< netstandard1.4) (>= netstandard1.5) (< win8) (< wpa81)) (&& (< monoandroid) (< net20) (< netstandard1.4) (>= netstandard1.6) (< win8) (< wpa81)) (&& (< monoandroid) (< net20) (< netstandard1.5) (>= netstandard1.6) (< win8) (< wpa81)) (&& (< net20) (>= net46) (< netstandard1.3)) (&& (< net20) (>= net46) (< netstandard1.4)) (&& (< net20) (>= net461) (< netstandard1.3)) (&& (< net20) (>= net461) (< netstandard1.4)) (&& (< net20) (>= net461) (>= netstandard1.5) (< netstandard1.6)) (&& (< net20) (>= net461) (< netstandard1.5)) (&& (< net20) (>= net463) (< netstandard1.3)) (&& (< net20) (>= net463) (< netstandard1.4)) (&& (< net20) (>= net463) (< netstandard1.5)) (&& (< net20) (>= net463) (>= netstandard1.6) (< netstandard2.0)) (&& (< net20) (>= net463) (< netstandard1.6)) (&& (< net20) (>= netstandard1.3) (< netstandard1.4) (< win8) (< wpa81)) (&& (< net20) (< netstandard1.3) (>= netstandard1.4) (< win8) (< wpa81)) (&& (< net20) (< netstandard1.3) (>= netstandard1.5) (< win8) (< wpa81)) (&& (< net20) (< netstandard1.3) (>= netstandard1.6) (< win8) (< wpa81)) (&& (< net20) (>= netstandard1.4) (< netstandard1.5) (< win8) (< wpa81)) (&& (< net20) (>= netstandard1.5) (< netstandard1.6) (< win8) (< wpa81)) (&& (< net20) (>= netstandard1.6) (< netstandard2.0) (< win8) (< wpa81)) (&& (>= net461) (< netstandard1.5) (>= uap10.0)) (&& (>= net463) (< netstandard1.5) (>= uap10.0)) (&& (>= netcoreapp5.0) (< netstandard1.3)) (&& (>= netcoreapp5.0) (< netstandard1.4)) (&& (>= netcoreapp5.0) (< netstandard1.5)) (&& (>= netcoreapp5.0) (< netstandard1.6)) (&& (>= netcoreapp5.0) (< netstandard2.0)) (&& (< netstandard1.3) (>= uap10.0)) (&& (< netstandard1.4) (>= uap10.0)) (&& (< netstandard1.5) (>= netstandard1.6) (>= uap10.0)) (&& (< netstandard1.5) (>= uap10.0) (< uap10.1))
      System.Diagnostics.Debug (>= 4.3) - restriction: && (< monoandroid) (< monotouch) (< net46) (>= netstandard1.3) (< xamarinios) (< xamarinmac) (< xamarintvos) (< xamarinwatchos)
      System.Globalization (>= 4.3) - restriction: && (< monoandroid) (< monotouch) (< net46) (>= netstandard1.3) (< xamarinios) (< xamarinmac) (< xamarintvos) (< xamarinwatchos)
      System.IO (>= 4.3) - restriction: && (< monoandroid) (< monotouch) (< net46) (>= netstandard1.3) (< xamarinios) (< xamarinmac) (< xamarintvos) (< xamarinwatchos)
      System.Resources.ResourceManager (>= 4.3) - restriction: && (< monoandroid) (< monotouch) (< net46) (>= netstandard1.3) (< xamarinios) (< xamarinmac) (< xamarintvos) (< xamarinwatchos)
      System.Runtime (>= 4.3) - restriction: && (< monoandroid) (< monotouch) (< net46) (>= netstandard1.3) (< xamarinios) (< xamarinmac) (< xamarintvos) (< xamarinwatchos)
      System.Threading (>= 4.3) - restriction: && (< monoandroid) (< monotouch) (< net46) (>= netstandard1.3) (< xamarinios) (< xamarinmac) (< xamarintvos) (< xamarinwatchos)
      System.Threading.Tasks (>= 4.3) - restriction: && (< monoandroid) (< monotouch) (< net46) (>= netstandard1.3) (< xamarinios) (< xamarinmac) (< xamarintvos) (< xamarinwatchos)
    System.Security.Cryptography.X509Certificates (4.3.2) - restriction: || (&& (< monoandroid) (< net20) (< netstandard1.2) (>= netstandard1.3) (< win8)) (&& (< monoandroid) (< net20) (< netstandard1.2) (>= netstandard1.6) (< win8)) (&& (< monoandroid) (< net20) (< netstandard1.4) (>= netstandard1.6) (< win8) (< wpa81)) (&& (< monoandroid) (< net20) (< netstandard1.5) (>= netstandard1.6) (< win8) (< wpa81)) (&& (< net20) (>= net46) (< netstandard1.2)) (&& (< net20) (>= net46) (< netstandard1.3)) (&& (< net20) (>= net46) (>= netstandard1.4) (< netstandard1.5)) (&& (< net20) (>= net46) (< netstandard1.4)) (&& (< net20) (>= net46) (>= netstandard1.5) (< netstandard1.6)) (&& (< net20) (>= net46) (>= netstandard1.6) (< netstandard2.0)) (&& (< net20) (>= netstandard1.3) (< netstandard1.4) (< win8) (< wpa81)) (&& (< net20) (< netstandard1.3) (>= netstandard1.4) (< win8) (< wpa81)) (&& (< net20) (< netstandard1.3) (>= netstandard1.5) (< win8) (< wpa81)) (&& (< net20) (< netstandard1.3) (>= netstandard1.6) (< win8) (< wpa81)) (&& (< net20) (>= netstandard1.4) (< netstandard1.5) (< win8) (< wpa81)) (&& (< net20) (>= netstandard1.5) (< netstandard1.6) (< win8) (< wpa81)) (&& (< net20) (>= netstandard1.6) (< netstandard2.0) (< win8) (< wpa81)) (&& (>= net46) (< netstandard1.5) (>= uap10.0)) (&& (>= netcoreapp5.0) (< netstandard1.2)) (&& (>= netcoreapp5.0) (< netstandard1.3)) (&& (>= netcoreapp5.0) (< netstandard1.4)) (&& (>= netcoreapp5.0) (< netstandard1.5)) (&& (>= netcoreapp5.0) (< netstandard1.6)) (&& (>= netcoreapp5.0) (< netstandard2.0)) (&& (< netstandard1.3) (>= uap10.0)) (&& (< netstandard1.5) (>= netstandard1.6) (>= uap10.0)) (&& (< netstandard1.5) (>= uap10.0) (< uap10.1)) (&& (< netstandard1.5) (>= uap10.0) (< win8) (< wpa81))
      Microsoft.NETCore.Platforms (>= 1.1) - restriction: || (&& (< monoandroid) (< monotouch) (< net46) (>= netstandard1.6) (< xamarinios) (< xamarinmac) (< xamarintvos) (< xamarinwatchos)) (>= netcoreapp5.0)
      runtime.native.System (>= 4.3) - restriction: && (< monoandroid) (< monotouch) (< net46) (< netcoreapp5.0) (>= netstandard1.6) (< xamarinios) (< xamarinmac) (< xamarintvos) (< xamarinwatchos)
      runtime.native.System.Net.Http (>= 4.3) - restriction: && (< monoandroid) (< monotouch) (< net46) (< netcoreapp5.0) (>= netstandard1.6) (< xamarinios) (< xamarinmac) (< xamarintvos) (< xamarinwatchos)
      runtime.native.System.Security.Cryptography.OpenSsl (>= 4.3.2) - restriction: && (< monoandroid) (< monotouch) (< net46) (< netcoreapp5.0) (>= netstandard1.6) (< xamarinios) (< xamarinmac) (< xamarintvos) (< xamarinwatchos)
      System.Collections (>= 4.3) - restriction: || (&& (< monoandroid) (< monotouch) (< net46) (>= netstandard1.6) (< xamarinios) (< xamarinmac) (< xamarintvos) (< xamarinwatchos)) (>= netcoreapp5.0)
      System.Diagnostics.Debug (>= 4.3) - restriction: && (< monoandroid) (< monotouch) (< net46) (< netcoreapp5.0) (>= netstandard1.6) (< xamarinios) (< xamarinmac) (< xamarintvos) (< xamarinwatchos)
      System.Globalization (>= 4.3) - restriction: || (&& (< monoandroid) (< monotouch) (< net46) (>= netstandard1.6) (< xamarinios) (< xamarinmac) (< xamarintvos) (< xamarinwatchos)) (>= netcoreapp5.0)
      System.Globalization.Calendars (>= 4.3) - restriction: || (&& (< monoandroid) (< monotouch) (< net46) (>= netstandard1.6) (< xamarinios) (< xamarinmac) (< xamarintvos) (< xamarinwatchos)) (>= netcoreapp5.0)
      System.IO (>= 4.3) - restriction: || (&& (< monoandroid) (< monotouch) (< net46) (>= netstandard1.6) (< xamarinios) (< xamarinmac) (< xamarintvos) (< xamarinwatchos)) (>= netcoreapp5.0)
      System.IO.FileSystem (>= 4.3) - restriction: || (&& (< monoandroid) (< monotouch) (< net46) (>= netstandard1.6) (< xamarinios) (< xamarinmac) (< xamarintvos) (< xamarinwatchos)) (>= netcoreapp5.0)
      System.IO.FileSystem.Primitives (>= 4.3) - restriction: && (< monoandroid) (< monotouch) (< net46) (< netcoreapp5.0) (>= netstandard1.6) (< xamarinios) (< xamarinmac) (< xamarintvos) (< xamarinwatchos)
      System.Resources.ResourceManager (>= 4.3) - restriction: || (&& (< monoandroid) (< monotouch) (< net46) (>= netstandard1.6) (< xamarinios) (< xamarinmac) (< xamarintvos) (< xamarinwatchos)) (>= netcoreapp5.0)
      System.Runtime (>= 4.3) - restriction: || (&& (< monoandroid) (< monotouch) (< net46) (>= netstandard1.6) (< xamarinios) (< xamarinmac) (< xamarintvos) (< xamarinwatchos)) (&& (< monoandroid) (< net46) (>= netstandard1.3) (< netstandard1.4)) (&& (< monoandroid) (< net46) (>= netstandard1.4) (< netstandard1.6)) (>= netcoreapp5.0)
      System.Runtime.Extensions (>= 4.3) - restriction: || (&& (< monoandroid) (< monotouch) (< net46) (>= netstandard1.6) (< xamarinios) (< xamarinmac) (< xamarintvos) (< xamarinwatchos)) (>= netcoreapp5.0)
      System.Runtime.Handles (>= 4.3) - restriction: || (&& (< monoandroid) (< monotouch) (< net46) (>= netstandard1.6) (< xamarinios) (< xamarinmac) (< xamarintvos) (< xamarinwatchos)) (&& (< monoandroid) (< net46) (>= netstandard1.3) (< netstandard1.4)) (&& (< monoandroid) (< net46) (>= netstandard1.4) (< netstandard1.6)) (>= netcoreapp5.0)
      System.Runtime.InteropServices (>= 4.3) - restriction: || (&& (< monoandroid) (< monotouch) (< net46) (>= netstandard1.6) (< xamarinios) (< xamarinmac) (< xamarintvos) (< xamarinwatchos)) (>= netcoreapp5.0)
      System.Runtime.Numerics (>= 4.3) - restriction: || (&& (< monoandroid) (< monotouch) (< net46) (>= netstandard1.6) (< xamarinios) (< xamarinmac) (< xamarintvos) (< xamarinwatchos)) (>= netcoreapp5.0)
      System.Security.Cryptography.Algorithms (>= 4.3) - restriction: || (&& (< monoandroid) (< monotouch) (< net46) (>= netstandard1.6) (< xamarinios) (< xamarinmac) (< xamarintvos) (< xamarinwatchos)) (&& (< monoandroid) (< net46) (>= netstandard1.3) (< netstandard1.4)) (&& (< monoandroid) (< net46) (>= netstandard1.4) (< netstandard1.6)) (&& (>= net46) (< netstandard1.4)) (>= net461) (>= netcoreapp5.0)
      System.Security.Cryptography.Cng (>= 4.3) - restriction: || (&& (< monoandroid) (< monotouch) (< net46) (>= netstandard1.6) (< xamarinios) (< xamarinmac) (< xamarintvos) (< xamarinwatchos)) (>= netcoreapp5.0)
      System.Security.Cryptography.Csp (>= 4.3) - restriction: && (< monoandroid) (< monotouch) (< net46) (< netcoreapp5.0) (>= netstandard1.6) (< xamarinios) (< xamarinmac) (< xamarintvos) (< xamarinwatchos)
      System.Security.Cryptography.Encoding (>= 4.3) - restriction: || (&& (< monoandroid) (< monotouch) (< net46) (>= netstandard1.6) (< xamarinios) (< xamarinmac) (< xamarintvos) (< xamarinwatchos)) (&& (< monoandroid) (< net46) (>= netstandard1.3) (< netstandard1.4)) (&& (< monoandroid) (< net46) (>= netstandard1.4) (< netstandard1.6)) (&& (>= net46) (< netstandard1.4)) (>= net461) (>= netcoreapp5.0)
      System.Security.Cryptography.OpenSsl (>= 4.3) - restriction: && (< monoandroid) (< monotouch) (< net46) (< netcoreapp5.0) (>= netstandard1.6) (< xamarinios) (< xamarinmac) (< xamarintvos) (< xamarinwatchos)
      System.Security.Cryptography.Primitives (>= 4.3) - restriction: || (&& (< monoandroid) (< monotouch) (< net46) (>= netstandard1.6) (< xamarinios) (< xamarinmac) (< xamarintvos) (< xamarinwatchos)) (>= netcoreapp5.0)
      System.Text.Encoding (>= 4.3) - restriction: || (&& (< monoandroid) (< monotouch) (< net46) (>= netstandard1.6) (< xamarinios) (< xamarinmac) (< xamarintvos) (< xamarinwatchos)) (>= netcoreapp5.0)
      System.Threading (>= 4.3) - restriction: || (&& (< monoandroid) (< monotouch) (< net46) (>= netstandard1.6) (< xamarinios) (< xamarinmac) (< xamarintvos) (< xamarinwatchos)) (>= netcoreapp5.0)
    System.Text.Encoding (4.3) - restriction: || (&& (< monoandroid) (< monotouch) (< net20) (>= netstandard1.3) (< netstandard2.0) (< xamarintvos) (< xamarinwatchos)) (&& (< monoandroid) (< net20) (< netstandard1.2) (>= netstandard1.5) (< win8)) (&& (< monoandroid) (< net20) (< netstandard1.2) (>= netstandard1.6) (< win8)) (&& (< monoandroid) (< net20) (< netstandard1.4) (>= netstandard1.5) (< win8) (< wpa81)) (&& (< monoandroid) (< net20) (< netstandard1.4) (>= netstandard1.6) (< win8) (< wpa81)) (&& (< monoandroid) (< net20) (< netstandard1.5) (>= netstandard1.6) (< win8) (< wpa81)) (&& (< net20) (>= net46) (< netstandard1.3)) (&& (< net20) (>= net46) (< netstandard1.4)) (&& (< net20) (>= netstandard1.0) (< portable-net45+win8+wpa81) (< wp8)) (&& (< net20) (>= netstandard1.1) (< netstandard1.2) (< win8)) (&& (< net20) (>= netstandard1.2) (< netstandard1.3) (< win8) (< wpa81)) (&& (< net20) (< netstandard1.2) (>= netstandard1.3) (< win8)) (&& (< net20) (>= netstandard1.3) (< netstandard1.4) (< win8) (< wpa81)) (&& (< net20) (>= netstandard1.3) (< portable-net45+win8+wpa81)) (&& (< net20) (< netstandard1.3) (>= netstandard1.4) (< win8) (< wpa81)) (&& (< net20) (< netstandard1.3) (>= netstandard1.5) (< win8) (< wpa81)) (&& (< net20) (< netstandard1.3) (>= netstandard1.6) (< win8) (< wpa81)) (&& (< net20) (>= netstandard1.4) (< netstandard1.5) (< win8) (< wpa81)) (&& (< net20) (>= netstandard1.5) (< netstandard1.6) (< win8) (< wpa81)) (&& (< net20) (>= netstandard1.5) (< portable-net45+win8+wpa81)) (&& (< net20) (>= netstandard1.6) (< netstandard2.0) (< win8) (< wpa81)) (&& (>= netcoreapp5.0) (< netstandard1.2)) (&& (>= netcoreapp5.0) (< netstandard1.3)) (&& (>= netcoreapp5.0) (< netstandard1.4)) (&& (>= netcoreapp5.0) (< netstandard1.5)) (&& (>= netcoreapp5.0) (< netstandard1.6)) (&& (>= netcoreapp5.0) (< netstandard2.0)) (&& (>= netcoreapp5.0) (< portable-net45+win8+wpa81)) (&& (< netstandard1.3) (>= uap10.0)) (&& (< netstandard1.5) (>= netstandard1.6) (>= uap10.0)) (&& (< netstandard1.5) (>= uap10.0) (< uap10.1)) (&& (< netstandard1.5) (>= uap10.0) (< win8) (< wpa81))
      Microsoft.NETCore.Platforms (>= 1.1) - restriction: || (&& (< monoandroid) (< monotouch) (< net45) (>= netstandard1.3) (< win8) (< wpa81) (< xamarinios) (< xamarinmac) (< xamarintvos) (< xamarinwatchos)) (&& (< monoandroid) (< net45) (>= netstandard1.0) (< netstandard1.3) (< win8) (< wp8) (< wpa81)) (>= netcoreapp5.0)
      Microsoft.NETCore.Targets (>= 1.1) - restriction: || (&& (< monoandroid) (< monotouch) (< net45) (>= netstandard1.3) (< win8) (< wpa81) (< xamarinios) (< xamarinmac) (< xamarintvos) (< xamarinwatchos)) (&& (< monoandroid) (< net45) (>= netstandard1.0) (< netstandard1.3) (< win8) (< wp8) (< wpa81)) (>= netcoreapp5.0)
      System.Runtime (>= 4.3) - restriction: || (&& (< monoandroid) (< monotouch) (< net45) (>= netstandard1.3) (< win8) (< wpa81) (< xamarinios) (< xamarinmac) (< xamarintvos) (< xamarinwatchos)) (&& (< monoandroid) (< net45) (>= netstandard1.0) (< netstandard1.3) (< win8) (< wp8) (< wpa81)) (>= netcoreapp5.0)
    System.Text.Encoding.Extensions (4.3) - restriction: || (&& (< net20) (>= net46) (< netstandard1.3)) (&& (< net20) (>= net46) (< netstandard1.4)) (&& (< net20) (>= netstandard1.0) (< portable-net45+win8+wpa81) (< wp8)) (&& (< net20) (>= netstandard1.1) (< netstandard1.2) (< win8)) (&& (< net20) (>= netstandard1.2) (< netstandard1.3) (< win8) (< wpa81)) (&& (< net20) (< netstandard1.2) (>= netstandard1.3) (< win8)) (&& (< net20) (>= netstandard1.3) (< netstandard1.4) (< win8) (< wpa81)) (&& (< net20) (>= netstandard1.3) (< portable-net45+win8+wpa81)) (&& (< net20) (< netstandard1.3) (>= netstandard1.4) (< win8) (< wpa81)) (&& (< net20) (< netstandard1.3) (>= netstandard1.5) (< win8) (< wpa81)) (&& (< net20) (< netstandard1.3) (>= netstandard1.6) (< win8) (< wpa81)) (&& (< net20) (>= netstandard1.4) (< netstandard1.5) (< win8) (< wpa81)) (&& (< net20) (>= netstandard1.5) (< netstandard1.6) (< win8) (< wpa81)) (&& (< net20) (>= netstandard1.6) (< netstandard2.0) (< win8) (< wpa81)) (&& (>= netcoreapp5.0) (< netstandard1.2)) (&& (>= netcoreapp5.0) (< netstandard1.3)) (&& (>= netcoreapp5.0) (< netstandard1.4)) (&& (>= netcoreapp5.0) (< netstandard1.5)) (&& (>= netcoreapp5.0) (< netstandard1.6)) (&& (>= netcoreapp5.0) (< netstandard2.0)) (&& (>= netcoreapp5.0) (< portable-net45+win8+wpa81)) (&& (< netstandard1.3) (>= uap10.0)) (&& (< netstandard1.5) (>= uap10.0) (< uap10.1)) (&& (< netstandard1.5) (>= uap10.0) (< win8) (< wpa81))
      Microsoft.NETCore.Platforms (>= 1.1) - restriction: || (&& (< monoandroid) (< monotouch) (< net45) (>= netstandard1.3) (< win8) (< wpa81) (< xamarinios) (< xamarinmac) (< xamarintvos) (< xamarinwatchos)) (&& (< monoandroid) (< net45) (>= netstandard1.0) (< netstandard1.3) (< win8) (< wp8) (< wpa81)) (>= netcoreapp5.0)
      Microsoft.NETCore.Targets (>= 1.1) - restriction: || (&& (< monoandroid) (< monotouch) (< net45) (>= netstandard1.3) (< win8) (< wpa81) (< xamarinios) (< xamarinmac) (< xamarintvos) (< xamarinwatchos)) (&& (< monoandroid) (< net45) (>= netstandard1.0) (< netstandard1.3) (< win8) (< wp8) (< wpa81)) (>= netcoreapp5.0)
      System.Runtime (>= 4.3) - restriction: || (&& (< monoandroid) (< monotouch) (< net45) (>= netstandard1.3) (< win8) (< wpa81) (< xamarinios) (< xamarinmac) (< xamarintvos) (< xamarinwatchos)) (&& (< monoandroid) (< net45) (>= netstandard1.0) (< netstandard1.3) (< win8) (< wp8) (< wpa81)) (>= netcoreapp5.0)
      System.Text.Encoding (>= 4.3) - restriction: || (&& (< monoandroid) (< monotouch) (< net45) (>= netstandard1.3) (< win8) (< wpa81) (< xamarinios) (< xamarinmac) (< xamarintvos) (< xamarinwatchos)) (&& (< monoandroid) (< net45) (>= netstandard1.0) (< netstandard1.3) (< win8) (< wp8) (< wpa81)) (>= netcoreapp5.0)
    System.Text.RegularExpressions (4.3.1) - restriction: || (&& (< net20) (>= net46) (< netstandard1.3)) (&& (< net20) (>= net46) (< netstandard1.4)) (&& (< net20) (>= netstandard1.0) (< portable-net45+win8+wpa81) (< wp8)) (&& (< net20) (>= netstandard1.1) (< netstandard1.2) (< win8)) (&& (< net20) (>= netstandard1.2) (< netstandard1.3) (< win8) (< wpa81)) (&& (< net20) (< netstandard1.2) (>= netstandard1.3) (< win8)) (&& (< net20) (>= netstandard1.3) (< netstandard1.4) (< win8) (< wpa81)) (&& (< net20) (>= netstandard1.3) (< portable-net45+win8+wpa81)) (&& (< net20) (< netstandard1.3) (>= netstandard1.4) (< win8) (< wpa81)) (&& (< net20) (< netstandard1.3) (>= netstandard1.5) (< win8) (< wpa81)) (&& (< net20) (< netstandard1.3) (>= netstandard1.6) (< win8) (< wpa81)) (&& (< net20) (>= netstandard1.4) (< netstandard1.5) (< win8) (< wpa81)) (&& (< net20) (>= netstandard1.5) (< netstandard1.6) (< win8) (< wpa81)) (&& (< net20) (>= netstandard1.6) (< netstandard2.0) (< win8) (< wpa81)) (&& (>= netcoreapp5.0) (< netstandard1.2)) (&& (>= netcoreapp5.0) (< netstandard1.3)) (&& (>= netcoreapp5.0) (< netstandard1.4)) (&& (>= netcoreapp5.0) (< netstandard1.5)) (&& (>= netcoreapp5.0) (< netstandard1.6)) (&& (>= netcoreapp5.0) (< netstandard2.0)) (&& (>= netcoreapp5.0) (< portable-net45+win8+wpa81)) (&& (< netstandard1.3) (>= uap10.0)) (&& (< netstandard1.5) (>= uap10.0) (< uap10.1)) (&& (< netstandard1.5) (>= uap10.0) (< win8) (< wpa81))
      System.Collections (>= 4.3) - restriction: || (&& (< monoandroid) (< monotouch) (< net45) (< netcoreapp1.1) (>= netstandard1.6) (< xamarinios) (< xamarinmac) (< xamarintvos) (< xamarinwatchos)) (>= netcoreapp5.0)
      System.Globalization (>= 4.3) - restriction: || (&& (< monoandroid) (< monotouch) (< net45) (< netcoreapp1.1) (>= netstandard1.6) (< xamarinios) (< xamarinmac) (< xamarintvos) (< xamarinwatchos)) (>= netcoreapp5.0)
      System.Resources.ResourceManager (>= 4.3) - restriction: || (&& (< monoandroid) (< monotouch) (< net45) (< netcoreapp1.1) (>= netstandard1.6) (< xamarinios) (< xamarinmac) (< xamarintvos) (< xamarinwatchos)) (>= netcoreapp5.0)
      System.Runtime (>= 4.3.1) - restriction: || (&& (< monoandroid) (< monotouch) (< net45) (>= netstandard1.6) (< xamarinios) (< xamarinmac) (< xamarintvos) (< xamarinwatchos)) (&& (< monoandroid) (< net45) (>= netstandard1.0) (< netstandard1.3) (< win8) (< wp8) (< wpa81)) (&& (< monoandroid) (< net45) (>= netstandard1.3) (< netstandard1.6) (< win8) (< wpa81)) (>= netcoreapp1.1)
      System.Runtime.Extensions (>= 4.3.1) - restriction: || (&& (< monoandroid) (< monotouch) (< net45) (< netcoreapp1.1) (>= netstandard1.6) (< xamarinios) (< xamarinmac) (< xamarintvos) (< xamarinwatchos)) (>= netcoreapp5.0)
      System.Threading (>= 4.3) - restriction: || (&& (< monoandroid) (< monotouch) (< net45) (< netcoreapp1.1) (>= netstandard1.6) (< xamarinios) (< xamarinmac) (< xamarintvos) (< xamarinwatchos)) (>= netcoreapp5.0)
    System.Threading (4.3) - restriction: || (&& (< monoandroid) (< monotouch) (< net20) (>= netstandard1.3) (< netstandard2.0) (< xamarintvos) (< xamarinwatchos)) (&& (< monoandroid) (< monotouch) (< net20) (>= netstandard1.5) (< netstandard2.0) (< win8) (< wpa81) (< xamarintvos) (< xamarinwatchos)) (&& (< monoandroid) (< net20) (>= netstandard1.0) (< netstandard1.3) (< win8) (< wp8) (< wpa81)) (&& (< monoandroid) (< net20) (< netstandard1.0) (>= netstandard1.3) (< win8)) (&& (< monoandroid) (< net20) (< netstandard1.2) (>= netstandard1.6) (< win8)) (&& (< monoandroid) (< net20) (>= netstandard1.3) (< netstandard1.5) (< win8) (< wpa81)) (&& (< monoandroid) (< net20) (< netstandard1.4) (>= netstandard1.6) (< win8) (< wpa81)) (&& (< monoandroid) (< net20) (< netstandard1.5) (>= netstandard1.6) (< win8) (< wpa81)) (&& (< net20) (>= net45) (< netstandard1.3)) (&& (< net20) (>= net46) (< netstandard1.3)) (&& (< net20) (>= net46) (< netstandard1.4)) (&& (< net20) (>= net462) (< netstandard1.3)) (&& (< net20) (>= net462) (< netstandard2.0)) (&& (< net20) (>= netstandard1.0) (< portable-net45+win8+wpa81) (< wp8)) (&& (< net20) (< netstandard1.0) (>= netstandard1.3) (< portable-net45+win8)) (&& (< net20) (>= netstandard1.1) (< netstandard1.2) (< win8)) (&& (< net20) (>= netstandard1.2) (< netstandard1.3) (< win8) (< wpa81)) (&& (< net20) (< netstandard1.2) (>= netstandard1.3) (< win8)) (&& (< net20) (>= netstandard1.3) (< netstandard1.4) (< win8) (< wpa81)) (&& (< net20) (>= netstandard1.3) (< portable-net45+win8+wpa81)) (&& (< net20) (< netstandard1.3) (>= netstandard1.4) (< win8) (< wpa81)) (&& (< net20) (< netstandard1.3) (>= netstandard1.5) (< win8) (< wpa81)) (&& (< net20) (< netstandard1.3) (>= netstandard1.6) (< win8) (< wpa81)) (&& (< net20) (>= netstandard1.4) (< netstandard1.5) (< win8) (< wpa81)) (&& (< net20) (>= netstandard1.5) (< netstandard1.6) (< win8) (< wpa81)) (&& (< net20) (>= netstandard1.6) (< netstandard2.0) (< win8) (< wpa81)) (&& (< net20) (>= netstandard1.6) (< portable-net45+win8+wpa81)) (&& (>= netcoreapp5.0) (< netstandard1.0)) (&& (>= netcoreapp5.0) (< netstandard1.2)) (&& (>= netcoreapp5.0) (< netstandard1.3)) (&& (>= netcoreapp5.0) (< netstandard1.4)) (&& (>= netcoreapp5.0) (< netstandard1.5)) (&& (>= netcoreapp5.0) (< netstandard1.6)) (&& (>= netcoreapp5.0) (< netstandard2.0)) (&& (>= netcoreapp5.0) (< portable-net45+win8+wpa81)) (&& (< netstandard1.3) (>= uap10.0)) (&& (< netstandard1.5) (>= netstandard1.6) (>= uap10.0)) (&& (< netstandard1.5) (>= uap10.0) (< uap10.1)) (&& (< netstandard1.5) (>= uap10.0) (< win8) (< wpa81))
      System.Runtime (>= 4.3) - restriction: || (&& (< monoandroid) (< monotouch) (< net45) (>= netstandard1.3) (< win8) (< wpa81) (< xamarinios) (< xamarinmac) (< xamarintvos) (< xamarinwatchos)) (&& (< monoandroid) (< net45) (>= netstandard1.0) (< netstandard1.3) (< win8) (< wp8) (< wpa81)) (>= netcoreapp5.0)
      System.Threading.Tasks (>= 4.3) - restriction: || (&& (< monoandroid) (< monotouch) (< net45) (>= netstandard1.3) (< win8) (< wpa81) (< xamarinios) (< xamarinmac) (< xamarintvos) (< xamarinwatchos)) (&& (< monoandroid) (< net45) (>= netstandard1.0) (< netstandard1.3) (< win8) (< wp8) (< wpa81)) (>= netcoreapp5.0)
    System.Threading.Tasks (4.3) - restriction: || (&& (< monoandroid) (< net20) (< netstandard1.2) (>= netstandard1.5) (< win8)) (&& (< monoandroid) (< net20) (< netstandard1.2) (>= netstandard1.6) (< win8)) (&& (< monoandroid) (< net20) (< netstandard1.4) (>= netstandard1.5) (< win8) (< wpa81)) (&& (< monoandroid) (< net20) (< netstandard1.4) (>= netstandard1.6) (< win8) (< wpa81)) (&& (< monoandroid) (< net20) (< netstandard1.5) (>= netstandard1.6) (< win8) (< wpa81)) (&& (< net20) (>= net46) (< netstandard1.3)) (&& (< net20) (>= net46) (< netstandard1.4)) (&& (< net20) (>= netstandard1.0) (< portable-net45+win8+wpa81) (< wp8)) (&& (< net20) (>= netstandard1.1) (< netstandard1.2) (< win8)) (&& (< net20) (>= netstandard1.2) (< netstandard1.3) (< win8) (< wpa81)) (&& (< net20) (< netstandard1.2) (>= netstandard1.3) (< win8)) (&& (< net20) (>= netstandard1.3) (< netstandard1.4) (< win8) (< wpa81)) (&& (< net20) (>= netstandard1.3) (< portable-net45+win8+wpa81)) (&& (< net20) (< netstandard1.3) (>= netstandard1.4) (< win8) (< wpa81)) (&& (< net20) (< netstandard1.3) (>= netstandard1.5) (< win8) (< wpa81)) (&& (< net20) (< netstandard1.3) (>= netstandard1.6) (< win8) (< wpa81)) (&& (< net20) (>= netstandard1.4) (< netstandard1.5) (< win8) (< wpa81)) (&& (< net20) (>= netstandard1.5) (< netstandard1.6) (< win8) (< wpa81)) (&& (< net20) (>= netstandard1.5) (< portable-net45+win8+wpa81)) (&& (< net20) (>= netstandard1.6) (< netstandard2.0) (< win8) (< wpa81)) (&& (>= netcoreapp5.0) (< netstandard1.2)) (&& (>= netcoreapp5.0) (< netstandard1.3)) (&& (>= netcoreapp5.0) (< netstandard1.4)) (&& (>= netcoreapp5.0) (< netstandard1.5)) (&& (>= netcoreapp5.0) (< netstandard1.6)) (&& (>= netcoreapp5.0) (< netstandard2.0)) (&& (>= netcoreapp5.0) (< portable-net45+win8+wpa81)) (&& (< netstandard1.3) (>= uap10.0)) (&& (< netstandard1.5) (>= netstandard1.6) (>= uap10.0)) (&& (< netstandard1.5) (>= uap10.0) (< uap10.1)) (&& (< netstandard1.5) (>= uap10.0) (< win8) (< wpa81))
      Microsoft.NETCore.Platforms (>= 1.1) - restriction: || (&& (< monoandroid) (< monotouch) (< net45) (>= netstandard1.3) (< win8) (< wpa81) (< xamarinios) (< xamarinmac) (< xamarintvos) (< xamarinwatchos)) (&& (< monoandroid) (< net45) (>= netstandard1.0) (< netstandard1.3) (< win8) (< wp8) (< wpa81)) (>= netcoreapp5.0)
      Microsoft.NETCore.Targets (>= 1.1) - restriction: || (&& (< monoandroid) (< monotouch) (< net45) (>= netstandard1.3) (< win8) (< wpa81) (< xamarinios) (< xamarinmac) (< xamarintvos) (< xamarinwatchos)) (&& (< monoandroid) (< net45) (>= netstandard1.0) (< netstandard1.3) (< win8) (< wp8) (< wpa81)) (>= netcoreapp5.0)
      System.Runtime (>= 4.3) - restriction: || (&& (< monoandroid) (< monotouch) (< net45) (>= netstandard1.3) (< win8) (< wpa81) (< xamarinios) (< xamarinmac) (< xamarintvos) (< xamarinwatchos)) (&& (< monoandroid) (< net45) (>= netstandard1.0) (< netstandard1.3) (< win8) (< wp8) (< wpa81)) (>= netcoreapp5.0)
    System.Threading.Tasks.Extensions (4.5.4) - restriction: || (&& (< monoandroid) (< monotouch) (< net20) (>= netstandard1.6) (< netstandard2.0) (< win8) (< wpa81) (< xamarintvos) (< xamarinwatchos)) (&& (< monoandroid) (< net20) (< netstandard1.2) (>= netstandard1.3) (< win8)) (&& (< monoandroid) (< net20) (>= netstandard1.3) (< netstandard1.4) (< win8) (< wpa81)) (&& (< monoandroid) (< net20) (< netstandard1.3) (>= netstandard1.4) (< win8) (< wpa81)) (&& (< monoandroid) (< net20) (< netstandard1.3) (>= netstandard1.5) (< win8) (< wpa81)) (&& (< monoandroid) (< net20) (< netstandard1.3) (>= netstandard1.6) (< win8) (< wpa81)) (&& (< monoandroid) (< net20) (>= netstandard1.4) (< netstandard1.5) (< win8) (< wpa81)) (&& (< monoandroid) (< net20) (>= netstandard1.5) (< netstandard1.6) (< win8) (< wpa81)) (&& (< net20) (>= net46) (< netstandard1.3)) (&& (< net20) (>= net46) (< netstandard1.4)) (&& (< net20) (>= netstandard1.3) (< portable-net45+win8+wpa81)) (&& (>= netcoreapp5.0) (< netstandard1.2)) (&& (>= netcoreapp5.0) (< netstandard1.3)) (&& (>= netcoreapp5.0) (< netstandard1.4)) (&& (>= netcoreapp5.0) (< netstandard1.5)) (&& (>= netcoreapp5.0) (< netstandard1.6)) (&& (>= netcoreapp5.0) (< netstandard2.0)) (&& (>= netcoreapp5.0) (< portable-net45+win8+wpa81)) (&& (< netstandard1.3) (>= uap10.0) (< win8) (< wpa81)) (&& (< netstandard1.5) (>= uap10.0) (< win8) (< wpa81))
      System.Collections (>= 4.3) - restriction: && (< monoandroid) (< monotouch) (< net45) (>= netstandard1.0) (< netstandard2.0) (< win8) (< wp8) (< wpa81) (< xamarintvos) (< xamarinwatchos)
      System.Runtime (>= 4.3) - restriction: && (< monoandroid) (< monotouch) (< net45) (>= netstandard1.0) (< netstandard2.0) (< win8) (< wp8) (< wpa81) (< xamarintvos) (< xamarinwatchos)
      System.Runtime.CompilerServices.Unsafe (>= 4.5.3) - restriction: || (&& (< monoandroid) (< monotouch) (< net45) (>= netstandard1.0) (< netstandard2.0) (< win8) (< wpa81) (< xamarintvos) (< xamarinwatchos)) (&& (< monoandroid) (< net45) (< netcoreapp2.1) (>= netstandard2.0) (< xamarinios) (< xamarinmac)) (&& (< monoandroid) (< netstandard1.0) (>= portable-net45+win8+wp8+wpa81) (< win8)) (&& (>= net45) (< netstandard2.0)) (>= net461) (&& (< netstandard1.0) (>= win8)) (&& (< netstandard2.0) (>= wpa81)) (>= wp8)
      System.Threading.Tasks (>= 4.3) - restriction: && (< monoandroid) (< monotouch) (< net45) (>= netstandard1.0) (< netstandard2.0) (< win8) (< wp8) (< wpa81) (< xamarintvos) (< xamarinwatchos)
    System.Threading.Timer (4.3) - restriction: || (&& (< net20) (>= netstandard1.2) (< netstandard1.3) (< win8) (< wpa81)) (&& (< net20) (>= netstandard1.3) (< netstandard1.4) (< win8) (< wpa81)) (&& (< net20) (< netstandard1.3) (>= netstandard1.4) (< win8) (< wpa81)) (&& (< net20) (< netstandard1.3) (>= netstandard1.5) (< win8) (< wpa81)) (&& (< net20) (< netstandard1.3) (>= netstandard1.6) (< win8) (< wpa81)) (&& (< net20) (>= netstandard1.4) (< netstandard1.5) (< win8) (< wpa81)) (&& (< net20) (>= netstandard1.5) (< netstandard1.6) (< win8) (< wpa81)) (&& (< net20) (>= netstandard1.6) (< netstandard2.0) (< win8) (< wpa81)) (&& (< netstandard1.3) (>= uap10.0)) (&& (< netstandard1.5) (>= uap10.0) (< uap10.1))
      Microsoft.NETCore.Platforms (>= 1.1) - restriction: || (&& (< monoandroid) (< monotouch) (< net451) (>= netstandard1.2) (< win81) (< wpa81) (< xamarinios) (< xamarinmac) (< xamarintvos) (< xamarinwatchos)) (>= netcoreapp5.0)
      Microsoft.NETCore.Targets (>= 1.1) - restriction: || (&& (< monoandroid) (< monotouch) (< net451) (>= netstandard1.2) (< win81) (< wpa81) (< xamarinios) (< xamarinmac) (< xamarintvos) (< xamarinwatchos)) (>= netcoreapp5.0)
      System.Runtime (>= 4.3) - restriction: || (&& (< monoandroid) (< monotouch) (< net451) (>= netstandard1.2) (< win81) (< wpa81) (< xamarinios) (< xamarinmac) (< xamarintvos) (< xamarinwatchos)) (>= netcoreapp5.0)
    System.ValueTuple (4.5) - restriction: || (&& (>= netstandard1.0) (< netstandard2.0) (< xamarintvos) (< xamarinwatchos)) (>= uap10.1)
      NETStandard.Library (>= 1.6.1) - restriction: && (< monoandroid) (< monotouch) (< net45) (>= netstandard1.0) (< netstandard2.0) (< win8) (< wp8) (< wpa81) (< xamarintvos) (< xamarinwatchos)
    System.Xml.ReaderWriter (4.3.1) - restriction: || (&& (< monoandroid) (< monotouch) (< net20) (>= netstandard1.3) (< netstandard2.0) (< xamarintvos) (< xamarinwatchos)) (&& (< net20) (>= net46) (< netstandard1.3)) (&& (< net20) (>= net46) (< netstandard1.4)) (&& (< net20) (>= netstandard1.0) (< portable-net45+win8+wpa81) (< wp8)) (&& (< net20) (>= netstandard1.1) (< netstandard1.2) (< win8)) (&& (< net20) (>= netstandard1.2) (< netstandard1.3) (< win8) (< wpa81)) (&& (< net20) (< netstandard1.2) (>= netstandard1.3) (< win8)) (&& (< net20) (>= netstandard1.3) (< netstandard1.4) (< win8) (< wpa81)) (&& (< net20) (>= netstandard1.3) (< portable-net45+win8+wpa81)) (&& (< net20) (< netstandard1.3) (>= netstandard1.4) (< win8) (< wpa81)) (&& (< net20) (< netstandard1.3) (>= netstandard1.5) (< win8) (< wpa81)) (&& (< net20) (< netstandard1.3) (>= netstandard1.6) (< win8) (< wpa81)) (&& (< net20) (>= netstandard1.4) (< netstandard1.5) (< win8) (< wpa81)) (&& (< net20) (>= netstandard1.5) (< netstandard1.6) (< win8) (< wpa81)) (&& (< net20) (>= netstandard1.6) (< netstandard2.0) (< win8) (< wpa81)) (&& (>= netcoreapp5.0) (< netstandard1.2)) (&& (>= netcoreapp5.0) (< netstandard1.3)) (&& (>= netcoreapp5.0) (< netstandard1.4)) (&& (>= netcoreapp5.0) (< netstandard1.5)) (&& (>= netcoreapp5.0) (< netstandard1.6)) (&& (>= netcoreapp5.0) (< netstandard2.0)) (&& (>= netcoreapp5.0) (< portable-net45+win8+wpa81)) (&& (< netstandard1.3) (>= uap10.0)) (&& (< netstandard1.5) (>= uap10.0) (< uap10.1)) (&& (< netstandard1.5) (>= uap10.0) (< win8) (< wpa81))
      System.Collections (>= 4.3) - restriction: || (&& (< monoandroid) (< monotouch) (< net45) (>= netstandard1.3) (< win8) (< wpa81) (< xamarinios) (< xamarinmac) (< xamarintvos) (< xamarinwatchos)) (>= netcoreapp5.0)
      System.Diagnostics.Debug (>= 4.3) - restriction: || (&& (< monoandroid) (< monotouch) (< net45) (>= netstandard1.3) (< win8) (< wpa81) (< xamarinios) (< xamarinmac) (< xamarintvos) (< xamarinwatchos)) (>= netcoreapp5.0)
      System.Globalization (>= 4.3) - restriction: || (&& (< monoandroid) (< monotouch) (< net45) (>= netstandard1.3) (< win8) (< wpa81) (< xamarinios) (< xamarinmac) (< xamarintvos) (< xamarinwatchos)) (>= netcoreapp5.0)
      System.IO (>= 4.3) - restriction: || (&& (< monoandroid) (< monotouch) (< net45) (>= netstandard1.3) (< win8) (< wpa81) (< xamarinios) (< xamarinmac) (< xamarintvos) (< xamarinwatchos)) (&& (< monoandroid) (< net45) (>= netstandard1.0) (< netstandard1.3) (< win8) (< wp8) (< wpa81)) (>= netcoreapp5.0)
      System.IO.FileSystem (>= 4.3) - restriction: || (&& (< monoandroid) (< monotouch) (< net45) (>= netstandard1.3) (< win8) (< wpa81) (< xamarinios) (< xamarinmac) (< xamarintvos) (< xamarinwatchos)) (>= netcoreapp5.0)
      System.IO.FileSystem.Primitives (>= 4.3) - restriction: || (&& (< monoandroid) (< monotouch) (< net45) (>= netstandard1.3) (< win8) (< wpa81) (< xamarinios) (< xamarinmac) (< xamarintvos) (< xamarinwatchos)) (>= netcoreapp5.0)
      System.Resources.ResourceManager (>= 4.3) - restriction: || (&& (< monoandroid) (< monotouch) (< net45) (>= netstandard1.3) (< win8) (< wpa81) (< xamarinios) (< xamarinmac) (< xamarintvos) (< xamarinwatchos)) (>= netcoreapp5.0)
      System.Runtime (>= 4.3) - restriction: || (&& (< monoandroid) (< monotouch) (< net45) (>= netstandard1.3) (< win8) (< wpa81) (< xamarinios) (< xamarinmac) (< xamarintvos) (< xamarinwatchos)) (&& (< monoandroid) (< net45) (>= netstandard1.0) (< netstandard1.3) (< win8) (< wp8) (< wpa81)) (>= netcoreapp5.0)
      System.Runtime.Extensions (>= 4.3) - restriction: || (&& (< monoandroid) (< monotouch) (< net45) (>= netstandard1.3) (< win8) (< wpa81) (< xamarinios) (< xamarinmac) (< xamarintvos) (< xamarinwatchos)) (>= netcoreapp5.0)
      System.Runtime.InteropServices (>= 4.3) - restriction: || (&& (< monoandroid) (< monotouch) (< net45) (>= netstandard1.3) (< win8) (< wpa81) (< xamarinios) (< xamarinmac) (< xamarintvos) (< xamarinwatchos)) (>= netcoreapp5.0)
      System.Text.Encoding (>= 4.3) - restriction: || (&& (< monoandroid) (< monotouch) (< net45) (>= netstandard1.3) (< win8) (< wpa81) (< xamarinios) (< xamarinmac) (< xamarintvos) (< xamarinwatchos)) (&& (< monoandroid) (< net45) (>= netstandard1.0) (< netstandard1.3) (< win8) (< wp8) (< wpa81)) (>= netcoreapp5.0)
      System.Text.Encoding.Extensions (>= 4.3) - restriction: || (&& (< monoandroid) (< monotouch) (< net45) (>= netstandard1.3) (< win8) (< wpa81) (< xamarinios) (< xamarinmac) (< xamarintvos) (< xamarinwatchos)) (>= netcoreapp5.0)
      System.Text.RegularExpressions (>= 4.3) - restriction: || (&& (< monoandroid) (< monotouch) (< net45) (>= netstandard1.3) (< win8) (< wpa81) (< xamarinios) (< xamarinmac) (< xamarintvos) (< xamarinwatchos)) (>= netcoreapp5.0)
      System.Threading.Tasks (>= 4.3) - restriction: || (&& (< monoandroid) (< monotouch) (< net45) (>= netstandard1.3) (< win8) (< wpa81) (< xamarinios) (< xamarinmac) (< xamarintvos) (< xamarinwatchos)) (&& (< monoandroid) (< net45) (>= netstandard1.0) (< netstandard1.3) (< win8) (< wp8) (< wpa81)) (>= netcoreapp5.0)
      System.Threading.Tasks.Extensions (>= 4.3) - restriction: || (&& (< monoandroid) (< monotouch) (< net45) (>= netstandard1.3) (< win8) (< wpa81) (< xamarinios) (< xamarinmac) (< xamarintvos) (< xamarinwatchos)) (>= netcoreapp5.0)
    System.Xml.XDocument (4.3) - restriction: || (&& (< net20) (>= netstandard1.0) (< portable-net45+win8+wpa81) (< wp8)) (&& (< net20) (>= netstandard1.1) (< netstandard1.2) (< win8)) (&& (< net20) (>= netstandard1.2) (< netstandard1.3) (< win8) (< wpa81)) (&& (< net20) (< netstandard1.2) (>= netstandard1.3) (< win8)) (&& (< net20) (>= netstandard1.3) (< netstandard1.4) (< win8) (< wpa81)) (&& (< net20) (>= netstandard1.3) (< portable-net45+win8+wpa81)) (&& (< net20) (< netstandard1.3) (>= netstandard1.4) (< win8) (< wpa81)) (&& (< net20) (< netstandard1.3) (>= netstandard1.5) (< win8) (< wpa81)) (&& (< net20) (< netstandard1.3) (>= netstandard1.6) (< win8) (< wpa81)) (&& (< net20) (>= netstandard1.4) (< netstandard1.5) (< win8) (< wpa81)) (&& (< net20) (>= netstandard1.5) (< netstandard1.6) (< win8) (< wpa81)) (&& (< net20) (>= netstandard1.6) (< netstandard2.0) (< win8) (< wpa81)) (&& (< netstandard1.3) (>= uap10.0)) (&& (< netstandard1.5) (>= uap10.0) (< uap10.1))
      System.Collections (>= 4.3) - restriction: || (&& (< monoandroid) (< monotouch) (< net45) (>= netstandard1.3) (< win8) (< wpa81) (< xamarinios) (< xamarinmac) (< xamarintvos) (< xamarinwatchos)) (>= netcoreapp5.0)
      System.Diagnostics.Debug (>= 4.3) - restriction: || (&& (< monoandroid) (< monotouch) (< net45) (>= netstandard1.3) (< win8) (< wpa81) (< xamarinios) (< xamarinmac) (< xamarintvos) (< xamarinwatchos)) (>= netcoreapp5.0)
      System.Diagnostics.Tools (>= 4.3) - restriction: || (&& (< monoandroid) (< monotouch) (< net45) (>= netstandard1.3) (< win8) (< wpa81) (< xamarinios) (< xamarinmac) (< xamarintvos) (< xamarinwatchos)) (>= netcoreapp5.0)
      System.Globalization (>= 4.3) - restriction: || (&& (< monoandroid) (< monotouch) (< net45) (>= netstandard1.3) (< win8) (< wpa81) (< xamarinios) (< xamarinmac) (< xamarintvos) (< xamarinwatchos)) (>= netcoreapp5.0)
      System.IO (>= 4.3) - restriction: || (&& (< monoandroid) (< monotouch) (< net45) (>= netstandard1.3) (< win8) (< wpa81) (< xamarinios) (< xamarinmac) (< xamarintvos) (< xamarinwatchos)) (&& (< monoandroid) (< net45) (>= netstandard1.0) (< netstandard1.3) (< win8) (< wp8) (< wpa81)) (>= netcoreapp5.0)
      System.Reflection (>= 4.3) - restriction: || (&& (< monoandroid) (< monotouch) (< net45) (>= netstandard1.3) (< win8) (< wpa81) (< xamarinios) (< xamarinmac) (< xamarintvos) (< xamarinwatchos)) (>= netcoreapp5.0)
      System.Resources.ResourceManager (>= 4.3) - restriction: || (&& (< monoandroid) (< monotouch) (< net45) (>= netstandard1.3) (< win8) (< wpa81) (< xamarinios) (< xamarinmac) (< xamarintvos) (< xamarinwatchos)) (>= netcoreapp5.0)
      System.Runtime (>= 4.3) - restriction: || (&& (< monoandroid) (< monotouch) (< net45) (>= netstandard1.3) (< win8) (< wpa81) (< xamarinios) (< xamarinmac) (< xamarintvos) (< xamarinwatchos)) (&& (< monoandroid) (< net45) (>= netstandard1.0) (< netstandard1.3) (< win8) (< wp8) (< wpa81)) (>= netcoreapp5.0)
      System.Runtime.Extensions (>= 4.3) - restriction: || (&& (< monoandroid) (< monotouch) (< net45) (>= netstandard1.3) (< win8) (< wpa81) (< xamarinios) (< xamarinmac) (< xamarintvos) (< xamarinwatchos)) (>= netcoreapp5.0)
      System.Text.Encoding (>= 4.3) - restriction: || (&& (< monoandroid) (< monotouch) (< net45) (>= netstandard1.3) (< win8) (< wpa81) (< xamarinios) (< xamarinmac) (< xamarintvos) (< xamarinwatchos)) (>= netcoreapp5.0)
      System.Threading (>= 4.3) - restriction: || (&& (< monoandroid) (< monotouch) (< net45) (>= netstandard1.3) (< win8) (< wpa81) (< xamarinios) (< xamarinmac) (< xamarintvos) (< xamarinwatchos)) (>= netcoreapp5.0)
      System.Xml.ReaderWriter (>= 4.3) - restriction: || (&& (< monoandroid) (< monotouch) (< net45) (>= netstandard1.3) (< win8) (< wpa81) (< xamarinios) (< xamarinmac) (< xamarintvos) (< xamarinwatchos)) (&& (< monoandroid) (< net45) (>= netstandard1.0) (< netstandard1.3) (< win8) (< wp8) (< wpa81)) (>= netcoreapp5.0)
    System.Xml.XmlDocument (4.3) - restriction: && (< net20) (>= netstandard1.3) (< netstandard2.0)
      System.Collections (>= 4.3) - restriction: && (< monoandroid) (< monotouch) (< net46) (>= netstandard1.3) (< xamarinios) (< xamarinmac) (< xamarintvos) (< xamarinwatchos)
      System.Diagnostics.Debug (>= 4.3) - restriction: && (< monoandroid) (< monotouch) (< net46) (>= netstandard1.3) (< xamarinios) (< xamarinmac) (< xamarintvos) (< xamarinwatchos)
      System.Globalization (>= 4.3) - restriction: && (< monoandroid) (< monotouch) (< net46) (>= netstandard1.3) (< xamarinios) (< xamarinmac) (< xamarintvos) (< xamarinwatchos)
      System.IO (>= 4.3) - restriction: && (< monoandroid) (< monotouch) (< net46) (>= netstandard1.3) (< xamarinios) (< xamarinmac) (< xamarintvos) (< xamarinwatchos)
      System.Resources.ResourceManager (>= 4.3) - restriction: && (< monoandroid) (< monotouch) (< net46) (>= netstandard1.3) (< xamarinios) (< xamarinmac) (< xamarintvos) (< xamarinwatchos)
      System.Runtime (>= 4.3) - restriction: && (< monoandroid) (< monotouch) (< net46) (>= netstandard1.3) (< xamarinios) (< xamarinmac) (< xamarintvos) (< xamarinwatchos)
      System.Runtime.Extensions (>= 4.3) - restriction: && (< monoandroid) (< monotouch) (< net46) (>= netstandard1.3) (< xamarinios) (< xamarinmac) (< xamarintvos) (< xamarinwatchos)
      System.Text.Encoding (>= 4.3) - restriction: && (< monoandroid) (< monotouch) (< net46) (>= netstandard1.3) (< xamarinios) (< xamarinmac) (< xamarintvos) (< xamarinwatchos)
      System.Threading (>= 4.3) - restriction: && (< monoandroid) (< monotouch) (< net46) (>= netstandard1.3) (< xamarinios) (< xamarinmac) (< xamarintvos) (< xamarinwatchos)
      System.Xml.ReaderWriter (>= 4.3) - restriction: && (< monoandroid) (< monotouch) (< net46) (>= netstandard1.3) (< xamarinios) (< xamarinmac) (< xamarintvos) (< xamarinwatchos)
    Tizen.NET (6.0.0.14995) - restriction: >= tizen4.0
    Win2D.uwp (1.25) - restriction: >= uap10.1
    Xamarin.Android.Arch.Core.Common (1.1.1.3)
      Xamarin.Android.Support.Annotations (28.0.0.3) - restriction: >= monoandroid8.0
    Xamarin.Android.Arch.Core.Runtime (1.1.1.3)
      Xamarin.Android.Arch.Core.Common (1.1.1.3) - restriction: >= monoandroid8.1
      Xamarin.Android.Support.Annotations (28.0.0.3) - restriction: >= monoandroid8.1
    Xamarin.Android.Arch.Lifecycle.Common (1.1.1.3)
      Xamarin.Android.Support.Annotations (28.0.0.3) - restriction: >= monoandroid8.0
    Xamarin.Android.Arch.Lifecycle.LiveData (1.1.1.3) - restriction: >= monoandroid9.0
      Xamarin.Android.Arch.Core.Common (1.1.1.3) - restriction: >= monoandroid9.0
      Xamarin.Android.Arch.Core.Runtime (1.1.1.3) - restriction: >= monoandroid9.0
      Xamarin.Android.Arch.Lifecycle.LiveData.Core (1.1.1.3) - restriction: >= monoandroid9.0
    Xamarin.Android.Arch.Lifecycle.LiveData.Core (1.1.1.3)
      Xamarin.Android.Arch.Core.Common (1.1.1.3) - restriction: >= monoandroid9.0
      Xamarin.Android.Arch.Core.Runtime (1.1.1.3) - restriction: >= monoandroid9.0
      Xamarin.Android.Arch.Lifecycle.Common (1.1.1.3) - restriction: >= monoandroid9.0
    Xamarin.Android.Arch.Lifecycle.Runtime (1.1.1.3)
      Xamarin.Android.Arch.Core.Common (1.1.1.3) - restriction: >= monoandroid8.0
      Xamarin.Android.Arch.Lifecycle.Common (1.1.1.3) - restriction: >= monoandroid8.0
      Xamarin.Android.Support.Annotations (28.0.0.3) - restriction: >= monoandroid8.0
    Xamarin.Android.Arch.Lifecycle.ViewModel (1.1.1.3)
      Xamarin.Android.Support.Annotations (28.0.0.3) - restriction: >= monoandroid9.0
    Xamarin.Android.FSharp.ResourceProvider (1.0.0.28)
    Xamarin.Android.Support.Animated.Vector.Drawable (28.0.0.3)
      Xamarin.Android.Support.Core.UI (28.0.0.3) - restriction: >= monoandroid9.0
      Xamarin.Android.Support.v4 (28.0.0.3) - restriction: && (>= monoandroid6.0) (< monoandroid7.0)
      Xamarin.Android.Support.Vector.Drawable (28.0.0.3) - restriction: >= monoandroid6.0
    Xamarin.Android.Support.Annotations (28.0.0.3)
    Xamarin.Android.Support.AsyncLayoutInflater (28.0.0.3)
      Xamarin.Android.Support.Annotations (28.0.0.3) - restriction: >= monoandroid9.0
      Xamarin.Android.Support.Compat (28.0.0.3) - restriction: >= monoandroid9.0
    Xamarin.Android.Support.Collections (28.0.0.3)
      Xamarin.Android.Support.Annotations (28.0.0.3) - restriction: >= monoandroid9.0
    Xamarin.Android.Support.Compat (28.0.0.3)
      Xamarin.Android.Arch.Lifecycle.Runtime (1.1.1.3) - restriction: >= monoandroid8.0
      Xamarin.Android.Support.Annotations (28.0.0.3) - restriction: >= monoandroid7.1
      Xamarin.Android.Support.Collections (28.0.0.3) - restriction: >= monoandroid9.0
      Xamarin.Android.Support.VersionedParcelable (28.0.0.3) - restriction: >= monoandroid9.0
    Xamarin.Android.Support.CoordinaterLayout (28.0.0.3)
      Xamarin.Android.Support.Annotations (28.0.0.3) - restriction: >= monoandroid9.0
      Xamarin.Android.Support.Compat (28.0.0.3) - restriction: >= monoandroid9.0
      Xamarin.Android.Support.CustomView (28.0.0.3) - restriction: >= monoandroid9.0
    Xamarin.Android.Support.Core.UI (28.0.0.3)
      Xamarin.Android.Support.Annotations (28.0.0.3) - restriction: >= monoandroid9.0
      Xamarin.Android.Support.AsyncLayoutInflater (28.0.0.3) - restriction: >= monoandroid9.0
      Xamarin.Android.Support.Compat (28.0.0.3) - restriction: >= monoandroid7.0
      Xamarin.Android.Support.CoordinaterLayout (28.0.0.3) - restriction: >= monoandroid9.0
      Xamarin.Android.Support.Core.Utils (28.0.0.3) - restriction: >= monoandroid9.0
      Xamarin.Android.Support.CursorAdapter (28.0.0.3) - restriction: >= monoandroid9.0
      Xamarin.Android.Support.CustomView (28.0.0.3) - restriction: >= monoandroid9.0
      Xamarin.Android.Support.DrawerLayout (28.0.0.3) - restriction: >= monoandroid9.0
      Xamarin.Android.Support.Interpolator (28.0.0.3) - restriction: >= monoandroid9.0
      Xamarin.Android.Support.SlidingPaneLayout (28.0.0.3) - restriction: >= monoandroid9.0
      Xamarin.Android.Support.SwipeRefreshLayout (28.0.0.3) - restriction: >= monoandroid9.0
      Xamarin.Android.Support.ViewPager (28.0.0.3) - restriction: >= monoandroid9.0
    Xamarin.Android.Support.Core.Utils (28.0.0.3)
      Xamarin.Android.Support.Annotations (28.0.0.3) - restriction: >= monoandroid9.0
      Xamarin.Android.Support.Compat (28.0.0.3) - restriction: >= monoandroid7.0
      Xamarin.Android.Support.DocumentFile (28.0.0.3) - restriction: >= monoandroid9.0
      Xamarin.Android.Support.Loader (28.0.0.3) - restriction: >= monoandroid9.0
      Xamarin.Android.Support.LocalBroadcastManager (28.0.0.3) - restriction: >= monoandroid9.0
      Xamarin.Android.Support.Print (28.0.0.3) - restriction: >= monoandroid9.0
    Xamarin.Android.Support.CursorAdapter (28.0.0.3)
      Xamarin.Android.Support.Annotations (28.0.0.3) - restriction: >= monoandroid9.0
    Xamarin.Android.Support.CustomTabs (28.0.0.3)
      Xamarin.Android.Support.Annotations (28.0.0.3) - restriction: >= monoandroid9.0
      Xamarin.Android.Support.Collections (28.0.0.3) - restriction: >= monoandroid9.0
      Xamarin.Android.Support.Compat (28.0.0.3) - restriction: >= monoandroid7.0
      Xamarin.Android.Support.Core.UI (28.0.0.3) - restriction: >= monoandroid9.0
      Xamarin.Android.Support.Interpolator (28.0.0.3) - restriction: >= monoandroid9.0
      Xamarin.Android.Support.v4 (28.0.0.3) - restriction: && (>= monoandroid6.0) (< monoandroid7.0)
    Xamarin.Android.Support.CustomView (28.0.0.3)
      Xamarin.Android.Support.Annotations (28.0.0.3) - restriction: >= monoandroid9.0
      Xamarin.Android.Support.Compat (28.0.0.3) - restriction: >= monoandroid9.0
    Xamarin.Android.Support.Design (28.0.0.3)
      Xamarin.Android.Support.Annotations (28.0.0.3) - restriction: >= monoandroid9.0
      Xamarin.Android.Support.Compat (28.0.0.3) - restriction: >= monoandroid7.0
      Xamarin.Android.Support.Core.UI (28.0.0.3) - restriction: >= monoandroid7.0
      Xamarin.Android.Support.Core.Utils (28.0.0.3) - restriction: >= monoandroid7.0
      Xamarin.Android.Support.Fragment (28.0.0.3) - restriction: >= monoandroid7.0
      Xamarin.Android.Support.Media.Compat (28.0.0.3) - restriction: || (&& (>= monoandroid7.0) (< monoandroid7.1)) (&& (>= monoandroid7.1) (< monoandroid8.0)) (&& (>= monoandroid8.0) (< monoandroid8.1)) (&& (>= monoandroid8.1) (< monoandroid9.0))
      Xamarin.Android.Support.Transition (28.0.0.3) - restriction: >= monoandroid7.1
      Xamarin.Android.Support.v4 (28.0.0.3) - restriction: && (>= monoandroid6.0) (< monoandroid7.0)
      Xamarin.Android.Support.v7.AppCompat (28.0.0.3) - restriction: >= monoandroid6.0
      Xamarin.Android.Support.v7.CardView (28.0.0.3) - restriction: >= monoandroid9.0
      Xamarin.Android.Support.v7.RecyclerView (28.0.0.3) - restriction: >= monoandroid6.0
    Xamarin.Android.Support.DocumentFile (28.0.0.3)
      Xamarin.Android.Support.Annotations (28.0.0.3) - restriction: >= monoandroid9.0
    Xamarin.Android.Support.DrawerLayout (28.0.0.3)
      Xamarin.Android.Support.Annotations (28.0.0.3) - restriction: >= monoandroid9.0
      Xamarin.Android.Support.Compat (28.0.0.3) - restriction: >= monoandroid9.0
      Xamarin.Android.Support.CustomView (28.0.0.3) - restriction: >= monoandroid9.0
    Xamarin.Android.Support.Fragment (28.0.0.3)
      Xamarin.Android.Arch.Lifecycle.ViewModel (1.1.1.3) - restriction: >= monoandroid9.0
      Xamarin.Android.Support.Annotations (28.0.0.3) - restriction: >= monoandroid9.0
      Xamarin.Android.Support.Compat (28.0.0.3) - restriction: >= monoandroid7.0
      Xamarin.Android.Support.Core.UI (28.0.0.3) - restriction: >= monoandroid7.0
      Xamarin.Android.Support.Core.Utils (28.0.0.3) - restriction: >= monoandroid7.0
      Xamarin.Android.Support.Loader (28.0.0.3) - restriction: >= monoandroid9.0
      Xamarin.Android.Support.Media.Compat (28.0.0.3) - restriction: || (&& (>= monoandroid7.0) (< monoandroid7.1)) (&& (>= monoandroid7.1) (< monoandroid8.0))
    Xamarin.Android.Support.Interpolator (28.0.0.3)
      Xamarin.Android.Support.Annotations (28.0.0.3) - restriction: >= monoandroid9.0
    Xamarin.Android.Support.Loader (28.0.0.3)
      Xamarin.Android.Arch.Lifecycle.LiveData (1.1.1.3) - restriction: >= monoandroid9.0
      Xamarin.Android.Arch.Lifecycle.ViewModel (1.1.1.3) - restriction: >= monoandroid9.0
      Xamarin.Android.Support.Annotations (28.0.0.3) - restriction: >= monoandroid9.0
      Xamarin.Android.Support.Compat (28.0.0.3) - restriction: >= monoandroid9.0
    Xamarin.Android.Support.LocalBroadcastManager (28.0.0.3)
      Xamarin.Android.Support.Annotations (28.0.0.3) - restriction: >= monoandroid9.0
    Xamarin.Android.Support.Media.Compat (28.0.0.3)
      Xamarin.Android.Support.Annotations (28.0.0.3) - restriction: >= monoandroid9.0
      Xamarin.Android.Support.Compat (28.0.0.3) - restriction: >= monoandroid7.0
      Xamarin.Android.Support.VersionedParcelable (28.0.0.3) - restriction: >= monoandroid9.0
    Xamarin.Android.Support.Print (28.0.0.3)
      Xamarin.Android.Support.Annotations (28.0.0.3) - restriction: >= monoandroid9.0
    Xamarin.Android.Support.SlidingPaneLayout (28.0.0.3)
      Xamarin.Android.Support.Annotations (28.0.0.3) - restriction: >= monoandroid9.0
      Xamarin.Android.Support.Compat (28.0.0.3) - restriction: >= monoandroid9.0
      Xamarin.Android.Support.CustomView (28.0.0.3) - restriction: >= monoandroid9.0
    Xamarin.Android.Support.SwipeRefreshLayout (28.0.0.3)
      Xamarin.Android.Support.Annotations (28.0.0.3) - restriction: >= monoandroid9.0
      Xamarin.Android.Support.Compat (28.0.0.3) - restriction: >= monoandroid9.0
      Xamarin.Android.Support.Interpolator (28.0.0.3) - restriction: >= monoandroid9.0
    Xamarin.Android.Support.Transition (28.0.0.3)
      Xamarin.Android.Support.Annotations (28.0.0.3) - restriction: >= monoandroid9.0
      Xamarin.Android.Support.Compat (28.0.0.3) - restriction: >= monoandroid7.0
      Xamarin.Android.Support.Core.UI (28.0.0.3) - restriction: || (&& (>= monoandroid7.0) (< monoandroid7.1)) (&& (>= monoandroid7.1) (< monoandroid8.0)) (&& (>= monoandroid8.0) (< monoandroid8.1)) (&& (>= monoandroid8.1) (< monoandroid9.0))
      Xamarin.Android.Support.Core.Utils (28.0.0.3) - restriction: || (&& (>= monoandroid7.0) (< monoandroid7.1)) (&& (>= monoandroid7.1) (< monoandroid8.0)) (&& (>= monoandroid8.0) (< monoandroid8.1)) (&& (>= monoandroid8.1) (< monoandroid9.0))
      Xamarin.Android.Support.Fragment (28.0.0.3) - restriction: >= monoandroid7.0
      Xamarin.Android.Support.Media.Compat (28.0.0.3) - restriction: || (&& (>= monoandroid7.0) (< monoandroid7.1)) (&& (>= monoandroid7.1) (< monoandroid8.0)) (&& (>= monoandroid8.0) (< monoandroid8.1)) (&& (>= monoandroid8.1) (< monoandroid9.0))
    Xamarin.Android.Support.v4 (28.0.0.3)
      Xamarin.Android.Support.Compat (28.0.0.3) - restriction: >= monoandroid7.0
      Xamarin.Android.Support.Core.UI (28.0.0.3) - restriction: >= monoandroid7.0
      Xamarin.Android.Support.Core.Utils (28.0.0.3) - restriction: >= monoandroid7.0
      Xamarin.Android.Support.Fragment (28.0.0.3) - restriction: >= monoandroid7.0
      Xamarin.Android.Support.Media.Compat (28.0.0.3) - restriction: >= monoandroid7.0
    Xamarin.Android.Support.v7.AppCompat (28.0.0.3)
      Xamarin.Android.Support.Animated.Vector.Drawable (28.0.0.3) - restriction: >= monoandroid6.0
      Xamarin.Android.Support.Annotations (28.0.0.3) - restriction: >= monoandroid9.0
      Xamarin.Android.Support.Collections (28.0.0.3) - restriction: >= monoandroid9.0
      Xamarin.Android.Support.Compat (28.0.0.3) - restriction: >= monoandroid7.0
      Xamarin.Android.Support.Core.UI (28.0.0.3) - restriction: || (&& (>= monoandroid7.0) (< monoandroid7.1)) (&& (>= monoandroid7.1) (< monoandroid8.0)) (&& (>= monoandroid8.0) (< monoandroid8.1)) (&& (>= monoandroid8.1) (< monoandroid9.0))
      Xamarin.Android.Support.Core.Utils (28.0.0.3) - restriction: >= monoandroid7.0
      Xamarin.Android.Support.CursorAdapter (28.0.0.3) - restriction: >= monoandroid9.0
      Xamarin.Android.Support.Fragment (28.0.0.3) - restriction: >= monoandroid7.0
      Xamarin.Android.Support.Media.Compat (28.0.0.3) - restriction: || (&& (>= monoandroid7.0) (< monoandroid7.1)) (&& (>= monoandroid7.1) (< monoandroid8.0)) (&& (>= monoandroid8.0) (< monoandroid8.1)) (&& (>= monoandroid8.1) (< monoandroid9.0))
      Xamarin.Android.Support.v4 (28.0.0.3) - restriction: && (>= monoandroid6.0) (< monoandroid7.0)
      Xamarin.Android.Support.Vector.Drawable (28.0.0.3) - restriction: >= monoandroid6.0
    Xamarin.Android.Support.v7.CardView (28.0.0.3)
      Xamarin.Android.Support.Annotations (28.0.0.3) - restriction: >= monoandroid7.1
    Xamarin.Android.Support.v7.MediaRouter (28.0.0.3)
      Xamarin.Android.Support.Media.Compat (28.0.0.3) - restriction: >= monoandroid9.0
      Xamarin.Android.Support.v4 (28.0.0.3) - restriction: && (>= monoandroid6.0) (< monoandroid7.0)
      Xamarin.Android.Support.v7.AppCompat (28.0.0.3) - restriction: >= monoandroid6.0
      Xamarin.Android.Support.v7.Palette (28.0.0.3) - restriction: >= monoandroid7.0
      Xamarin.Android.Support.v7.RecyclerView (28.0.0.3) - restriction: >= monoandroid9.0
    Xamarin.Android.Support.v7.Palette (28.0.0.3)
      Xamarin.Android.Support.Compat (28.0.0.3) - restriction: >= monoandroid7.0
      Xamarin.Android.Support.Core.Utils (28.0.0.3) - restriction: >= monoandroid7.0
      Xamarin.Android.Support.v4 (28.0.0.3) - restriction: && (>= monoandroid6.0) (< monoandroid7.0)
    Xamarin.Android.Support.v7.RecyclerView (28.0.0.3)
      Xamarin.Android.Support.Annotations (28.0.0.3) - restriction: >= monoandroid9.0
      Xamarin.Android.Support.Compat (28.0.0.3) - restriction: >= monoandroid7.0
      Xamarin.Android.Support.Core.UI (28.0.0.3) - restriction: >= monoandroid7.0
      Xamarin.Android.Support.v4 (28.0.0.3) - restriction: && (>= monoandroid6.0) (< monoandroid7.0)
    Xamarin.Android.Support.Vector.Drawable (28.0.0.3)
      Xamarin.Android.Support.Annotations (28.0.0.3) - restriction: >= monoandroid9.0
      Xamarin.Android.Support.Compat (28.0.0.3) - restriction: >= monoandroid7.0
      Xamarin.Android.Support.v4 (28.0.0.3) - restriction: && (>= monoandroid6.0) (< monoandroid7.0)
    Xamarin.Android.Support.VersionedParcelable (28.0.0.3)
      Xamarin.Android.Support.Annotations (28.0.0.3) - restriction: >= monoandroid9.0
      Xamarin.Android.Support.Collections (28.0.0.3) - restriction: >= monoandroid9.0
    Xamarin.Android.Support.ViewPager (28.0.0.3)
      Xamarin.Android.Support.Annotations (28.0.0.3) - restriction: >= monoandroid9.0
      Xamarin.Android.Support.Compat (28.0.0.3) - restriction: >= monoandroid9.0
      Xamarin.Android.Support.CustomView (28.0.0.3) - restriction: >= monoandroid9.0
    Xamarin.AndroidX.Activity (1.1.0.1) - restriction: >= monoandroid10.0
      Xamarin.AndroidX.Annotation (>= 1.1.0.1) - restriction: >= monoandroid9.0
      Xamarin.AndroidX.Core (>= 1.2.0.1) - restriction: >= monoandroid9.0
      Xamarin.AndroidX.Lifecycle.Runtime (>= 2.2.0.1) - restriction: >= monoandroid9.0
      Xamarin.AndroidX.Lifecycle.ViewModel (>= 2.2.0.1) - restriction: >= monoandroid9.0
      Xamarin.AndroidX.Lifecycle.ViewModelSavedState (>= 2.2.0.1) - restriction: >= monoandroid9.0
      Xamarin.AndroidX.SavedState (>= 1.0.0.1) - restriction: >= monoandroid9.0
    Xamarin.AndroidX.Annotation (1.1.0.1) - restriction: >= monoandroid10.0
      Xamarin.AndroidX.Migration (>= 1.0.0.1) - restriction: >= monoandroid9.0
    Xamarin.AndroidX.AppCompat (1.1.0.1) - restriction: >= monoandroid10.0
      Xamarin.AndroidX.Annotation (>= 1.1.0.1) - restriction: >= monoandroid9.0
      Xamarin.AndroidX.AppCompat.AppCompatResources (>= 1.1.0.1) - restriction: >= monoandroid9.0
      Xamarin.AndroidX.Collection (>= 1.1.0.1) - restriction: >= monoandroid9.0
      Xamarin.AndroidX.Core (>= 1.1.0.1) - restriction: >= monoandroid9.0
      Xamarin.AndroidX.CursorAdapter (>= 1.0.0.1) - restriction: >= monoandroid9.0
      Xamarin.AndroidX.DrawerLayout (>= 1.0.0.1) - restriction: >= monoandroid9.0
      Xamarin.AndroidX.Fragment (>= 1.1.0.1) - restriction: >= monoandroid9.0
    Xamarin.AndroidX.AppCompat.AppCompatResources (1.1.0.1) - restriction: >= monoandroid10.0
      Xamarin.AndroidX.Annotation (>= 1.1.0.1) - restriction: >= monoandroid9.0
      Xamarin.AndroidX.Collection (>= 1.1.0.1) - restriction: >= monoandroid9.0
      Xamarin.AndroidX.Core (>= 1.1.0.1) - restriction: >= monoandroid9.0
      Xamarin.AndroidX.VectorDrawable (>= 1.1.0.1) - restriction: >= monoandroid9.0
      Xamarin.AndroidX.VectorDrawable.Animated (>= 1.1.0.1) - restriction: >= monoandroid9.0
    Xamarin.AndroidX.Arch.Core.Common (2.1.0.1) - restriction: >= monoandroid10.0
      Xamarin.AndroidX.Annotation (>= 1.1.0.1) - restriction: >= monoandroid9.0
    Xamarin.AndroidX.Arch.Core.Runtime (2.1.0.1) - restriction: >= monoandroid10.0
      Xamarin.AndroidX.Annotation (>= 1.1.0.1) - restriction: >= monoandroid9.0
      Xamarin.AndroidX.Arch.Core.Common (>= 2.1.0.1) - restriction: >= monoandroid9.0
    Xamarin.AndroidX.AsyncLayoutInflater (1.0.0.1) - restriction: >= monoandroid10.0
      Xamarin.AndroidX.Annotation (>= 1.1.0.1) - restriction: >= monoandroid9.0
      Xamarin.AndroidX.Core (>= 1.1.0.1) - restriction: >= monoandroid9.0
    Xamarin.AndroidX.Browser (1.2.0.1) - restriction: >= monoandroid10.0
      Xamarin.AndroidX.Annotation (>= 1.1.0.1) - restriction: >= monoandroid9.0
      Xamarin.AndroidX.Core (>= 1.2.0.1) - restriction: >= monoandroid9.0
      Xamarin.Google.Guava.ListenableFuture (>= 1.0.0.2) - restriction: >= monoandroid9.0
    Xamarin.AndroidX.CardView (1.0.0.1) - restriction: >= monoandroid10.0
      Xamarin.AndroidX.Annotation (>= 1.1.0.1) - restriction: >= monoandroid9.0
    Xamarin.AndroidX.Collection (1.1.0.1) - restriction: >= monoandroid10.0
      Xamarin.AndroidX.Annotation (>= 1.1.0.1) - restriction: >= monoandroid9.0
    Xamarin.AndroidX.CoordinatorLayout (1.1.0.1) - restriction: >= monoandroid10.0
      Xamarin.AndroidX.Annotation (>= 1.1.0.1) - restriction: >= monoandroid9.0
      Xamarin.AndroidX.Collection (>= 1.1.0.1) - restriction: >= monoandroid9.0
      Xamarin.AndroidX.Core (>= 1.1.0.1) - restriction: >= monoandroid9.0
      Xamarin.AndroidX.CustomView (>= 1.0.0.1) - restriction: >= monoandroid9.0
    Xamarin.AndroidX.Core (1.2.0.1) - restriction: >= monoandroid10.0
      Xamarin.AndroidX.Annotation (>= 1.1.0.1) - restriction: >= monoandroid9.0
      Xamarin.AndroidX.Lifecycle.Runtime (>= 2.2.0.1) - restriction: >= monoandroid9.0
      Xamarin.AndroidX.VersionedParcelable (>= 1.1.0.1) - restriction: >= monoandroid9.0
    Xamarin.AndroidX.CursorAdapter (1.0.0.1) - restriction: >= monoandroid10.0
      Xamarin.AndroidX.Annotation (>= 1.1.0.1) - restriction: >= monoandroid9.0
    Xamarin.AndroidX.CustomView (1.0.0.1) - restriction: >= monoandroid10.0
      Xamarin.AndroidX.Annotation (>= 1.1.0.1) - restriction: >= monoandroid9.0
      Xamarin.AndroidX.Core (>= 1.1.0.1) - restriction: >= monoandroid9.0
    Xamarin.AndroidX.DocumentFile (1.0.1.1) - restriction: >= monoandroid10.0
      Xamarin.AndroidX.Annotation (>= 1.1.0.1) - restriction: >= monoandroid9.0
    Xamarin.AndroidX.DrawerLayout (1.0.0.1) - restriction: >= monoandroid10.0
      Xamarin.AndroidX.Annotation (>= 1.1.0.1) - restriction: >= monoandroid9.0
      Xamarin.AndroidX.Core (>= 1.1.0.1) - restriction: >= monoandroid9.0
      Xamarin.AndroidX.CustomView (>= 1.0.0.1) - restriction: >= monoandroid9.0
    Xamarin.AndroidX.Fragment (1.2.4.1) - restriction: >= monoandroid10.0
      Xamarin.AndroidX.Activity (>= 1.1.0.1) - restriction: >= monoandroid9.0
      Xamarin.AndroidX.Annotation (>= 1.1.0.1) - restriction: >= monoandroid9.0
      Xamarin.AndroidX.Collection (>= 1.1.0.1) - restriction: >= monoandroid9.0
      Xamarin.AndroidX.Core (>= 1.2.0.1) - restriction: >= monoandroid9.0
      Xamarin.AndroidX.Lifecycle.LiveData.Core (>= 2.2.0.1) - restriction: >= monoandroid9.0
      Xamarin.AndroidX.Lifecycle.ViewModel (>= 2.2.0.1) - restriction: >= monoandroid9.0
      Xamarin.AndroidX.Lifecycle.ViewModelSavedState (>= 2.2.0.1) - restriction: >= monoandroid9.0
      Xamarin.AndroidX.Loader (>= 1.1.0.1) - restriction: >= monoandroid9.0
      Xamarin.AndroidX.ViewPager (>= 1.0.0.1) - restriction: >= monoandroid9.0
    Xamarin.AndroidX.Interpolator (1.0.0.1) - restriction: >= monoandroid10.0
      Xamarin.AndroidX.Annotation (>= 1.1.0.1) - restriction: >= monoandroid9.0
    Xamarin.AndroidX.Legacy.Support.Core.UI (1.0.0.1) - restriction: >= monoandroid10.0
      Xamarin.AndroidX.Annotation (>= 1.1.0.1) - restriction: >= monoandroid9.0
      Xamarin.AndroidX.AsyncLayoutInflater (>= 1.0.0.1) - restriction: >= monoandroid9.0
      Xamarin.AndroidX.CoordinatorLayout (>= 1.1.0.1) - restriction: >= monoandroid9.0
      Xamarin.AndroidX.Core (>= 1.1.0.1) - restriction: >= monoandroid9.0
      Xamarin.AndroidX.CursorAdapter (>= 1.0.0.1) - restriction: >= monoandroid9.0
      Xamarin.AndroidX.CustomView (>= 1.0.0.1) - restriction: >= monoandroid9.0
      Xamarin.AndroidX.DrawerLayout (>= 1.0.0.1) - restriction: >= monoandroid9.0
      Xamarin.AndroidX.Interpolator (>= 1.0.0.1) - restriction: >= monoandroid9.0
      Xamarin.AndroidX.Legacy.Support.Core.Utils (>= 1.0.0.1) - restriction: >= monoandroid9.0
      Xamarin.AndroidX.SlidingPaneLayout (>= 1.0.0.1) - restriction: >= monoandroid9.0
      Xamarin.AndroidX.SwipeRefreshLayout (>= 1.0.0.1) - restriction: >= monoandroid9.0
      Xamarin.AndroidX.ViewPager (>= 1.0.0.1) - restriction: >= monoandroid9.0
    Xamarin.AndroidX.Legacy.Support.Core.Utils (1.0.0.1) - restriction: >= monoandroid10.0
      Xamarin.AndroidX.Annotation (>= 1.1.0.1) - restriction: >= monoandroid9.0
      Xamarin.AndroidX.Core (>= 1.1.0.1) - restriction: >= monoandroid9.0
      Xamarin.AndroidX.DocumentFile (>= 1.0.1.1) - restriction: >= monoandroid9.0
      Xamarin.AndroidX.Loader (>= 1.1.0.1) - restriction: >= monoandroid9.0
      Xamarin.AndroidX.LocalBroadcastManager (>= 1.0.0.1) - restriction: >= monoandroid9.0
      Xamarin.AndroidX.Print (>= 1.0.0.1) - restriction: >= monoandroid9.0
    Xamarin.AndroidX.Legacy.Support.V4 (1.0.0.1) - restriction: >= monoandroid10.0
      Xamarin.AndroidX.Core (>= 1.1.0.1) - restriction: >= monoandroid9.0
      Xamarin.AndroidX.Fragment (>= 1.1.0.1) - restriction: >= monoandroid9.0
      Xamarin.AndroidX.Legacy.Support.Core.UI (>= 1.0.0.1) - restriction: >= monoandroid9.0
      Xamarin.AndroidX.Legacy.Support.Core.Utils (>= 1.0.0.1) - restriction: >= monoandroid9.0
      Xamarin.AndroidX.Media (>= 1.1.0.1) - restriction: >= monoandroid9.0
    Xamarin.AndroidX.Lifecycle.Common (2.2.0.1) - restriction: >= monoandroid10.0
      Xamarin.AndroidX.Annotation (>= 1.1.0.1) - restriction: >= monoandroid9.0
    Xamarin.AndroidX.Lifecycle.LiveData (2.2.0.1) - restriction: >= monoandroid10.0
      Xamarin.AndroidX.Arch.Core.Common (>= 2.1.0.1) - restriction: >= monoandroid9.0
      Xamarin.AndroidX.Arch.Core.Runtime (>= 2.1.0.1) - restriction: >= monoandroid9.0
      Xamarin.AndroidX.Lifecycle.LiveData.Core (>= 2.2.0.1) - restriction: >= monoandroid9.0
    Xamarin.AndroidX.Lifecycle.LiveData.Core (2.2.0.1) - restriction: >= monoandroid10.0
      Xamarin.AndroidX.Arch.Core.Common (>= 2.1.0.1) - restriction: >= monoandroid9.0
      Xamarin.AndroidX.Arch.Core.Runtime (>= 2.1.0.1) - restriction: >= monoandroid9.0
      Xamarin.AndroidX.Lifecycle.Common (>= 2.2.0.1) - restriction: >= monoandroid9.0
    Xamarin.AndroidX.Lifecycle.Runtime (2.2.0.1) - restriction: >= monoandroid10.0
      Xamarin.AndroidX.Annotation (>= 1.1.0.1) - restriction: >= monoandroid9.0
      Xamarin.AndroidX.Arch.Core.Common (>= 2.1.0.1) - restriction: >= monoandroid9.0
      Xamarin.AndroidX.Lifecycle.Common (>= 2.2.0.1) - restriction: >= monoandroid9.0
    Xamarin.AndroidX.Lifecycle.ViewModel (2.2.0.1) - restriction: >= monoandroid10.0
      Xamarin.AndroidX.Annotation (>= 1.1.0.1) - restriction: >= monoandroid9.0
    Xamarin.AndroidX.Lifecycle.ViewModelSavedState (2.2.0.1) - restriction: >= monoandroid10.0
      Xamarin.AndroidX.Annotation (>= 1.1.0.1) - restriction: >= monoandroid9.0
      Xamarin.AndroidX.Lifecycle.LiveData.Core (>= 2.2.0.1) - restriction: >= monoandroid9.0
      Xamarin.AndroidX.Lifecycle.ViewModel (>= 2.2.0.1) - restriction: >= monoandroid9.0
      Xamarin.AndroidX.SavedState (>= 1.0.0.1) - restriction: >= monoandroid9.0
    Xamarin.AndroidX.Loader (1.1.0.1) - restriction: >= monoandroid10.0
      Xamarin.AndroidX.Annotation (>= 1.1.0.1) - restriction: >= monoandroid9.0
      Xamarin.AndroidX.Collection (>= 1.1.0.1) - restriction: >= monoandroid9.0
      Xamarin.AndroidX.Core (>= 1.1.0.1) - restriction: >= monoandroid9.0
      Xamarin.AndroidX.Lifecycle.LiveData.Core (>= 2.1.0.1) - restriction: >= monoandroid9.0
      Xamarin.AndroidX.Lifecycle.ViewModel (>= 2.1.0.1) - restriction: >= monoandroid9.0
    Xamarin.AndroidX.LocalBroadcastManager (1.0.0.1) - restriction: >= monoandroid10.0
      Xamarin.AndroidX.Annotation (>= 1.1.0.1) - restriction: >= monoandroid9.0
    Xamarin.AndroidX.Media (1.1.0.1) - restriction: >= monoandroid10.0
      Xamarin.AndroidX.Collection (>= 1.1.0.1) - restriction: >= monoandroid9.0
      Xamarin.AndroidX.Core (>= 1.1.0.1) - restriction: >= monoandroid9.0
    Xamarin.AndroidX.Migration (1.0.6.1) - restriction: >= monoandroid10.0
      Xamarin.AndroidX.MultiDex (>= 2.0.1.1) - restriction: >= monoandroid9.0
    Xamarin.AndroidX.MultiDex (2.0.1.1) - restriction: >= monoandroid10.0
    Xamarin.AndroidX.Print (1.0.0.1) - restriction: >= monoandroid10.0
      Xamarin.AndroidX.Annotation (>= 1.1.0.1) - restriction: >= monoandroid9.0
    Xamarin.AndroidX.RecyclerView (1.1.0.1) - restriction: >= monoandroid10.0
      Xamarin.AndroidX.Annotation (>= 1.1.0.1) - restriction: >= monoandroid9.0
      Xamarin.AndroidX.Collection (>= 1.1.0.1) - restriction: >= monoandroid9.0
      Xamarin.AndroidX.Core (>= 1.1.0.1) - restriction: >= monoandroid9.0
      Xamarin.AndroidX.CustomView (>= 1.0.0.1) - restriction: >= monoandroid9.0
    Xamarin.AndroidX.SavedState (1.0.0.1) - restriction: >= monoandroid10.0
      Xamarin.AndroidX.Annotation (>= 1.1.0.1) - restriction: >= monoandroid9.0
      Xamarin.AndroidX.Arch.Core.Common (>= 2.1.0.1) - restriction: >= monoandroid9.0
      Xamarin.AndroidX.Lifecycle.Common (>= 2.1.0.1) - restriction: >= monoandroid9.0
    Xamarin.AndroidX.SlidingPaneLayout (1.0.0.1) - restriction: >= monoandroid10.0
      Xamarin.AndroidX.Annotation (>= 1.1.0.1) - restriction: >= monoandroid9.0
      Xamarin.AndroidX.Core (>= 1.1.0.1) - restriction: >= monoandroid9.0
      Xamarin.AndroidX.CustomView (>= 1.0.0.1) - restriction: >= monoandroid9.0
    Xamarin.AndroidX.SwipeRefreshLayout (1.0.0.1) - restriction: >= monoandroid10.0
      Xamarin.AndroidX.Annotation (>= 1.1.0.1) - restriction: >= monoandroid9.0
      Xamarin.AndroidX.Core (>= 1.1.0.1) - restriction: >= monoandroid9.0
      Xamarin.AndroidX.Interpolator (>= 1.0.0.1) - restriction: >= monoandroid9.0
    Xamarin.AndroidX.Transition (1.3.1.1) - restriction: >= monoandroid10.0
      Xamarin.AndroidX.Annotation (>= 1.1.0.1) - restriction: >= monoandroid9.0
      Xamarin.AndroidX.Collection (>= 1.1.0.1) - restriction: >= monoandroid9.0
      Xamarin.AndroidX.Core (>= 1.2.0.1) - restriction: >= monoandroid9.0
      Xamarin.AndroidX.Fragment (>= 1.2.2.1) - restriction: >= monoandroid9.0
      Xamarin.AndroidX.Lifecycle.Runtime (>= 2.2.0.1) - restriction: >= monoandroid9.0
    Xamarin.AndroidX.VectorDrawable (1.1.0.1) - restriction: >= monoandroid10.0
      Xamarin.AndroidX.Annotation (>= 1.1.0.1) - restriction: >= monoandroid9.0
      Xamarin.AndroidX.Collection (>= 1.1.0.1) - restriction: >= monoandroid9.0
      Xamarin.AndroidX.Core (>= 1.1.0.1) - restriction: >= monoandroid9.0
    Xamarin.AndroidX.VectorDrawable.Animated (1.1.0.1) - restriction: >= monoandroid10.0
      Xamarin.AndroidX.Collection (>= 1.1.0.1) - restriction: >= monoandroid9.0
      Xamarin.AndroidX.Interpolator (>= 1.0.0.1) - restriction: >= monoandroid9.0
      Xamarin.AndroidX.VectorDrawable (>= 1.1.0.1) - restriction: >= monoandroid9.0
    Xamarin.AndroidX.VersionedParcelable (1.1.1.1) - restriction: >= monoandroid10.0
      Xamarin.AndroidX.Annotation (>= 1.1.0.1) - restriction: >= monoandroid9.0
      Xamarin.AndroidX.Collection (>= 1.1.0.1) - restriction: >= monoandroid9.0
    Xamarin.AndroidX.ViewPager (1.0.0.1) - restriction: >= monoandroid10.0
      Xamarin.AndroidX.Annotation (>= 1.1.0.1) - restriction: >= monoandroid9.0
      Xamarin.AndroidX.Core (>= 1.1.0.1) - restriction: >= monoandroid9.0
      Xamarin.AndroidX.CustomView (>= 1.0.0.1) - restriction: >= monoandroid9.0
    Xamarin.Essentials (1.5.1)
      Microsoft.NETCore.UniversalWindowsPlatform (>= 6.1.9) - restriction: >= uap10.1
      NETStandard.Library (>= 1.6.1) - restriction: && (>= netstandard1.0) (< netstandard2.0) (< uap10.1) (< xamarintvos) (< xamarinwatchos)
      System.Numerics.Vectors (>= 4.5) - restriction: || (&& (< monoandroid8.0) (>= netstandard2.0) (< xamarinios)) (&& (>= netstandard1.0) (< netstandard2.0) (< uap10.1) (< xamarintvos) (< xamarinwatchos))
      System.ValueTuple (>= 4.5) - restriction: && (>= netstandard1.0) (< netstandard2.0) (< uap10.1) (< xamarintvos) (< xamarinwatchos)
      Tizen.NET (>= 4.0) - restriction: >= tizen4.0
      Xamarin.Android.Support.Compat (>= 28.0.0.3) - restriction: || (&& (< monoandroid10.0) (>= monoandroid9.0)) (&& (>= monoandroid8.0) (< monoandroid8.1)) (&& (>= monoandroid8.1) (< monoandroid9.0))
      Xamarin.Android.Support.Core.Utils (>= 28.0.0.3) - restriction: || (&& (>= monoandroid8.0) (< monoandroid8.1)) (&& (>= monoandroid8.1) (< monoandroid9.0))
      Xamarin.Android.Support.CustomTabs (>= 28.0.0.3) - restriction: || (&& (< monoandroid10.0) (>= monoandroid9.0)) (&& (>= monoandroid8.0) (< monoandroid8.1)) (&& (>= monoandroid8.1) (< monoandroid9.0))
      Xamarin.AndroidX.Browser (>= 1.0) - restriction: >= monoandroid10.0
    Xamarin.Forms (4.6.0.726)
      Microsoft.NETCore.UniversalWindowsPlatform (>= 6.0.15) - restriction: >= uap10.1
      Microsoft.UI.Xaml (>= 2.1.190606001) - restriction: >= uap10.1
      Microsoft.UI.Xaml (>= 2.3.191211002) - restriction: >= uap10.1
      NETStandard.Library (>= 2.0.1) - restriction: >= uap10.1
      System.ValueTuple (>= 4.5) - restriction: >= uap10.1
      Tizen.NET (>= 4.0) - restriction: >= tizen4.0
      Win2D.uwp (>= 1.20) - restriction: >= uap10.1
      Xamarin.Android.Support.CustomTabs (>= 28.0.0.3) - restriction: && (< monoandroid10.0) (>= monoandroid9.0)
      Xamarin.Android.Support.Design (>= 28.0.0.3) - restriction: && (< monoandroid10.0) (>= monoandroid9.0)
      Xamarin.Android.Support.v4 (>= 28.0.0.3) - restriction: && (< monoandroid10.0) (>= monoandroid9.0)
      Xamarin.Android.Support.v7.AppCompat (>= 28.0.0.3) - restriction: && (< monoandroid10.0) (>= monoandroid9.0)
      Xamarin.Android.Support.v7.CardView (>= 28.0.0.3) - restriction: && (< monoandroid10.0) (>= monoandroid9.0)
      Xamarin.AndroidX.Browser (>= 1.0) - restriction: >= monoandroid10.0
      Xamarin.AndroidX.Legacy.Support.V4 (>= 1.0) - restriction: >= monoandroid10.0
      Xamarin.AndroidX.Lifecycle.LiveData (>= 2.1) - restriction: >= monoandroid10.0
      Xamarin.Google.Android.Material (>= 1.0) - restriction: >= monoandroid10.0
    Xamarin.Google.Android.Material (1.0.0.1) - restriction: >= monoandroid10.0
      Xamarin.AndroidX.Annotation (>= 1.1.0.1) - restriction: >= monoandroid9.0
      Xamarin.AndroidX.AppCompat (>= 1.1.0.1) - restriction: >= monoandroid9.0
      Xamarin.AndroidX.CardView (>= 1.0.0.1) - restriction: >= monoandroid9.0
      Xamarin.AndroidX.Core (>= 1.1.0.1) - restriction: >= monoandroid9.0
      Xamarin.AndroidX.Fragment (>= 1.1.0.1) - restriction: >= monoandroid9.0
      Xamarin.AndroidX.Legacy.Support.Core.UI (>= 1.0.0.1) - restriction: >= monoandroid9.0
      Xamarin.AndroidX.Legacy.Support.Core.Utils (>= 1.0.0.1) - restriction: >= monoandroid9.0
      Xamarin.AndroidX.RecyclerView (>= 1.1.0.1) - restriction: >= monoandroid9.0
      Xamarin.AndroidX.Transition (>= 1.2.0.1) - restriction: >= monoandroid9.0
    Xamarin.Google.Guava.ListenableFuture (1.0.0.2) - restriction: >= monoandroid10.0
